{
  "aor": 0.0007862500000000002,
  "aqi": 0.0093200665,
  "bids_meta": {
    "AcquisitionMatrixPE": 59,
    "BandwidthPerPixelPhaseEncode": 49.18,
    "BaseResolution": 66,
    "BodyPartExamined": "HEAD",
    "ConsistencyInfo": "N4_VD13A_LATEST_20120616",
    "ConversionSoftware": "dcm2niix",
    "ConversionSoftwareVersion": "v1.0.20180518 GCC4.8.5",
    "DerivedVendorReportedEchoSpacing": 0.000616166,
    "DwellTime": 4e-06,
    "EchoTime": 0.027,
    "EchoTrainLength": 29,
    "EffectiveEchoSpacing": 0.000308083,
    "FlipAngle": 71,
    "ImageOrientationPatientDICOM": [
      1,
      0,
      0,
      0,
      0.998719,
      -0.0505929
    ],
    "ImageType": [
      "ORIGINAL",
      "PRIMARY",
      "M",
      "ND",
      "NORM",
      "MOSAIC"
    ],
    "InPlanePhaseEncodingDirectionDICOM": "COL",
    "InstitutionName": "Princeton_University_-_Neuroscience_Institute",
    "InstitutionalDepartmentName": "Department",
    "MRAcquisitionType": "2D",
    "MagneticFieldStrength": 3,
    "Manufacturer": "Siemens",
    "ManufacturersModelName": "Skyra",
    "Modality": "MR",
    "ParallelReductionFactorInPlane": 2,
    "PartialFourier": 1,
    "PatientPosition": "HFS",
    "PercentPhaseFOV": 100,
    "PhaseEncodingDirection": "j-",
    "PhaseEncodingSteps": 59,
    "PhaseResolution": 0.9,
    "PixelBandwidth": 1895,
    "PulseSequenceDetails": "%SiemensSeq%_ep2d_pace",
    "ReceiveCoilActiveElements": "HE1-4",
    "ReceiveCoilName": "HeadNeck_20",
    "ReconMatrixPE": 66,
    "RepetitionTime": 2.4,
    "SAR": 0.131919,
    "ScanOptions": "FS",
    "ScanningSequence": "EP",
    "SequenceName": "_epfid2d1_59",
    "SequenceVariant": "SK_OSP",
    "ShimSetting": [
      3387,
      8549,
      9479,
      596,
      80,
      -258,
      731,
      234
    ],
    "SliceThickness": 2.5,
    "SliceTiming": [
      1.19,
      0,
      1.24,
      0.05,
      1.2925,
      0.1025,
      1.345,
      0.155,
      1.395,
      0.2075,
      1.4475,
      0.2575,
      1.5,
      0.31,
      1.5525,
      0.3625,
      1.6025,
      0.4125,
      1.655,
      0.465,
      1.7075,
      0.5175,
      1.7575,
      0.5675,
      1.81,
      0.62,
      1.8625,
      0.6725,
      1.9125,
      0.7225,
      1.965,
      0.775,
      2.0175,
      0.8275,
      2.0675,
      0.88,
      2.12,
      0.93,
      2.1725,
      0.9825,
      2.2225,
      1.035,
      2.275,
      1.085,
      2.3275,
      1.1375
    ],
    "SoftwareVersions": "syngo_MR_D13",
    "SpacingBetweenSlices": 3,
    "TaskName": "Decision-making task",
    "TotalReadoutTime": 0.0200254,
    "TxRefAmp": 367.586,
    "dataset": "ds001715",
    "modality": "bold",
    "run_id": 6,
    "subject_id": "19",
    "task_id": "dts"
  },
  "dummy_trs": 0,
  "dvars_nstd": 33.73057746874214,
  "dvars_std": 1.1261100535849058,
  "dvars_vstd": 1.0012912200628934,
  "efc": 0.5721824767749641,
  "fber": 864.5784912109375,
  "fd_mean": 0.10976818938564989,
  "fd_num": 14,
  "fd_perc": 8.75,
  "fwhm_avg": 1.9221077990476345,
  "fwhm_x": 1.7949945743689772,
  "fwhm_y": 2.133665489440592,
  "fwhm_z": 1.8376633333333334,
  "gcor": 0.0079814,
  "gsr_x": 0.0068198563531041145,
  "gsr_y": 0.027384234592318535,
  "provenance": {
    "md5sum": "3b06c94ffa06c1699210303d1dce5541",
    "settings": {
      "fd_thres": 0.2,
      "testing": false
    },
    "software": "mriqc",
    "version": "22.0.6",
    "webapi_port": null,
    "webapi_url": "https://mriqc.nimh.nih.gov/api/v1"
  },
  "size_t": 160,
  "size_x": 66,
  "size_y": 66,
  "size_z": 46,
  "snr": 5.333376065926134,
  "spacing_tr": 2.4000000953674316,
  "spacing_x": 2.9696969985961914,
  "spacing_y": 2.9696969985961914,
  "spacing_z": 3.0,
  "summary_bg_k": 15.589364531247107,
  "summary_bg_mad": 20.63597075996057,
  "summary_bg_mean": 62.89591598510742,
  "summary_bg_median": 26.981250762939453,
  "summary_bg_n": 115905.0,
  "summary_bg_p05": 10.507500267028814,
  "summary_bg_p95": 271.66500854492165,
  "summary_bg_stdv": 99.12126922607422,
  "summary_fg_k": 3.7967936900857957,
  "summary_fg_mad": 132.0164793922298,
  "summary_fg_mean": 845.7636108398438,
  "summary_fg_median": 823.875,
  "summary_fg_n": 42939.0,
  "summary_fg_p05": 656.3681457519531,
  "summary_fg_p95": 1111.6612548828125,
  "summary_fg_stdv": 154.47352600097656,
  "tsnr": 50.11756457271986
}