{
  "aor": 0.0013767924528301887,
  "aqi": 0.008125454779874213,
  "bids_meta": {
    "AcquisitionMatrixPE": 59,
    "BandwidthPerPixelPhaseEncode": 49.18,
    "BaseResolution": 66,
    "BodyPartExamined": "HEAD",
    "ConsistencyInfo": "N4_VD13A_LATEST_20120616",
    "ConversionSoftware": "dcm2niix",
    "ConversionSoftwareVersion": "v1.0.20180518 GCC4.8.5",
    "DerivedVendorReportedEchoSpacing": 0.000616166,
    "DwellTime": 4e-06,
    "EchoTime": 0.027,
    "EchoTrainLength": 29,
    "EffectiveEchoSpacing": 0.000308083,
    "FlipAngle": 71,
    "ImageOrientationPatientDICOM": [
      1,
      0,
      0,
      0,
      0.998719,
      -0.0505929
    ],
    "ImageType": [
      "ORIGINAL",
      "PRIMARY",
      "M",
      "ND",
      "NORM",
      "MOSAIC"
    ],
    "InPlanePhaseEncodingDirectionDICOM": "COL",
    "InstitutionName": "Princeton_University_-_Neuroscience_Institute",
    "InstitutionalDepartmentName": "Department",
    "MRAcquisitionType": "2D",
    "MagneticFieldStrength": 3,
    "Manufacturer": "Siemens",
    "ManufacturersModelName": "Skyra",
    "Modality": "MR",
    "ParallelReductionFactorInPlane": 2,
    "PartialFourier": 1,
    "PatientPosition": "HFS",
    "PercentPhaseFOV": 100,
    "PhaseEncodingDirection": "j-",
    "PhaseEncodingSteps": 59,
    "PhaseResolution": 0.9,
    "PixelBandwidth": 1895,
    "PulseSequenceDetails": "%SiemensSeq%_ep2d_pace",
    "ReceiveCoilActiveElements": "HE1-4",
    "ReceiveCoilName": "HeadNeck_20",
    "ReconMatrixPE": 66,
    "RepetitionTime": 2.4,
    "SAR": 0.131919,
    "ScanOptions": "FS",
    "ScanningSequence": "EP",
    "SequenceName": "_epfid2d1_59",
    "SequenceVariant": "SK_OSP",
    "ShimSetting": [
      3387,
      8549,
      9479,
      596,
      80,
      -258,
      731,
      234
    ],
    "SliceThickness": 2.5,
    "SliceTiming": [
      1.19,
      0,
      1.24,
      0.05,
      1.2925,
      0.1025,
      1.345,
      0.155,
      1.395,
      0.2075,
      1.4475,
      0.2575,
      1.5,
      0.31,
      1.5525,
      0.3625,
      1.6025,
      0.4125,
      1.655,
      0.465,
      1.7075,
      0.5175,
      1.7575,
      0.5675,
      1.81,
      0.62,
      1.8625,
      0.6725,
      1.9125,
      0.7225,
      1.965,
      0.775,
      2.0175,
      0.8275,
      2.0675,
      0.88,
      2.12,
      0.93,
      2.1725,
      0.9825,
      2.2225,
      1.035,
      2.275,
      1.085,
      2.3275,
      1.1375
    ],
    "SoftwareVersions": "syngo_MR_D13",
    "SpacingBetweenSlices": 3,
    "TaskName": "Decision-making task",
    "TotalReadoutTime": 0.0200254,
    "TxRefAmp": 367.586,
    "dataset": "ds001715",
    "modality": "bold",
    "run_id": 4,
    "subject_id": "19",
    "task_id": "dts"
  },
  "dummy_trs": 1,
  "dvars_nstd": 31.651566529683546,
  "dvars_std": 1.144668756518987,
  "dvars_vstd": 1.0157832657594936,
  "efc": 0.5672309446877158,
  "fber": 1093.1502685546875,
  "fd_mean": 0.10356327964004122,
  "fd_num": 12,
  "fd_perc": 7.547169811320755,
  "fwhm_avg": 1.8905399307821567,
  "fwhm_x": 1.768308350138875,
  "fwhm_y": 2.0939947755409283,
  "fwhm_z": 1.8093166666666667,
  "gcor": 0.010443,
  "gsr_x": 0.011560743674635887,
  "gsr_y": 0.020149296149611473,
  "provenance": {
    "md5sum": "55b310474aa03e143544b1cb81ff757f",
    "settings": {
      "fd_thres": 0.2,
      "testing": false
    },
    "software": "mriqc",
    "version": "22.0.6",
    "webapi_port": null,
    "webapi_url": "https://mriqc.nimh.nih.gov/api/v1"
  },
  "size_t": 159,
  "size_x": 66,
  "size_y": 66,
  "size_z": 46,
  "snr": 5.381932578212176,
  "spacing_tr": 2.4000000953674316,
  "spacing_x": 2.9696969985961914,
  "spacing_y": 2.9696969985961914,
  "spacing_z": 3.0,
  "summary_bg_k": 13.732933164973268,
  "summary_bg_mad": 17.068573699173704,
  "summary_bg_mean": 60.711090087890625,
  "summary_bg_median": 23.921382904052734,
  "summary_bg_n": 116478.0,
  "summary_bg_p05": 10.1446533203125,
  "summary_bg_p95": 276.0216888427733,
  "summary_bg_stdv": 98.29407501220703,
  "summary_fg_k": 3.8705509928535387,
  "summary_fg_mad": 129.62037196157735,
  "summary_fg_mean": 837.3992309570312,
  "summary_fg_median": 814.8489990234375,
  "summary_fg_n": 42917.0,
  "summary_fg_p05": 651.3710327148438,
  "summary_fg_p95": 1097.0703613281248,
  "summary_fg_stdv": 151.40277099609375,
  "tsnr": 54.38552533858456
}