{
  "aor": 0.0007400624999999999,
  "aqi": 0.0091619241875,
  "bids_meta": {
    "AcquisitionMatrixPE": 59,
    "BandwidthPerPixelPhaseEncode": 49.18,
    "BaseResolution": 66,
    "BodyPartExamined": "HEAD",
    "ConsistencyInfo": "N4_VD13A_LATEST_20120616",
    "ConversionSoftware": "dcm2niix",
    "ConversionSoftwareVersion": "v1.0.20180518 GCC4.8.5",
    "DerivedVendorReportedEchoSpacing": 0.000616166,
    "DwellTime": 4e-06,
    "EchoTime": 0.027,
    "EchoTrainLength": 29,
    "EffectiveEchoSpacing": 0.000308083,
    "FlipAngle": 71,
    "ImageOrientationPatientDICOM": [
      1,
      0,
      0,
      0,
      0.998719,
      -0.0505929
    ],
    "ImageType": [
      "ORIGINAL",
      "PRIMARY",
      "M",
      "ND",
      "NORM",
      "MOSAIC"
    ],
    "InPlanePhaseEncodingDirectionDICOM": "COL",
    "InstitutionName": "Princeton_University_-_Neuroscience_Institute",
    "InstitutionalDepartmentName": "Department",
    "MRAcquisitionType": "2D",
    "MagneticFieldStrength": 3,
    "Manufacturer": "Siemens",
    "ManufacturersModelName": "Skyra",
    "Modality": "MR",
    "ParallelReductionFactorInPlane": 2,
    "PartialFourier": 1,
    "PatientPosition": "HFS",
    "PercentPhaseFOV": 100,
    "PhaseEncodingDirection": "j-",
    "PhaseEncodingSteps": 59,
    "PhaseResolution": 0.9,
    "PixelBandwidth": 1895,
    "PulseSequenceDetails": "%SiemensSeq%_ep2d_pace",
    "ReceiveCoilActiveElements": "HE1-4",
    "ReceiveCoilName": "HeadNeck_20",
    "ReconMatrixPE": 66,
    "RepetitionTime": 2.4,
    "SAR": 0.131919,
    "ScanOptions": "FS",
    "ScanningSequence": "EP",
    "SequenceName": "_epfid2d1_59",
    "SequenceVariant": "SK_OSP",
    "ShimSetting": [
      3387,
      8549,
      9479,
      596,
      80,
      -258,
      731,
      234
    ],
    "SliceThickness": 2.5,
    "SliceTiming": [
      1.19,
      0,
      1.24,
      0.05,
      1.2925,
      0.1025,
      1.345,
      0.155,
      1.395,
      0.2075,
      1.4475,
      0.2575,
      1.5,
      0.31,
      1.5525,
      0.3625,
      1.6025,
      0.4125,
      1.655,
      0.465,
      1.7075,
      0.5175,
      1.7575,
      0.5675,
      1.81,
      0.62,
      1.8625,
      0.6725,
      1.9125,
      0.7225,
      1.965,
      0.775,
      2.0175,
      0.8275,
      2.0675,
      0.88,
      2.12,
      0.93,
      2.1725,
      0.9825,
      2.2225,
      1.035,
      2.275,
      1.085,
      2.3275,
      1.1375
    ],
    "SoftwareVersions": "syngo_MR_D13",
    "SpacingBetweenSlices": 3,
    "TaskName": "Decision-making task",
    "TotalReadoutTime": 0.0200254,
    "TxRefAmp": 367.586,
    "dataset": "ds001715",
    "modality": "bold",
    "run_id": 7,
    "subject_id": "15",
    "task_id": "dts"
  },
  "dummy_trs": 0,
  "dvars_nstd": 27.931667663459123,
  "dvars_std": 1.1263103946540878,
  "dvars_vstd": 1.003574924528302,
  "efc": 0.529718505367677,
  "fber": 1713.8990478515625,
  "fd_mean": 0.13451995296645103,
  "fd_num": 30,
  "fd_perc": 18.75,
  "fwhm_avg": 1.7503889340858174,
  "fwhm_x": 1.6285634535396005,
  "fwhm_y": 1.9143333487178515,
  "fwhm_z": 1.70827,
  "gcor": 0.0261095,
  "gsr_x": 0.0011476243380457163,
  "gsr_y": 0.025775298476219177,
  "provenance": {
    "md5sum": "aa8f871067aa46d478918a7ac7e5ecea",
    "settings": {
      "fd_thres": 0.2,
      "testing": false
    },
    "software": "mriqc",
    "version": "22.0.6",
    "webapi_port": null,
    "webapi_url": "https://mriqc.nimh.nih.gov/api/v1"
  },
  "size_t": 160,
  "size_x": 66,
  "size_y": 66,
  "size_z": 46,
  "snr": 6.006076891142808,
  "spacing_tr": 2.4000000953674316,
  "spacing_x": 2.9696969985961914,
  "spacing_y": 2.9696969985961914,
  "spacing_z": 3.0,
  "summary_bg_k": 58.233728888947105,
  "summary_bg_mad": 12.111006589633705,
  "summary_bg_mean": 40.7755241394043,
  "summary_bg_median": 20.306249618530273,
  "summary_bg_n": 120012.0,
  "summary_bg_p05": 9.943750381469727,
  "summary_bg_p95": 132.74250106811516,
  "summary_bg_stdv": 67.1222915649414,
  "summary_fg_k": 5.212535062210781,
  "summary_fg_mad": 124.33009541749321,
  "summary_fg_mean": 873.4816284179688,
  "summary_fg_median": 856.6531372070312,
  "summary_fg_n": 39808.0,
  "summary_fg_p05": 695.0231170654297,
  "summary_fg_p95": 1098.6202880859375,
  "summary_fg_stdv": 142.6292724609375,
  "tsnr": 57.25932435505092
}