{
  "aor": 0.004066249999999999,
  "aqi": 0.010275833125,
  "bids_meta": {
    "AcquisitionMatrixPE": 59,
    "BandwidthPerPixelPhaseEncode": 49.18,
    "BaseResolution": 66,
    "BodyPartExamined": "HEAD",
    "ConsistencyInfo": "N4_VD13A_LATEST_20120616",
    "ConversionSoftware": "dcm2niix",
    "ConversionSoftwareVersion": "v1.0.20180518 GCC4.8.5",
    "DerivedVendorReportedEchoSpacing": 0.000616166,
    "DwellTime": 4e-06,
    "EchoTime": 0.027,
    "EchoTrainLength": 29,
    "EffectiveEchoSpacing": 0.000308083,
    "FlipAngle": 71,
    "ImageOrientationPatientDICOM": [
      1,
      0,
      0,
      0,
      0.998719,
      -0.0505929
    ],
    "ImageType": [
      "ORIGINAL",
      "PRIMARY",
      "M",
      "ND",
      "NORM",
      "MOSAIC"
    ],
    "InPlanePhaseEncodingDirectionDICOM": "COL",
    "InstitutionName": "Princeton_University_-_Neuroscience_Institute",
    "InstitutionalDepartmentName": "Department",
    "MRAcquisitionType": "2D",
    "MagneticFieldStrength": 3,
    "Manufacturer": "Siemens",
    "ManufacturersModelName": "Skyra",
    "Modality": "MR",
    "ParallelReductionFactorInPlane": 2,
    "PartialFourier": 1,
    "PatientPosition": "HFS",
    "PercentPhaseFOV": 100,
    "PhaseEncodingDirection": "j-",
    "PhaseEncodingSteps": 59,
    "PhaseResolution": 0.9,
    "PixelBandwidth": 1895,
    "PulseSequenceDetails": "%SiemensSeq%_ep2d_pace",
    "ReceiveCoilActiveElements": "HE1-4",
    "ReceiveCoilName": "HeadNeck_20",
    "ReconMatrixPE": 66,
    "RepetitionTime": 2.4,
    "SAR": 0.131919,
    "ScanOptions": "FS",
    "ScanningSequence": "EP",
    "SequenceName": "_epfid2d1_59",
    "SequenceVariant": "SK_OSP",
    "ShimSetting": [
      3387,
      8549,
      9479,
      596,
      80,
      -258,
      731,
      234
    ],
    "SliceThickness": 2.5,
    "SliceTiming": [
      1.19,
      0,
      1.24,
      0.05,
      1.2925,
      0.1025,
      1.345,
      0.155,
      1.395,
      0.2075,
      1.4475,
      0.2575,
      1.5,
      0.31,
      1.5525,
      0.3625,
      1.6025,
      0.4125,
      1.655,
      0.465,
      1.7075,
      0.5175,
      1.7575,
      0.5675,
      1.81,
      0.62,
      1.8625,
      0.6725,
      1.9125,
      0.7225,
      1.965,
      0.775,
      2.0175,
      0.8275,
      2.0675,
      0.88,
      2.12,
      0.93,
      2.1725,
      0.9825,
      2.2225,
      1.035,
      2.275,
      1.085,
      2.3275,
      1.1375
    ],
    "SoftwareVersions": "syngo_MR_D13",
    "SpacingBetweenSlices": 3,
    "TaskName": "Decision-making task",
    "TotalReadoutTime": 0.0200254,
    "TxRefAmp": 367.586,
    "dataset": "ds001715",
    "modality": "bold",
    "run_id": 10,
    "subject_id": "15",
    "task_id": "dts"
  },
  "dummy_trs": 0,
  "dvars_nstd": 32.16469246484277,
  "dvars_std": 1.1800674199371062,
  "dvars_vstd": 1.0333581459748433,
  "efc": 0.5306205587852245,
  "fber": 1707.0543212890625,
  "fd_mean": 0.20195673218014576,
  "fd_num": 46,
  "fd_perc": 28.75,
  "fwhm_avg": 1.7572843649174466,
  "fwhm_x": 1.6370559024365492,
  "fwhm_y": 1.9081138589824573,
  "fwhm_z": 1.7266833333333331,
  "gcor": 0.0427953,
  "gsr_x": 0.0019142203964293003,
  "gsr_y": 0.028964806348085403,
  "provenance": {
    "md5sum": "28a638b91071d4d335a9b6035346eb0d",
    "settings": {
      "fd_thres": 0.2,
      "testing": false
    },
    "software": "mriqc",
    "version": "22.0.6",
    "webapi_port": null,
    "webapi_url": "https://mriqc.nimh.nih.gov/api/v1"
  },
  "size_t": 160,
  "size_x": 66,
  "size_y": 66,
  "size_z": 46,
  "snr": 5.89168587872145,
  "spacing_tr": 2.4000000953674316,
  "spacing_x": 2.9696969985961914,
  "spacing_y": 2.9696969985961914,
  "spacing_z": 3.0,
  "summary_bg_k": 68.19570217068669,
  "summary_bg_mad": 13.056165221147094,
  "summary_bg_mean": 42.21990966796875,
  "summary_bg_median": 20.78125,
  "summary_bg_n": 119918.0,
  "summary_bg_p05": 9.71250057220459,
  "summary_bg_p95": 137.74375915527344,
  "summary_bg_stdv": 71.51129913330078,
  "summary_fg_k": 4.859038582834372,
  "summary_fg_mad": 131.58094689237217,
  "summary_fg_mean": 895.1283569335938,
  "summary_fg_median": 877.3500366210938,
  "summary_fg_n": 39953.0,
  "summary_fg_p05": 707.46875,
  "summary_fg_p95": 1132.8187255859375,
  "summary_fg_stdv": 148.911376953125,
  "tsnr": 51.713855661218986
}