{
  "aor": 0.00084475,
  "aqi": 0.010839417625,
  "bids_meta": {
    "AcquisitionMatrixPE": 59,
    "BandwidthPerPixelPhaseEncode": 49.18,
    "BaseResolution": 66,
    "BodyPartExamined": "HEAD",
    "ConsistencyInfo": "N4_VD13A_LATEST_20120616",
    "ConversionSoftware": "dcm2niix",
    "ConversionSoftwareVersion": "v1.0.20180518 GCC4.8.5",
    "DerivedVendorReportedEchoSpacing": 0.000616166,
    "DwellTime": 4e-06,
    "EchoTime": 0.027,
    "EchoTrainLength": 29,
    "EffectiveEchoSpacing": 0.000308083,
    "FlipAngle": 71,
    "ImageOrientationPatientDICOM": [
      1,
      0,
      0,
      0,
      0.998719,
      -0.0505929
    ],
    "ImageType": [
      "ORIGINAL",
      "PRIMARY",
      "M",
      "ND",
      "NORM",
      "MOSAIC"
    ],
    "InPlanePhaseEncodingDirectionDICOM": "COL",
    "InstitutionName": "Princeton_University_-_Neuroscience_Institute",
    "InstitutionalDepartmentName": "Department",
    "MRAcquisitionType": "2D",
    "MagneticFieldStrength": 3,
    "Manufacturer": "Siemens",
    "ManufacturersModelName": "Skyra",
    "Modality": "MR",
    "ParallelReductionFactorInPlane": 2,
    "PartialFourier": 1,
    "PatientPosition": "HFS",
    "PercentPhaseFOV": 100,
    "PhaseEncodingDirection": "j-",
    "PhaseEncodingSteps": 59,
    "PhaseResolution": 0.9,
    "PixelBandwidth": 1895,
    "PulseSequenceDetails": "%SiemensSeq%_ep2d_pace",
    "ReceiveCoilActiveElements": "HE1-4",
    "ReceiveCoilName": "HeadNeck_20",
    "ReconMatrixPE": 66,
    "RepetitionTime": 2.4,
    "SAR": 0.131919,
    "ScanOptions": "FS",
    "ScanningSequence": "EP",
    "SequenceName": "_epfid2d1_59",
    "SequenceVariant": "SK_OSP",
    "ShimSetting": [
      3387,
      8549,
      9479,
      596,
      80,
      -258,
      731,
      234
    ],
    "SliceThickness": 2.5,
    "SliceTiming": [
      1.19,
      0,
      1.24,
      0.05,
      1.2925,
      0.1025,
      1.345,
      0.155,
      1.395,
      0.2075,
      1.4475,
      0.2575,
      1.5,
      0.31,
      1.5525,
      0.3625,
      1.6025,
      0.4125,
      1.655,
      0.465,
      1.7075,
      0.5175,
      1.7575,
      0.5675,
      1.81,
      0.62,
      1.8625,
      0.6725,
      1.9125,
      0.7225,
      1.965,
      0.775,
      2.0175,
      0.8275,
      2.0675,
      0.88,
      2.12,
      0.93,
      2.1725,
      0.9825,
      2.2225,
      1.035,
      2.275,
      1.085,
      2.3275,
      1.1375
    ],
    "SoftwareVersions": "syngo_MR_D13",
    "SpacingBetweenSlices": 3,
    "TaskName": "Decision-making task",
    "TotalReadoutTime": 0.0200254,
    "TxRefAmp": 367.586,
    "dataset": "ds001715",
    "modality": "bold",
    "run_id": 6,
    "subject_id": "15",
    "task_id": "dts"
  },
  "dummy_trs": 0,
  "dvars_nstd": 34.14424165710693,
  "dvars_std": 1.1386305447798737,
  "dvars_vstd": 1.0083900957861638,
  "efc": 0.5424643937245018,
  "fber": 1029.781494140625,
  "fd_mean": 0.13047037472086767,
  "fd_num": 27,
  "fd_perc": 16.875,
  "fwhm_avg": 1.8233241149579185,
  "fwhm_x": 1.7226605954810492,
  "fwhm_y": 1.9847950827260399,
  "fwhm_z": 1.7625166666666667,
  "gcor": 0.0244104,
  "gsr_x": -0.003648285521194339,
  "gsr_y": 0.04713160917162895,
  "provenance": {
    "md5sum": "fbcc3babbf7877e6fd4d419b0c35095b",
    "settings": {
      "fd_thres": 0.2,
      "testing": false
    },
    "software": "mriqc",
    "version": "22.0.6",
    "webapi_port": null,
    "webapi_url": "https://mriqc.nimh.nih.gov/api/v1"
  },
  "size_t": 160,
  "size_x": 66,
  "size_y": 66,
  "size_z": 46,
  "snr": 5.605137178740269,
  "spacing_tr": 2.4000000953674316,
  "spacing_x": 2.9696969985961914,
  "spacing_y": 2.9696969985961914,
  "spacing_z": 3.0,
  "summary_bg_k": 68.352152045955,
  "summary_bg_mad": 20.042930438126195,
  "summary_bg_mean": 49.01049041748047,
  "summary_bg_median": 26.30000114440918,
  "summary_bg_n": 119795.0,
  "summary_bg_p05": 10.362500190734863,
  "summary_bg_p95": 148.08312683105387,
  "summary_bg_stdv": 74.08415222167969,
  "summary_fg_k": 4.291431269715341,
  "summary_fg_mad": 135.848043304337,
  "summary_fg_mean": 889.6507568359375,
  "summary_fg_median": 872.2125244140625,
  "summary_fg_n": 40030.0,
  "summary_fg_p05": 684.5437622070312,
  "summary_fg_p95": 1145.831323242187,
  "summary_fg_stdv": 155.6075439453125,
  "tsnr": 48.51514373940881
}