{
  "aor": 0.0005113124999999999,
  "aqi": 0.008125409812500001,
  "bids_meta": {
    "AcquisitionMatrixPE": 59,
    "BandwidthPerPixelPhaseEncode": 49.18,
    "BaseResolution": 66,
    "BodyPartExamined": "HEAD",
    "ConsistencyInfo": "N4_VD13A_LATEST_20120616",
    "ConversionSoftware": "dcm2niix",
    "ConversionSoftwareVersion": "v1.0.20180518 GCC4.8.5",
    "DerivedVendorReportedEchoSpacing": 0.000616166,
    "DwellTime": 4e-06,
    "EchoTime": 0.027,
    "EchoTrainLength": 29,
    "EffectiveEchoSpacing": 0.000308083,
    "FlipAngle": 71,
    "ImageOrientationPatientDICOM": [
      1,
      0,
      0,
      0,
      0.998719,
      -0.0505929
    ],
    "ImageType": [
      "ORIGINAL",
      "PRIMARY",
      "M",
      "ND",
      "NORM",
      "MOSAIC"
    ],
    "InPlanePhaseEncodingDirectionDICOM": "COL",
    "InstitutionName": "Princeton_University_-_Neuroscience_Institute",
    "InstitutionalDepartmentName": "Department",
    "MRAcquisitionType": "2D",
    "MagneticFieldStrength": 3,
    "Manufacturer": "Siemens",
    "ManufacturersModelName": "Skyra",
    "Modality": "MR",
    "ParallelReductionFactorInPlane": 2,
    "PartialFourier": 1,
    "PatientPosition": "HFS",
    "PercentPhaseFOV": 100,
    "PhaseEncodingDirection": "j-",
    "PhaseEncodingSteps": 59,
    "PhaseResolution": 0.9,
    "PixelBandwidth": 1895,
    "PulseSequenceDetails": "%SiemensSeq%_ep2d_pace",
    "ReceiveCoilActiveElements": "HE1-4",
    "ReceiveCoilName": "HeadNeck_20",
    "ReconMatrixPE": 66,
    "RepetitionTime": 2.4,
    "SAR": 0.131919,
    "ScanOptions": "FS",
    "ScanningSequence": "EP",
    "SequenceName": "_epfid2d1_59",
    "SequenceVariant": "SK_OSP",
    "ShimSetting": [
      3387,
      8549,
      9479,
      596,
      80,
      -258,
      731,
      234
    ],
    "SliceThickness": 2.5,
    "SliceTiming": [
      1.19,
      0,
      1.24,
      0.05,
      1.2925,
      0.1025,
      1.345,
      0.155,
      1.395,
      0.2075,
      1.4475,
      0.2575,
      1.5,
      0.31,
      1.5525,
      0.3625,
      1.6025,
      0.4125,
      1.655,
      0.465,
      1.7075,
      0.5175,
      1.7575,
      0.5675,
      1.81,
      0.62,
      1.8625,
      0.6725,
      1.9125,
      0.7225,
      1.965,
      0.775,
      2.0175,
      0.8275,
      2.0675,
      0.88,
      2.12,
      0.93,
      2.1725,
      0.9825,
      2.2225,
      1.035,
      2.275,
      1.085,
      2.3275,
      1.1375
    ],
    "SoftwareVersions": "syngo_MR_D13",
    "SpacingBetweenSlices": 3,
    "TaskName": "Decision-making task",
    "TotalReadoutTime": 0.0200254,
    "TxRefAmp": 367.586,
    "dataset": "ds001715",
    "modality": "bold",
    "run_id": 7,
    "subject_id": "33",
    "task_id": "dts"
  },
  "dummy_trs": 0,
  "dvars_nstd": 38.20738133830188,
  "dvars_std": 1.155559047232704,
  "dvars_vstd": 1.0014388104402514,
  "efc": 0.6102063224379611,
  "fber": 484.5680847167969,
  "fd_mean": 0.10111323734605064,
  "fd_num": 11,
  "fd_perc": 6.875,
  "fwhm_avg": 1.8080698189542053,
  "fwhm_x": 1.6938495753532568,
  "fwhm_y": 1.9826164092778535,
  "fwhm_z": 1.747743472231505,
  "gcor": 0.00602916,
  "gsr_x": 0.0015406369930133224,
  "gsr_y": 0.056673552840948105,
  "provenance": {
    "md5sum": "d2a3fbbe65964a921074f5e9dab4d0e5",
    "settings": {
      "fd_thres": 0.2,
      "testing": false
    },
    "software": "mriqc",
    "version": "22.0.6",
    "webapi_port": null,
    "webapi_url": "https://mriqc.nimh.nih.gov/api/v1"
  },
  "size_t": 160,
  "size_x": 66,
  "size_y": 66,
  "size_z": 46,
  "snr": 4.9539037454582076,
  "spacing_tr": 2.4000000953674316,
  "spacing_x": 2.9696969985961914,
  "spacing_y": 2.9696969985961914,
  "spacing_z": 2.999999761581421,
  "summary_bg_k": 12.807277264655584,
  "summary_bg_mad": 26.56637963398298,
  "summary_bg_mean": 67.36749267578125,
  "summary_bg_median": 32.20000076293945,
  "summary_bg_n": 108622.0,
  "summary_bg_p05": 11.200312328338624,
  "summary_bg_p95": 265.2997055053711,
  "summary_bg_stdv": 91.0009994506836,
  "summary_fg_k": 2.380870214728154,
  "summary_fg_mad": 139.04960986260897,
  "summary_fg_mean": 763.8314819335938,
  "summary_fg_median": 744.9937744140625,
  "summary_fg_n": 48286.0,
  "summary_fg_p05": 564.1796875,
  "summary_fg_p95": 1025.8515930175781,
  "summary_fg_stdv": 150.38363647460938,
  "tsnr": 45.96127180289477
}