{
  "aor": 0.0006340880503144654,
  "aqi": 0.0067742006918239,
  "bids_meta": {
    "AcquisitionMatrixPE": 59,
    "BandwidthPerPixelPhaseEncode": 49.18,
    "BaseResolution": 66,
    "BodyPartExamined": "HEAD",
    "ConsistencyInfo": "N4_VD13A_LATEST_20120616",
    "ConversionSoftware": "dcm2niix",
    "ConversionSoftwareVersion": "v1.0.20180518 GCC4.8.5",
    "DerivedVendorReportedEchoSpacing": 0.000616166,
    "DwellTime": 4e-06,
    "EchoTime": 0.027,
    "EchoTrainLength": 29,
    "EffectiveEchoSpacing": 0.000308083,
    "FlipAngle": 71,
    "ImageOrientationPatientDICOM": [
      1,
      0,
      0,
      0,
      0.998719,
      -0.0505929
    ],
    "ImageType": [
      "ORIGINAL",
      "PRIMARY",
      "M",
      "ND",
      "NORM",
      "MOSAIC"
    ],
    "InPlanePhaseEncodingDirectionDICOM": "COL",
    "InstitutionName": "Princeton_University_-_Neuroscience_Institute",
    "InstitutionalDepartmentName": "Department",
    "MRAcquisitionType": "2D",
    "MagneticFieldStrength": 3,
    "Manufacturer": "Siemens",
    "ManufacturersModelName": "Skyra",
    "Modality": "MR",
    "ParallelReductionFactorInPlane": 2,
    "PartialFourier": 1,
    "PatientPosition": "HFS",
    "PercentPhaseFOV": 100,
    "PhaseEncodingDirection": "j-",
    "PhaseEncodingSteps": 59,
    "PhaseResolution": 0.9,
    "PixelBandwidth": 1895,
    "PulseSequenceDetails": "%SiemensSeq%_ep2d_pace",
    "ReceiveCoilActiveElements": "HE1-4",
    "ReceiveCoilName": "HeadNeck_20",
    "ReconMatrixPE": 66,
    "RepetitionTime": 2.4,
    "SAR": 0.131919,
    "ScanOptions": "FS",
    "ScanningSequence": "EP",
    "SequenceName": "_epfid2d1_59",
    "SequenceVariant": "SK_OSP",
    "ShimSetting": [
      3387,
      8549,
      9479,
      596,
      80,
      -258,
      731,
      234
    ],
    "SliceThickness": 2.5,
    "SliceTiming": [
      1.19,
      0,
      1.24,
      0.05,
      1.2925,
      0.1025,
      1.345,
      0.155,
      1.395,
      0.2075,
      1.4475,
      0.2575,
      1.5,
      0.31,
      1.5525,
      0.3625,
      1.6025,
      0.4125,
      1.655,
      0.465,
      1.7075,
      0.5175,
      1.7575,
      0.5675,
      1.81,
      0.62,
      1.8625,
      0.6725,
      1.9125,
      0.7225,
      1.965,
      0.775,
      2.0175,
      0.8275,
      2.0675,
      0.88,
      2.12,
      0.93,
      2.1725,
      0.9825,
      2.2225,
      1.035,
      2.275,
      1.085,
      2.3275,
      1.1375
    ],
    "SoftwareVersions": "syngo_MR_D13",
    "SpacingBetweenSlices": 3,
    "TaskName": "Decision-making task",
    "TotalReadoutTime": 0.0200254,
    "TxRefAmp": 367.586,
    "dataset": "ds001715",
    "modality": "bold",
    "run_id": 4,
    "subject_id": "16",
    "task_id": "dts"
  },
  "dummy_trs": 1,
  "dvars_nstd": 36.13289933265825,
  "dvars_std": 1.3051138218354428,
  "dvars_vstd": 1.009790739050633,
  "efc": 0.5593953077803396,
  "fber": 1264.1070556640625,
  "fd_mean": 0.1279238233554351,
  "fd_num": 10,
  "fd_perc": 6.289308176100629,
  "fwhm_avg": 1.704871848293079,
  "fwhm_x": 1.5949876375398087,
  "fwhm_y": 1.8322845740060945,
  "fwhm_z": 1.6873433333333334,
  "gcor": 0.0213907,
  "gsr_x": 0.004521573893725872,
  "gsr_y": 0.034106940031051636,
  "provenance": {
    "md5sum": "4b7106bb6e948aa1cc2f4bb1c2d17d4e",
    "settings": {
      "fd_thres": 0.2,
      "testing": false
    },
    "software": "mriqc",
    "version": "22.0.6",
    "webapi_port": null,
    "webapi_url": "https://mriqc.nimh.nih.gov/api/v1"
  },
  "size_t": 159,
  "size_x": 66,
  "size_y": 66,
  "size_z": 46,
  "snr": 5.265182895815612,
  "spacing_tr": 2.4000000953674316,
  "spacing_x": 2.9696969985961914,
  "spacing_y": 2.9696969985961914,
  "spacing_z": 3.0,
  "summary_bg_k": 16.275162238023476,
  "summary_bg_mad": 16.15010704294961,
  "summary_bg_mean": 63.13435745239258,
  "summary_bg_median": 23.47798728942871,
  "summary_bg_n": 118141.0,
  "summary_bg_p05": 10.220125198364258,
  "summary_bg_p95": 292.6163330078125,
  "summary_bg_stdv": 104.17131042480469,
  "summary_fg_k": 3.2185636369197796,
  "summary_fg_mad": 142.4231090512008,
  "summary_fg_mean": 868.9341430664062,
  "summary_fg_median": 848.23583984375,
  "summary_fg_n": 41322.0,
  "summary_fg_p05": 667.3273406982422,
  "summary_fg_p95": 1149.6769958496093,
  "summary_fg_stdv": 161.1008758544922,
  "tsnr": 57.263990505598485
}