{
  "aor": 0.0006629375,
  "aqi": 0.0056236364375,
  "bids_meta": {
    "AcquisitionMatrixPE": 59,
    "BandwidthPerPixelPhaseEncode": 49.18,
    "BaseResolution": 66,
    "BodyPartExamined": "HEAD",
    "ConsistencyInfo": "N4_VD13A_LATEST_20120616",
    "ConversionSoftware": "dcm2niix",
    "ConversionSoftwareVersion": "v1.0.20180518 GCC4.8.5",
    "DerivedVendorReportedEchoSpacing": 0.000616166,
    "DwellTime": 4e-06,
    "EchoTime": 0.027,
    "EchoTrainLength": 29,
    "EffectiveEchoSpacing": 0.000308083,
    "FlipAngle": 71,
    "ImageOrientationPatientDICOM": [
      1,
      0,
      0,
      0,
      0.998719,
      -0.0505929
    ],
    "ImageType": [
      "ORIGINAL",
      "PRIMARY",
      "M",
      "ND",
      "NORM",
      "MOSAIC"
    ],
    "InPlanePhaseEncodingDirectionDICOM": "COL",
    "InstitutionName": "Princeton_University_-_Neuroscience_Institute",
    "InstitutionalDepartmentName": "Department",
    "MRAcquisitionType": "2D",
    "MagneticFieldStrength": 3,
    "Manufacturer": "Siemens",
    "ManufacturersModelName": "Skyra",
    "Modality": "MR",
    "ParallelReductionFactorInPlane": 2,
    "PartialFourier": 1,
    "PatientPosition": "HFS",
    "PercentPhaseFOV": 100,
    "PhaseEncodingDirection": "j-",
    "PhaseEncodingSteps": 59,
    "PhaseResolution": 0.9,
    "PixelBandwidth": 1895,
    "PulseSequenceDetails": "%SiemensSeq%_ep2d_pace",
    "ReceiveCoilActiveElements": "HE1-4",
    "ReceiveCoilName": "HeadNeck_20",
    "ReconMatrixPE": 66,
    "RepetitionTime": 2.4,
    "SAR": 0.131919,
    "ScanOptions": "FS",
    "ScanningSequence": "EP",
    "SequenceName": "_epfid2d1_59",
    "SequenceVariant": "SK_OSP",
    "ShimSetting": [
      3387,
      8549,
      9479,
      596,
      80,
      -258,
      731,
      234
    ],
    "SliceThickness": 2.5,
    "SliceTiming": [
      1.19,
      0,
      1.24,
      0.05,
      1.2925,
      0.1025,
      1.345,
      0.155,
      1.395,
      0.2075,
      1.4475,
      0.2575,
      1.5,
      0.31,
      1.5525,
      0.3625,
      1.6025,
      0.4125,
      1.655,
      0.465,
      1.7075,
      0.5175,
      1.7575,
      0.5675,
      1.81,
      0.62,
      1.8625,
      0.6725,
      1.9125,
      0.7225,
      1.965,
      0.775,
      2.0175,
      0.8275,
      2.0675,
      0.88,
      2.12,
      0.93,
      2.1725,
      0.9825,
      2.2225,
      1.035,
      2.275,
      1.085,
      2.3275,
      1.1375
    ],
    "SoftwareVersions": "syngo_MR_D13",
    "SpacingBetweenSlices": 3,
    "TaskName": "Decision-making task",
    "TotalReadoutTime": 0.0200254,
    "TxRefAmp": 367.586,
    "dataset": "ds001715",
    "modality": "bold",
    "run_id": 1,
    "subject_id": "16",
    "task_id": "dts"
  },
  "dummy_trs": 0,
  "dvars_nstd": 35.72843110182389,
  "dvars_std": 1.3324154409433957,
  "dvars_vstd": 0.9995586670440255,
  "efc": 0.5527668167965004,
  "fber": 1481.1453857421875,
  "fd_mean": 0.11858739653292942,
  "fd_num": 10,
  "fd_perc": 6.25,
  "fwhm_avg": 1.7393266893623636,
  "fwhm_x": 1.623044371960656,
  "fwhm_y": 1.8660556961264347,
  "fwhm_z": 1.72888,
  "gcor": 0.0306356,
  "gsr_x": 0.006887944880872965,
  "gsr_y": 0.028672538697719574,
  "provenance": {
    "md5sum": "c153bf069bccc45e9c29a99fe632e40e",
    "settings": {
      "fd_thres": 0.2,
      "testing": false
    },
    "software": "mriqc",
    "version": "22.0.6",
    "webapi_port": null,
    "webapi_url": "https://mriqc.nimh.nih.gov/api/v1"
  },
  "size_t": 160,
  "size_x": 66,
  "size_y": 66,
  "size_z": 46,
  "snr": 5.141201329662726,
  "spacing_tr": 2.4000000953674316,
  "spacing_x": 2.9696969985961914,
  "spacing_y": 2.9696969985961914,
  "spacing_z": 3.0,
  "summary_bg_k": 15.710781652207356,
  "summary_bg_mad": 13.686272860715563,
  "summary_bg_mean": 56.766815185546875,
  "summary_bg_median": 21.287500381469727,
  "summary_bg_n": 118232.0,
  "summary_bg_p05": 9.96250057220459,
  "summary_bg_p95": 259.8618789672851,
  "summary_bg_stdv": 93.93556213378906,
  "summary_fg_k": 3.7718315773590625,
  "summary_fg_mad": 139.7815904134813,
  "summary_fg_mean": 850.9186401367188,
  "summary_fg_median": 829.565673828125,
  "summary_fg_n": 41240.0,
  "summary_fg_p05": 652.205615234375,
  "summary_fg_p95": 1128.7685058593745,
  "summary_fg_stdv": 161.35443115234375,
  "tsnr": 60.0391118330881
}