{
  "aor": 0.0010512738853503186,
  "aqi": 0.007792808726114651,
  "bids_meta": {
    "AcquisitionMatrixPE": 59,
    "BandwidthPerPixelPhaseEncode": 49.18,
    "BaseResolution": 66,
    "BodyPartExamined": "HEAD",
    "ConsistencyInfo": "N4_VD13A_LATEST_20120616",
    "ConversionSoftware": "dcm2niix",
    "ConversionSoftwareVersion": "v1.0.20180518 GCC4.8.5",
    "DerivedVendorReportedEchoSpacing": 0.000616166,
    "DwellTime": 4e-06,
    "EchoTime": 0.027,
    "EchoTrainLength": 29,
    "EffectiveEchoSpacing": 0.000308083,
    "FlipAngle": 71,
    "ImageOrientationPatientDICOM": [
      1,
      0,
      0,
      0,
      0.998719,
      -0.0505929
    ],
    "ImageType": [
      "ORIGINAL",
      "PRIMARY",
      "M",
      "ND",
      "NORM",
      "MOSAIC"
    ],
    "InPlanePhaseEncodingDirectionDICOM": "COL",
    "InstitutionName": "Princeton_University_-_Neuroscience_Institute",
    "InstitutionalDepartmentName": "Department",
    "MRAcquisitionType": "2D",
    "MagneticFieldStrength": 3,
    "Manufacturer": "Siemens",
    "ManufacturersModelName": "Skyra",
    "Modality": "MR",
    "ParallelReductionFactorInPlane": 2,
    "PartialFourier": 1,
    "PatientPosition": "HFS",
    "PercentPhaseFOV": 100,
    "PhaseEncodingDirection": "j-",
    "PhaseEncodingSteps": 59,
    "PhaseResolution": 0.9,
    "PixelBandwidth": 1895,
    "PulseSequenceDetails": "%SiemensSeq%_ep2d_pace",
    "ReceiveCoilActiveElements": "HE1-4",
    "ReceiveCoilName": "HeadNeck_20",
    "ReconMatrixPE": 66,
    "RepetitionTime": 2.4,
    "SAR": 0.131919,
    "ScanOptions": "FS",
    "ScanningSequence": "EP",
    "SequenceName": "_epfid2d1_59",
    "SequenceVariant": "SK_OSP",
    "ShimSetting": [
      3387,
      8549,
      9479,
      596,
      80,
      -258,
      731,
      234
    ],
    "SliceThickness": 2.5,
    "SliceTiming": [
      1.19,
      0,
      1.24,
      0.05,
      1.2925,
      0.1025,
      1.345,
      0.155,
      1.395,
      0.2075,
      1.4475,
      0.2575,
      1.5,
      0.31,
      1.5525,
      0.3625,
      1.6025,
      0.4125,
      1.655,
      0.465,
      1.7075,
      0.5175,
      1.7575,
      0.5675,
      1.81,
      0.62,
      1.8625,
      0.6725,
      1.9125,
      0.7225,
      1.965,
      0.775,
      2.0175,
      0.8275,
      2.0675,
      0.88,
      2.12,
      0.93,
      2.1725,
      0.9825,
      2.2225,
      1.035,
      2.275,
      1.085,
      2.3275,
      1.1375
    ],
    "SoftwareVersions": "syngo_MR_D13",
    "SpacingBetweenSlices": 3,
    "TaskName": "Decision-making task",
    "TotalReadoutTime": 0.0200254,
    "TxRefAmp": 367.586,
    "dataset": "ds001715",
    "modality": "bold",
    "run_id": 8,
    "subject_id": "16",
    "task_id": "dts"
  },
  "dummy_trs": 3,
  "dvars_nstd": 38.15092632121796,
  "dvars_std": 1.2610512069230764,
  "dvars_vstd": 1.0171327102564103,
  "efc": 0.5677332371236272,
  "fber": 916.3001098632812,
  "fd_mean": 0.1391700486570481,
  "fd_num": 20,
  "fd_perc": 12.738853503184714,
  "fwhm_avg": 1.69037574858994,
  "fwhm_x": 1.583925902953577,
  "fwhm_y": 1.8217346761495758,
  "fwhm_z": 1.6654666666666669,
  "gcor": 0.00927209,
  "gsr_x": 0.0019159790826961398,
  "gsr_y": 0.046256180852651596,
  "provenance": {
    "md5sum": "76ffa54e030a9bf0c7012846ecf3d696",
    "settings": {
      "fd_thres": 0.2,
      "testing": false
    },
    "software": "mriqc",
    "version": "22.0.6",
    "webapi_port": null,
    "webapi_url": "https://mriqc.nimh.nih.gov/api/v1"
  },
  "size_t": 157,
  "size_x": 66,
  "size_y": 66,
  "size_z": 46,
  "snr": 5.32593951290121,
  "spacing_tr": 2.4000000953674316,
  "spacing_x": 2.9696969985961914,
  "spacing_y": 2.9696969985961914,
  "spacing_z": 3.0,
  "summary_bg_k": 15.521262130206779,
  "summary_bg_mad": 21.313586100012163,
  "summary_bg_mean": 68.35474395751953,
  "summary_bg_median": 27.535032272338867,
  "summary_bg_n": 118115.0,
  "summary_bg_p05": 10.630573272705078,
  "summary_bg_p95": 299.38217468261644,
  "summary_bg_stdv": 106.08194732666016,
  "summary_fg_k": 2.6458080282589025,
  "summary_fg_mad": 142.71227258814142,
  "summary_fg_mean": 873.5324096679688,
  "summary_fg_median": 854.2197265625,
  "summary_fg_n": 41336.0,
  "summary_fg_p05": 665.0589294433594,
  "summary_fg_p95": 1156.7898254394531,
  "summary_fg_stdv": 160.38661193847656,
  "tsnr": 51.29133293638006
}