{
  "aor": 0.0059011875,
  "aqi": 0.0094276731875,
  "bids_meta": {
    "AcquisitionMatrixPE": 59,
    "BandwidthPerPixelPhaseEncode": 49.18,
    "BaseResolution": 66,
    "BodyPartExamined": "HEAD",
    "ConsistencyInfo": "N4_VD13A_LATEST_20120616",
    "ConversionSoftware": "dcm2niix",
    "ConversionSoftwareVersion": "v1.0.20180518 GCC4.8.5",
    "DerivedVendorReportedEchoSpacing": 0.000616166,
    "DwellTime": 4e-06,
    "EchoTime": 0.027,
    "EchoTrainLength": 29,
    "EffectiveEchoSpacing": 0.000308083,
    "FlipAngle": 71,
    "ImageOrientationPatientDICOM": [
      1,
      0,
      0,
      0,
      0.998719,
      -0.0505929
    ],
    "ImageType": [
      "ORIGINAL",
      "PRIMARY",
      "M",
      "ND",
      "NORM",
      "MOSAIC"
    ],
    "InPlanePhaseEncodingDirectionDICOM": "COL",
    "InstitutionName": "Princeton_University_-_Neuroscience_Institute",
    "InstitutionalDepartmentName": "Department",
    "MRAcquisitionType": "2D",
    "MagneticFieldStrength": 3,
    "Manufacturer": "Siemens",
    "ManufacturersModelName": "Skyra",
    "Modality": "MR",
    "ParallelReductionFactorInPlane": 2,
    "PartialFourier": 1,
    "PatientPosition": "HFS",
    "PercentPhaseFOV": 100,
    "PhaseEncodingDirection": "j-",
    "PhaseEncodingSteps": 59,
    "PhaseResolution": 0.9,
    "PixelBandwidth": 1895,
    "PulseSequenceDetails": "%SiemensSeq%_ep2d_pace",
    "ReceiveCoilActiveElements": "HE1-4",
    "ReceiveCoilName": "HeadNeck_20",
    "ReconMatrixPE": 66,
    "RepetitionTime": 2.4,
    "SAR": 0.131919,
    "ScanOptions": "FS",
    "ScanningSequence": "EP",
    "SequenceName": "_epfid2d1_59",
    "SequenceVariant": "SK_OSP",
    "ShimSetting": [
      3387,
      8549,
      9479,
      596,
      80,
      -258,
      731,
      234
    ],
    "SliceThickness": 2.5,
    "SliceTiming": [
      1.19,
      0,
      1.24,
      0.05,
      1.2925,
      0.1025,
      1.345,
      0.155,
      1.395,
      0.2075,
      1.4475,
      0.2575,
      1.5,
      0.31,
      1.5525,
      0.3625,
      1.6025,
      0.4125,
      1.655,
      0.465,
      1.7075,
      0.5175,
      1.7575,
      0.5675,
      1.81,
      0.62,
      1.8625,
      0.6725,
      1.9125,
      0.7225,
      1.965,
      0.775,
      2.0175,
      0.8275,
      2.0675,
      0.88,
      2.12,
      0.93,
      2.1725,
      0.9825,
      2.2225,
      1.035,
      2.275,
      1.085,
      2.3275,
      1.1375
    ],
    "SoftwareVersions": "syngo_MR_D13",
    "SpacingBetweenSlices": 3,
    "TaskName": "Decision-making task",
    "TotalReadoutTime": 0.0200254,
    "TxRefAmp": 367.586,
    "dataset": "ds001715",
    "modality": "bold",
    "run_id": 8,
    "subject_id": "28",
    "task_id": "dts"
  },
  "dummy_trs": 0,
  "dvars_nstd": 31.72251226320754,
  "dvars_std": 1.1534046212578617,
  "dvars_vstd": 1.0455996935220129,
  "efc": 0.5633283160791055,
  "fber": 1410.10107421875,
  "fd_mean": 0.20389949552716602,
  "fd_num": 35,
  "fd_perc": 21.875,
  "fwhm_avg": 1.7107499661145245,
  "fwhm_x": 1.5667288623046012,
  "fwhm_y": 1.8890243693723057,
  "fwhm_z": 1.6764966666666667,
  "gcor": 0.0171075,
  "gsr_x": 0.013678262010216713,
  "gsr_y": 0.04782877117395401,
  "provenance": {
    "md5sum": "325a4e3eb255f004f24273804da2b7bb",
    "settings": {
      "fd_thres": 0.2,
      "testing": false
    },
    "software": "mriqc",
    "version": "22.0.6",
    "webapi_port": null,
    "webapi_url": "https://mriqc.nimh.nih.gov/api/v1"
  },
  "size_t": 160,
  "size_x": 66,
  "size_y": 66,
  "size_z": 46,
  "snr": 5.757344932693359,
  "spacing_tr": 2.4000000953674316,
  "spacing_x": 2.9696969985961914,
  "spacing_y": 2.9696969985961914,
  "spacing_z": 3.0,
  "summary_bg_k": 11.72556527314707,
  "summary_bg_mad": 13.278557816194386,
  "summary_bg_mean": 59.03058624267578,
  "summary_bg_median": 20.86250114440918,
  "summary_bg_n": 118553.0,
  "summary_bg_p05": 9.737500190734863,
  "summary_bg_p95": 295.21501464843726,
  "summary_bg_stdv": 97.15453338623047,
  "summary_fg_k": 3.8303111029372774,
  "summary_fg_mad": 126.84592225336313,
  "summary_fg_mean": 807.7401733398438,
  "summary_fg_median": 794.2312622070312,
  "summary_fg_n": 42194.0,
  "summary_fg_p05": 635.2625122070312,
  "summary_fg_p95": 1031.0272033691406,
  "summary_fg_stdv": 137.94932556152344,
  "tsnr": 48.63622013479471
}