{
  "aor": 0.000518,
  "aqi": 0.007202154937499999,
  "bids_meta": {
    "AcquisitionMatrixPE": 59,
    "BandwidthPerPixelPhaseEncode": 49.18,
    "BaseResolution": 66,
    "BodyPartExamined": "HEAD",
    "ConsistencyInfo": "N4_VD13A_LATEST_20120616",
    "ConversionSoftware": "dcm2niix",
    "ConversionSoftwareVersion": "v1.0.20180518 GCC4.8.5",
    "DerivedVendorReportedEchoSpacing": 0.000616166,
    "DwellTime": 4e-06,
    "EchoTime": 0.027,
    "EchoTrainLength": 29,
    "EffectiveEchoSpacing": 0.000308083,
    "FlipAngle": 71,
    "ImageOrientationPatientDICOM": [
      1,
      0,
      0,
      0,
      0.998719,
      -0.0505929
    ],
    "ImageType": [
      "ORIGINAL",
      "PRIMARY",
      "M",
      "ND",
      "NORM",
      "MOSAIC"
    ],
    "InPlanePhaseEncodingDirectionDICOM": "COL",
    "InstitutionName": "Princeton_University_-_Neuroscience_Institute",
    "InstitutionalDepartmentName": "Department",
    "MRAcquisitionType": "2D",
    "MagneticFieldStrength": 3,
    "Manufacturer": "Siemens",
    "ManufacturersModelName": "Skyra",
    "Modality": "MR",
    "ParallelReductionFactorInPlane": 2,
    "PartialFourier": 1,
    "PatientPosition": "HFS",
    "PercentPhaseFOV": 100,
    "PhaseEncodingDirection": "j-",
    "PhaseEncodingSteps": 59,
    "PhaseResolution": 0.9,
    "PixelBandwidth": 1895,
    "PulseSequenceDetails": "%SiemensSeq%_ep2d_pace",
    "ReceiveCoilActiveElements": "HE1-4",
    "ReceiveCoilName": "HeadNeck_20",
    "ReconMatrixPE": 66,
    "RepetitionTime": 2.4,
    "SAR": 0.131919,
    "ScanOptions": "FS",
    "ScanningSequence": "EP",
    "SequenceName": "_epfid2d1_59",
    "SequenceVariant": "SK_OSP",
    "ShimSetting": [
      3387,
      8549,
      9479,
      596,
      80,
      -258,
      731,
      234
    ],
    "SliceThickness": 2.5,
    "SliceTiming": [
      1.19,
      0,
      1.24,
      0.05,
      1.2925,
      0.1025,
      1.345,
      0.155,
      1.395,
      0.2075,
      1.4475,
      0.2575,
      1.5,
      0.31,
      1.5525,
      0.3625,
      1.6025,
      0.4125,
      1.655,
      0.465,
      1.7075,
      0.5175,
      1.7575,
      0.5675,
      1.81,
      0.62,
      1.8625,
      0.6725,
      1.9125,
      0.7225,
      1.965,
      0.775,
      2.0175,
      0.8275,
      2.0675,
      0.88,
      2.12,
      0.93,
      2.1725,
      0.9825,
      2.2225,
      1.035,
      2.275,
      1.085,
      2.3275,
      1.1375
    ],
    "SoftwareVersions": "syngo_MR_D13",
    "SpacingBetweenSlices": 3,
    "TaskName": "Decision-making task",
    "TotalReadoutTime": 0.0200254,
    "TxRefAmp": 367.586,
    "dataset": "ds001715",
    "modality": "bold",
    "run_id": 2,
    "subject_id": "02",
    "task_id": "dts"
  },
  "dummy_trs": 0,
  "dvars_nstd": 35.48153272698112,
  "dvars_std": 1.3512241335849056,
  "dvars_vstd": 0.9975106889937109,
  "efc": 0.522807081181256,
  "fber": 1515.5257568359375,
  "fd_mean": 0.08426190884036837,
  "fd_num": 4,
  "fd_perc": 2.5,
  "fwhm_avg": 1.7109081067315761,
  "fwhm_x": 1.5750596785500617,
  "fwhm_y": 1.8722213083113328,
  "fwhm_z": 1.6854433333333334,
  "gcor": 0.0512634,
  "gsr_x": -0.008577577769756317,
  "gsr_y": 0.04056892171502113,
  "provenance": {
    "md5sum": "c93ba51d7cc9564b237fd461c62674af",
    "settings": {
      "fd_thres": 0.2,
      "testing": false
    },
    "software": "mriqc",
    "version": "22.0.6",
    "webapi_port": null,
    "webapi_url": "https://mriqc.nimh.nih.gov/api/v1"
  },
  "size_t": 160,
  "size_x": 66,
  "size_y": 66,
  "size_z": 46,
  "snr": 5.609592734411508,
  "spacing_tr": 2.4000000953674316,
  "spacing_x": 2.9696969985961914,
  "spacing_y": 2.9696969985961914,
  "spacing_z": 3.0,
  "summary_bg_k": 31.623310907030593,
  "summary_bg_mad": 13.093231124961529,
  "summary_bg_mean": 53.88824462890625,
  "summary_bg_median": 21.600000381469727,
  "summary_bg_n": 126054.0,
  "summary_bg_p05": 10.487500190734863,
  "summary_bg_p95": 226.1737510681148,
  "summary_bg_stdv": 98.2837905883789,
  "summary_fg_k": 3.8053650630014895,
  "summary_fg_mad": 141.30129388379274,
  "summary_fg_mean": 867.4677124023438,
  "summary_fg_median": 850.59375,
  "summary_fg_n": 35097.0,
  "summary_fg_p05": 677.1687622070312,
  "summary_fg_p95": 1113.4124755859375,
  "summary_fg_stdv": 151.6298370361328,
  "tsnr": 60.61647531169001
}