{
  "aor": 0.0005835625,
  "aqi": 0.0104140511875,
  "bids_meta": {
    "AcquisitionMatrixPE": 59,
    "BandwidthPerPixelPhaseEncode": 49.18,
    "BaseResolution": 66,
    "BodyPartExamined": "HEAD",
    "ConsistencyInfo": "N4_VD13A_LATEST_20120616",
    "ConversionSoftware": "dcm2niix",
    "ConversionSoftwareVersion": "v1.0.20180518 GCC4.8.5",
    "DerivedVendorReportedEchoSpacing": 0.000616166,
    "DwellTime": 4e-06,
    "EchoTime": 0.027,
    "EchoTrainLength": 29,
    "EffectiveEchoSpacing": 0.000308083,
    "FlipAngle": 71,
    "ImageOrientationPatientDICOM": [
      1,
      0,
      0,
      0,
      0.998719,
      -0.0505929
    ],
    "ImageType": [
      "ORIGINAL",
      "PRIMARY",
      "M",
      "ND",
      "NORM",
      "MOSAIC"
    ],
    "InPlanePhaseEncodingDirectionDICOM": "COL",
    "InstitutionName": "Princeton_University_-_Neuroscience_Institute",
    "InstitutionalDepartmentName": "Department",
    "MRAcquisitionType": "2D",
    "MagneticFieldStrength": 3,
    "Manufacturer": "Siemens",
    "ManufacturersModelName": "Skyra",
    "Modality": "MR",
    "ParallelReductionFactorInPlane": 2,
    "PartialFourier": 1,
    "PatientPosition": "HFS",
    "PercentPhaseFOV": 100,
    "PhaseEncodingDirection": "j-",
    "PhaseEncodingSteps": 59,
    "PhaseResolution": 0.9,
    "PixelBandwidth": 1895,
    "PulseSequenceDetails": "%SiemensSeq%_ep2d_pace",
    "ReceiveCoilActiveElements": "HE1-4",
    "ReceiveCoilName": "HeadNeck_20",
    "ReconMatrixPE": 66,
    "RepetitionTime": 2.4,
    "SAR": 0.131919,
    "ScanOptions": "FS",
    "ScanningSequence": "EP",
    "SequenceName": "_epfid2d1_59",
    "SequenceVariant": "SK_OSP",
    "ShimSetting": [
      3387,
      8549,
      9479,
      596,
      80,
      -258,
      731,
      234
    ],
    "SliceThickness": 2.5,
    "SliceTiming": [
      1.19,
      0,
      1.24,
      0.05,
      1.2925,
      0.1025,
      1.345,
      0.155,
      1.395,
      0.2075,
      1.4475,
      0.2575,
      1.5,
      0.31,
      1.5525,
      0.3625,
      1.6025,
      0.4125,
      1.655,
      0.465,
      1.7075,
      0.5175,
      1.7575,
      0.5675,
      1.81,
      0.62,
      1.8625,
      0.6725,
      1.9125,
      0.7225,
      1.965,
      0.775,
      2.0175,
      0.8275,
      2.0675,
      0.88,
      2.12,
      0.93,
      2.1725,
      0.9825,
      2.2225,
      1.035,
      2.275,
      1.085,
      2.3275,
      1.1375
    ],
    "SoftwareVersions": "syngo_MR_D13",
    "SpacingBetweenSlices": 3,
    "TaskName": "Decision-making task",
    "TotalReadoutTime": 0.0200254,
    "TxRefAmp": 367.586,
    "dataset": "ds001715",
    "modality": "bold",
    "run_id": 11,
    "subject_id": "02",
    "task_id": "dts"
  },
  "dummy_trs": 0,
  "dvars_nstd": 42.916964860817586,
  "dvars_std": 1.234532966226415,
  "dvars_vstd": 1.0027991591194974,
  "efc": 0.5490147016822052,
  "fber": 763.268798828125,
  "fd_mean": 0.09070784612103915,
  "fd_num": 5,
  "fd_perc": 3.125,
  "fwhm_avg": 1.7471626074360573,
  "fwhm_x": 1.6396655962887043,
  "fwhm_y": 1.9399622260194678,
  "fwhm_z": 1.66186,
  "gcor": 0.0103157,
  "gsr_x": -0.02035985328257084,
  "gsr_y": 0.08198802173137665,
  "provenance": {
    "md5sum": "e89ee212b64925de67c1ad0ec79bfa11",
    "settings": {
      "fd_thres": 0.2,
      "testing": false
    },
    "software": "mriqc",
    "version": "22.0.6",
    "webapi_port": null,
    "webapi_url": "https://mriqc.nimh.nih.gov/api/v1"
  },
  "size_t": 160,
  "size_x": 66,
  "size_y": 66,
  "size_z": 46,
  "snr": 5.265529932018048,
  "spacing_tr": 2.4000000953674316,
  "spacing_x": 2.9696969985961914,
  "spacing_y": 2.9696969985961914,
  "spacing_z": 3.0,
  "summary_bg_k": 30.998103509994976,
  "summary_bg_mad": 24.3517431356581,
  "summary_bg_mean": 70.53683471679688,
  "summary_bg_median": 30.51875114440918,
  "summary_bg_n": 126193.0,
  "summary_bg_p05": 11.668749809265137,
  "summary_bg_p95": 263.54750366210925,
  "summary_bg_stdv": 110.95671081542969,
  "summary_fg_k": 3.576936659982805,
  "summary_fg_mad": 142.10738644741872,
  "summary_fg_mean": 878.085693359375,
  "summary_fg_median": 858.0625,
  "summary_fg_n": 35181.0,
  "summary_fg_p05": 663.9500122070312,
  "summary_fg_p95": 1160.625,
  "summary_fg_stdv": 162.95611572265625,
  "tsnr": 45.19449041248299
}