{
  "aor": 0.0018365,
  "aqi": 0.009207205375,
  "bids_meta": {
    "AcquisitionMatrixPE": 59,
    "BandwidthPerPixelPhaseEncode": 49.18,
    "BaseResolution": 66,
    "BodyPartExamined": "HEAD",
    "ConsistencyInfo": "N4_VD13A_LATEST_20120616",
    "ConversionSoftware": "dcm2niix",
    "ConversionSoftwareVersion": "v1.0.20180518 GCC4.8.5",
    "DerivedVendorReportedEchoSpacing": 0.000616166,
    "DwellTime": 4e-06,
    "EchoTime": 0.027,
    "EchoTrainLength": 29,
    "EffectiveEchoSpacing": 0.000308083,
    "FlipAngle": 71,
    "ImageOrientationPatientDICOM": [
      1,
      0,
      0,
      0,
      0.998719,
      -0.0505929
    ],
    "ImageType": [
      "ORIGINAL",
      "PRIMARY",
      "M",
      "ND",
      "NORM",
      "MOSAIC"
    ],
    "InPlanePhaseEncodingDirectionDICOM": "COL",
    "InstitutionName": "Princeton_University_-_Neuroscience_Institute",
    "InstitutionalDepartmentName": "Department",
    "MRAcquisitionType": "2D",
    "MagneticFieldStrength": 3,
    "Manufacturer": "Siemens",
    "ManufacturersModelName": "Skyra",
    "Modality": "MR",
    "ParallelReductionFactorInPlane": 2,
    "PartialFourier": 1,
    "PatientPosition": "HFS",
    "PercentPhaseFOV": 100,
    "PhaseEncodingDirection": "j-",
    "PhaseEncodingSteps": 59,
    "PhaseResolution": 0.9,
    "PixelBandwidth": 1895,
    "PulseSequenceDetails": "%SiemensSeq%_ep2d_pace",
    "ReceiveCoilActiveElements": "HE1-4",
    "ReceiveCoilName": "HeadNeck_20",
    "ReconMatrixPE": 66,
    "RepetitionTime": 2.4,
    "SAR": 0.131919,
    "ScanOptions": "FS",
    "ScanningSequence": "EP",
    "SequenceName": "_epfid2d1_59",
    "SequenceVariant": "SK_OSP",
    "ShimSetting": [
      3387,
      8549,
      9479,
      596,
      80,
      -258,
      731,
      234
    ],
    "SliceThickness": 2.5,
    "SliceTiming": [
      1.19,
      0,
      1.24,
      0.05,
      1.2925,
      0.1025,
      1.345,
      0.155,
      1.395,
      0.2075,
      1.4475,
      0.2575,
      1.5,
      0.31,
      1.5525,
      0.3625,
      1.6025,
      0.4125,
      1.655,
      0.465,
      1.7075,
      0.5175,
      1.7575,
      0.5675,
      1.81,
      0.62,
      1.8625,
      0.6725,
      1.9125,
      0.7225,
      1.965,
      0.775,
      2.0175,
      0.8275,
      2.0675,
      0.88,
      2.12,
      0.93,
      2.1725,
      0.9825,
      2.2225,
      1.035,
      2.275,
      1.085,
      2.3275,
      1.1375
    ],
    "SoftwareVersions": "syngo_MR_D13",
    "SpacingBetweenSlices": 3,
    "TaskName": "Decision-making task",
    "TotalReadoutTime": 0.0200254,
    "TxRefAmp": 367.586,
    "dataset": "ds001715",
    "modality": "bold",
    "run_id": 5,
    "subject_id": "09",
    "task_id": "dts"
  },
  "dummy_trs": 0,
  "dvars_nstd": 33.89184988962265,
  "dvars_std": 1.1819964036477986,
  "dvars_vstd": 1.0044914253459123,
  "efc": 0.5062328157526423,
  "fber": 2059.326416015625,
  "fd_mean": 0.28373892358738073,
  "fd_num": 76,
  "fd_perc": 47.5,
  "fwhm_avg": 1.6680039347157776,
  "fwhm_x": 1.5631426378497042,
  "fwhm_y": 1.7855491662976286,
  "fwhm_z": 1.65532,
  "gcor": 0.0169259,
  "gsr_x": 0.00527589488774538,
  "gsr_y": 0.02839364856481552,
  "provenance": {
    "md5sum": "7e9d5f16abf5f92556fc83f9f0f528d0",
    "settings": {
      "fd_thres": 0.2,
      "testing": false
    },
    "software": "mriqc",
    "version": "22.0.6",
    "webapi_port": null,
    "webapi_url": "https://mriqc.nimh.nih.gov/api/v1"
  },
  "size_t": 160,
  "size_x": 66,
  "size_y": 66,
  "size_z": 46,
  "snr": 5.375105586018988,
  "spacing_tr": 2.4000000953674316,
  "spacing_x": 2.9696969985961914,
  "spacing_y": 2.9696969985961914,
  "spacing_z": 3.0,
  "summary_bg_k": 23.76011929846172,
  "summary_bg_mad": 10.804464232927437,
  "summary_bg_mean": 39.430908203125,
  "summary_bg_median": 18.475000381469727,
  "summary_bg_n": 125727.0,
  "summary_bg_p05": 9.27500057220459,
  "summary_bg_p95": 146.40688018798824,
  "summary_bg_stdv": 62.21704864501953,
  "summary_fg_k": 1.783462992794866,
  "summary_fg_mad": 156.26631002683368,
  "summary_fg_mean": 860.4561157226562,
  "summary_fg_median": 843.2625122070312,
  "summary_fg_n": 35669.0,
  "summary_fg_p05": 656.0437622070312,
  "summary_fg_p95": 1132.0949951171874,
  "summary_fg_stdv": 156.88076782226562,
  "tsnr": 52.852965890662745
}