{
  "aor": 0.00202,
  "aqi": 0.01108278875,
  "bids_meta": {
    "AcquisitionMatrixPE": 59,
    "BandwidthPerPixelPhaseEncode": 49.18,
    "BaseResolution": 66,
    "BodyPartExamined": "HEAD",
    "ConsistencyInfo": "N4_VD13A_LATEST_20120616",
    "ConversionSoftware": "dcm2niix",
    "ConversionSoftwareVersion": "v1.0.20180518 GCC4.8.5",
    "DerivedVendorReportedEchoSpacing": 0.000616166,
    "DwellTime": 4e-06,
    "EchoTime": 0.027,
    "EchoTrainLength": 29,
    "EffectiveEchoSpacing": 0.000308083,
    "FlipAngle": 71,
    "ImageOrientationPatientDICOM": [
      1,
      0,
      0,
      0,
      0.998719,
      -0.0505929
    ],
    "ImageType": [
      "ORIGINAL",
      "PRIMARY",
      "M",
      "ND",
      "NORM",
      "MOSAIC"
    ],
    "InPlanePhaseEncodingDirectionDICOM": "COL",
    "InstitutionName": "Princeton_University_-_Neuroscience_Institute",
    "InstitutionalDepartmentName": "Department",
    "MRAcquisitionType": "2D",
    "MagneticFieldStrength": 3,
    "Manufacturer": "Siemens",
    "ManufacturersModelName": "Skyra",
    "Modality": "MR",
    "ParallelReductionFactorInPlane": 2,
    "PartialFourier": 1,
    "PatientPosition": "HFS",
    "PercentPhaseFOV": 100,
    "PhaseEncodingDirection": "j-",
    "PhaseEncodingSteps": 59,
    "PhaseResolution": 0.9,
    "PixelBandwidth": 1895,
    "PulseSequenceDetails": "%SiemensSeq%_ep2d_pace",
    "ReceiveCoilActiveElements": "HE1-4",
    "ReceiveCoilName": "HeadNeck_20",
    "ReconMatrixPE": 66,
    "RepetitionTime": 2.4,
    "SAR": 0.131919,
    "ScanOptions": "FS",
    "ScanningSequence": "EP",
    "SequenceName": "_epfid2d1_59",
    "SequenceVariant": "SK_OSP",
    "ShimSetting": [
      3387,
      8549,
      9479,
      596,
      80,
      -258,
      731,
      234
    ],
    "SliceThickness": 2.5,
    "SliceTiming": [
      1.19,
      0,
      1.24,
      0.05,
      1.2925,
      0.1025,
      1.345,
      0.155,
      1.395,
      0.2075,
      1.4475,
      0.2575,
      1.5,
      0.31,
      1.5525,
      0.3625,
      1.6025,
      0.4125,
      1.655,
      0.465,
      1.7075,
      0.5175,
      1.7575,
      0.5675,
      1.81,
      0.62,
      1.8625,
      0.6725,
      1.9125,
      0.7225,
      1.965,
      0.775,
      2.0175,
      0.8275,
      2.0675,
      0.88,
      2.12,
      0.93,
      2.1725,
      0.9825,
      2.2225,
      1.035,
      2.275,
      1.085,
      2.3275,
      1.1375
    ],
    "SoftwareVersions": "syngo_MR_D13",
    "SpacingBetweenSlices": 3,
    "TaskName": "Decision-making task",
    "TotalReadoutTime": 0.0200254,
    "TxRefAmp": 367.586,
    "dataset": "ds001715",
    "modality": "bold",
    "run_id": 7,
    "subject_id": "20",
    "task_id": "dts"
  },
  "dummy_trs": 0,
  "dvars_nstd": 34.24039431603774,
  "dvars_std": 1.2007681107547168,
  "dvars_vstd": 0.9947221087421381,
  "efc": 0.5677674589510673,
  "fber": 1301.1656494140625,
  "fd_mean": 0.23240833500237806,
  "fd_num": 44,
  "fd_perc": 27.5,
  "fwhm_avg": 1.7335595918164326,
  "fwhm_x": 1.5923409028716875,
  "fwhm_y": 1.9091712059109436,
  "fwhm_z": 1.6991666666666667,
  "gcor": 0.04325,
  "gsr_x": 0.00037015354610048234,
  "gsr_y": 0.04420258477330208,
  "provenance": {
    "md5sum": "f902bcff3bc3f184d2a1aba3a385148f",
    "settings": {
      "fd_thres": 0.2,
      "testing": false
    },
    "software": "mriqc",
    "version": "22.0.6",
    "webapi_port": null,
    "webapi_url": "https://mriqc.nimh.nih.gov/api/v1"
  },
  "size_t": 160,
  "size_x": 66,
  "size_y": 66,
  "size_z": 46,
  "snr": 6.078249285415057,
  "spacing_tr": 2.4000000953674316,
  "spacing_x": 2.9696969985961914,
  "spacing_y": 2.9696969985961914,
  "spacing_z": 3.0,
  "summary_bg_k": 16.26797621128543,
  "summary_bg_mad": 17.97655331330008,
  "summary_bg_mean": 63.62755584716797,
  "summary_bg_median": 25.106250762939453,
  "summary_bg_n": 115012.0,
  "summary_bg_p05": 9.731249809265137,
  "summary_bg_p95": 268.46188507080075,
  "summary_bg_stdv": 104.6820068359375,
  "summary_fg_k": 4.484964248577418,
  "summary_fg_mad": 131.8357239032488,
  "summary_fg_mean": 947.5967407226562,
  "summary_fg_median": 928.0843505859375,
  "summary_fg_n": 44376.0,
  "summary_fg_p05": 759.1359558105469,
  "summary_fg_p95": 1199.7702941894531,
  "summary_fg_stdv": 152.6876983642578,
  "tsnr": 51.42689904675353
}