{
  "aor": 0.0024633749999999994,
  "aqi": 0.0102760701875,
  "bids_meta": {
    "AcquisitionMatrixPE": 59,
    "BandwidthPerPixelPhaseEncode": 49.18,
    "BaseResolution": 66,
    "BodyPartExamined": "HEAD",
    "ConsistencyInfo": "N4_VD13A_LATEST_20120616",
    "ConversionSoftware": "dcm2niix",
    "ConversionSoftwareVersion": "v1.0.20180518 GCC4.8.5",
    "DerivedVendorReportedEchoSpacing": 0.000616166,
    "DwellTime": 4e-06,
    "EchoTime": 0.027,
    "EchoTrainLength": 29,
    "EffectiveEchoSpacing": 0.000308083,
    "FlipAngle": 71,
    "ImageOrientationPatientDICOM": [
      1,
      0,
      0,
      0,
      0.998719,
      -0.0505929
    ],
    "ImageType": [
      "ORIGINAL",
      "PRIMARY",
      "M",
      "ND",
      "NORM",
      "MOSAIC"
    ],
    "InPlanePhaseEncodingDirectionDICOM": "COL",
    "InstitutionName": "Princeton_University_-_Neuroscience_Institute",
    "InstitutionalDepartmentName": "Department",
    "MRAcquisitionType": "2D",
    "MagneticFieldStrength": 3,
    "Manufacturer": "Siemens",
    "ManufacturersModelName": "Skyra",
    "Modality": "MR",
    "ParallelReductionFactorInPlane": 2,
    "PartialFourier": 1,
    "PatientPosition": "HFS",
    "PercentPhaseFOV": 100,
    "PhaseEncodingDirection": "j-",
    "PhaseEncodingSteps": 59,
    "PhaseResolution": 0.9,
    "PixelBandwidth": 1895,
    "PulseSequenceDetails": "%SiemensSeq%_ep2d_pace",
    "ReceiveCoilActiveElements": "HE1-4",
    "ReceiveCoilName": "HeadNeck_20",
    "ReconMatrixPE": 66,
    "RepetitionTime": 2.4,
    "SAR": 0.131919,
    "ScanOptions": "FS",
    "ScanningSequence": "EP",
    "SequenceName": "_epfid2d1_59",
    "SequenceVariant": "SK_OSP",
    "ShimSetting": [
      3387,
      8549,
      9479,
      596,
      80,
      -258,
      731,
      234
    ],
    "SliceThickness": 2.5,
    "SliceTiming": [
      1.19,
      0,
      1.24,
      0.05,
      1.2925,
      0.1025,
      1.345,
      0.155,
      1.395,
      0.2075,
      1.4475,
      0.2575,
      1.5,
      0.31,
      1.5525,
      0.3625,
      1.6025,
      0.4125,
      1.655,
      0.465,
      1.7075,
      0.5175,
      1.7575,
      0.5675,
      1.81,
      0.62,
      1.8625,
      0.6725,
      1.9125,
      0.7225,
      1.965,
      0.775,
      2.0175,
      0.8275,
      2.0675,
      0.88,
      2.12,
      0.93,
      2.1725,
      0.9825,
      2.2225,
      1.035,
      2.275,
      1.085,
      2.3275,
      1.1375
    ],
    "SoftwareVersions": "syngo_MR_D13",
    "SpacingBetweenSlices": 3,
    "TaskName": "Decision-making task",
    "TotalReadoutTime": 0.0200254,
    "TxRefAmp": 367.586,
    "dataset": "ds001715",
    "modality": "bold",
    "run_id": 6,
    "subject_id": "20",
    "task_id": "dts"
  },
  "dummy_trs": 0,
  "dvars_nstd": 34.53561473339624,
  "dvars_std": 1.2519250562893078,
  "dvars_vstd": 1.0177062311320757,
  "efc": 0.5661255260501853,
  "fber": 1396.40087890625,
  "fd_mean": 0.23609892469756744,
  "fd_num": 61,
  "fd_perc": 38.125,
  "fwhm_avg": 1.7299889342806394,
  "fwhm_x": 1.5832558009192816,
  "fwhm_y": 1.8995810019226367,
  "fwhm_z": 1.70713,
  "gcor": 0.0319222,
  "gsr_x": 1.9778686692006886e-05,
  "gsr_y": 0.04010341316461563,
  "provenance": {
    "md5sum": "3337376048afb222c03e0228ee99b87a",
    "settings": {
      "fd_thres": 0.2,
      "testing": false
    },
    "software": "mriqc",
    "version": "22.0.6",
    "webapi_port": null,
    "webapi_url": "https://mriqc.nimh.nih.gov/api/v1"
  },
  "size_t": 160,
  "size_x": 66,
  "size_y": 66,
  "size_z": 46,
  "snr": 6.078615541387873,
  "spacing_tr": 2.4000000953674316,
  "spacing_x": 2.9696969985961914,
  "spacing_y": 2.9696969985961914,
  "spacing_z": 3.0,
  "summary_bg_k": 16.20110937621256,
  "summary_bg_mad": 17.03139468178669,
  "summary_bg_mean": 62.51997756958008,
  "summary_bg_median": 24.33125114440918,
  "summary_bg_n": 114946.0,
  "summary_bg_p05": 9.68125057220459,
  "summary_bg_p95": 267.20470428466797,
  "summary_bg_stdv": 103.70796203613281,
  "summary_fg_k": 4.751098948192327,
  "summary_fg_mad": 131.90526612767027,
  "summary_fg_mean": 949.9839477539062,
  "summary_fg_median": 930.3562622070312,
  "summary_fg_n": 44301.0,
  "summary_fg_p05": 762.59375,
  "summary_fg_p95": 1201.0750732421875,
  "summary_fg_stdv": 153.05224609375,
  "tsnr": 55.204013163689524
}