{
  "aor": 0.004368375000000001,
  "aqi": 0.0129337705,
  "bids_meta": {
    "AcquisitionMatrixPE": 59,
    "BandwidthPerPixelPhaseEncode": 49.18,
    "BaseResolution": 66,
    "BodyPartExamined": "HEAD",
    "ConsistencyInfo": "N4_VD13A_LATEST_20120616",
    "ConversionSoftware": "dcm2niix",
    "ConversionSoftwareVersion": "v1.0.20180518 GCC4.8.5",
    "DerivedVendorReportedEchoSpacing": 0.000616166,
    "DwellTime": 4e-06,
    "EchoTime": 0.027,
    "EchoTrainLength": 29,
    "EffectiveEchoSpacing": 0.000308083,
    "FlipAngle": 71,
    "ImageOrientationPatientDICOM": [
      1,
      0,
      0,
      0,
      0.998719,
      -0.0505929
    ],
    "ImageType": [
      "ORIGINAL",
      "PRIMARY",
      "M",
      "ND",
      "NORM",
      "MOSAIC"
    ],
    "InPlanePhaseEncodingDirectionDICOM": "COL",
    "InstitutionName": "Princeton_University_-_Neuroscience_Institute",
    "InstitutionalDepartmentName": "Department",
    "MRAcquisitionType": "2D",
    "MagneticFieldStrength": 3,
    "Manufacturer": "Siemens",
    "ManufacturersModelName": "Skyra",
    "Modality": "MR",
    "ParallelReductionFactorInPlane": 2,
    "PartialFourier": 1,
    "PatientPosition": "HFS",
    "PercentPhaseFOV": 100,
    "PhaseEncodingDirection": "j-",
    "PhaseEncodingSteps": 59,
    "PhaseResolution": 0.9,
    "PixelBandwidth": 1895,
    "PulseSequenceDetails": "%SiemensSeq%_ep2d_pace",
    "ReceiveCoilActiveElements": "HE1-4",
    "ReceiveCoilName": "HeadNeck_20",
    "ReconMatrixPE": 66,
    "RepetitionTime": 2.4,
    "SAR": 0.131919,
    "ScanOptions": "FS",
    "ScanningSequence": "EP",
    "SequenceName": "_epfid2d1_59",
    "SequenceVariant": "SK_OSP",
    "ShimSetting": [
      3387,
      8549,
      9479,
      596,
      80,
      -258,
      731,
      234
    ],
    "SliceThickness": 2.5,
    "SliceTiming": [
      1.19,
      0,
      1.24,
      0.05,
      1.2925,
      0.1025,
      1.345,
      0.155,
      1.395,
      0.2075,
      1.4475,
      0.2575,
      1.5,
      0.31,
      1.5525,
      0.3625,
      1.6025,
      0.4125,
      1.655,
      0.465,
      1.7075,
      0.5175,
      1.7575,
      0.5675,
      1.81,
      0.62,
      1.8625,
      0.6725,
      1.9125,
      0.7225,
      1.965,
      0.775,
      2.0175,
      0.8275,
      2.0675,
      0.88,
      2.12,
      0.93,
      2.1725,
      0.9825,
      2.2225,
      1.035,
      2.275,
      1.085,
      2.3275,
      1.1375
    ],
    "SoftwareVersions": "syngo_MR_D13",
    "SpacingBetweenSlices": 3,
    "TaskName": "Decision-making task",
    "TotalReadoutTime": 0.0200254,
    "TxRefAmp": 367.586,
    "dataset": "ds001715",
    "modality": "bold",
    "run_id": 9,
    "subject_id": "09",
    "task_id": "dts"
  },
  "dummy_trs": 0,
  "dvars_nstd": 41.8526097063522,
  "dvars_std": 1.1888524608805031,
  "dvars_vstd": 1.026713101635221,
  "efc": 0.5156027610409227,
  "fber": 1660.6619873046875,
  "fd_mean": 0.39400922932308874,
  "fd_num": 94,
  "fd_perc": 58.75,
  "fwhm_avg": 1.6943892859576095,
  "fwhm_x": 1.5891452906578873,
  "fwhm_y": 1.8310959005482743,
  "fwhm_z": 1.6629266666666667,
  "gcor": 0.0162689,
  "gsr_x": 0.003160568419843912,
  "gsr_y": 0.042764171957969666,
  "provenance": {
    "md5sum": "e5ce170c1ae1f307df79a666e149d697",
    "settings": {
      "fd_thres": 0.2,
      "testing": false
    },
    "software": "mriqc",
    "version": "22.0.6",
    "webapi_port": null,
    "webapi_url": "https://mriqc.nimh.nih.gov/api/v1"
  },
  "size_t": 160,
  "size_x": 66,
  "size_y": 66,
  "size_z": 46,
  "snr": 5.265751349927272,
  "spacing_tr": 2.4000000953674316,
  "spacing_x": 2.9696969985961914,
  "spacing_y": 2.9696969985961914,
  "spacing_z": 3.0,
  "summary_bg_k": 21.652518296789417,
  "summary_bg_mad": 13.649205542981472,
  "summary_bg_mean": 44.72856140136719,
  "summary_bg_median": 20.524999618530273,
  "summary_bg_n": 125693.0,
  "summary_bg_p05": 9.568750381469727,
  "summary_bg_p95": 158.19125671386703,
  "summary_bg_stdv": 66.61186218261719,
  "summary_fg_k": 1.697305731314393,
  "summary_fg_mad": 154.40839697451142,
  "summary_fg_mean": 864.9700317382812,
  "summary_fg_median": 844.4156494140625,
  "summary_fg_n": 35744.0,
  "summary_fg_p05": 652.3456268310547,
  "summary_fg_p95": 1146.8550415039062,
  "summary_fg_stdv": 160.3577117919922,
  "tsnr": 42.36876755289268
}