{
  "aor": 0.0026973125,
  "aqi": 0.010676308625,
  "bids_meta": {
    "AcquisitionMatrixPE": 59,
    "BandwidthPerPixelPhaseEncode": 49.18,
    "BaseResolution": 66,
    "BodyPartExamined": "HEAD",
    "ConsistencyInfo": "N4_VD13A_LATEST_20120616",
    "ConversionSoftware": "dcm2niix",
    "ConversionSoftwareVersion": "v1.0.20180518 GCC4.8.5",
    "DerivedVendorReportedEchoSpacing": 0.000616166,
    "DwellTime": 4e-06,
    "EchoTime": 0.027,
    "EchoTrainLength": 29,
    "EffectiveEchoSpacing": 0.000308083,
    "FlipAngle": 71,
    "ImageOrientationPatientDICOM": [
      1,
      0,
      0,
      0,
      0.998719,
      -0.0505929
    ],
    "ImageType": [
      "ORIGINAL",
      "PRIMARY",
      "M",
      "ND",
      "NORM",
      "MOSAIC"
    ],
    "InPlanePhaseEncodingDirectionDICOM": "COL",
    "InstitutionName": "Princeton_University_-_Neuroscience_Institute",
    "InstitutionalDepartmentName": "Department",
    "MRAcquisitionType": "2D",
    "MagneticFieldStrength": 3,
    "Manufacturer": "Siemens",
    "ManufacturersModelName": "Skyra",
    "Modality": "MR",
    "ParallelReductionFactorInPlane": 2,
    "PartialFourier": 1,
    "PatientPosition": "HFS",
    "PercentPhaseFOV": 100,
    "PhaseEncodingDirection": "j-",
    "PhaseEncodingSteps": 59,
    "PhaseResolution": 0.9,
    "PixelBandwidth": 1895,
    "PulseSequenceDetails": "%SiemensSeq%_ep2d_pace",
    "ReceiveCoilActiveElements": "HE1-4",
    "ReceiveCoilName": "HeadNeck_20",
    "ReconMatrixPE": 66,
    "RepetitionTime": 2.4,
    "SAR": 0.131919,
    "ScanOptions": "FS",
    "ScanningSequence": "EP",
    "SequenceName": "_epfid2d1_59",
    "SequenceVariant": "SK_OSP",
    "ShimSetting": [
      3387,
      8549,
      9479,
      596,
      80,
      -258,
      731,
      234
    ],
    "SliceThickness": 2.5,
    "SliceTiming": [
      1.19,
      0,
      1.24,
      0.05,
      1.2925,
      0.1025,
      1.345,
      0.155,
      1.395,
      0.2075,
      1.4475,
      0.2575,
      1.5,
      0.31,
      1.5525,
      0.3625,
      1.6025,
      0.4125,
      1.655,
      0.465,
      1.7075,
      0.5175,
      1.7575,
      0.5675,
      1.81,
      0.62,
      1.8625,
      0.6725,
      1.9125,
      0.7225,
      1.965,
      0.775,
      2.0175,
      0.8275,
      2.0675,
      0.88,
      2.12,
      0.93,
      2.1725,
      0.9825,
      2.2225,
      1.035,
      2.275,
      1.085,
      2.3275,
      1.1375
    ],
    "SoftwareVersions": "syngo_MR_D13",
    "SpacingBetweenSlices": 3,
    "TaskName": "Decision-making task",
    "TotalReadoutTime": 0.0200254,
    "TxRefAmp": 367.586,
    "dataset": "ds001715",
    "modality": "bold",
    "run_id": 12,
    "subject_id": "13",
    "task_id": "dts"
  },
  "dummy_trs": 0,
  "dvars_nstd": 31.746847632452834,
  "dvars_std": 1.1397304418867922,
  "dvars_vstd": 1.0250293576729554,
  "efc": 0.5586346539500605,
  "fber": 1032.93896484375,
  "fd_mean": 0.20472109532195562,
  "fd_num": 52,
  "fd_perc": 32.5,
  "fwhm_avg": 1.8129847272878628,
  "fwhm_x": 1.7150874322894403,
  "fwhm_y": 1.9661500829074812,
  "fwhm_z": 1.7577166666666668,
  "gcor": 0.0184668,
  "gsr_x": -0.002856842940673232,
  "gsr_y": 0.031148556619882584,
  "provenance": {
    "md5sum": "abafa4458a576220ecc5e1b7d753de53",
    "settings": {
      "fd_thres": 0.2,
      "testing": false
    },
    "software": "mriqc",
    "version": "22.0.6",
    "webapi_port": null,
    "webapi_url": "https://mriqc.nimh.nih.gov/api/v1"
  },
  "size_t": 160,
  "size_x": 66,
  "size_y": 66,
  "size_z": 46,
  "snr": 5.740569406645446,
  "spacing_tr": 2.4000000953674316,
  "spacing_x": 2.9696969985961914,
  "spacing_y": 2.9696969985961914,
  "spacing_z": 3.0,
  "summary_bg_k": 20.402093399642613,
  "summary_bg_mad": 18.15261176117976,
  "summary_bg_mean": 58.80084228515625,
  "summary_bg_median": 25.481250762939453,
  "summary_bg_n": 118067.0,
  "summary_bg_p05": 10.449999809265137,
  "summary_bg_p95": 240.62000427246082,
  "summary_bg_stdv": 97.4605712890625,
  "summary_fg_k": 4.001147968819389,
  "summary_fg_mad": 137.13142989881672,
  "summary_fg_mean": 869.7863159179688,
  "summary_fg_median": 851.4593505859375,
  "summary_fg_n": 41150.0,
  "summary_fg_p05": 683.5875244140625,
  "summary_fg_p95": 1109.252502441406,
  "summary_fg_stdv": 148.32135009765625,
  "tsnr": 49.0357324318029
}