{
  "aor": 0.0010308125,
  "aqi": 0.009257699999999999,
  "bids_meta": {
    "AcquisitionMatrixPE": 59,
    "BandwidthPerPixelPhaseEncode": 49.18,
    "BaseResolution": 66,
    "BodyPartExamined": "HEAD",
    "ConsistencyInfo": "N4_VD13A_LATEST_20120616",
    "ConversionSoftware": "dcm2niix",
    "ConversionSoftwareVersion": "v1.0.20180518 GCC4.8.5",
    "DerivedVendorReportedEchoSpacing": 0.000616166,
    "DwellTime": 4e-06,
    "EchoTime": 0.027,
    "EchoTrainLength": 29,
    "EffectiveEchoSpacing": 0.000308083,
    "FlipAngle": 71,
    "ImageOrientationPatientDICOM": [
      1,
      0,
      0,
      0,
      0.998719,
      -0.0505929
    ],
    "ImageType": [
      "ORIGINAL",
      "PRIMARY",
      "M",
      "ND",
      "NORM",
      "MOSAIC"
    ],
    "InPlanePhaseEncodingDirectionDICOM": "COL",
    "InstitutionName": "Princeton_University_-_Neuroscience_Institute",
    "InstitutionalDepartmentName": "Department",
    "MRAcquisitionType": "2D",
    "MagneticFieldStrength": 3,
    "Manufacturer": "Siemens",
    "ManufacturersModelName": "Skyra",
    "Modality": "MR",
    "ParallelReductionFactorInPlane": 2,
    "PartialFourier": 1,
    "PatientPosition": "HFS",
    "PercentPhaseFOV": 100,
    "PhaseEncodingDirection": "j-",
    "PhaseEncodingSteps": 59,
    "PhaseResolution": 0.9,
    "PixelBandwidth": 1895,
    "PulseSequenceDetails": "%SiemensSeq%_ep2d_pace",
    "ReceiveCoilActiveElements": "HE1-4",
    "ReceiveCoilName": "HeadNeck_20",
    "ReconMatrixPE": 66,
    "RepetitionTime": 2.4,
    "SAR": 0.131919,
    "ScanOptions": "FS",
    "ScanningSequence": "EP",
    "SequenceName": "_epfid2d1_59",
    "SequenceVariant": "SK_OSP",
    "ShimSetting": [
      3387,
      8549,
      9479,
      596,
      80,
      -258,
      731,
      234
    ],
    "SliceThickness": 2.5,
    "SliceTiming": [
      1.19,
      0,
      1.24,
      0.05,
      1.2925,
      0.1025,
      1.345,
      0.155,
      1.395,
      0.2075,
      1.4475,
      0.2575,
      1.5,
      0.31,
      1.5525,
      0.3625,
      1.6025,
      0.4125,
      1.655,
      0.465,
      1.7075,
      0.5175,
      1.7575,
      0.5675,
      1.81,
      0.62,
      1.8625,
      0.6725,
      1.9125,
      0.7225,
      1.965,
      0.775,
      2.0175,
      0.8275,
      2.0675,
      0.88,
      2.12,
      0.93,
      2.1725,
      0.9825,
      2.2225,
      1.035,
      2.275,
      1.085,
      2.3275,
      1.1375
    ],
    "SoftwareVersions": "syngo_MR_D13",
    "SpacingBetweenSlices": 3,
    "TaskName": "Decision-making task",
    "TotalReadoutTime": 0.0200254,
    "TxRefAmp": 367.586,
    "dataset": "ds001715",
    "modality": "bold",
    "run_id": 5,
    "subject_id": "13",
    "task_id": "dts"
  },
  "dummy_trs": 0,
  "dvars_nstd": 30.348109838993725,
  "dvars_std": 1.159321936477987,
  "dvars_vstd": 1.0052071314465412,
  "efc": 0.5467284066179193,
  "fber": 1531.9525146484375,
  "fd_mean": 0.18696127980153046,
  "fd_num": 47,
  "fd_perc": 29.375,
  "fwhm_avg": 1.7850591039267452,
  "fwhm_x": 1.681174881599048,
  "fwhm_y": 1.9317324301811876,
  "fwhm_z": 1.7422700000000002,
  "gcor": 0.0396857,
  "gsr_x": -0.0014662793837487698,
  "gsr_y": 0.019433369860053062,
  "provenance": {
    "md5sum": "d79b4fcffd591c57d9f549a414839063",
    "settings": {
      "fd_thres": 0.2,
      "testing": false
    },
    "software": "mriqc",
    "version": "22.0.6",
    "webapi_port": null,
    "webapi_url": "https://mriqc.nimh.nih.gov/api/v1"
  },
  "size_t": 160,
  "size_x": 66,
  "size_y": 66,
  "size_z": 46,
  "snr": 5.949703739382597,
  "spacing_tr": 2.4000000953674316,
  "spacing_x": 2.9696969985961914,
  "spacing_y": 2.9696969985961914,
  "spacing_z": 3.0,
  "summary_bg_k": 15.868020019108286,
  "summary_bg_mad": 12.407526750550893,
  "summary_bg_mean": 50.37786865234375,
  "summary_bg_median": 20.65625,
  "summary_bg_n": 119064.0,
  "summary_bg_p05": 9.96250057220459,
  "summary_bg_p95": 216.72406768798822,
  "summary_bg_stdv": 84.78877258300781,
  "summary_fg_k": 3.8715594777607016,
  "summary_fg_mad": 128.69917502649514,
  "summary_fg_mean": 844.3721313476562,
  "summary_fg_median": 826.921875,
  "summary_fg_n": 40918.0,
  "summary_fg_p05": 670.8818908691406,
  "summary_fg_p95": 1074.403173828125,
  "summary_fg_stdv": 138.9836883544922,
  "tsnr": 56.844257896533236
}