{
  "aor": 0.0013868125,
  "aqi": 0.0094913028125,
  "bids_meta": {
    "AcquisitionMatrixPE": 59,
    "BandwidthPerPixelPhaseEncode": 49.18,
    "BaseResolution": 66,
    "BodyPartExamined": "HEAD",
    "ConsistencyInfo": "N4_VD13A_LATEST_20120616",
    "ConversionSoftware": "dcm2niix",
    "ConversionSoftwareVersion": "v1.0.20180518 GCC4.8.5",
    "DerivedVendorReportedEchoSpacing": 0.000616166,
    "DwellTime": 4e-06,
    "EchoTime": 0.027,
    "EchoTrainLength": 29,
    "EffectiveEchoSpacing": 0.000308083,
    "FlipAngle": 71,
    "ImageOrientationPatientDICOM": [
      1,
      0,
      0,
      0,
      0.998719,
      -0.0505929
    ],
    "ImageType": [
      "ORIGINAL",
      "PRIMARY",
      "M",
      "ND",
      "NORM",
      "MOSAIC"
    ],
    "InPlanePhaseEncodingDirectionDICOM": "COL",
    "InstitutionName": "Princeton_University_-_Neuroscience_Institute",
    "InstitutionalDepartmentName": "Department",
    "MRAcquisitionType": "2D",
    "MagneticFieldStrength": 3,
    "Manufacturer": "Siemens",
    "ManufacturersModelName": "Skyra",
    "Modality": "MR",
    "ParallelReductionFactorInPlane": 2,
    "PartialFourier": 1,
    "PatientPosition": "HFS",
    "PercentPhaseFOV": 100,
    "PhaseEncodingDirection": "j-",
    "PhaseEncodingSteps": 59,
    "PhaseResolution": 0.9,
    "PixelBandwidth": 1895,
    "PulseSequenceDetails": "%SiemensSeq%_ep2d_pace",
    "ReceiveCoilActiveElements": "HE1-4",
    "ReceiveCoilName": "HeadNeck_20",
    "ReconMatrixPE": 66,
    "RepetitionTime": 2.4,
    "SAR": 0.131919,
    "ScanOptions": "FS",
    "ScanningSequence": "EP",
    "SequenceName": "_epfid2d1_59",
    "SequenceVariant": "SK_OSP",
    "ShimSetting": [
      3387,
      8549,
      9479,
      596,
      80,
      -258,
      731,
      234
    ],
    "SliceThickness": 2.5,
    "SliceTiming": [
      1.19,
      0,
      1.24,
      0.05,
      1.2925,
      0.1025,
      1.345,
      0.155,
      1.395,
      0.2075,
      1.4475,
      0.2575,
      1.5,
      0.31,
      1.5525,
      0.3625,
      1.6025,
      0.4125,
      1.655,
      0.465,
      1.7075,
      0.5175,
      1.7575,
      0.5675,
      1.81,
      0.62,
      1.8625,
      0.6725,
      1.9125,
      0.7225,
      1.965,
      0.775,
      2.0175,
      0.8275,
      2.0675,
      0.88,
      2.12,
      0.93,
      2.1725,
      0.9825,
      2.2225,
      1.035,
      2.275,
      1.085,
      2.3275,
      1.1375
    ],
    "SoftwareVersions": "syngo_MR_D13",
    "SpacingBetweenSlices": 3,
    "TaskName": "Decision-making task",
    "TotalReadoutTime": 0.0200254,
    "TxRefAmp": 367.586,
    "dataset": "ds001715",
    "modality": "bold",
    "run_id": 11,
    "subject_id": "17",
    "task_id": "dts"
  },
  "dummy_trs": 0,
  "dvars_nstd": 31.588863204905635,
  "dvars_std": 1.1380952271698113,
  "dvars_vstd": 1.0123731905031446,
  "efc": 0.5321116207836718,
  "fber": 1201.2398681640625,
  "fd_mean": 0.13130811495625297,
  "fd_num": 17,
  "fd_perc": 10.625,
  "fwhm_avg": 1.7360541608734765,
  "fwhm_x": 1.6534111063590233,
  "fwhm_y": 1.8801480429280726,
  "fwhm_z": 1.6746033333333334,
  "gcor": 0.0192789,
  "gsr_x": -0.007109161466360092,
  "gsr_y": 0.04545251652598381,
  "provenance": {
    "md5sum": "e5ba4d88bdc9a3aa34aeefdcdbcbdf9f",
    "settings": {
      "fd_thres": 0.2,
      "testing": false
    },
    "software": "mriqc",
    "version": "22.0.6",
    "webapi_port": null,
    "webapi_url": "https://mriqc.nimh.nih.gov/api/v1"
  },
  "size_t": 160,
  "size_x": 66,
  "size_y": 66,
  "size_z": 46,
  "snr": 5.9139317351740965,
  "spacing_tr": 2.4000000953674316,
  "spacing_x": 2.9696969985961914,
  "spacing_y": 2.9696969985961914,
  "spacing_z": 3.0,
  "summary_bg_k": 27.640556238961423,
  "summary_bg_mad": 17.073091172478573,
  "summary_bg_mean": 50.677330017089844,
  "summary_bg_median": 23.934375762939453,
  "summary_bg_n": 124246.0,
  "summary_bg_p05": 10.131250381469727,
  "summary_bg_p95": 172.40625,
  "summary_bg_stdv": 77.97862243652344,
  "summary_fg_k": 5.195221436364623,
  "summary_fg_mad": 122.23129570100703,
  "summary_fg_mean": 866.2424926757812,
  "summary_fg_median": 848.859375,
  "summary_fg_n": 36450.0,
  "summary_fg_p05": 685.5375366210938,
  "summary_fg_p95": 1096.2365600585936,
  "summary_fg_stdv": 143.5335693359375,
  "tsnr": 54.397307257167995
}