{
  "aor": 0.0013788050314465408,
  "aqi": 0.009170039308176102,
  "bids_meta": {
    "AcquisitionMatrixPE": 59,
    "BandwidthPerPixelPhaseEncode": 49.18,
    "BaseResolution": 66,
    "BodyPartExamined": "HEAD",
    "ConsistencyInfo": "N4_VD13A_LATEST_20120616",
    "ConversionSoftware": "dcm2niix",
    "ConversionSoftwareVersion": "v1.0.20180518 GCC4.8.5",
    "DerivedVendorReportedEchoSpacing": 0.000616166,
    "DwellTime": 4e-06,
    "EchoTime": 0.027,
    "EchoTrainLength": 29,
    "EffectiveEchoSpacing": 0.000308083,
    "FlipAngle": 71,
    "ImageOrientationPatientDICOM": [
      1,
      0,
      0,
      0,
      0.998719,
      -0.0505929
    ],
    "ImageType": [
      "ORIGINAL",
      "PRIMARY",
      "M",
      "ND",
      "NORM",
      "MOSAIC"
    ],
    "InPlanePhaseEncodingDirectionDICOM": "COL",
    "InstitutionName": "Princeton_University_-_Neuroscience_Institute",
    "InstitutionalDepartmentName": "Department",
    "MRAcquisitionType": "2D",
    "MagneticFieldStrength": 3,
    "Manufacturer": "Siemens",
    "ManufacturersModelName": "Skyra",
    "Modality": "MR",
    "ParallelReductionFactorInPlane": 2,
    "PartialFourier": 1,
    "PatientPosition": "HFS",
    "PercentPhaseFOV": 100,
    "PhaseEncodingDirection": "j-",
    "PhaseEncodingSteps": 59,
    "PhaseResolution": 0.9,
    "PixelBandwidth": 1895,
    "PulseSequenceDetails": "%SiemensSeq%_ep2d_pace",
    "ReceiveCoilActiveElements": "HE1-4",
    "ReceiveCoilName": "HeadNeck_20",
    "ReconMatrixPE": 66,
    "RepetitionTime": 2.4,
    "SAR": 0.131919,
    "ScanOptions": "FS",
    "ScanningSequence": "EP",
    "SequenceName": "_epfid2d1_59",
    "SequenceVariant": "SK_OSP",
    "ShimSetting": [
      3387,
      8549,
      9479,
      596,
      80,
      -258,
      731,
      234
    ],
    "SliceThickness": 2.5,
    "SliceTiming": [
      1.19,
      0,
      1.24,
      0.05,
      1.2925,
      0.1025,
      1.345,
      0.155,
      1.395,
      0.2075,
      1.4475,
      0.2575,
      1.5,
      0.31,
      1.5525,
      0.3625,
      1.6025,
      0.4125,
      1.655,
      0.465,
      1.7075,
      0.5175,
      1.7575,
      0.5675,
      1.81,
      0.62,
      1.8625,
      0.6725,
      1.9125,
      0.7225,
      1.965,
      0.775,
      2.0175,
      0.8275,
      2.0675,
      0.88,
      2.12,
      0.93,
      2.1725,
      0.9825,
      2.2225,
      1.035,
      2.275,
      1.085,
      2.3275,
      1.1375
    ],
    "SoftwareVersions": "syngo_MR_D13",
    "SpacingBetweenSlices": 3,
    "TaskName": "Decision-making task",
    "TotalReadoutTime": 0.0200254,
    "TxRefAmp": 367.586,
    "dataset": "ds001715",
    "modality": "bold",
    "run_id": 10,
    "subject_id": "17",
    "task_id": "dts"
  },
  "dummy_trs": 1,
  "dvars_nstd": 31.00488981424048,
  "dvars_std": 1.147835035759494,
  "dvars_vstd": 1.0214050865822786,
  "efc": 0.5302092267157202,
  "fber": 1250.0076904296875,
  "fd_mean": 0.11470947744828083,
  "fd_num": 12,
  "fd_perc": 7.547169811320755,
  "fwhm_avg": 1.7062543765154237,
  "fwhm_x": 1.6200811066833698,
  "fwhm_y": 1.8449020228629012,
  "fwhm_z": 1.65378,
  "gcor": 0.0192943,
  "gsr_x": -0.006697577424347401,
  "gsr_y": 0.04283963516354561,
  "provenance": {
    "md5sum": "a6700eca6ccc9ef8454a42542d4ac696",
    "settings": {
      "fd_thres": 0.2,
      "testing": false
    },
    "software": "mriqc",
    "version": "22.0.6",
    "webapi_port": null,
    "webapi_url": "https://mriqc.nimh.nih.gov/api/v1"
  },
  "size_t": 159,
  "size_x": 66,
  "size_y": 66,
  "size_z": 46,
  "snr": 6.041526117043702,
  "spacing_tr": 2.4000000953674316,
  "spacing_x": 2.9696969985961914,
  "spacing_y": 2.9696969985961914,
  "spacing_z": 3.0,
  "summary_bg_k": 27.500664221567956,
  "summary_bg_mad": 16.373895176698593,
  "summary_bg_mean": 49.66788101196289,
  "summary_bg_median": 23.396224975585938,
  "summary_bg_n": 124371.0,
  "summary_bg_p05": 9.981131553649902,
  "summary_bg_p95": 169.92137908935547,
  "summary_bg_stdv": 77.67609405517578,
  "summary_fg_k": 5.134183868893363,
  "summary_fg_mad": 121.14911552943059,
  "summary_fg_mean": 862.1710205078125,
  "summary_fg_median": 845.2389526367188,
  "summary_fg_n": 36428.0,
  "summary_fg_p05": 685.7251129150391,
  "summary_fg_p95": 1086.6502990722659,
  "summary_fg_stdv": 139.9029541015625,
  "tsnr": 55.30586819071323
}