{
  "aor": 0.0020438607594936704,
  "aqi": 0.007447241329113923,
  "bids_meta": {
    "AcquisitionMatrixPE": 59,
    "BandwidthPerPixelPhaseEncode": 49.18,
    "BaseResolution": 66,
    "BodyPartExamined": "HEAD",
    "ConsistencyInfo": "N4_VD13A_LATEST_20120616",
    "ConversionSoftware": "dcm2niix",
    "ConversionSoftwareVersion": "v1.0.20180518 GCC4.8.5",
    "DerivedVendorReportedEchoSpacing": 0.000616166,
    "DwellTime": 4e-06,
    "EchoTime": 0.027,
    "EchoTrainLength": 29,
    "EffectiveEchoSpacing": 0.000308083,
    "FlipAngle": 71,
    "ImageOrientationPatientDICOM": [
      1,
      0,
      0,
      0,
      0.998719,
      -0.0505929
    ],
    "ImageType": [
      "ORIGINAL",
      "PRIMARY",
      "M",
      "ND",
      "NORM",
      "MOSAIC"
    ],
    "InPlanePhaseEncodingDirectionDICOM": "COL",
    "InstitutionName": "Princeton_University_-_Neuroscience_Institute",
    "InstitutionalDepartmentName": "Department",
    "MRAcquisitionType": "2D",
    "MagneticFieldStrength": 3,
    "Manufacturer": "Siemens",
    "ManufacturersModelName": "Skyra",
    "Modality": "MR",
    "ParallelReductionFactorInPlane": 2,
    "PartialFourier": 1,
    "PatientPosition": "HFS",
    "PercentPhaseFOV": 100,
    "PhaseEncodingDirection": "j-",
    "PhaseEncodingSteps": 59,
    "PhaseResolution": 0.9,
    "PixelBandwidth": 1895,
    "PulseSequenceDetails": "%SiemensSeq%_ep2d_pace",
    "ReceiveCoilActiveElements": "HE1-4",
    "ReceiveCoilName": "HeadNeck_20",
    "ReconMatrixPE": 66,
    "RepetitionTime": 2.4,
    "SAR": 0.131919,
    "ScanOptions": "FS",
    "ScanningSequence": "EP",
    "SequenceName": "_epfid2d1_59",
    "SequenceVariant": "SK_OSP",
    "ShimSetting": [
      3387,
      8549,
      9479,
      596,
      80,
      -258,
      731,
      234
    ],
    "SliceThickness": 2.5,
    "SliceTiming": [
      1.19,
      0,
      1.24,
      0.05,
      1.2925,
      0.1025,
      1.345,
      0.155,
      1.395,
      0.2075,
      1.4475,
      0.2575,
      1.5,
      0.31,
      1.5525,
      0.3625,
      1.6025,
      0.4125,
      1.655,
      0.465,
      1.7075,
      0.5175,
      1.7575,
      0.5675,
      1.81,
      0.62,
      1.8625,
      0.6725,
      1.9125,
      0.7225,
      1.965,
      0.775,
      2.0175,
      0.8275,
      2.0675,
      0.88,
      2.12,
      0.93,
      2.1725,
      0.9825,
      2.2225,
      1.035,
      2.275,
      1.085,
      2.3275,
      1.1375
    ],
    "SoftwareVersions": "syngo_MR_D13",
    "SpacingBetweenSlices": 3,
    "TaskName": "Decision-making task",
    "TotalReadoutTime": 0.0200254,
    "TxRefAmp": 367.586,
    "dataset": "ds001715",
    "modality": "bold",
    "run_id": 5,
    "subject_id": "17",
    "task_id": "dts"
  },
  "dummy_trs": 2,
  "dvars_nstd": 27.060026703566873,
  "dvars_std": 1.1749143735668792,
  "dvars_vstd": 1.0369066254777075,
  "efc": 0.521856643639534,
  "fber": 1589.6014404296875,
  "fd_mean": 0.0969503773819102,
  "fd_num": 9,
  "fd_perc": 5.69620253164557,
  "fwhm_avg": 1.6716945808270067,
  "fwhm_x": 1.5758206989508192,
  "fwhm_y": 1.818273043530201,
  "fwhm_z": 1.62099,
  "gcor": 0.0101388,
  "gsr_x": -0.005015654023736715,
  "gsr_y": 0.02946489118039608,
  "provenance": {
    "md5sum": "1f184b9dfceac50f6c307385b6da2ce2",
    "settings": {
      "fd_thres": 0.2,
      "testing": false
    },
    "software": "mriqc",
    "version": "22.0.6",
    "webapi_port": null,
    "webapi_url": "https://mriqc.nimh.nih.gov/api/v1"
  },
  "size_t": 158,
  "size_x": 66,
  "size_y": 66,
  "size_z": 46,
  "snr": 6.188501206824402,
  "spacing_tr": 2.4000000953674316,
  "spacing_x": 2.9696969985961914,
  "spacing_y": 2.9696969985961914,
  "spacing_z": 3.0,
  "summary_bg_k": 28.683692451888675,
  "summary_bg_mad": 12.57396913084171,
  "summary_bg_mean": 45.15263748168945,
  "summary_bg_median": 20.696203231811523,
  "summary_bg_n": 124609.0,
  "summary_bg_p05": 9.746835708618164,
  "summary_bg_p95": 162.95950317382807,
  "summary_bg_stdv": 75.35049438476562,
  "summary_fg_k": 5.352132746175258,
  "summary_fg_mad": 115.33331332714508,
  "summary_fg_mean": 853.1450805664062,
  "summary_fg_median": 835.6708984375,
  "summary_fg_n": 36253.0,
  "summary_fg_p05": 688.5493896484375,
  "summary_fg_p95": 1064.4279052734375,
  "summary_fg_stdv": 135.03421020507812,
  "tsnr": 63.21534785628319
}