{
  "aor": 0.001411875,
  "aqi": 0.0115776248125,
  "bids_meta": {
    "AcquisitionMatrixPE": 59,
    "BandwidthPerPixelPhaseEncode": 49.18,
    "BaseResolution": 66,
    "BodyPartExamined": "HEAD",
    "ConsistencyInfo": "N4_VD13A_LATEST_20120616",
    "ConversionSoftware": "dcm2niix",
    "ConversionSoftwareVersion": "v1.0.20180518 GCC4.8.5",
    "DerivedVendorReportedEchoSpacing": 0.000616166,
    "DwellTime": 4e-06,
    "EchoTime": 0.027,
    "EchoTrainLength": 29,
    "EffectiveEchoSpacing": 0.000308083,
    "FlipAngle": 71,
    "ImageOrientationPatientDICOM": [
      1,
      0,
      0,
      0,
      0.998719,
      -0.0505929
    ],
    "ImageType": [
      "ORIGINAL",
      "PRIMARY",
      "M",
      "ND",
      "NORM",
      "MOSAIC"
    ],
    "InPlanePhaseEncodingDirectionDICOM": "COL",
    "InstitutionName": "Princeton_University_-_Neuroscience_Institute",
    "InstitutionalDepartmentName": "Department",
    "MRAcquisitionType": "2D",
    "MagneticFieldStrength": 3,
    "Manufacturer": "Siemens",
    "ManufacturersModelName": "Skyra",
    "Modality": "MR",
    "ParallelReductionFactorInPlane": 2,
    "PartialFourier": 1,
    "PatientPosition": "HFS",
    "PercentPhaseFOV": 100,
    "PhaseEncodingDirection": "j-",
    "PhaseEncodingSteps": 59,
    "PhaseResolution": 0.9,
    "PixelBandwidth": 1895,
    "PulseSequenceDetails": "%SiemensSeq%_ep2d_pace",
    "ReceiveCoilActiveElements": "HE1-4",
    "ReceiveCoilName": "HeadNeck_20",
    "ReconMatrixPE": 66,
    "RepetitionTime": 2.4,
    "SAR": 0.131919,
    "ScanOptions": "FS",
    "ScanningSequence": "EP",
    "SequenceName": "_epfid2d1_59",
    "SequenceVariant": "SK_OSP",
    "ShimSetting": [
      3387,
      8549,
      9479,
      596,
      80,
      -258,
      731,
      234
    ],
    "SliceThickness": 2.5,
    "SliceTiming": [
      1.19,
      0,
      1.24,
      0.05,
      1.2925,
      0.1025,
      1.345,
      0.155,
      1.395,
      0.2075,
      1.4475,
      0.2575,
      1.5,
      0.31,
      1.5525,
      0.3625,
      1.6025,
      0.4125,
      1.655,
      0.465,
      1.7075,
      0.5175,
      1.7575,
      0.5675,
      1.81,
      0.62,
      1.8625,
      0.6725,
      1.9125,
      0.7225,
      1.965,
      0.775,
      2.0175,
      0.8275,
      2.0675,
      0.88,
      2.12,
      0.93,
      2.1725,
      0.9825,
      2.2225,
      1.035,
      2.275,
      1.085,
      2.3275,
      1.1375
    ],
    "SoftwareVersions": "syngo_MR_D13",
    "SpacingBetweenSlices": 3,
    "TaskName": "Decision-making task",
    "TotalReadoutTime": 0.0200254,
    "TxRefAmp": 367.586,
    "dataset": "ds001715",
    "modality": "bold",
    "run_id": 12,
    "subject_id": "20",
    "task_id": "dts"
  },
  "dummy_trs": 0,
  "dvars_nstd": 35.90972742018867,
  "dvars_std": 1.218953738490566,
  "dvars_vstd": 1.0088643547169809,
  "efc": 0.5725464075926227,
  "fber": 1073.0159912109375,
  "fd_mean": 0.21963185880476027,
  "fd_num": 49,
  "fd_perc": 30.625,
  "fwhm_avg": 1.767069977098063,
  "fwhm_x": 1.6256237596906569,
  "fwhm_y": 1.9393628382701986,
  "fwhm_z": 1.7362233333333332,
  "gcor": 0.0366938,
  "gsr_x": -0.0009881051955744624,
  "gsr_y": 0.05064554139971733,
  "provenance": {
    "md5sum": "6f1927facf532c2f2e3a0e418cd464e5",
    "settings": {
      "fd_thres": 0.2,
      "testing": false
    },
    "software": "mriqc",
    "version": "22.0.6",
    "webapi_port": null,
    "webapi_url": "https://mriqc.nimh.nih.gov/api/v1"
  },
  "size_t": 160,
  "size_x": 66,
  "size_y": 66,
  "size_z": 46,
  "snr": 5.976334107933619,
  "spacing_tr": 2.4000000953674316,
  "spacing_x": 2.9696969985961914,
  "spacing_y": 2.9696969985961914,
  "spacing_z": 3.0,
  "summary_bg_k": 16.12739827922641,
  "summary_bg_mad": 21.423603188541673,
  "summary_bg_mean": 67.81027221679688,
  "summary_bg_median": 27.700000762939453,
  "summary_bg_n": 115051.0,
  "summary_bg_p05": 9.921875,
  "summary_bg_p95": 278.2062530517578,
  "summary_bg_stdv": 108.310302734375,
  "summary_fg_k": 4.293043012380545,
  "summary_fg_mad": 133.90217313797743,
  "summary_fg_mean": 957.1361083984375,
  "summary_fg_median": 936.6749877929688,
  "summary_fg_n": 44384.0,
  "summary_fg_p05": 758.3250122070312,
  "summary_fg_p95": 1216.5134338378905,
  "summary_fg_stdv": 156.7289276123047,
  "tsnr": 50.52875145711005
}