{
  "aor": 0.0011731875000000002,
  "aqi": 0.009767840312500001,
  "bids_meta": {
    "AcquisitionMatrixPE": 59,
    "BandwidthPerPixelPhaseEncode": 49.18,
    "BaseResolution": 66,
    "BodyPartExamined": "HEAD",
    "ConsistencyInfo": "N4_VD13A_LATEST_20120616",
    "ConversionSoftware": "dcm2niix",
    "ConversionSoftwareVersion": "v1.0.20180518 GCC4.8.5",
    "DerivedVendorReportedEchoSpacing": 0.000616166,
    "DwellTime": 4e-06,
    "EchoTime": 0.027,
    "EchoTrainLength": 29,
    "EffectiveEchoSpacing": 0.000308083,
    "FlipAngle": 71,
    "ImageOrientationPatientDICOM": [
      1,
      0,
      0,
      0,
      0.998719,
      -0.0505929
    ],
    "ImageType": [
      "ORIGINAL",
      "PRIMARY",
      "M",
      "ND",
      "NORM",
      "MOSAIC"
    ],
    "InPlanePhaseEncodingDirectionDICOM": "COL",
    "InstitutionName": "Princeton_University_-_Neuroscience_Institute",
    "InstitutionalDepartmentName": "Department",
    "MRAcquisitionType": "2D",
    "MagneticFieldStrength": 3,
    "Manufacturer": "Siemens",
    "ManufacturersModelName": "Skyra",
    "Modality": "MR",
    "ParallelReductionFactorInPlane": 2,
    "PartialFourier": 1,
    "PatientPosition": "HFS",
    "PercentPhaseFOV": 100,
    "PhaseEncodingDirection": "j-",
    "PhaseEncodingSteps": 59,
    "PhaseResolution": 0.9,
    "PixelBandwidth": 1895,
    "PulseSequenceDetails": "%SiemensSeq%_ep2d_pace",
    "ReceiveCoilActiveElements": "HE1-4",
    "ReceiveCoilName": "HeadNeck_20",
    "ReconMatrixPE": 66,
    "RepetitionTime": 2.4,
    "SAR": 0.131919,
    "ScanOptions": "FS",
    "ScanningSequence": "EP",
    "SequenceName": "_epfid2d1_59",
    "SequenceVariant": "SK_OSP",
    "ShimSetting": [
      3387,
      8549,
      9479,
      596,
      80,
      -258,
      731,
      234
    ],
    "SliceThickness": 2.5,
    "SliceTiming": [
      1.19,
      0,
      1.24,
      0.05,
      1.2925,
      0.1025,
      1.345,
      0.155,
      1.395,
      0.2075,
      1.4475,
      0.2575,
      1.5,
      0.31,
      1.5525,
      0.3625,
      1.6025,
      0.4125,
      1.655,
      0.465,
      1.7075,
      0.5175,
      1.7575,
      0.5675,
      1.81,
      0.62,
      1.8625,
      0.6725,
      1.9125,
      0.7225,
      1.965,
      0.775,
      2.0175,
      0.8275,
      2.0675,
      0.88,
      2.12,
      0.93,
      2.1725,
      0.9825,
      2.2225,
      1.035,
      2.275,
      1.085,
      2.3275,
      1.1375
    ],
    "SoftwareVersions": "syngo_MR_D13",
    "SpacingBetweenSlices": 3,
    "TaskName": "Decision-making task",
    "TotalReadoutTime": 0.0200254,
    "TxRefAmp": 367.586,
    "dataset": "ds001715",
    "modality": "bold",
    "run_id": 8,
    "subject_id": "20",
    "task_id": "dts"
  },
  "dummy_trs": 0,
  "dvars_nstd": 32.712783549685525,
  "dvars_std": 1.2253753771698115,
  "dvars_vstd": 1.0072265874213837,
  "efc": 0.5708196796153945,
  "fber": 1194.8115234375,
  "fd_mean": 0.1558236190107207,
  "fd_num": 29,
  "fd_perc": 18.125,
  "fwhm_avg": 1.7218673923908865,
  "fwhm_x": 1.5714599847075406,
  "fwhm_y": 1.892768859131785,
  "fwhm_z": 1.7013733333333334,
  "gcor": 0.0512118,
  "gsr_x": -0.0013909173430874944,
  "gsr_y": 0.04570715129375458,
  "provenance": {
    "md5sum": "28e015d285c2569eeaf1a654e184745e",
    "settings": {
      "fd_thres": 0.2,
      "testing": false
    },
    "software": "mriqc",
    "version": "22.0.6",
    "webapi_port": null,
    "webapi_url": "https://mriqc.nimh.nih.gov/api/v1"
  },
  "size_t": 160,
  "size_x": 66,
  "size_y": 66,
  "size_z": 46,
  "snr": 6.103240458510489,
  "spacing_tr": 2.4000000953674316,
  "spacing_x": 2.9696969985961914,
  "spacing_y": 2.9696969985961914,
  "spacing_z": 3.0,
  "summary_bg_k": 15.504998710632574,
  "summary_bg_mad": 19.088504977179284,
  "summary_bg_mean": 65.70205688476562,
  "summary_bg_median": 26.137500762939453,
  "summary_bg_n": 114803.0,
  "summary_bg_p05": 9.956250190734863,
  "summary_bg_p95": 279.0249938964844,
  "summary_bg_stdv": 106.7781982421875,
  "summary_fg_k": 4.533857606812689,
  "summary_fg_mad": 130.89529766082816,
  "summary_fg_mean": 944.5523681640625,
  "summary_fg_median": 925.3187866210938,
  "summary_fg_n": 44451.0,
  "summary_fg_p05": 758.8125305175781,
  "summary_fg_p95": 1194.9249877929688,
  "summary_fg_stdv": 151.60935974121094,
  "tsnr": 54.747715268749744
}