{
  "aor": 0.0005855000000000001,
  "aqi": 0.00590912675,
  "bids_meta": {
    "AcquisitionMatrixPE": 59,
    "BandwidthPerPixelPhaseEncode": 49.18,
    "BaseResolution": 66,
    "BodyPartExamined": "HEAD",
    "ConsistencyInfo": "N4_VD13A_LATEST_20120616",
    "ConversionSoftware": "dcm2niix",
    "ConversionSoftwareVersion": "v1.0.20180518 GCC4.8.5",
    "DerivedVendorReportedEchoSpacing": 0.000616166,
    "DwellTime": 4e-06,
    "EchoTime": 0.027,
    "EchoTrainLength": 29,
    "EffectiveEchoSpacing": 0.000308083,
    "FlipAngle": 71,
    "ImageOrientationPatientDICOM": [
      1,
      0,
      0,
      0,
      0.998719,
      -0.0505929
    ],
    "ImageType": [
      "ORIGINAL",
      "PRIMARY",
      "M",
      "ND",
      "NORM",
      "MOSAIC"
    ],
    "InPlanePhaseEncodingDirectionDICOM": "COL",
    "InstitutionName": "Princeton_University_-_Neuroscience_Institute",
    "InstitutionalDepartmentName": "Department",
    "MRAcquisitionType": "2D",
    "MagneticFieldStrength": 3,
    "Manufacturer": "Siemens",
    "ManufacturersModelName": "Skyra",
    "Modality": "MR",
    "ParallelReductionFactorInPlane": 2,
    "PartialFourier": 1,
    "PatientPosition": "HFS",
    "PercentPhaseFOV": 100,
    "PhaseEncodingDirection": "j-",
    "PhaseEncodingSteps": 59,
    "PhaseResolution": 0.9,
    "PixelBandwidth": 1895,
    "PulseSequenceDetails": "%SiemensSeq%_ep2d_pace",
    "ReceiveCoilActiveElements": "HE1-4",
    "ReceiveCoilName": "HeadNeck_20",
    "ReconMatrixPE": 66,
    "RepetitionTime": 2.4,
    "SAR": 0.131919,
    "ScanOptions": "FS",
    "ScanningSequence": "EP",
    "SequenceName": "_epfid2d1_59",
    "SequenceVariant": "SK_OSP",
    "ShimSetting": [
      3387,
      8549,
      9479,
      596,
      80,
      -258,
      731,
      234
    ],
    "SliceThickness": 2.5,
    "SliceTiming": [
      1.19,
      0,
      1.24,
      0.05,
      1.2925,
      0.1025,
      1.345,
      0.155,
      1.395,
      0.2075,
      1.4475,
      0.2575,
      1.5,
      0.31,
      1.5525,
      0.3625,
      1.6025,
      0.4125,
      1.655,
      0.465,
      1.7075,
      0.5175,
      1.7575,
      0.5675,
      1.81,
      0.62,
      1.8625,
      0.6725,
      1.9125,
      0.7225,
      1.965,
      0.775,
      2.0175,
      0.8275,
      2.0675,
      0.88,
      2.12,
      0.93,
      2.1725,
      0.9825,
      2.2225,
      1.035,
      2.275,
      1.085,
      2.3275,
      1.1375
    ],
    "SoftwareVersions": "syngo_MR_D13",
    "SpacingBetweenSlices": 3,
    "TaskName": "Decision-making task",
    "TotalReadoutTime": 0.0200254,
    "TxRefAmp": 367.586,
    "dataset": "ds001715",
    "modality": "bold",
    "run_id": 3,
    "subject_id": "06",
    "task_id": "dts"
  },
  "dummy_trs": 0,
  "dvars_nstd": 26.566983312830192,
  "dvars_std": 1.2083091030817608,
  "dvars_vstd": 0.9987511598742139,
  "efc": 0.5349233057835905,
  "fber": 1746.138427734375,
  "fd_mean": 0.044262096972865574,
  "fd_num": 2,
  "fd_perc": 1.25,
  "fwhm_avg": 1.7485961960675354,
  "fwhm_x": 1.5834915152027023,
  "fwhm_y": 1.9024770729999034,
  "fwhm_z": 1.7598200000000002,
  "gcor": 0.0234327,
  "gsr_x": -0.003877463052049279,
  "gsr_y": 0.03285437449812889,
  "provenance": {
    "md5sum": "ff4a6738ac95cd51bab922c9e7348cc8",
    "settings": {
      "fd_thres": 0.2,
      "testing": false
    },
    "software": "mriqc",
    "version": "22.0.6",
    "webapi_port": null,
    "webapi_url": "https://mriqc.nimh.nih.gov/api/v1"
  },
  "size_t": 160,
  "size_x": 66,
  "size_y": 66,
  "size_z": 46,
  "snr": 6.4086009719186965,
  "spacing_tr": 2.4000000953674316,
  "spacing_x": 2.9696969985961914,
  "spacing_y": 2.9696967601776123,
  "spacing_z": 3.0,
  "summary_bg_k": 18.861817609398727,
  "summary_bg_mad": 11.629161151403315,
  "summary_bg_mean": 46.76108169555664,
  "summary_bg_median": 20.09375,
  "summary_bg_n": 120779.0,
  "summary_bg_p05": 10.09375,
  "summary_bg_p95": 193.82375640869097,
  "summary_bg_stdv": 80.06309509277344,
  "summary_fg_k": 2.6919114467408622,
  "summary_fg_mad": 128.18020995550333,
  "summary_fg_mean": 865.9126586914062,
  "summary_fg_median": 853.9187622070312,
  "summary_fg_n": 39821.0,
  "summary_fg_p05": 686.7125244140625,
  "summary_fg_p95": 1088.2249755859375,
  "summary_fg_stdv": 133.2440643310547,
  "tsnr": 66.4007803495042
}