{
  "aor": 0.000673875,
  "aqi": 0.0090391109375,
  "bids_meta": {
    "AcquisitionMatrixPE": 59,
    "BandwidthPerPixelPhaseEncode": 49.18,
    "BaseResolution": 66,
    "BodyPartExamined": "HEAD",
    "ConsistencyInfo": "N4_VD13A_LATEST_20120616",
    "ConversionSoftware": "dcm2niix",
    "ConversionSoftwareVersion": "v1.0.20180518 GCC4.8.5",
    "DerivedVendorReportedEchoSpacing": 0.000616166,
    "DwellTime": 4e-06,
    "EchoTime": 0.027,
    "EchoTrainLength": 29,
    "EffectiveEchoSpacing": 0.000308083,
    "FlipAngle": 71,
    "ImageOrientationPatientDICOM": [
      1,
      0,
      0,
      0,
      0.998719,
      -0.0505929
    ],
    "ImageType": [
      "ORIGINAL",
      "PRIMARY",
      "M",
      "ND",
      "NORM",
      "MOSAIC"
    ],
    "InPlanePhaseEncodingDirectionDICOM": "COL",
    "InstitutionName": "Princeton_University_-_Neuroscience_Institute",
    "InstitutionalDepartmentName": "Department",
    "MRAcquisitionType": "2D",
    "MagneticFieldStrength": 3,
    "Manufacturer": "Siemens",
    "ManufacturersModelName": "Skyra",
    "Modality": "MR",
    "ParallelReductionFactorInPlane": 2,
    "PartialFourier": 1,
    "PatientPosition": "HFS",
    "PercentPhaseFOV": 100,
    "PhaseEncodingDirection": "j-",
    "PhaseEncodingSteps": 59,
    "PhaseResolution": 0.9,
    "PixelBandwidth": 1895,
    "PulseSequenceDetails": "%SiemensSeq%_ep2d_pace",
    "ReceiveCoilActiveElements": "HE1-4",
    "ReceiveCoilName": "HeadNeck_20",
    "ReconMatrixPE": 66,
    "RepetitionTime": 2.4,
    "SAR": 0.131919,
    "ScanOptions": "FS",
    "ScanningSequence": "EP",
    "SequenceName": "_epfid2d1_59",
    "SequenceVariant": "SK_OSP",
    "ShimSetting": [
      3387,
      8549,
      9479,
      596,
      80,
      -258,
      731,
      234
    ],
    "SliceThickness": 2.5,
    "SliceTiming": [
      1.19,
      0,
      1.24,
      0.05,
      1.2925,
      0.1025,
      1.345,
      0.155,
      1.395,
      0.2075,
      1.4475,
      0.2575,
      1.5,
      0.31,
      1.5525,
      0.3625,
      1.6025,
      0.4125,
      1.655,
      0.465,
      1.7075,
      0.5175,
      1.7575,
      0.5675,
      1.81,
      0.62,
      1.8625,
      0.6725,
      1.9125,
      0.7225,
      1.965,
      0.775,
      2.0175,
      0.8275,
      2.0675,
      0.88,
      2.12,
      0.93,
      2.1725,
      0.9825,
      2.2225,
      1.035,
      2.275,
      1.085,
      2.3275,
      1.1375
    ],
    "SoftwareVersions": "syngo_MR_D13",
    "SpacingBetweenSlices": 3,
    "TaskName": "Decision-making task",
    "TotalReadoutTime": 0.0200254,
    "TxRefAmp": 367.586,
    "dataset": "ds001715",
    "modality": "bold",
    "run_id": 3,
    "subject_id": "34",
    "task_id": "dts"
  },
  "dummy_trs": 0,
  "dvars_nstd": 33.70989708383648,
  "dvars_std": 1.2428042621383644,
  "dvars_vstd": 1.0046299850943399,
  "efc": 0.5713118752719307,
  "fber": 1106.912353515625,
  "fd_mean": 0.10887440795986683,
  "fd_num": 15,
  "fd_perc": 9.375,
  "fwhm_avg": 1.6621203746670405,
  "fwhm_x": 1.5884516171952499,
  "fwhm_y": 1.7473028401392057,
  "fwhm_z": 1.6506066666666666,
  "gcor": 0.0296581,
  "gsr_x": 0.016425827518105507,
  "gsr_y": 0.009419934824109077,
  "provenance": {
    "md5sum": "e981ff587ecba44fb2aa2a8eaadce3fe",
    "settings": {
      "fd_thres": 0.2,
      "testing": false
    },
    "software": "mriqc",
    "version": "22.0.6",
    "webapi_port": null,
    "webapi_url": "https://mriqc.nimh.nih.gov/api/v1"
  },
  "size_t": 160,
  "size_x": 66,
  "size_y": 66,
  "size_z": 46,
  "snr": 6.580228314863797,
  "spacing_tr": 2.4000000953674316,
  "spacing_x": 2.9696969985961914,
  "spacing_y": 2.9696969985961914,
  "spacing_z": 3.0,
  "summary_bg_k": 21.024244953707388,
  "summary_bg_mad": 16.00283741321091,
  "summary_bg_mean": 56.85018539428711,
  "summary_bg_median": 23.962499618530273,
  "summary_bg_n": 114776.0,
  "summary_bg_p05": 10.40000057220459,
  "summary_bg_p95": 241.20781707763672,
  "summary_bg_stdv": 91.19198608398438,
  "summary_fg_k": 4.404649190302055,
  "summary_fg_mad": 109.71256416941455,
  "summary_fg_mean": 828.7809448242188,
  "summary_fg_median": 813.7999877929688,
  "summary_fg_n": 43715.0,
  "summary_fg_p05": 670.8062744140625,
  "summary_fg_p95": 1031.4787475585938,
  "summary_fg_stdv": 123.67210388183594,
  "tsnr": 57.618503098376095
}