{
  "aor": 0.0020271875000000003,
  "aqi": 0.0118238926875,
  "bids_meta": {
    "AcquisitionMatrixPE": 59,
    "BandwidthPerPixelPhaseEncode": 49.18,
    "BaseResolution": 66,
    "BodyPartExamined": "HEAD",
    "ConsistencyInfo": "N4_VD13A_LATEST_20120616",
    "ConversionSoftware": "dcm2niix",
    "ConversionSoftwareVersion": "v1.0.20180518 GCC4.8.5",
    "DerivedVendorReportedEchoSpacing": 0.000616166,
    "DwellTime": 4e-06,
    "EchoTime": 0.027,
    "EchoTrainLength": 29,
    "EffectiveEchoSpacing": 0.000308083,
    "FlipAngle": 71,
    "ImageOrientationPatientDICOM": [
      1,
      0,
      0,
      0,
      0.998719,
      -0.0505929
    ],
    "ImageType": [
      "ORIGINAL",
      "PRIMARY",
      "M",
      "ND",
      "NORM",
      "MOSAIC"
    ],
    "InPlanePhaseEncodingDirectionDICOM": "COL",
    "InstitutionName": "Princeton_University_-_Neuroscience_Institute",
    "InstitutionalDepartmentName": "Department",
    "MRAcquisitionType": "2D",
    "MagneticFieldStrength": 3,
    "Manufacturer": "Siemens",
    "ManufacturersModelName": "Skyra",
    "Modality": "MR",
    "ParallelReductionFactorInPlane": 2,
    "PartialFourier": 1,
    "PatientPosition": "HFS",
    "PercentPhaseFOV": 100,
    "PhaseEncodingDirection": "j-",
    "PhaseEncodingSteps": 59,
    "PhaseResolution": 0.9,
    "PixelBandwidth": 1895,
    "PulseSequenceDetails": "%SiemensSeq%_ep2d_pace",
    "ReceiveCoilActiveElements": "HE1-4",
    "ReceiveCoilName": "HeadNeck_20",
    "ReconMatrixPE": 66,
    "RepetitionTime": 2.4,
    "SAR": 0.131919,
    "ScanOptions": "FS",
    "ScanningSequence": "EP",
    "SequenceName": "_epfid2d1_59",
    "SequenceVariant": "SK_OSP",
    "ShimSetting": [
      3387,
      8549,
      9479,
      596,
      80,
      -258,
      731,
      234
    ],
    "SliceThickness": 2.5,
    "SliceTiming": [
      1.19,
      0,
      1.24,
      0.05,
      1.2925,
      0.1025,
      1.345,
      0.155,
      1.395,
      0.2075,
      1.4475,
      0.2575,
      1.5,
      0.31,
      1.5525,
      0.3625,
      1.6025,
      0.4125,
      1.655,
      0.465,
      1.7075,
      0.5175,
      1.7575,
      0.5675,
      1.81,
      0.62,
      1.8625,
      0.6725,
      1.9125,
      0.7225,
      1.965,
      0.775,
      2.0175,
      0.8275,
      2.0675,
      0.88,
      2.12,
      0.93,
      2.1725,
      0.9825,
      2.2225,
      1.035,
      2.275,
      1.085,
      2.3275,
      1.1375
    ],
    "SoftwareVersions": "syngo_MR_D13",
    "SpacingBetweenSlices": 3,
    "TaskName": "Decision-making task",
    "TotalReadoutTime": 0.0200254,
    "TxRefAmp": 367.586,
    "dataset": "ds001715",
    "modality": "bold",
    "run_id": 7,
    "subject_id": "34",
    "task_id": "dts"
  },
  "dummy_trs": 0,
  "dvars_nstd": 39.60622873836475,
  "dvars_std": 1.2317609469182382,
  "dvars_vstd": 1.0196945583647796,
  "efc": 0.5845241365486594,
  "fber": 560.5918579101562,
  "fd_mean": 0.1356817729002067,
  "fd_num": 21,
  "fd_perc": 13.125,
  "fwhm_avg": 1.7190863265980216,
  "fwhm_x": 1.6610314124073164,
  "fwhm_y": 1.8134409007200816,
  "fwhm_z": 1.6827866666666667,
  "gcor": 0.024162,
  "gsr_x": 0.012264889664947987,
  "gsr_y": 0.028529757633805275,
  "provenance": {
    "md5sum": "0c8db1882bba088085a9626bd9d3f927",
    "settings": {
      "fd_thres": 0.2,
      "testing": false
    },
    "software": "mriqc",
    "version": "22.0.6",
    "webapi_port": null,
    "webapi_url": "https://mriqc.nimh.nih.gov/api/v1"
  },
  "size_t": 160,
  "size_x": 66,
  "size_y": 66,
  "size_z": 46,
  "snr": 6.187509112145614,
  "spacing_tr": 2.4000000953674316,
  "spacing_x": 2.9696969985961914,
  "spacing_y": 2.9696969985961914,
  "spacing_z": 3.0,
  "summary_bg_k": 21.95100527801172,
  "summary_bg_mad": 28.06751551135563,
  "summary_bg_mean": 65.77790832519531,
  "summary_bg_median": 33.743751525878906,
  "summary_bg_n": 115004.0,
  "summary_bg_p05": 11.0,
  "summary_bg_p95": 252.2687530517578,
  "summary_bg_stdv": 95.22716522216797,
  "summary_fg_k": 2.7041223773262724,
  "summary_fg_mad": 120.64675553089336,
  "summary_fg_mean": 838.1464233398438,
  "summary_fg_median": 823.7937622070312,
  "summary_fg_n": 43889.0,
  "summary_fg_p05": 658.21875,
  "summary_fg_p95": 1065.6212646484375,
  "summary_fg_stdv": 133.1366729736328,
  "tsnr": 48.88466418092139
}