{
  "aor": 0.0007151875,
  "aqi": 0.0056487388125,
  "bids_meta": {
    "AcquisitionMatrixPE": 59,
    "BandwidthPerPixelPhaseEncode": 49.18,
    "BaseResolution": 66,
    "BodyPartExamined": "HEAD",
    "ConsistencyInfo": "N4_VD13A_LATEST_20120616",
    "ConversionSoftware": "dcm2niix",
    "ConversionSoftwareVersion": "v1.0.20180518 GCC4.8.5",
    "DerivedVendorReportedEchoSpacing": 0.000616166,
    "DwellTime": 4e-06,
    "EchoTime": 0.027,
    "EchoTrainLength": 29,
    "EffectiveEchoSpacing": 0.000308083,
    "FlipAngle": 71,
    "ImageOrientationPatientDICOM": [
      1,
      0,
      0,
      0,
      0.998719,
      -0.0505929
    ],
    "ImageType": [
      "ORIGINAL",
      "PRIMARY",
      "M",
      "ND",
      "NORM",
      "MOSAIC"
    ],
    "InPlanePhaseEncodingDirectionDICOM": "COL",
    "InstitutionName": "Princeton_University_-_Neuroscience_Institute",
    "InstitutionalDepartmentName": "Department",
    "MRAcquisitionType": "2D",
    "MagneticFieldStrength": 3,
    "Manufacturer": "Siemens",
    "ManufacturersModelName": "Skyra",
    "Modality": "MR",
    "ParallelReductionFactorInPlane": 2,
    "PartialFourier": 1,
    "PatientPosition": "HFS",
    "PercentPhaseFOV": 100,
    "PhaseEncodingDirection": "j-",
    "PhaseEncodingSteps": 59,
    "PhaseResolution": 0.9,
    "PixelBandwidth": 1895,
    "PulseSequenceDetails": "%SiemensSeq%_ep2d_pace",
    "ReceiveCoilActiveElements": "HE1-4",
    "ReceiveCoilName": "HeadNeck_20",
    "ReconMatrixPE": 66,
    "RepetitionTime": 2.4,
    "SAR": 0.131919,
    "ScanOptions": "FS",
    "ScanningSequence": "EP",
    "SequenceName": "_epfid2d1_59",
    "SequenceVariant": "SK_OSP",
    "ShimSetting": [
      3387,
      8549,
      9479,
      596,
      80,
      -258,
      731,
      234
    ],
    "SliceThickness": 2.5,
    "SliceTiming": [
      1.19,
      0,
      1.24,
      0.05,
      1.2925,
      0.1025,
      1.345,
      0.155,
      1.395,
      0.2075,
      1.4475,
      0.2575,
      1.5,
      0.31,
      1.5525,
      0.3625,
      1.6025,
      0.4125,
      1.655,
      0.465,
      1.7075,
      0.5175,
      1.7575,
      0.5675,
      1.81,
      0.62,
      1.8625,
      0.6725,
      1.9125,
      0.7225,
      1.965,
      0.775,
      2.0175,
      0.8275,
      2.0675,
      0.88,
      2.12,
      0.93,
      2.1725,
      0.9825,
      2.2225,
      1.035,
      2.275,
      1.085,
      2.3275,
      1.1375
    ],
    "SoftwareVersions": "syngo_MR_D13",
    "SpacingBetweenSlices": 3,
    "TaskName": "Decision-making task",
    "TotalReadoutTime": 0.0200254,
    "TxRefAmp": 367.586,
    "dataset": "ds001715",
    "modality": "bold",
    "run_id": 2,
    "subject_id": "28",
    "task_id": "dts"
  },
  "dummy_trs": 0,
  "dvars_nstd": 26.689994920188667,
  "dvars_std": 1.1470759789308178,
  "dvars_vstd": 1.0043361205031445,
  "efc": 0.5674936396555321,
  "fber": 1375.4039306640625,
  "fd_mean": 0.05752482106917201,
  "fd_num": 0,
  "fd_perc": 0.0,
  "fwhm_avg": 1.697624352721978,
  "fwhm_x": 1.5663719235325646,
  "fwhm_y": 1.8613010022951535,
  "fwhm_z": 1.6652001323382164,
  "gcor": 0.0292603,
  "gsr_x": 0.0035452828742563725,
  "gsr_y": 0.0314599834382534,
  "provenance": {
    "md5sum": "69087ecd4b32461e02337bc5afda6488",
    "settings": {
      "fd_thres": 0.2,
      "testing": false
    },
    "software": "mriqc",
    "version": "22.0.6",
    "webapi_port": null,
    "webapi_url": "https://mriqc.nimh.nih.gov/api/v1"
  },
  "size_t": 160,
  "size_x": 66,
  "size_y": 66,
  "size_z": 46,
  "snr": 5.731457796794928,
  "spacing_tr": 2.4000000953674316,
  "spacing_x": 2.9696969985961914,
  "spacing_y": 2.9696969985961914,
  "spacing_z": 2.999999761581421,
  "summary_bg_k": 11.803191207715852,
  "summary_bg_mad": 12.490923973693628,
  "summary_bg_mean": 60.43163299560547,
  "summary_bg_median": 20.9375,
  "summary_bg_n": 117644.0,
  "summary_bg_p05": 10.287500381469727,
  "summary_bg_p95": 301.1606292724608,
  "summary_bg_stdv": 97.31749725341797,
  "summary_fg_k": 3.7908909099409476,
  "summary_fg_mad": 126.8273716274602,
  "summary_fg_mean": 796.9619750976562,
  "summary_fg_median": 785.0750122070312,
  "summary_fg_n": 42459.0,
  "summary_fg_p05": 624.0474914550781,
  "summary_fg_p95": 1015.6000122070309,
  "summary_fg_stdv": 136.97488403320312,
  "tsnr": 61.1693593300879
}