{
  "aor": 0.0006263124999999999,
  "aqi": 0.008484427499999999,
  "bids_meta": {
    "AcquisitionMatrixPE": 59,
    "BandwidthPerPixelPhaseEncode": 49.18,
    "BaseResolution": 66,
    "BodyPartExamined": "HEAD",
    "ConsistencyInfo": "N4_VD13A_LATEST_20120616",
    "ConversionSoftware": "dcm2niix",
    "ConversionSoftwareVersion": "v1.0.20180518 GCC4.8.5",
    "DerivedVendorReportedEchoSpacing": 0.000616166,
    "DwellTime": 4e-06,
    "EchoTime": 0.027,
    "EchoTrainLength": 29,
    "EffectiveEchoSpacing": 0.000308083,
    "FlipAngle": 71,
    "ImageOrientationPatientDICOM": [
      1,
      0,
      0,
      0,
      0.998719,
      -0.0505929
    ],
    "ImageType": [
      "ORIGINAL",
      "PRIMARY",
      "M",
      "ND",
      "NORM",
      "MOSAIC"
    ],
    "InPlanePhaseEncodingDirectionDICOM": "COL",
    "InstitutionName": "Princeton_University_-_Neuroscience_Institute",
    "InstitutionalDepartmentName": "Department",
    "MRAcquisitionType": "2D",
    "MagneticFieldStrength": 3,
    "Manufacturer": "Siemens",
    "ManufacturersModelName": "Skyra",
    "Modality": "MR",
    "ParallelReductionFactorInPlane": 2,
    "PartialFourier": 1,
    "PatientPosition": "HFS",
    "PercentPhaseFOV": 100,
    "PhaseEncodingDirection": "j-",
    "PhaseEncodingSteps": 59,
    "PhaseResolution": 0.9,
    "PixelBandwidth": 1895,
    "PulseSequenceDetails": "%SiemensSeq%_ep2d_pace",
    "ReceiveCoilActiveElements": "HE1-4",
    "ReceiveCoilName": "HeadNeck_20",
    "ReconMatrixPE": 66,
    "RepetitionTime": 2.4,
    "SAR": 0.131919,
    "ScanOptions": "FS",
    "ScanningSequence": "EP",
    "SequenceName": "_epfid2d1_59",
    "SequenceVariant": "SK_OSP",
    "ShimSetting": [
      3387,
      8549,
      9479,
      596,
      80,
      -258,
      731,
      234
    ],
    "SliceThickness": 2.5,
    "SliceTiming": [
      1.19,
      0,
      1.24,
      0.05,
      1.2925,
      0.1025,
      1.345,
      0.155,
      1.395,
      0.2075,
      1.4475,
      0.2575,
      1.5,
      0.31,
      1.5525,
      0.3625,
      1.6025,
      0.4125,
      1.655,
      0.465,
      1.7075,
      0.5175,
      1.7575,
      0.5675,
      1.81,
      0.62,
      1.8625,
      0.6725,
      1.9125,
      0.7225,
      1.965,
      0.775,
      2.0175,
      0.8275,
      2.0675,
      0.88,
      2.12,
      0.93,
      2.1725,
      0.9825,
      2.2225,
      1.035,
      2.275,
      1.085,
      2.3275,
      1.1375
    ],
    "SoftwareVersions": "syngo_MR_D13",
    "SpacingBetweenSlices": 3,
    "TaskName": "Decision-making task",
    "TotalReadoutTime": 0.0200254,
    "TxRefAmp": 367.586,
    "dataset": "ds001715",
    "modality": "bold",
    "run_id": 10,
    "subject_id": "22",
    "task_id": "dts"
  },
  "dummy_trs": 0,
  "dvars_nstd": 30.89271300704405,
  "dvars_std": 1.1844409986792455,
  "dvars_vstd": 1.0015526996855348,
  "efc": 0.5218973881651545,
  "fber": 1768.3919677734375,
  "fd_mean": 0.11145704278059046,
  "fd_num": 15,
  "fd_perc": 9.375,
  "fwhm_avg": 1.6678815083896399,
  "fwhm_x": 1.5443427400734693,
  "fwhm_y": 1.8112184517621173,
  "fwhm_z": 1.6480833333333333,
  "gcor": 0.0392887,
  "gsr_x": 0.004544665105640888,
  "gsr_y": 0.032165925949811935,
  "provenance": {
    "md5sum": "276408afb6ab85c6f694e2e80f5e7574",
    "settings": {
      "fd_thres": 0.2,
      "testing": false
    },
    "software": "mriqc",
    "version": "22.0.6",
    "webapi_port": null,
    "webapi_url": "https://mriqc.nimh.nih.gov/api/v1"
  },
  "size_t": 160,
  "size_x": 66,
  "size_y": 66,
  "size_z": 46,
  "snr": 6.303606501202519,
  "spacing_tr": 2.4000000953674316,
  "spacing_x": 2.9696969985961914,
  "spacing_y": 2.9696969985961914,
  "spacing_z": 3.0,
  "summary_bg_k": 31.523945680942177,
  "summary_bg_mad": 9.924170579609394,
  "summary_bg_mean": 36.261600494384766,
  "summary_bg_median": 18.30000114440918,
  "summary_bg_n": 122391.0,
  "summary_bg_p05": 9.481249809265137,
  "summary_bg_p95": 111.9375,
  "summary_bg_stdv": 59.16211700439453,
  "summary_fg_k": 5.099875233453604,
  "summary_fg_mad": 100.112751000934,
  "summary_fg_mean": 795.28173828125,
  "summary_fg_median": 777.3375244140625,
  "summary_fg_n": 38849.0,
  "summary_fg_p05": 644.48125,
  "summary_fg_p95": 1003.1325073242185,
  "summary_fg_stdv": 123.31472778320312,
  "tsnr": 57.88789674593136
}