{
  "aor": 0.0009620625,
  "aqi": 0.0111801425625,
  "bids_meta": {
    "AcquisitionMatrixPE": 59,
    "BandwidthPerPixelPhaseEncode": 49.18,
    "BaseResolution": 66,
    "BodyPartExamined": "HEAD",
    "ConsistencyInfo": "N4_VD13A_LATEST_20120616",
    "ConversionSoftware": "dcm2niix",
    "ConversionSoftwareVersion": "v1.0.20180518 GCC4.8.5",
    "DerivedVendorReportedEchoSpacing": 0.000616166,
    "DwellTime": 4e-06,
    "EchoTime": 0.027,
    "EchoTrainLength": 29,
    "EffectiveEchoSpacing": 0.000308083,
    "FlipAngle": 71,
    "ImageOrientationPatientDICOM": [
      1,
      0,
      0,
      0,
      0.998719,
      -0.0505929
    ],
    "ImageType": [
      "ORIGINAL",
      "PRIMARY",
      "M",
      "ND",
      "NORM",
      "MOSAIC"
    ],
    "InPlanePhaseEncodingDirectionDICOM": "COL",
    "InstitutionName": "Princeton_University_-_Neuroscience_Institute",
    "InstitutionalDepartmentName": "Department",
    "MRAcquisitionType": "2D",
    "MagneticFieldStrength": 3,
    "Manufacturer": "Siemens",
    "ManufacturersModelName": "Skyra",
    "Modality": "MR",
    "ParallelReductionFactorInPlane": 2,
    "PartialFourier": 1,
    "PatientPosition": "HFS",
    "PercentPhaseFOV": 100,
    "PhaseEncodingDirection": "j-",
    "PhaseEncodingSteps": 59,
    "PhaseResolution": 0.9,
    "PixelBandwidth": 1895,
    "PulseSequenceDetails": "%SiemensSeq%_ep2d_pace",
    "ReceiveCoilActiveElements": "HE1-4",
    "ReceiveCoilName": "HeadNeck_20",
    "ReconMatrixPE": 66,
    "RepetitionTime": 2.4,
    "SAR": 0.131919,
    "ScanOptions": "FS",
    "ScanningSequence": "EP",
    "SequenceName": "_epfid2d1_59",
    "SequenceVariant": "SK_OSP",
    "ShimSetting": [
      3387,
      8549,
      9479,
      596,
      80,
      -258,
      731,
      234
    ],
    "SliceThickness": 2.5,
    "SliceTiming": [
      1.19,
      0,
      1.24,
      0.05,
      1.2925,
      0.1025,
      1.345,
      0.155,
      1.395,
      0.2075,
      1.4475,
      0.2575,
      1.5,
      0.31,
      1.5525,
      0.3625,
      1.6025,
      0.4125,
      1.655,
      0.465,
      1.7075,
      0.5175,
      1.7575,
      0.5675,
      1.81,
      0.62,
      1.8625,
      0.6725,
      1.9125,
      0.7225,
      1.965,
      0.775,
      2.0175,
      0.8275,
      2.0675,
      0.88,
      2.12,
      0.93,
      2.1725,
      0.9825,
      2.2225,
      1.035,
      2.275,
      1.085,
      2.3275,
      1.1375
    ],
    "SoftwareVersions": "syngo_MR_D13",
    "SpacingBetweenSlices": 3,
    "TaskName": "Decision-making task",
    "TotalReadoutTime": 0.0200254,
    "TxRefAmp": 367.586,
    "dataset": "ds001715",
    "modality": "bold",
    "run_id": 12,
    "subject_id": "04",
    "task_id": "dts"
  },
  "dummy_trs": 0,
  "dvars_nstd": 38.084317213144665,
  "dvars_std": 1.1465430568553463,
  "dvars_vstd": 1.0073762094968552,
  "efc": 0.5402850530399698,
  "fber": 888.2676391601562,
  "fd_mean": 0.08660318678180258,
  "fd_num": 9,
  "fd_perc": 5.625,
  "fwhm_avg": 1.8317455528307587,
  "fwhm_x": 1.6957386569675263,
  "fwhm_y": 2.04644800152475,
  "fwhm_z": 1.75305,
  "gcor": 0.0234249,
  "gsr_x": -0.014241530559957027,
  "gsr_y": 0.0739709734916687,
  "provenance": {
    "md5sum": "0448e22de98c91f6ab87a232e1aa61e3",
    "settings": {
      "fd_thres": 0.2,
      "testing": false
    },
    "software": "mriqc",
    "version": "22.0.6",
    "webapi_port": null,
    "webapi_url": "https://mriqc.nimh.nih.gov/api/v1"
  },
  "size_t": 160,
  "size_x": 66,
  "size_y": 66,
  "size_z": 46,
  "snr": 5.146103569754604,
  "spacing_tr": 2.4000000953674316,
  "spacing_x": 2.9696969985961914,
  "spacing_y": 2.9696967601776123,
  "spacing_z": 3.0,
  "summary_bg_k": 33.99987723377061,
  "summary_bg_mad": 19.273830254492484,
  "summary_bg_mean": 55.14927673339844,
  "summary_bg_median": 25.481250762939453,
  "summary_bg_n": 125479.0,
  "summary_bg_p05": 10.768750190734863,
  "summary_bg_p95": 175.04250640869097,
  "summary_bg_stdv": 84.90656280517578,
  "summary_fg_k": 2.441948417141478,
  "summary_fg_mad": 134.11993938790624,
  "summary_fg_mean": 790.0724487304688,
  "summary_fg_median": 770.2875366210938,
  "summary_fg_n": 36517.0,
  "summary_fg_p05": 589.1362670898437,
  "summary_fg_p95": 1051.388818359375,
  "summary_fg_stdv": 149.6815948486328,
  "tsnr": 45.19618739525322
}