{
  "aor": 0.0009299375,
  "aqi": 0.0078261893125,
  "bids_meta": {
    "AcquisitionMatrixPE": 59,
    "BandwidthPerPixelPhaseEncode": 49.18,
    "BaseResolution": 66,
    "BodyPartExamined": "HEAD",
    "ConsistencyInfo": "N4_VD13A_LATEST_20120616",
    "ConversionSoftware": "dcm2niix",
    "ConversionSoftwareVersion": "v1.0.20180518 GCC4.8.5",
    "DerivedVendorReportedEchoSpacing": 0.000616166,
    "DwellTime": 4e-06,
    "EchoTime": 0.027,
    "EchoTrainLength": 29,
    "EffectiveEchoSpacing": 0.000308083,
    "FlipAngle": 71,
    "ImageOrientationPatientDICOM": [
      1,
      0,
      0,
      0,
      0.998719,
      -0.0505929
    ],
    "ImageType": [
      "ORIGINAL",
      "PRIMARY",
      "M",
      "ND",
      "NORM",
      "MOSAIC"
    ],
    "InPlanePhaseEncodingDirectionDICOM": "COL",
    "InstitutionName": "Princeton_University_-_Neuroscience_Institute",
    "InstitutionalDepartmentName": "Department",
    "MRAcquisitionType": "2D",
    "MagneticFieldStrength": 3,
    "Manufacturer": "Siemens",
    "ManufacturersModelName": "Skyra",
    "Modality": "MR",
    "ParallelReductionFactorInPlane": 2,
    "PartialFourier": 1,
    "PatientPosition": "HFS",
    "PercentPhaseFOV": 100,
    "PhaseEncodingDirection": "j-",
    "PhaseEncodingSteps": 59,
    "PhaseResolution": 0.9,
    "PixelBandwidth": 1895,
    "PulseSequenceDetails": "%SiemensSeq%_ep2d_pace",
    "ReceiveCoilActiveElements": "HE1-4",
    "ReceiveCoilName": "HeadNeck_20",
    "ReconMatrixPE": 66,
    "RepetitionTime": 2.4,
    "SAR": 0.131919,
    "ScanOptions": "FS",
    "ScanningSequence": "EP",
    "SequenceName": "_epfid2d1_59",
    "SequenceVariant": "SK_OSP",
    "ShimSetting": [
      3387,
      8549,
      9479,
      596,
      80,
      -258,
      731,
      234
    ],
    "SliceThickness": 2.5,
    "SliceTiming": [
      1.19,
      0,
      1.24,
      0.05,
      1.2925,
      0.1025,
      1.345,
      0.155,
      1.395,
      0.2075,
      1.4475,
      0.2575,
      1.5,
      0.31,
      1.5525,
      0.3625,
      1.6025,
      0.4125,
      1.655,
      0.465,
      1.7075,
      0.5175,
      1.7575,
      0.5675,
      1.81,
      0.62,
      1.8625,
      0.6725,
      1.9125,
      0.7225,
      1.965,
      0.775,
      2.0175,
      0.8275,
      2.0675,
      0.88,
      2.12,
      0.93,
      2.1725,
      0.9825,
      2.2225,
      1.035,
      2.275,
      1.085,
      2.3275,
      1.1375
    ],
    "SoftwareVersions": "syngo_MR_D13",
    "SpacingBetweenSlices": 3,
    "TaskName": "Decision-making task",
    "TotalReadoutTime": 0.0200254,
    "TxRefAmp": 367.586,
    "dataset": "ds001715",
    "modality": "bold",
    "run_id": 2,
    "subject_id": "04",
    "task_id": "dts"
  },
  "dummy_trs": 0,
  "dvars_nstd": 29.296972814528296,
  "dvars_std": 1.2120990509433958,
  "dvars_vstd": 1.0093304815723276,
  "efc": 0.5204305405668018,
  "fber": 1571.762451171875,
  "fd_mean": 0.08436713989509809,
  "fd_num": 8,
  "fd_perc": 5.0,
  "fwhm_avg": 1.7238737699497093,
  "fwhm_x": 1.572136821435648,
  "fwhm_y": 1.9088211550801468,
  "fwhm_z": 1.6906633333333334,
  "gcor": 0.0615633,
  "gsr_x": -0.010572480037808418,
  "gsr_y": 0.03259359672665596,
  "provenance": {
    "md5sum": "bbf41d401fe2d0f11ec695309a768357",
    "settings": {
      "fd_thres": 0.2,
      "testing": false
    },
    "software": "mriqc",
    "version": "22.0.6",
    "webapi_port": null,
    "webapi_url": "https://mriqc.nimh.nih.gov/api/v1"
  },
  "size_t": 160,
  "size_x": 66,
  "size_y": 66,
  "size_z": 46,
  "snr": 5.596006233738133,
  "spacing_tr": 2.4000000953674316,
  "spacing_x": 2.9696969985961914,
  "spacing_y": 2.9696967601776123,
  "spacing_z": 3.0,
  "summary_bg_k": 30.77054135792479,
  "summary_bg_mad": 10.044630878727247,
  "summary_bg_mean": 42.60611343383789,
  "summary_bg_median": 18.575000762939453,
  "summary_bg_n": 125276.0,
  "summary_bg_p05": 10.168749809265137,
  "summary_bg_p95": 157.34063339233398,
  "summary_bg_stdv": 74.21053314208984,
  "summary_fg_k": 3.221410592836544,
  "summary_fg_mad": 125.98879284578959,
  "summary_fg_mean": 758.793701171875,
  "summary_fg_median": 742.6000366210938,
  "summary_fg_n": 36412.0,
  "summary_fg_p05": 592.2346862792969,
  "summary_fg_p95": 977.198760986328,
  "summary_fg_stdv": 132.69996643066406,
  "tsnr": 59.044071825337596
}