{
  "aor": 0.0009455974842767295,
  "aqi": 0.011579418679245283,
  "bids_meta": {
    "AcquisitionMatrixPE": 59,
    "BandwidthPerPixelPhaseEncode": 49.18,
    "BaseResolution": 66,
    "BodyPartExamined": "HEAD",
    "ConsistencyInfo": "N4_VD13A_LATEST_20120616",
    "ConversionSoftware": "dcm2niix",
    "ConversionSoftwareVersion": "v1.0.20180518 GCC4.8.5",
    "DerivedVendorReportedEchoSpacing": 0.000616166,
    "DwellTime": 4e-06,
    "EchoTime": 0.027,
    "EchoTrainLength": 29,
    "EffectiveEchoSpacing": 0.000308083,
    "FlipAngle": 71,
    "ImageOrientationPatientDICOM": [
      1,
      0,
      0,
      0,
      0.998719,
      -0.0505929
    ],
    "ImageType": [
      "ORIGINAL",
      "PRIMARY",
      "M",
      "ND",
      "NORM",
      "MOSAIC"
    ],
    "InPlanePhaseEncodingDirectionDICOM": "COL",
    "InstitutionName": "Princeton_University_-_Neuroscience_Institute",
    "InstitutionalDepartmentName": "Department",
    "MRAcquisitionType": "2D",
    "MagneticFieldStrength": 3,
    "Manufacturer": "Siemens",
    "ManufacturersModelName": "Skyra",
    "Modality": "MR",
    "ParallelReductionFactorInPlane": 2,
    "PartialFourier": 1,
    "PatientPosition": "HFS",
    "PercentPhaseFOV": 100,
    "PhaseEncodingDirection": "j-",
    "PhaseEncodingSteps": 59,
    "PhaseResolution": 0.9,
    "PixelBandwidth": 1895,
    "PulseSequenceDetails": "%SiemensSeq%_ep2d_pace",
    "ReceiveCoilActiveElements": "HE1-4",
    "ReceiveCoilName": "HeadNeck_20",
    "ReconMatrixPE": 66,
    "RepetitionTime": 2.4,
    "SAR": 0.131919,
    "ScanOptions": "FS",
    "ScanningSequence": "EP",
    "SequenceName": "_epfid2d1_59",
    "SequenceVariant": "SK_OSP",
    "ShimSetting": [
      3387,
      8549,
      9479,
      596,
      80,
      -258,
      731,
      234
    ],
    "SliceThickness": 2.5,
    "SliceTiming": [
      1.19,
      0,
      1.24,
      0.05,
      1.2925,
      0.1025,
      1.345,
      0.155,
      1.395,
      0.2075,
      1.4475,
      0.2575,
      1.5,
      0.31,
      1.5525,
      0.3625,
      1.6025,
      0.4125,
      1.655,
      0.465,
      1.7075,
      0.5175,
      1.7575,
      0.5675,
      1.81,
      0.62,
      1.8625,
      0.6725,
      1.9125,
      0.7225,
      1.965,
      0.775,
      2.0175,
      0.8275,
      2.0675,
      0.88,
      2.12,
      0.93,
      2.1725,
      0.9825,
      2.2225,
      1.035,
      2.275,
      1.085,
      2.3275,
      1.1375
    ],
    "SoftwareVersions": "syngo_MR_D13",
    "SpacingBetweenSlices": 3,
    "TaskName": "Decision-making task",
    "TotalReadoutTime": 0.0200254,
    "TxRefAmp": 367.586,
    "dataset": "ds001715",
    "modality": "bold",
    "run_id": 4,
    "subject_id": "13",
    "task_id": "dts"
  },
  "dummy_trs": 1,
  "dvars_nstd": 31.116039698607594,
  "dvars_std": 1.1269963813291133,
  "dvars_vstd": 1.0069608294303791,
  "efc": 0.5528124310077488,
  "fber": 1232.0552978515625,
  "fd_mean": 0.18555697979323477,
  "fd_num": 50,
  "fd_perc": 31.446540880503143,
  "fwhm_avg": 1.7609789906113262,
  "fwhm_x": 1.6687089633530114,
  "fwhm_y": 1.924694675147634,
  "fwhm_z": 1.6895333333333333,
  "gcor": 0.0354814,
  "gsr_x": -0.002680682111531496,
  "gsr_y": 0.03615517541766167,
  "provenance": {
    "md5sum": "0a2d408a46b08838494a286ebbca5aa8",
    "settings": {
      "fd_thres": 0.2,
      "testing": false
    },
    "software": "mriqc",
    "version": "22.0.6",
    "webapi_port": null,
    "webapi_url": "https://mriqc.nimh.nih.gov/api/v1"
  },
  "size_t": 159,
  "size_x": 66,
  "size_y": 66,
  "size_z": 46,
  "snr": 5.9775942699254445,
  "spacing_tr": 2.4000000953674316,
  "spacing_x": 2.9696969985961914,
  "spacing_y": 2.9696969985961914,
  "spacing_z": 3.0,
  "summary_bg_k": 19.669598574640926,
  "summary_bg_mad": 16.85877064475444,
  "summary_bg_mean": 58.465518951416016,
  "summary_bg_median": 24.044023513793945,
  "summary_bg_n": 119166.0,
  "summary_bg_p05": 9.842766761779785,
  "summary_bg_p95": 248.9716911315918,
  "summary_bg_stdv": 101.78827667236328,
  "summary_fg_k": 3.737720247072364,
  "summary_fg_mad": 136.10101049805235,
  "summary_fg_mean": 883.9988403320312,
  "summary_fg_median": 866.389892578125,
  "summary_fg_n": 40906.0,
  "summary_fg_p05": 702.2814483642578,
  "summary_fg_p95": 1122.0313720703125,
  "summary_fg_stdv": 144.9377899169922,
  "tsnr": 51.208681756281294
}