{
  "aor": 0.0014813749999999998,
  "aqi": 0.0091745896875,
  "bids_meta": {
    "AcquisitionMatrixPE": 59,
    "BandwidthPerPixelPhaseEncode": 49.18,
    "BaseResolution": 66,
    "BodyPartExamined": "HEAD",
    "ConsistencyInfo": "N4_VD13A_LATEST_20120616",
    "ConversionSoftware": "dcm2niix",
    "ConversionSoftwareVersion": "v1.0.20180518 GCC4.8.5",
    "DerivedVendorReportedEchoSpacing": 0.000616166,
    "DwellTime": 4e-06,
    "EchoTime": 0.027,
    "EchoTrainLength": 29,
    "EffectiveEchoSpacing": 0.000308083,
    "FlipAngle": 71,
    "ImageOrientationPatientDICOM": [
      1,
      0,
      0,
      0,
      0.998719,
      -0.0505929
    ],
    "ImageType": [
      "ORIGINAL",
      "PRIMARY",
      "M",
      "ND",
      "NORM",
      "MOSAIC"
    ],
    "InPlanePhaseEncodingDirectionDICOM": "COL",
    "InstitutionName": "Princeton_University_-_Neuroscience_Institute",
    "InstitutionalDepartmentName": "Department",
    "MRAcquisitionType": "2D",
    "MagneticFieldStrength": 3,
    "Manufacturer": "Siemens",
    "ManufacturersModelName": "Skyra",
    "Modality": "MR",
    "ParallelReductionFactorInPlane": 2,
    "PartialFourier": 1,
    "PatientPosition": "HFS",
    "PercentPhaseFOV": 100,
    "PhaseEncodingDirection": "j-",
    "PhaseEncodingSteps": 59,
    "PhaseResolution": 0.9,
    "PixelBandwidth": 1895,
    "PulseSequenceDetails": "%SiemensSeq%_ep2d_pace",
    "ReceiveCoilActiveElements": "HE1-4",
    "ReceiveCoilName": "HeadNeck_20",
    "ReconMatrixPE": 66,
    "RepetitionTime": 2.4,
    "SAR": 0.131919,
    "ScanOptions": "FS",
    "ScanningSequence": "EP",
    "SequenceName": "_epfid2d1_59",
    "SequenceVariant": "SK_OSP",
    "ShimSetting": [
      3387,
      8549,
      9479,
      596,
      80,
      -258,
      731,
      234
    ],
    "SliceThickness": 2.5,
    "SliceTiming": [
      1.19,
      0,
      1.24,
      0.05,
      1.2925,
      0.1025,
      1.345,
      0.155,
      1.395,
      0.2075,
      1.4475,
      0.2575,
      1.5,
      0.31,
      1.5525,
      0.3625,
      1.6025,
      0.4125,
      1.655,
      0.465,
      1.7075,
      0.5175,
      1.7575,
      0.5675,
      1.81,
      0.62,
      1.8625,
      0.6725,
      1.9125,
      0.7225,
      1.965,
      0.775,
      2.0175,
      0.8275,
      2.0675,
      0.88,
      2.12,
      0.93,
      2.1725,
      0.9825,
      2.2225,
      1.035,
      2.275,
      1.085,
      2.3275,
      1.1375
    ],
    "SoftwareVersions": "syngo_MR_D13",
    "SpacingBetweenSlices": 3,
    "TaskName": "Decision-making task",
    "TotalReadoutTime": 0.0200254,
    "TxRefAmp": 367.586,
    "dataset": "ds001715",
    "modality": "bold",
    "run_id": 9,
    "subject_id": "18",
    "task_id": "dts"
  },
  "dummy_trs": 0,
  "dvars_nstd": 36.266370329433975,
  "dvars_std": 1.1617343639622633,
  "dvars_vstd": 1.0173412965408808,
  "efc": 0.5989263881591903,
  "fber": 592.326171875,
  "fd_mean": 0.09187615936725134,
  "fd_num": 8,
  "fd_perc": 5.0,
  "fwhm_avg": 1.7693758055650377,
  "fwhm_x": 1.6739889633016298,
  "fwhm_y": 1.9610519196917873,
  "fwhm_z": 1.6730865337016954,
  "gcor": 0.0167445,
  "gsr_x": -0.011991594918072224,
  "gsr_y": 0.07896587997674942,
  "provenance": {
    "md5sum": "47bfffd9717d9bd0c5aa804a0f0b7f49",
    "settings": {
      "fd_thres": 0.2,
      "testing": false
    },
    "software": "mriqc",
    "version": "22.0.6",
    "webapi_port": null,
    "webapi_url": "https://mriqc.nimh.nih.gov/api/v1"
  },
  "size_t": 160,
  "size_x": 66,
  "size_y": 66,
  "size_z": 46,
  "snr": 5.32818219880634,
  "spacing_tr": 2.4000000953674316,
  "spacing_x": 2.9696969985961914,
  "spacing_y": 2.9696969985961914,
  "spacing_z": 3.000000238418579,
  "summary_bg_k": 19.47736551043955,
  "summary_bg_mad": 27.780259352032648,
  "summary_bg_mean": 73.8277587890625,
  "summary_bg_median": 33.3125,
  "summary_bg_n": 112056.0,
  "summary_bg_p05": 12.162500381469727,
  "summary_bg_p95": 278.8015670776367,
  "summary_bg_stdv": 103.45317077636719,
  "summary_fg_k": 2.801400040941073,
  "summary_fg_mad": 139.39238923295196,
  "summary_fg_mean": 872.3175048828125,
  "summary_fg_median": 851.7750244140625,
  "summary_fg_n": 46226.0,
  "summary_fg_p05": 663.3875274658203,
  "summary_fg_p95": 1148.1749877929688,
  "summary_fg_stdv": 159.86048889160156,
  "tsnr": 47.8146679289639
}