{
  "aor": 0.0005940625,
  "aqi": 0.010371206187499999,
  "bids_meta": {
    "AcquisitionMatrixPE": 59,
    "BandwidthPerPixelPhaseEncode": 49.18,
    "BaseResolution": 66,
    "BodyPartExamined": "HEAD",
    "ConsistencyInfo": "N4_VD13A_LATEST_20120616",
    "ConversionSoftware": "dcm2niix",
    "ConversionSoftwareVersion": "v1.0.20180518 GCC4.8.5",
    "DerivedVendorReportedEchoSpacing": 0.000616166,
    "DwellTime": 4e-06,
    "EchoTime": 0.027,
    "EchoTrainLength": 29,
    "EffectiveEchoSpacing": 0.000308083,
    "FlipAngle": 71,
    "ImageOrientationPatientDICOM": [
      1,
      0,
      0,
      0,
      0.998719,
      -0.0505929
    ],
    "ImageType": [
      "ORIGINAL",
      "PRIMARY",
      "M",
      "ND",
      "NORM",
      "MOSAIC"
    ],
    "InPlanePhaseEncodingDirectionDICOM": "COL",
    "InstitutionName": "Princeton_University_-_Neuroscience_Institute",
    "InstitutionalDepartmentName": "Department",
    "MRAcquisitionType": "2D",
    "MagneticFieldStrength": 3,
    "Manufacturer": "Siemens",
    "ManufacturersModelName": "Skyra",
    "Modality": "MR",
    "ParallelReductionFactorInPlane": 2,
    "PartialFourier": 1,
    "PatientPosition": "HFS",
    "PercentPhaseFOV": 100,
    "PhaseEncodingDirection": "j-",
    "PhaseEncodingSteps": 59,
    "PhaseResolution": 0.9,
    "PixelBandwidth": 1895,
    "PulseSequenceDetails": "%SiemensSeq%_ep2d_pace",
    "ReceiveCoilActiveElements": "HE1-4",
    "ReceiveCoilName": "HeadNeck_20",
    "ReconMatrixPE": 66,
    "RepetitionTime": 2.4,
    "SAR": 0.131919,
    "ScanOptions": "FS",
    "ScanningSequence": "EP",
    "SequenceName": "_epfid2d1_59",
    "SequenceVariant": "SK_OSP",
    "ShimSetting": [
      3387,
      8549,
      9479,
      596,
      80,
      -258,
      731,
      234
    ],
    "SliceThickness": 2.5,
    "SliceTiming": [
      1.19,
      0,
      1.24,
      0.05,
      1.2925,
      0.1025,
      1.345,
      0.155,
      1.395,
      0.2075,
      1.4475,
      0.2575,
      1.5,
      0.31,
      1.5525,
      0.3625,
      1.6025,
      0.4125,
      1.655,
      0.465,
      1.7075,
      0.5175,
      1.7575,
      0.5675,
      1.81,
      0.62,
      1.8625,
      0.6725,
      1.9125,
      0.7225,
      1.965,
      0.775,
      2.0175,
      0.8275,
      2.0675,
      0.88,
      2.12,
      0.93,
      2.1725,
      0.9825,
      2.2225,
      1.035,
      2.275,
      1.085,
      2.3275,
      1.1375
    ],
    "SoftwareVersions": "syngo_MR_D13",
    "SpacingBetweenSlices": 3,
    "TaskName": "Decision-making task",
    "TotalReadoutTime": 0.0200254,
    "TxRefAmp": 367.586,
    "dataset": "ds001715",
    "modality": "bold",
    "run_id": 5,
    "subject_id": "15",
    "task_id": "dts"
  },
  "dummy_trs": 0,
  "dvars_nstd": 33.48711488830188,
  "dvars_std": 1.1466968815094338,
  "dvars_vstd": 0.9980233266037736,
  "efc": 0.5397348679160483,
  "fber": 1135.5703125,
  "fd_mean": 0.10203972809668706,
  "fd_num": 8,
  "fd_perc": 5.0,
  "fwhm_avg": 1.7921544326630636,
  "fwhm_x": 1.6860171264498856,
  "fwhm_y": 1.9459628382059717,
  "fwhm_z": 1.7444833333333334,
  "gcor": 0.0284568,
  "gsr_x": -0.0029139062389731407,
  "gsr_y": 0.04242703318595886,
  "provenance": {
    "md5sum": "d0a01dce341e19fb8c17e611ca81ca6b",
    "settings": {
      "fd_thres": 0.2,
      "testing": false
    },
    "software": "mriqc",
    "version": "22.0.6",
    "webapi_port": null,
    "webapi_url": "https://mriqc.nimh.nih.gov/api/v1"
  },
  "size_t": 160,
  "size_x": 66,
  "size_y": 66,
  "size_z": 46,
  "snr": 5.767964383511354,
  "spacing_tr": 2.4000000953674316,
  "spacing_x": 2.9696969985961914,
  "spacing_y": 2.9696969985961914,
  "spacing_z": 3.0,
  "summary_bg_k": 69.82166792927677,
  "summary_bg_mad": 18.254538401430565,
  "summary_bg_mean": 46.788238525390625,
  "summary_bg_median": 24.962499618530273,
  "summary_bg_n": 119722.0,
  "summary_bg_p05": 10.28125,
  "summary_bg_p95": 143.8362586975097,
  "summary_bg_stdv": 72.42900848388672,
  "summary_fg_k": 4.3765751781501,
  "summary_fg_mad": 131.79409810853977,
  "summary_fg_mean": 884.436279296875,
  "summary_fg_median": 867.253173828125,
  "summary_fg_n": 40056.0,
  "summary_fg_p05": 687.3546752929688,
  "summary_fg_p95": 1129.6156921386719,
  "summary_fg_stdv": 150.35501098632812,
  "tsnr": 50.07298639952205
}