{
  "aor": 0.0008415625,
  "aqi": 0.0086108428125,
  "bids_meta": {
    "AcquisitionMatrixPE": 59,
    "BandwidthPerPixelPhaseEncode": 49.18,
    "BaseResolution": 66,
    "BodyPartExamined": "HEAD",
    "ConsistencyInfo": "N4_VD13A_LATEST_20120616",
    "ConversionSoftware": "dcm2niix",
    "ConversionSoftwareVersion": "v1.0.20180518 GCC4.8.5",
    "DerivedVendorReportedEchoSpacing": 0.000616166,
    "DwellTime": 4e-06,
    "EchoTime": 0.027,
    "EchoTrainLength": 29,
    "EffectiveEchoSpacing": 0.000308083,
    "FlipAngle": 71,
    "ImageOrientationPatientDICOM": [
      1,
      0,
      0,
      0,
      0.998719,
      -0.0505929
    ],
    "ImageType": [
      "ORIGINAL",
      "PRIMARY",
      "M",
      "ND",
      "NORM",
      "MOSAIC"
    ],
    "InPlanePhaseEncodingDirectionDICOM": "COL",
    "InstitutionName": "Princeton_University_-_Neuroscience_Institute",
    "InstitutionalDepartmentName": "Department",
    "MRAcquisitionType": "2D",
    "MagneticFieldStrength": 3,
    "Manufacturer": "Siemens",
    "ManufacturersModelName": "Skyra",
    "Modality": "MR",
    "ParallelReductionFactorInPlane": 2,
    "PartialFourier": 1,
    "PatientPosition": "HFS",
    "PercentPhaseFOV": 100,
    "PhaseEncodingDirection": "j-",
    "PhaseEncodingSteps": 59,
    "PhaseResolution": 0.9,
    "PixelBandwidth": 1895,
    "PulseSequenceDetails": "%SiemensSeq%_ep2d_pace",
    "ReceiveCoilActiveElements": "HE1-4",
    "ReceiveCoilName": "HeadNeck_20",
    "ReconMatrixPE": 66,
    "RepetitionTime": 2.4,
    "SAR": 0.131919,
    "ScanOptions": "FS",
    "ScanningSequence": "EP",
    "SequenceName": "_epfid2d1_59",
    "SequenceVariant": "SK_OSP",
    "ShimSetting": [
      3387,
      8549,
      9479,
      596,
      80,
      -258,
      731,
      234
    ],
    "SliceThickness": 2.5,
    "SliceTiming": [
      1.19,
      0,
      1.24,
      0.05,
      1.2925,
      0.1025,
      1.345,
      0.155,
      1.395,
      0.2075,
      1.4475,
      0.2575,
      1.5,
      0.31,
      1.5525,
      0.3625,
      1.6025,
      0.4125,
      1.655,
      0.465,
      1.7075,
      0.5175,
      1.7575,
      0.5675,
      1.81,
      0.62,
      1.8625,
      0.6725,
      1.9125,
      0.7225,
      1.965,
      0.775,
      2.0175,
      0.8275,
      2.0675,
      0.88,
      2.12,
      0.93,
      2.1725,
      0.9825,
      2.2225,
      1.035,
      2.275,
      1.085,
      2.3275,
      1.1375
    ],
    "SoftwareVersions": "syngo_MR_D13",
    "SpacingBetweenSlices": 3,
    "TaskName": "Decision-making task",
    "TotalReadoutTime": 0.0200254,
    "TxRefAmp": 367.586,
    "dataset": "ds001715",
    "modality": "bold",
    "run_id": 1,
    "subject_id": "15",
    "task_id": "dts"
  },
  "dummy_trs": 0,
  "dvars_nstd": 25.675160341698103,
  "dvars_std": 1.0910176342138356,
  "dvars_vstd": 1.0020818101886793,
  "efc": 0.5292246566985882,
  "fber": 1759.2001953125,
  "fd_mean": 0.109457758013244,
  "fd_num": 18,
  "fd_perc": 11.25,
  "fwhm_avg": 1.7475403059815682,
  "fwhm_x": 1.6303279433183482,
  "fwhm_y": 1.9083563079596897,
  "fwhm_z": 1.7039366666666667,
  "gcor": 0.0630952,
  "gsr_x": 0.0001784098130883649,
  "gsr_y": 0.022865956649184227,
  "provenance": {
    "md5sum": "5daa11db0cc23c053fee4e886702c352",
    "settings": {
      "fd_thres": 0.2,
      "testing": false
    },
    "software": "mriqc",
    "version": "22.0.6",
    "webapi_port": null,
    "webapi_url": "https://mriqc.nimh.nih.gov/api/v1"
  },
  "size_t": 160,
  "size_x": 66,
  "size_y": 66,
  "size_z": 46,
  "snr": 6.0694023302870015,
  "spacing_tr": 2.4000000953674316,
  "spacing_x": 2.9696969985961914,
  "spacing_y": 2.9696969985961914,
  "spacing_z": 3.0,
  "summary_bg_k": 53.894676367845726,
  "summary_bg_mad": 11.04538765900246,
  "summary_bg_mean": 39.15726852416992,
  "summary_bg_median": 19.58125114440918,
  "summary_bg_n": 119852.0,
  "summary_bg_p05": 9.981249809265137,
  "summary_bg_p95": 127.88906249999991,
  "summary_bg_stdv": 63.61125946044922,
  "summary_fg_k": 5.171992762574538,
  "summary_fg_mad": 121.34172532081786,
  "summary_fg_mean": 853.0836181640625,
  "summary_fg_median": 837.5437622070312,
  "summary_fg_n": 39849.0,
  "summary_fg_p05": 678.6937866210938,
  "summary_fg_p95": 1068.4862548828123,
  "summary_fg_stdv": 137.99270629882812,
  "tsnr": 57.819537076633424
}