{
  "aor": 0.000832875,
  "aqi": 0.006272305000000001,
  "bids_meta": {
    "AcquisitionMatrixPE": 59,
    "BandwidthPerPixelPhaseEncode": 49.18,
    "BaseResolution": 66,
    "BodyPartExamined": "HEAD",
    "ConsistencyInfo": "N4_VD13A_LATEST_20120616",
    "ConversionSoftware": "dcm2niix",
    "ConversionSoftwareVersion": "v1.0.20180518 GCC4.8.5",
    "DerivedVendorReportedEchoSpacing": 0.000616166,
    "DwellTime": 4e-06,
    "EchoTime": 0.027,
    "EchoTrainLength": 29,
    "EffectiveEchoSpacing": 0.000308083,
    "FlipAngle": 71,
    "ImageOrientationPatientDICOM": [
      1,
      0,
      0,
      0,
      0.998719,
      -0.0505929
    ],
    "ImageType": [
      "ORIGINAL",
      "PRIMARY",
      "M",
      "ND",
      "NORM",
      "MOSAIC"
    ],
    "InPlanePhaseEncodingDirectionDICOM": "COL",
    "InstitutionName": "Princeton_University_-_Neuroscience_Institute",
    "InstitutionalDepartmentName": "Department",
    "MRAcquisitionType": "2D",
    "MagneticFieldStrength": 3,
    "Manufacturer": "Siemens",
    "ManufacturersModelName": "Skyra",
    "Modality": "MR",
    "ParallelReductionFactorInPlane": 2,
    "PartialFourier": 1,
    "PatientPosition": "HFS",
    "PercentPhaseFOV": 100,
    "PhaseEncodingDirection": "j-",
    "PhaseEncodingSteps": 59,
    "PhaseResolution": 0.9,
    "PixelBandwidth": 1895,
    "PulseSequenceDetails": "%SiemensSeq%_ep2d_pace",
    "ReceiveCoilActiveElements": "HE1-4",
    "ReceiveCoilName": "HeadNeck_20",
    "ReconMatrixPE": 66,
    "RepetitionTime": 2.4,
    "SAR": 0.131919,
    "ScanOptions": "FS",
    "ScanningSequence": "EP",
    "SequenceName": "_epfid2d1_59",
    "SequenceVariant": "SK_OSP",
    "ShimSetting": [
      3387,
      8549,
      9479,
      596,
      80,
      -258,
      731,
      234
    ],
    "SliceThickness": 2.5,
    "SliceTiming": [
      1.19,
      0,
      1.24,
      0.05,
      1.2925,
      0.1025,
      1.345,
      0.155,
      1.395,
      0.2075,
      1.4475,
      0.2575,
      1.5,
      0.31,
      1.5525,
      0.3625,
      1.6025,
      0.4125,
      1.655,
      0.465,
      1.7075,
      0.5175,
      1.7575,
      0.5675,
      1.81,
      0.62,
      1.8625,
      0.6725,
      1.9125,
      0.7225,
      1.965,
      0.775,
      2.0175,
      0.8275,
      2.0675,
      0.88,
      2.12,
      0.93,
      2.1725,
      0.9825,
      2.2225,
      1.035,
      2.275,
      1.085,
      2.3275,
      1.1375
    ],
    "SoftwareVersions": "syngo_MR_D13",
    "SpacingBetweenSlices": 3,
    "TaskName": "Decision-making task",
    "TotalReadoutTime": 0.0200254,
    "TxRefAmp": 367.586,
    "dataset": "ds001715",
    "modality": "bold",
    "run_id": 1,
    "subject_id": "21",
    "task_id": "dts"
  },
  "dummy_trs": 0,
  "dvars_nstd": 28.02304745339623,
  "dvars_std": 1.262167854025158,
  "dvars_vstd": 1.0044009382389936,
  "efc": 0.5250340911737235,
  "fber": 2121.567138671875,
  "fd_mean": 0.07620423231747812,
  "fd_num": 1,
  "fd_perc": 0.625,
  "fwhm_avg": 1.7163263315550112,
  "fwhm_x": 1.6000723313678789,
  "fwhm_y": 1.880656663297155,
  "fwhm_z": 1.6682499999999998,
  "gcor": 0.0382999,
  "gsr_x": 6.227764970390126e-05,
  "gsr_y": 0.023066064342856407,
  "provenance": {
    "md5sum": "a79ebc86ba9158ee822fb9cc728ebce1",
    "settings": {
      "fd_thres": 0.2,
      "testing": false
    },
    "software": "mriqc",
    "version": "22.0.6",
    "webapi_port": null,
    "webapi_url": "https://mriqc.nimh.nih.gov/api/v1"
  },
  "size_t": 160,
  "size_x": 66,
  "size_y": 66,
  "size_z": 46,
  "snr": 6.040115286435307,
  "spacing_tr": 2.4000000953674316,
  "spacing_x": 2.9696969985961914,
  "spacing_y": 2.9696967601776123,
  "spacing_z": 3.0,
  "summary_bg_k": 32.82806391943741,
  "summary_bg_mad": 11.805219599282992,
  "summary_bg_mean": 40.61882781982422,
  "summary_bg_median": 20.01875114440918,
  "summary_bg_n": 119838.0,
  "summary_bg_p05": 9.225000381469727,
  "summary_bg_p95": 136.6331306457519,
  "summary_bg_stdv": 67.46470642089844,
  "summary_fg_k": 4.483019485827913,
  "summary_fg_mad": 138.83650389187042,
  "summary_fg_mean": 950.6257934570312,
  "summary_fg_median": 935.09375,
  "summary_fg_n": 40209.0,
  "summary_fg_p05": 751.6737548828125,
  "summary_fg_p95": 1193.6762939453124,
  "summary_fg_stdv": 154.8119659423828,
  "tsnr": 67.58402397623286
}