{
  "aor": 0.0009035624999999999,
  "aqi": 0.008682971624999999,
  "bids_meta": {
    "AcquisitionMatrixPE": 59,
    "BandwidthPerPixelPhaseEncode": 49.18,
    "BaseResolution": 66,
    "BodyPartExamined": "HEAD",
    "ConsistencyInfo": "N4_VD13A_LATEST_20120616",
    "ConversionSoftware": "dcm2niix",
    "ConversionSoftwareVersion": "v1.0.20180518 GCC4.8.5",
    "DerivedVendorReportedEchoSpacing": 0.000616166,
    "DwellTime": 4e-06,
    "EchoTime": 0.027,
    "EchoTrainLength": 29,
    "EffectiveEchoSpacing": 0.000308083,
    "FlipAngle": 71,
    "ImageOrientationPatientDICOM": [
      1,
      0,
      0,
      0,
      0.998719,
      -0.0505929
    ],
    "ImageType": [
      "ORIGINAL",
      "PRIMARY",
      "M",
      "ND",
      "NORM",
      "MOSAIC"
    ],
    "InPlanePhaseEncodingDirectionDICOM": "COL",
    "InstitutionName": "Princeton_University_-_Neuroscience_Institute",
    "InstitutionalDepartmentName": "Department",
    "MRAcquisitionType": "2D",
    "MagneticFieldStrength": 3,
    "Manufacturer": "Siemens",
    "ManufacturersModelName": "Skyra",
    "Modality": "MR",
    "ParallelReductionFactorInPlane": 2,
    "PartialFourier": 1,
    "PatientPosition": "HFS",
    "PercentPhaseFOV": 100,
    "PhaseEncodingDirection": "j-",
    "PhaseEncodingSteps": 59,
    "PhaseResolution": 0.9,
    "PixelBandwidth": 1895,
    "PulseSequenceDetails": "%SiemensSeq%_ep2d_pace",
    "ReceiveCoilActiveElements": "HE1-4",
    "ReceiveCoilName": "HeadNeck_20",
    "ReconMatrixPE": 66,
    "RepetitionTime": 2.4,
    "SAR": 0.131919,
    "ScanOptions": "FS",
    "ScanningSequence": "EP",
    "SequenceName": "_epfid2d1_59",
    "SequenceVariant": "SK_OSP",
    "ShimSetting": [
      3387,
      8549,
      9479,
      596,
      80,
      -258,
      731,
      234
    ],
    "SliceThickness": 2.5,
    "SliceTiming": [
      1.19,
      0,
      1.24,
      0.05,
      1.2925,
      0.1025,
      1.345,
      0.155,
      1.395,
      0.2075,
      1.4475,
      0.2575,
      1.5,
      0.31,
      1.5525,
      0.3625,
      1.6025,
      0.4125,
      1.655,
      0.465,
      1.7075,
      0.5175,
      1.7575,
      0.5675,
      1.81,
      0.62,
      1.8625,
      0.6725,
      1.9125,
      0.7225,
      1.965,
      0.775,
      2.0175,
      0.8275,
      2.0675,
      0.88,
      2.12,
      0.93,
      2.1725,
      0.9825,
      2.2225,
      1.035,
      2.275,
      1.085,
      2.3275,
      1.1375
    ],
    "SoftwareVersions": "syngo_MR_D13",
    "SpacingBetweenSlices": 3,
    "TaskName": "Decision-making task",
    "TotalReadoutTime": 0.0200254,
    "TxRefAmp": 367.586,
    "dataset": "ds001715",
    "modality": "bold",
    "run_id": 12,
    "subject_id": "21",
    "task_id": "dts"
  },
  "dummy_trs": 0,
  "dvars_nstd": 39.13606106251574,
  "dvars_std": 1.2406629151572321,
  "dvars_vstd": 1.010031537610063,
  "efc": 0.5508573639181891,
  "fber": 1068.8885498046875,
  "fd_mean": 0.0834774737708932,
  "fd_num": 4,
  "fd_perc": 2.5,
  "fwhm_avg": 1.839121890765239,
  "fwhm_x": 1.7407466157132108,
  "fwhm_y": 2.055462389915839,
  "fwhm_z": 1.7211566666666667,
  "gcor": 0.0108183,
  "gsr_x": -0.011448770761489868,
  "gsr_y": 0.06499703228473663,
  "provenance": {
    "md5sum": "885e3e06ad798215a72cf3305ea7a9f5",
    "settings": {
      "fd_thres": 0.2,
      "testing": false
    },
    "software": "mriqc",
    "version": "22.0.6",
    "webapi_port": null,
    "webapi_url": "https://mriqc.nimh.nih.gov/api/v1"
  },
  "size_t": 160,
  "size_x": 66,
  "size_y": 66,
  "size_z": 46,
  "snr": 5.332009991567395,
  "spacing_tr": 2.4000000953674316,
  "spacing_x": 2.9696969985961914,
  "spacing_y": 2.9696967601776123,
  "spacing_z": 3.0,
  "summary_bg_k": 24.34912743015341,
  "summary_bg_mad": 23.50851114439552,
  "summary_bg_mean": 62.30809020996094,
  "summary_bg_median": 29.4375,
  "summary_bg_n": 119755.0,
  "summary_bg_p05": 10.912500381469727,
  "summary_bg_p95": 197.07625427246066,
  "summary_bg_stdv": 90.70214080810547,
  "summary_fg_k": 2.217190605709778,
  "summary_fg_mad": 167.33949534629738,
  "summary_fg_mean": 1006.97802734375,
  "summary_fg_median": 986.6812744140625,
  "summary_fg_n": 40259.0,
  "summary_fg_p05": 757.2425231933594,
  "summary_fg_p95": 1330.9075073242188,
  "summary_fg_stdv": 185.04635620117188,
  "tsnr": 52.57967876875773
}