{
  "aor": 0.0006808805031446541,
  "aqi": 0.007885150251572328,
  "bids_meta": {
    "AcquisitionMatrixPE": 59,
    "BandwidthPerPixelPhaseEncode": 49.18,
    "BaseResolution": 66,
    "BodyPartExamined": "HEAD",
    "ConsistencyInfo": "N4_VD13A_LATEST_20120616",
    "ConversionSoftware": "dcm2niix",
    "ConversionSoftwareVersion": "v1.0.20180518 GCC4.8.5",
    "DerivedVendorReportedEchoSpacing": 0.000616166,
    "DwellTime": 4e-06,
    "EchoTime": 0.027,
    "EchoTrainLength": 29,
    "EffectiveEchoSpacing": 0.000308083,
    "FlipAngle": 71,
    "ImageOrientationPatientDICOM": [
      1,
      0,
      0,
      0,
      0.998719,
      -0.0505929
    ],
    "ImageType": [
      "ORIGINAL",
      "PRIMARY",
      "M",
      "ND",
      "NORM",
      "MOSAIC"
    ],
    "InPlanePhaseEncodingDirectionDICOM": "COL",
    "InstitutionName": "Princeton_University_-_Neuroscience_Institute",
    "InstitutionalDepartmentName": "Department",
    "MRAcquisitionType": "2D",
    "MagneticFieldStrength": 3,
    "Manufacturer": "Siemens",
    "ManufacturersModelName": "Skyra",
    "Modality": "MR",
    "ParallelReductionFactorInPlane": 2,
    "PartialFourier": 1,
    "PatientPosition": "HFS",
    "PercentPhaseFOV": 100,
    "PhaseEncodingDirection": "j-",
    "PhaseEncodingSteps": 59,
    "PhaseResolution": 0.9,
    "PixelBandwidth": 1895,
    "PulseSequenceDetails": "%SiemensSeq%_ep2d_pace",
    "ReceiveCoilActiveElements": "HE1-4",
    "ReceiveCoilName": "HeadNeck_20",
    "ReconMatrixPE": 66,
    "RepetitionTime": 2.4,
    "SAR": 0.131919,
    "ScanOptions": "FS",
    "ScanningSequence": "EP",
    "SequenceName": "_epfid2d1_59",
    "SequenceVariant": "SK_OSP",
    "ShimSetting": [
      3387,
      8549,
      9479,
      596,
      80,
      -258,
      731,
      234
    ],
    "SliceThickness": 2.5,
    "SliceTiming": [
      1.19,
      0,
      1.24,
      0.05,
      1.2925,
      0.1025,
      1.345,
      0.155,
      1.395,
      0.2075,
      1.4475,
      0.2575,
      1.5,
      0.31,
      1.5525,
      0.3625,
      1.6025,
      0.4125,
      1.655,
      0.465,
      1.7075,
      0.5175,
      1.7575,
      0.5675,
      1.81,
      0.62,
      1.8625,
      0.6725,
      1.9125,
      0.7225,
      1.965,
      0.775,
      2.0175,
      0.8275,
      2.0675,
      0.88,
      2.12,
      0.93,
      2.1725,
      0.9825,
      2.2225,
      1.035,
      2.275,
      1.085,
      2.3275,
      1.1375
    ],
    "SoftwareVersions": "syngo_MR_D13",
    "SpacingBetweenSlices": 3,
    "TaskName": "Decision-making task",
    "TotalReadoutTime": 0.0200254,
    "TxRefAmp": 367.586,
    "dataset": "ds001715",
    "modality": "bold",
    "run_id": 6,
    "subject_id": "21",
    "task_id": "dts"
  },
  "dummy_trs": 1,
  "dvars_nstd": 33.9535729493038,
  "dvars_std": 1.287721532974684,
  "dvars_vstd": 1.0105503438607597,
  "efc": 0.5377744843807114,
  "fber": 1491.6651611328125,
  "fd_mean": 0.07168853639015918,
  "fd_num": 1,
  "fd_perc": 0.6289308176100629,
  "fwhm_avg": 1.7287390190279917,
  "fwhm_x": 1.6146058006142032,
  "fwhm_y": 1.8995912564697714,
  "fwhm_z": 1.67202,
  "gcor": 0.0168705,
  "gsr_x": -0.005656910594552755,
  "gsr_y": 0.04117045924067497,
  "provenance": {
    "md5sum": "967461e8a2e8a85c62edebe54b22a3f5",
    "settings": {
      "fd_thres": 0.2,
      "testing": false
    },
    "software": "mriqc",
    "version": "22.0.6",
    "webapi_port": null,
    "webapi_url": "https://mriqc.nimh.nih.gov/api/v1"
  },
  "size_t": 159,
  "size_x": 66,
  "size_y": 66,
  "size_z": 46,
  "snr": 5.8574560986110935,
  "spacing_tr": 2.4000000953674316,
  "spacing_x": 2.9696969985961914,
  "spacing_y": 2.9696967601776123,
  "spacing_z": 3.0,
  "summary_bg_k": 31.32204037768964,
  "summary_bg_mad": 17.59541147481699,
  "summary_bg_mean": 51.39004135131836,
  "summary_bg_median": 24.616352081298828,
  "summary_bg_n": 119674.0,
  "summary_bg_p05": 9.786163330078125,
  "summary_bg_p95": 167.8490447998047,
  "summary_bg_stdv": 84.09822845458984,
  "summary_fg_k": 3.2514077084144093,
  "summary_fg_mad": 149.56559772354925,
  "summary_fg_mean": 986.68505859375,
  "summary_fg_median": 969.60693359375,
  "summary_fg_n": 40254.0,
  "summary_fg_p05": 767.2974792480469,
  "summary_fg_p95": 1259.9587829589843,
  "summary_fg_stdv": 165.53173828125,
  "tsnr": 61.310822911094874
}