{
  "aor": 0.0007633124999999999,
  "aqi": 0.0069029444375,
  "bids_meta": {
    "AcquisitionMatrixPE": 59,
    "BandwidthPerPixelPhaseEncode": 49.18,
    "BaseResolution": 66,
    "BodyPartExamined": "HEAD",
    "ConsistencyInfo": "N4_VD13A_LATEST_20120616",
    "ConversionSoftware": "dcm2niix",
    "ConversionSoftwareVersion": "v1.0.20180518 GCC4.8.5",
    "DerivedVendorReportedEchoSpacing": 0.000616166,
    "DwellTime": 4e-06,
    "EchoTime": 0.027,
    "EchoTrainLength": 29,
    "EffectiveEchoSpacing": 0.000308083,
    "FlipAngle": 71,
    "ImageOrientationPatientDICOM": [
      1,
      0,
      0,
      0,
      0.998719,
      -0.0505929
    ],
    "ImageType": [
      "ORIGINAL",
      "PRIMARY",
      "M",
      "ND",
      "NORM",
      "MOSAIC"
    ],
    "InPlanePhaseEncodingDirectionDICOM": "COL",
    "InstitutionName": "Princeton_University_-_Neuroscience_Institute",
    "InstitutionalDepartmentName": "Department",
    "MRAcquisitionType": "2D",
    "MagneticFieldStrength": 3,
    "Manufacturer": "Siemens",
    "ManufacturersModelName": "Skyra",
    "Modality": "MR",
    "ParallelReductionFactorInPlane": 2,
    "PartialFourier": 1,
    "PatientPosition": "HFS",
    "PercentPhaseFOV": 100,
    "PhaseEncodingDirection": "j-",
    "PhaseEncodingSteps": 59,
    "PhaseResolution": 0.9,
    "PixelBandwidth": 1895,
    "PulseSequenceDetails": "%SiemensSeq%_ep2d_pace",
    "ReceiveCoilActiveElements": "HE1-4",
    "ReceiveCoilName": "HeadNeck_20",
    "ReconMatrixPE": 66,
    "RepetitionTime": 2.4,
    "SAR": 0.131919,
    "ScanOptions": "FS",
    "ScanningSequence": "EP",
    "SequenceName": "_epfid2d1_59",
    "SequenceVariant": "SK_OSP",
    "ShimSetting": [
      3387,
      8549,
      9479,
      596,
      80,
      -258,
      731,
      234
    ],
    "SliceThickness": 2.5,
    "SliceTiming": [
      1.19,
      0,
      1.24,
      0.05,
      1.2925,
      0.1025,
      1.345,
      0.155,
      1.395,
      0.2075,
      1.4475,
      0.2575,
      1.5,
      0.31,
      1.5525,
      0.3625,
      1.6025,
      0.4125,
      1.655,
      0.465,
      1.7075,
      0.5175,
      1.7575,
      0.5675,
      1.81,
      0.62,
      1.8625,
      0.6725,
      1.9125,
      0.7225,
      1.965,
      0.775,
      2.0175,
      0.8275,
      2.0675,
      0.88,
      2.12,
      0.93,
      2.1725,
      0.9825,
      2.2225,
      1.035,
      2.275,
      1.085,
      2.3275,
      1.1375
    ],
    "SoftwareVersions": "syngo_MR_D13",
    "SpacingBetweenSlices": 3,
    "TaskName": "Decision-making task",
    "TotalReadoutTime": 0.0200254,
    "TxRefAmp": 367.586,
    "dataset": "ds001715",
    "modality": "bold",
    "run_id": 8,
    "subject_id": "08",
    "task_id": "dts"
  },
  "dummy_trs": 0,
  "dvars_nstd": 31.603182078867924,
  "dvars_std": 1.1351361506918236,
  "dvars_vstd": 1.005172450628931,
  "efc": 0.5712246230147631,
  "fber": 1199.9046630859375,
  "fd_mean": 0.07548596649907474,
  "fd_num": 5,
  "fd_perc": 3.125,
  "fwhm_avg": 1.8697725954441546,
  "fwhm_x": 1.7332542688473462,
  "fwhm_y": 2.048000184151784,
  "fwhm_z": 1.8280633333333334,
  "gcor": 0.00920422,
  "gsr_x": -0.01749354973435402,
  "gsr_y": 0.07847610861063004,
  "provenance": {
    "md5sum": "b79c4d5675aab515a4262f214ab722ad",
    "settings": {
      "fd_thres": 0.2,
      "testing": false
    },
    "software": "mriqc",
    "version": "22.0.6",
    "webapi_port": null,
    "webapi_url": "https://mriqc.nimh.nih.gov/api/v1"
  },
  "size_t": 160,
  "size_x": 66,
  "size_y": 66,
  "size_z": 46,
  "snr": 4.612952859622006,
  "spacing_tr": 2.4000000953674316,
  "spacing_x": 2.9696969985961914,
  "spacing_y": 2.9696969985961914,
  "spacing_z": 3.0,
  "summary_bg_k": 44.210262361365274,
  "summary_bg_mad": 19.005107754036548,
  "summary_bg_mean": 50.977882385253906,
  "summary_bg_median": 26.387500762939453,
  "summary_bg_n": 110365.0,
  "summary_bg_p05": 10.90000057220459,
  "summary_bg_p95": 151.96875,
  "summary_bg_stdv": 70.8624038696289,
  "summary_fg_k": 3.645096264598947,
  "summary_fg_mad": 176.3554614985549,
  "summary_fg_mean": 972.7735595703125,
  "summary_fg_median": 945.4249877929688,
  "summary_fg_n": 48507.0,
  "summary_fg_p05": 708.3018737792969,
  "summary_fg_p95": 1323.3731323242187,
  "summary_fg_stdv": 204.9479522705078,
  "tsnr": 53.29237477481365
}