{
  "aor": 0.016996875,
  "aqi": 0.040121859375,
  "bids_meta": {
    "AcquisitionMatrixPE": 59,
    "BandwidthPerPixelPhaseEncode": 49.18,
    "BaseResolution": 66,
    "BodyPartExamined": "HEAD",
    "ConsistencyInfo": "N4_VD13A_LATEST_20120616",
    "ConversionSoftware": "dcm2niix",
    "ConversionSoftwareVersion": "v1.0.20180518 GCC4.8.5",
    "DerivedVendorReportedEchoSpacing": 0.000616166,
    "DwellTime": 4e-06,
    "EchoTime": 0.027,
    "EchoTrainLength": 29,
    "EffectiveEchoSpacing": 0.000308083,
    "FlipAngle": 71,
    "ImageOrientationPatientDICOM": [
      1,
      0,
      0,
      0,
      0.998719,
      -0.0505929
    ],
    "ImageType": [
      "ORIGINAL",
      "PRIMARY",
      "M",
      "ND",
      "NORM",
      "MOSAIC"
    ],
    "InPlanePhaseEncodingDirectionDICOM": "COL",
    "InstitutionName": "Princeton_University_-_Neuroscience_Institute",
    "InstitutionalDepartmentName": "Department",
    "MRAcquisitionType": "2D",
    "MagneticFieldStrength": 3,
    "Manufacturer": "Siemens",
    "ManufacturersModelName": "Skyra",
    "Modality": "MR",
    "ParallelReductionFactorInPlane": 2,
    "PartialFourier": 1,
    "PatientPosition": "HFS",
    "PercentPhaseFOV": 100,
    "PhaseEncodingDirection": "j-",
    "PhaseEncodingSteps": 59,
    "PhaseResolution": 0.9,
    "PixelBandwidth": 1895,
    "PulseSequenceDetails": "%SiemensSeq%_ep2d_pace",
    "ReceiveCoilActiveElements": "HE1-4",
    "ReceiveCoilName": "HeadNeck_20",
    "ReconMatrixPE": 66,
    "RepetitionTime": 2.4,
    "SAR": 0.131919,
    "ScanOptions": "FS",
    "ScanningSequence": "EP",
    "SequenceName": "_epfid2d1_59",
    "SequenceVariant": "SK_OSP",
    "ShimSetting": [
      3387,
      8549,
      9479,
      596,
      80,
      -258,
      731,
      234
    ],
    "SliceThickness": 2.5,
    "SliceTiming": [
      1.19,
      0,
      1.24,
      0.05,
      1.2925,
      0.1025,
      1.345,
      0.155,
      1.395,
      0.2075,
      1.4475,
      0.2575,
      1.5,
      0.31,
      1.5525,
      0.3625,
      1.6025,
      0.4125,
      1.655,
      0.465,
      1.7075,
      0.5175,
      1.7575,
      0.5675,
      1.81,
      0.62,
      1.8625,
      0.6725,
      1.9125,
      0.7225,
      1.965,
      0.775,
      2.0175,
      0.8275,
      2.0675,
      0.88,
      2.12,
      0.93,
      2.1725,
      0.9825,
      2.2225,
      1.035,
      2.275,
      1.085,
      2.3275,
      1.1375
    ],
    "SoftwareVersions": "syngo_MR_D13",
    "SpacingBetweenSlices": 3,
    "TaskName": "Decision-making task",
    "TotalReadoutTime": 0.0200254,
    "TxRefAmp": 367.586,
    "dataset": "ds001715",
    "modality": "bold",
    "run_id": 11,
    "subject_id": "32",
    "task_id": "dts"
  },
  "dummy_trs": 0,
  "dvars_nstd": 60.239666308742144,
  "dvars_std": 1.220801439371069,
  "dvars_vstd": 1.1147294220125783,
  "efc": 0.5587371854043358,
  "fber": 776.8342895507812,
  "fd_mean": 1.2053186740300985,
  "fd_num": 134,
  "fd_perc": 83.75,
  "fwhm_avg": 1.7138584469390228,
  "fwhm_x": 1.6355978412262486,
  "fwhm_y": 1.7896741662574869,
  "fwhm_z": 1.7163033333333333,
  "gcor": 0.069954,
  "gsr_x": 0.003296395530924201,
  "gsr_y": 0.03897972032427788,
  "provenance": {
    "md5sum": "cf55b33a00606697894af72e737bed08",
    "settings": {
      "fd_thres": 0.2,
      "testing": false
    },
    "software": "mriqc",
    "version": "22.0.6",
    "webapi_port": null,
    "webapi_url": "https://mriqc.nimh.nih.gov/api/v1"
  },
  "size_t": 160,
  "size_x": 66,
  "size_y": 66,
  "size_z": 46,
  "snr": 6.193094886180597,
  "spacing_tr": 2.4000000953674316,
  "spacing_x": 2.9696969985961914,
  "spacing_y": 2.9696969985961914,
  "spacing_z": 3.0,
  "summary_bg_k": 38.35643516463448,
  "summary_bg_mad": 27.557872412663986,
  "summary_bg_mean": 64.84347534179688,
  "summary_bg_median": 33.56875228881836,
  "summary_bg_n": 118829.0,
  "summary_bg_p05": 10.946250152587893,
  "summary_bg_p95": 216.32375183105452,
  "summary_bg_stdv": 100.91011810302734,
  "summary_fg_k": 2.799447100706005,
  "summary_fg_mad": 139.05422489637021,
  "summary_fg_mean": 987.54833984375,
  "summary_fg_median": 965.7562866210938,
  "summary_fg_n": 41046.0,
  "summary_fg_p05": 787.5062561035156,
  "summary_fg_p95": 1264.7765808105469,
  "summary_fg_stdv": 155.9389190673828,
  "tsnr": 23.56893530767411
}