{
  "aor": 0.0009261249999999999,
  "aqi": 0.009634077250000001,
  "bids_meta": {
    "AcquisitionMatrixPE": 59,
    "BandwidthPerPixelPhaseEncode": 49.18,
    "BaseResolution": 66,
    "BodyPartExamined": "HEAD",
    "ConsistencyInfo": "N4_VD13A_LATEST_20120616",
    "ConversionSoftware": "dcm2niix",
    "ConversionSoftwareVersion": "v1.0.20180518 GCC4.8.5",
    "DerivedVendorReportedEchoSpacing": 0.000616166,
    "DwellTime": 4e-06,
    "EchoTime": 0.027,
    "EchoTrainLength": 29,
    "EffectiveEchoSpacing": 0.000308083,
    "FlipAngle": 71,
    "ImageOrientationPatientDICOM": [
      1,
      0,
      0,
      0,
      0.998719,
      -0.0505929
    ],
    "ImageType": [
      "ORIGINAL",
      "PRIMARY",
      "M",
      "ND",
      "NORM",
      "MOSAIC"
    ],
    "InPlanePhaseEncodingDirectionDICOM": "COL",
    "InstitutionName": "Princeton_University_-_Neuroscience_Institute",
    "InstitutionalDepartmentName": "Department",
    "MRAcquisitionType": "2D",
    "MagneticFieldStrength": 3,
    "Manufacturer": "Siemens",
    "ManufacturersModelName": "Skyra",
    "Modality": "MR",
    "ParallelReductionFactorInPlane": 2,
    "PartialFourier": 1,
    "PatientPosition": "HFS",
    "PercentPhaseFOV": 100,
    "PhaseEncodingDirection": "j-",
    "PhaseEncodingSteps": 59,
    "PhaseResolution": 0.9,
    "PixelBandwidth": 1895,
    "PulseSequenceDetails": "%SiemensSeq%_ep2d_pace",
    "ReceiveCoilActiveElements": "HE1-4",
    "ReceiveCoilName": "HeadNeck_20",
    "ReconMatrixPE": 66,
    "RepetitionTime": 2.4,
    "SAR": 0.131919,
    "ScanOptions": "FS",
    "ScanningSequence": "EP",
    "SequenceName": "_epfid2d1_59",
    "SequenceVariant": "SK_OSP",
    "ShimSetting": [
      3387,
      8549,
      9479,
      596,
      80,
      -258,
      731,
      234
    ],
    "SliceThickness": 2.5,
    "SliceTiming": [
      1.19,
      0,
      1.24,
      0.05,
      1.2925,
      0.1025,
      1.345,
      0.155,
      1.395,
      0.2075,
      1.4475,
      0.2575,
      1.5,
      0.31,
      1.5525,
      0.3625,
      1.6025,
      0.4125,
      1.655,
      0.465,
      1.7075,
      0.5175,
      1.7575,
      0.5675,
      1.81,
      0.62,
      1.8625,
      0.6725,
      1.9125,
      0.7225,
      1.965,
      0.775,
      2.0175,
      0.8275,
      2.0675,
      0.88,
      2.12,
      0.93,
      2.1725,
      0.9825,
      2.2225,
      1.035,
      2.275,
      1.085,
      2.3275,
      1.1375
    ],
    "SoftwareVersions": "syngo_MR_D13",
    "SpacingBetweenSlices": 3,
    "TaskName": "Decision-making task",
    "TotalReadoutTime": 0.0200254,
    "TxRefAmp": 367.586,
    "dataset": "ds001715",
    "modality": "bold",
    "run_id": 11,
    "subject_id": "14",
    "task_id": "dts"
  },
  "dummy_trs": 0,
  "dvars_nstd": 36.64566042452831,
  "dvars_std": 1.1289983032075472,
  "dvars_vstd": 1.0094327242138366,
  "efc": 0.5568937190000831,
  "fber": 957.9638671875,
  "fd_mean": 0.08944497523577674,
  "fd_num": 8,
  "fd_perc": 5.0,
  "fwhm_avg": 1.831572391449425,
  "fwhm_x": 1.748565595228958,
  "fwhm_y": 2.0058982457859833,
  "fwhm_z": 1.7402533333333334,
  "gcor": 0.00802162,
  "gsr_x": -0.013122007250785828,
  "gsr_y": 0.07390038669109344,
  "provenance": {
    "md5sum": "17cdfd7d73b9b7c6956d20b86b470413",
    "settings": {
      "fd_thres": 0.2,
      "testing": false
    },
    "software": "mriqc",
    "version": "22.0.6",
    "webapi_port": null,
    "webapi_url": "https://mriqc.nimh.nih.gov/api/v1"
  },
  "size_t": 160,
  "size_x": 66,
  "size_y": 66,
  "size_z": 46,
  "snr": 5.077800895292646,
  "spacing_tr": 2.4000000953674316,
  "spacing_x": 2.9696969985961914,
  "spacing_y": 2.9696969985961914,
  "spacing_z": 3.0,
  "summary_bg_k": 31.536521218029307,
  "summary_bg_mad": 20.895425017063328,
  "summary_bg_mean": 53.3985595703125,
  "summary_bg_median": 27.537500381469727,
  "summary_bg_n": 117637.0,
  "summary_bg_p05": 11.012499809265137,
  "summary_bg_p95": 158.1424987792968,
  "summary_bg_stdv": 68.27619171142578,
  "summary_fg_k": 1.8284774219801525,
  "summary_fg_mad": 162.57198448924368,
  "summary_fg_mean": 898.033203125,
  "summary_fg_median": 881.268798828125,
  "summary_fg_n": 42078.0,
  "summary_fg_p05": 653.4668731689453,
  "summary_fg_p95": 1204.528173828125,
  "summary_fg_stdv": 173.55117797851562,
  "tsnr": 46.29726450634189
}