{
  "aor": 0.0010675625000000002,
  "aqi": 0.007442432375,
  "bids_meta": {
    "AcquisitionMatrixPE": 59,
    "BandwidthPerPixelPhaseEncode": 49.18,
    "BaseResolution": 66,
    "BodyPartExamined": "HEAD",
    "ConsistencyInfo": "N4_VD13A_LATEST_20120616",
    "ConversionSoftware": "dcm2niix",
    "ConversionSoftwareVersion": "v1.0.20180518 GCC4.8.5",
    "DerivedVendorReportedEchoSpacing": 0.000616166,
    "DwellTime": 4e-06,
    "EchoTime": 0.027,
    "EchoTrainLength": 29,
    "EffectiveEchoSpacing": 0.000308083,
    "FlipAngle": 71,
    "ImageOrientationPatientDICOM": [
      1,
      0,
      0,
      0,
      0.998719,
      -0.0505929
    ],
    "ImageType": [
      "ORIGINAL",
      "PRIMARY",
      "M",
      "ND",
      "NORM",
      "MOSAIC"
    ],
    "InPlanePhaseEncodingDirectionDICOM": "COL",
    "InstitutionName": "Princeton_University_-_Neuroscience_Institute",
    "InstitutionalDepartmentName": "Department",
    "MRAcquisitionType": "2D",
    "MagneticFieldStrength": 3,
    "Manufacturer": "Siemens",
    "ManufacturersModelName": "Skyra",
    "Modality": "MR",
    "ParallelReductionFactorInPlane": 2,
    "PartialFourier": 1,
    "PatientPosition": "HFS",
    "PercentPhaseFOV": 100,
    "PhaseEncodingDirection": "j-",
    "PhaseEncodingSteps": 59,
    "PhaseResolution": 0.9,
    "PixelBandwidth": 1895,
    "PulseSequenceDetails": "%SiemensSeq%_ep2d_pace",
    "ReceiveCoilActiveElements": "HE1-4",
    "ReceiveCoilName": "HeadNeck_20",
    "ReconMatrixPE": 66,
    "RepetitionTime": 2.4,
    "SAR": 0.131919,
    "ScanOptions": "FS",
    "ScanningSequence": "EP",
    "SequenceName": "_epfid2d1_59",
    "SequenceVariant": "SK_OSP",
    "ShimSetting": [
      3387,
      8549,
      9479,
      596,
      80,
      -258,
      731,
      234
    ],
    "SliceThickness": 2.5,
    "SliceTiming": [
      1.19,
      0,
      1.24,
      0.05,
      1.2925,
      0.1025,
      1.345,
      0.155,
      1.395,
      0.2075,
      1.4475,
      0.2575,
      1.5,
      0.31,
      1.5525,
      0.3625,
      1.6025,
      0.4125,
      1.655,
      0.465,
      1.7075,
      0.5175,
      1.7575,
      0.5675,
      1.81,
      0.62,
      1.8625,
      0.6725,
      1.9125,
      0.7225,
      1.965,
      0.775,
      2.0175,
      0.8275,
      2.0675,
      0.88,
      2.12,
      0.93,
      2.1725,
      0.9825,
      2.2225,
      1.035,
      2.275,
      1.085,
      2.3275,
      1.1375
    ],
    "SoftwareVersions": "syngo_MR_D13",
    "SpacingBetweenSlices": 3,
    "TaskName": "Decision-making task",
    "TotalReadoutTime": 0.0200254,
    "TxRefAmp": 367.586,
    "dataset": "ds001715",
    "modality": "bold",
    "run_id": 4,
    "subject_id": "14",
    "task_id": "dts"
  },
  "dummy_trs": 0,
  "dvars_nstd": 28.075569177106903,
  "dvars_std": 1.1373310351572334,
  "dvars_vstd": 1.0091535757232706,
  "efc": 0.5407554914772327,
  "fber": 1478.540771484375,
  "fd_mean": 0.09938598398234857,
  "fd_num": 9,
  "fd_perc": 5.625,
  "fwhm_avg": 1.683404682823836,
  "fwhm_x": 1.5714263112384805,
  "fwhm_y": 1.8362277372330282,
  "fwhm_z": 1.6425599999999998,
  "gcor": 0.0364119,
  "gsr_x": -0.00627853162586689,
  "gsr_y": 0.03826899453997612,
  "provenance": {
    "md5sum": "de5feed46381e969970c1dc5674fba4c",
    "settings": {
      "fd_thres": 0.2,
      "testing": false
    },
    "software": "mriqc",
    "version": "22.0.6",
    "webapi_port": null,
    "webapi_url": "https://mriqc.nimh.nih.gov/api/v1"
  },
  "size_t": 160,
  "size_x": 66,
  "size_y": 66,
  "size_z": 46,
  "snr": 5.6870566198458805,
  "spacing_tr": 2.4000000953674316,
  "spacing_x": 2.9696969985961914,
  "spacing_y": 2.9696969985961914,
  "spacing_z": 3.0,
  "summary_bg_k": 43.30651548617145,
  "summary_bg_mad": 13.009835315738451,
  "summary_bg_mean": 40.69791793823242,
  "summary_bg_median": 21.418750762939453,
  "summary_bg_n": 117149.0,
  "summary_bg_p05": 10.21875,
  "summary_bg_p95": 126.59375,
  "summary_bg_stdv": 62.76887512207031,
  "summary_fg_k": 2.559895313459431,
  "summary_fg_mad": 144.75759220751232,
  "summary_fg_mean": 860.7391357421875,
  "summary_fg_median": 844.6312866210938,
  "summary_fg_n": 42207.0,
  "summary_fg_p05": 662.0106506347656,
  "summary_fg_p95": 1105.8168579101562,
  "summary_fg_stdv": 148.51641845703125,
  "tsnr": 59.50846935482696
}