{
  "aor": 0.0006774999999999999,
  "aqi": 0.007709306437500001,
  "bids_meta": {
    "AcquisitionMatrixPE": 59,
    "BandwidthPerPixelPhaseEncode": 49.18,
    "BaseResolution": 66,
    "BodyPartExamined": "HEAD",
    "ConsistencyInfo": "N4_VD13A_LATEST_20120616",
    "ConversionSoftware": "dcm2niix",
    "ConversionSoftwareVersion": "v1.0.20180518 GCC4.8.5",
    "DerivedVendorReportedEchoSpacing": 0.000616166,
    "DwellTime": 4e-06,
    "EchoTime": 0.027,
    "EchoTrainLength": 29,
    "EffectiveEchoSpacing": 0.000308083,
    "FlipAngle": 71,
    "ImageOrientationPatientDICOM": [
      1,
      0,
      0,
      0,
      0.998719,
      -0.0505929
    ],
    "ImageType": [
      "ORIGINAL",
      "PRIMARY",
      "M",
      "ND",
      "NORM",
      "MOSAIC"
    ],
    "InPlanePhaseEncodingDirectionDICOM": "COL",
    "InstitutionName": "Princeton_University_-_Neuroscience_Institute",
    "InstitutionalDepartmentName": "Department",
    "MRAcquisitionType": "2D",
    "MagneticFieldStrength": 3,
    "Manufacturer": "Siemens",
    "ManufacturersModelName": "Skyra",
    "Modality": "MR",
    "ParallelReductionFactorInPlane": 2,
    "PartialFourier": 1,
    "PatientPosition": "HFS",
    "PercentPhaseFOV": 100,
    "PhaseEncodingDirection": "j-",
    "PhaseEncodingSteps": 59,
    "PhaseResolution": 0.9,
    "PixelBandwidth": 1895,
    "PulseSequenceDetails": "%SiemensSeq%_ep2d_pace",
    "ReceiveCoilActiveElements": "HE1-4",
    "ReceiveCoilName": "HeadNeck_20",
    "ReconMatrixPE": 66,
    "RepetitionTime": 2.4,
    "SAR": 0.131919,
    "ScanOptions": "FS",
    "ScanningSequence": "EP",
    "SequenceName": "_epfid2d1_59",
    "SequenceVariant": "SK_OSP",
    "ShimSetting": [
      3387,
      8549,
      9479,
      596,
      80,
      -258,
      731,
      234
    ],
    "SliceThickness": 2.5,
    "SliceTiming": [
      1.19,
      0,
      1.24,
      0.05,
      1.2925,
      0.1025,
      1.345,
      0.155,
      1.395,
      0.2075,
      1.4475,
      0.2575,
      1.5,
      0.31,
      1.5525,
      0.3625,
      1.6025,
      0.4125,
      1.655,
      0.465,
      1.7075,
      0.5175,
      1.7575,
      0.5675,
      1.81,
      0.62,
      1.8625,
      0.6725,
      1.9125,
      0.7225,
      1.965,
      0.775,
      2.0175,
      0.8275,
      2.0675,
      0.88,
      2.12,
      0.93,
      2.1725,
      0.9825,
      2.2225,
      1.035,
      2.275,
      1.085,
      2.3275,
      1.1375
    ],
    "SoftwareVersions": "syngo_MR_D13",
    "SpacingBetweenSlices": 3,
    "TaskName": "Decision-making task",
    "TotalReadoutTime": 0.0200254,
    "TxRefAmp": 367.586,
    "dataset": "ds001715",
    "modality": "bold",
    "run_id": 9,
    "subject_id": "29",
    "task_id": "dts"
  },
  "dummy_trs": 0,
  "dvars_nstd": 30.57596438157232,
  "dvars_std": 1.2277370983018872,
  "dvars_vstd": 1.00165032836478,
  "efc": 0.5322127226054691,
  "fber": 1485.500732421875,
  "fd_mean": 0.13033578216950056,
  "fd_num": 23,
  "fd_perc": 14.375,
  "fwhm_avg": 1.7332740135883735,
  "fwhm_x": 1.6255362086711007,
  "fwhm_y": 1.8749791654273524,
  "fwhm_z": 1.6993066666666667,
  "gcor": 0.0375666,
  "gsr_x": 0.008943108841776848,
  "gsr_y": 0.02732183411717415,
  "provenance": {
    "md5sum": "953edf56b1f1b6af487597cf23afafe0",
    "settings": {
      "fd_thres": 0.2,
      "testing": false
    },
    "software": "mriqc",
    "version": "22.0.6",
    "webapi_port": null,
    "webapi_url": "https://mriqc.nimh.nih.gov/api/v1"
  },
  "size_t": 160,
  "size_x": 66,
  "size_y": 66,
  "size_z": 46,
  "snr": 5.729302438374265,
  "spacing_tr": 2.4000000953674316,
  "spacing_x": 2.9696969985961914,
  "spacing_y": 2.9696969985961914,
  "spacing_z": 3.0,
  "summary_bg_k": 21.906737030037142,
  "summary_bg_mad": 12.018342537057448,
  "summary_bg_mean": 51.47719955444336,
  "summary_bg_median": 20.356250762939453,
  "summary_bg_n": 123949.0,
  "summary_bg_p05": 10.350000381469727,
  "summary_bg_p95": 223.76874694824164,
  "summary_bg_stdv": 89.8489990234375,
  "summary_fg_k": 4.496455701395181,
  "summary_fg_mad": 122.50005354945439,
  "summary_fg_mean": 815.1697998046875,
  "summary_fg_median": 798.018798828125,
  "summary_fg_n": 36684.0,
  "summary_fg_p05": 644.108755493164,
  "summary_fg_p95": 1039.8544372558595,
  "summary_fg_stdv": 139.2853546142578,
  "tsnr": 57.94658519886434
}