{
  "aor": 0.0006312500000000001,
  "aqi": 0.007237226000000001,
  "bids_meta": {
    "AcquisitionMatrixPE": 59,
    "BandwidthPerPixelPhaseEncode": 49.18,
    "BaseResolution": 66,
    "BodyPartExamined": "HEAD",
    "ConsistencyInfo": "N4_VD13A_LATEST_20120616",
    "ConversionSoftware": "dcm2niix",
    "ConversionSoftwareVersion": "v1.0.20180518 GCC4.8.5",
    "DerivedVendorReportedEchoSpacing": 0.000616166,
    "DwellTime": 4e-06,
    "EchoTime": 0.027,
    "EchoTrainLength": 29,
    "EffectiveEchoSpacing": 0.000308083,
    "FlipAngle": 71,
    "ImageOrientationPatientDICOM": [
      1,
      0,
      0,
      0,
      0.998719,
      -0.0505929
    ],
    "ImageType": [
      "ORIGINAL",
      "PRIMARY",
      "M",
      "ND",
      "NORM",
      "MOSAIC"
    ],
    "InPlanePhaseEncodingDirectionDICOM": "COL",
    "InstitutionName": "Princeton_University_-_Neuroscience_Institute",
    "InstitutionalDepartmentName": "Department",
    "MRAcquisitionType": "2D",
    "MagneticFieldStrength": 3,
    "Manufacturer": "Siemens",
    "ManufacturersModelName": "Skyra",
    "Modality": "MR",
    "ParallelReductionFactorInPlane": 2,
    "PartialFourier": 1,
    "PatientPosition": "HFS",
    "PercentPhaseFOV": 100,
    "PhaseEncodingDirection": "j-",
    "PhaseEncodingSteps": 59,
    "PhaseResolution": 0.9,
    "PixelBandwidth": 1895,
    "PulseSequenceDetails": "%SiemensSeq%_ep2d_pace",
    "ReceiveCoilActiveElements": "HE1-4",
    "ReceiveCoilName": "HeadNeck_20",
    "ReconMatrixPE": 66,
    "RepetitionTime": 2.4,
    "SAR": 0.131919,
    "ScanOptions": "FS",
    "ScanningSequence": "EP",
    "SequenceName": "_epfid2d1_59",
    "SequenceVariant": "SK_OSP",
    "ShimSetting": [
      3387,
      8549,
      9479,
      596,
      80,
      -258,
      731,
      234
    ],
    "SliceThickness": 2.5,
    "SliceTiming": [
      1.19,
      0,
      1.24,
      0.05,
      1.2925,
      0.1025,
      1.345,
      0.155,
      1.395,
      0.2075,
      1.4475,
      0.2575,
      1.5,
      0.31,
      1.5525,
      0.3625,
      1.6025,
      0.4125,
      1.655,
      0.465,
      1.7075,
      0.5175,
      1.7575,
      0.5675,
      1.81,
      0.62,
      1.8625,
      0.6725,
      1.9125,
      0.7225,
      1.965,
      0.775,
      2.0175,
      0.8275,
      2.0675,
      0.88,
      2.12,
      0.93,
      2.1725,
      0.9825,
      2.2225,
      1.035,
      2.275,
      1.085,
      2.3275,
      1.1375
    ],
    "SoftwareVersions": "syngo_MR_D13",
    "SpacingBetweenSlices": 3,
    "TaskName": "Decision-making task",
    "TotalReadoutTime": 0.0200254,
    "TxRefAmp": 367.586,
    "dataset": "ds001715",
    "modality": "bold",
    "run_id": 2,
    "subject_id": "31",
    "task_id": "dts"
  },
  "dummy_trs": 0,
  "dvars_nstd": 25.8433692619497,
  "dvars_std": 1.1551161783647794,
  "dvars_vstd": 0.9990194280503142,
  "efc": 0.5302650270583738,
  "fber": 1770.3221435546875,
  "fd_mean": 0.06109531800982275,
  "fd_num": 4,
  "fd_perc": 2.5,
  "fwhm_avg": 1.6876706919600621,
  "fwhm_x": 1.6028806986874882,
  "fwhm_y": 1.7844480438593646,
  "fwhm_z": 1.6756833333333334,
  "gcor": 0.0614696,
  "gsr_x": 0.017078658565878868,
  "gsr_y": 0.012552622705698013,
  "provenance": {
    "md5sum": "4ccddb9dd25020b4b430140cccec7269",
    "settings": {
      "fd_thres": 0.2,
      "testing": false
    },
    "software": "mriqc",
    "version": "22.0.6",
    "webapi_port": null,
    "webapi_url": "https://mriqc.nimh.nih.gov/api/v1"
  },
  "size_t": 160,
  "size_x": 66,
  "size_y": 66,
  "size_z": 46,
  "snr": 6.650352323933592,
  "spacing_tr": 2.4000000953674316,
  "spacing_x": 2.9696969985961914,
  "spacing_y": 2.9696969985961914,
  "spacing_z": 3.0,
  "summary_bg_k": 44.13604405672096,
  "summary_bg_mad": 11.925681312320505,
  "summary_bg_mean": 42.50389099121094,
  "summary_bg_median": 19.962499618530273,
  "summary_bg_n": 120356.0,
  "summary_bg_p05": 9.58750057220459,
  "summary_bg_p95": 143.984375,
  "summary_bg_stdv": 74.59388732910156,
  "summary_fg_k": 3.9782470475399494,
  "summary_fg_mad": 117.71860710025899,
  "summary_fg_mean": 865.6350708007812,
  "summary_fg_median": 854.75,
  "summary_fg_n": 39318.0,
  "summary_fg_p05": 695.6928436279297,
  "summary_fg_p95": 1068.862829589844,
  "summary_fg_stdv": 128.525390625,
  "tsnr": 63.70988577697426
}