{
  "aor": 0.00561025,
  "aqi": 0.011855588,
  "bids_meta": {
    "AcquisitionMatrixPE": 59,
    "BandwidthPerPixelPhaseEncode": 49.18,
    "BaseResolution": 66,
    "BodyPartExamined": "HEAD",
    "ConsistencyInfo": "N4_VD13A_LATEST_20120616",
    "ConversionSoftware": "dcm2niix",
    "ConversionSoftwareVersion": "v1.0.20180518 GCC4.8.5",
    "DerivedVendorReportedEchoSpacing": 0.000616166,
    "DwellTime": 4e-06,
    "EchoTime": 0.027,
    "EchoTrainLength": 29,
    "EffectiveEchoSpacing": 0.000308083,
    "FlipAngle": 71,
    "ImageOrientationPatientDICOM": [
      1,
      0,
      0,
      0,
      0.998719,
      -0.0505929
    ],
    "ImageType": [
      "ORIGINAL",
      "PRIMARY",
      "M",
      "ND",
      "NORM",
      "MOSAIC"
    ],
    "InPlanePhaseEncodingDirectionDICOM": "COL",
    "InstitutionName": "Princeton_University_-_Neuroscience_Institute",
    "InstitutionalDepartmentName": "Department",
    "MRAcquisitionType": "2D",
    "MagneticFieldStrength": 3,
    "Manufacturer": "Siemens",
    "ManufacturersModelName": "Skyra",
    "Modality": "MR",
    "ParallelReductionFactorInPlane": 2,
    "PartialFourier": 1,
    "PatientPosition": "HFS",
    "PercentPhaseFOV": 100,
    "PhaseEncodingDirection": "j-",
    "PhaseEncodingSteps": 59,
    "PhaseResolution": 0.9,
    "PixelBandwidth": 1895,
    "PulseSequenceDetails": "%SiemensSeq%_ep2d_pace",
    "ReceiveCoilActiveElements": "HE1-4",
    "ReceiveCoilName": "HeadNeck_20",
    "ReconMatrixPE": 66,
    "RepetitionTime": 2.4,
    "SAR": 0.131919,
    "ScanOptions": "FS",
    "ScanningSequence": "EP",
    "SequenceName": "_epfid2d1_59",
    "SequenceVariant": "SK_OSP",
    "ShimSetting": [
      3387,
      8549,
      9479,
      596,
      80,
      -258,
      731,
      234
    ],
    "SliceThickness": 2.5,
    "SliceTiming": [
      1.19,
      0,
      1.24,
      0.05,
      1.2925,
      0.1025,
      1.345,
      0.155,
      1.395,
      0.2075,
      1.4475,
      0.2575,
      1.5,
      0.31,
      1.5525,
      0.3625,
      1.6025,
      0.4125,
      1.655,
      0.465,
      1.7075,
      0.5175,
      1.7575,
      0.5675,
      1.81,
      0.62,
      1.8625,
      0.6725,
      1.9125,
      0.7225,
      1.965,
      0.775,
      2.0175,
      0.8275,
      2.0675,
      0.88,
      2.12,
      0.93,
      2.1725,
      0.9825,
      2.2225,
      1.035,
      2.275,
      1.085,
      2.3275,
      1.1375
    ],
    "SoftwareVersions": "syngo_MR_D13",
    "SpacingBetweenSlices": 3,
    "TaskName": "Decision-making task",
    "TotalReadoutTime": 0.0200254,
    "TxRefAmp": 367.586,
    "dataset": "ds001715",
    "modality": "bold",
    "run_id": 12,
    "subject_id": "25",
    "task_id": "dts"
  },
  "dummy_trs": 0,
  "dvars_nstd": 32.52939570924529,
  "dvars_std": 1.1659921084905658,
  "dvars_vstd": 1.0452384766666667,
  "efc": 0.5566335705651181,
  "fber": 1149.72216796875,
  "fd_mean": 0.16066791587626278,
  "fd_num": 22,
  "fd_perc": 13.75,
  "fwhm_avg": 1.8243874596419547,
  "fwhm_x": 1.6858756978798333,
  "fwhm_y": 2.017623347712698,
  "fwhm_z": 1.7696633333333331,
  "gcor": 0.0115698,
  "gsr_x": 0.006563288625329733,
  "gsr_y": 0.044014912098646164,
  "provenance": {
    "md5sum": "df855761b5d1c44253b9310e2765cb91",
    "settings": {
      "fd_thres": 0.2,
      "testing": false
    },
    "software": "mriqc",
    "version": "22.0.6",
    "webapi_port": null,
    "webapi_url": "https://mriqc.nimh.nih.gov/api/v1"
  },
  "size_t": 160,
  "size_x": 66,
  "size_y": 66,
  "size_z": 46,
  "snr": 6.431376980097886,
  "spacing_tr": 2.4000000953674316,
  "spacing_x": 2.9696969985961914,
  "spacing_y": 2.9696969985961914,
  "spacing_z": 3.0,
  "summary_bg_k": 27.356742287262026,
  "summary_bg_mad": 17.99971897296423,
  "summary_bg_mean": 55.82735824584961,
  "summary_bg_median": 23.837499618530273,
  "summary_bg_n": 118246.0,
  "summary_bg_p05": 9.331250190734863,
  "summary_bg_p95": 208.71875,
  "summary_bg_stdv": 97.23762512207031,
  "summary_fg_k": 3.069750018396003,
  "summary_fg_mad": 115.92096095940676,
  "summary_fg_mean": 847.19140625,
  "summary_fg_median": 834.7562866210938,
  "summary_fg_n": 40731.0,
  "summary_fg_p05": 670.6749877929688,
  "summary_fg_p95": 1070.0562744140625,
  "summary_fg_stdv": 129.79273986816406,
  "tsnr": 48.67602489970159
}