{
  "aor": 0.0006945,
  "aqi": 0.0060172278124999996,
  "bids_meta": {
    "AcquisitionMatrixPE": 59,
    "BandwidthPerPixelPhaseEncode": 49.18,
    "BaseResolution": 66,
    "BodyPartExamined": "HEAD",
    "ConsistencyInfo": "N4_VD13A_LATEST_20120616",
    "ConversionSoftware": "dcm2niix",
    "ConversionSoftwareVersion": "v1.0.20180518 GCC4.8.5",
    "DerivedVendorReportedEchoSpacing": 0.000616166,
    "DwellTime": 4e-06,
    "EchoTime": 0.027,
    "EchoTrainLength": 29,
    "EffectiveEchoSpacing": 0.000308083,
    "FlipAngle": 71,
    "ImageOrientationPatientDICOM": [
      1,
      0,
      0,
      0,
      0.998719,
      -0.0505929
    ],
    "ImageType": [
      "ORIGINAL",
      "PRIMARY",
      "M",
      "ND",
      "NORM",
      "MOSAIC"
    ],
    "InPlanePhaseEncodingDirectionDICOM": "COL",
    "InstitutionName": "Princeton_University_-_Neuroscience_Institute",
    "InstitutionalDepartmentName": "Department",
    "MRAcquisitionType": "2D",
    "MagneticFieldStrength": 3,
    "Manufacturer": "Siemens",
    "ManufacturersModelName": "Skyra",
    "Modality": "MR",
    "ParallelReductionFactorInPlane": 2,
    "PartialFourier": 1,
    "PatientPosition": "HFS",
    "PercentPhaseFOV": 100,
    "PhaseEncodingDirection": "j-",
    "PhaseEncodingSteps": 59,
    "PhaseResolution": 0.9,
    "PixelBandwidth": 1895,
    "PulseSequenceDetails": "%SiemensSeq%_ep2d_pace",
    "ReceiveCoilActiveElements": "HE1-4",
    "ReceiveCoilName": "HeadNeck_20",
    "ReconMatrixPE": 66,
    "RepetitionTime": 2.4,
    "SAR": 0.131919,
    "ScanOptions": "FS",
    "ScanningSequence": "EP",
    "SequenceName": "_epfid2d1_59",
    "SequenceVariant": "SK_OSP",
    "ShimSetting": [
      3387,
      8549,
      9479,
      596,
      80,
      -258,
      731,
      234
    ],
    "SliceThickness": 2.5,
    "SliceTiming": [
      1.19,
      0,
      1.24,
      0.05,
      1.2925,
      0.1025,
      1.345,
      0.155,
      1.395,
      0.2075,
      1.4475,
      0.2575,
      1.5,
      0.31,
      1.5525,
      0.3625,
      1.6025,
      0.4125,
      1.655,
      0.465,
      1.7075,
      0.5175,
      1.7575,
      0.5675,
      1.81,
      0.62,
      1.8625,
      0.6725,
      1.9125,
      0.7225,
      1.965,
      0.775,
      2.0175,
      0.8275,
      2.0675,
      0.88,
      2.12,
      0.93,
      2.1725,
      0.9825,
      2.2225,
      1.035,
      2.275,
      1.085,
      2.3275,
      1.1375
    ],
    "SoftwareVersions": "syngo_MR_D13",
    "SpacingBetweenSlices": 3,
    "TaskName": "Decision-making task",
    "TotalReadoutTime": 0.0200254,
    "TxRefAmp": 367.586,
    "dataset": "ds001715",
    "modality": "bold",
    "run_id": 7,
    "subject_id": "30",
    "task_id": "dts"
  },
  "dummy_trs": 0,
  "dvars_nstd": 32.06591570144655,
  "dvars_std": 1.1829098318867932,
  "dvars_vstd": 1.0040494044025159,
  "efc": 0.5691764957860944,
  "fber": 1066.2694091796875,
  "fd_mean": 0.05884055040923554,
  "fd_num": 4,
  "fd_perc": 2.5,
  "fwhm_avg": 1.912193252824732,
  "fwhm_x": 1.8062246763005094,
  "fwhm_y": 2.041555082173687,
  "fwhm_z": 1.8888,
  "gcor": 0.0114803,
  "gsr_x": -0.013294712640345097,
  "gsr_y": 0.043162744492292404,
  "provenance": {
    "md5sum": "7a26f8d96af45e812d595d6b2d7d7e22",
    "settings": {
      "fd_thres": 0.2,
      "testing": false
    },
    "software": "mriqc",
    "version": "22.0.6",
    "webapi_port": null,
    "webapi_url": "https://mriqc.nimh.nih.gov/api/v1"
  },
  "size_t": 160,
  "size_x": 66,
  "size_y": 66,
  "size_z": 46,
  "snr": 4.287457927400043,
  "spacing_tr": 2.4000000953674316,
  "spacing_x": 2.9696969985961914,
  "spacing_y": 2.9696969985961914,
  "spacing_z": 3.0,
  "summary_bg_k": 34.14049632878118,
  "summary_bg_mad": 17.74489530273892,
  "summary_bg_mean": 48.217262268066406,
  "summary_bg_median": 25.200000762939453,
  "summary_bg_n": 109928.0,
  "summary_bg_p05": 10.77500057220459,
  "summary_bg_p95": 147.7681282043455,
  "summary_bg_stdv": 70.42156982421875,
  "summary_fg_k": 2.6629346862804857,
  "summary_fg_mad": 162.54881882957955,
  "summary_fg_mean": 894.490234375,
  "summary_fg_median": 859.4000244140625,
  "summary_fg_n": 47779.0,
  "summary_fg_p05": 655.3181579589843,
  "summary_fg_p95": 1299.7893798828125,
  "summary_fg_stdv": 200.44302368164062,
  "tsnr": 57.201448953710496
}