{
  "aor": 0.0006488749999999999,
  "aqi": 0.005099986,
  "bids_meta": {
    "AcquisitionMatrixPE": 59,
    "BandwidthPerPixelPhaseEncode": 49.18,
    "BaseResolution": 66,
    "BodyPartExamined": "HEAD",
    "ConsistencyInfo": "N4_VD13A_LATEST_20120616",
    "ConversionSoftware": "dcm2niix",
    "ConversionSoftwareVersion": "v1.0.20180518 GCC4.8.5",
    "DerivedVendorReportedEchoSpacing": 0.000616166,
    "DwellTime": 4e-06,
    "EchoTime": 0.027,
    "EchoTrainLength": 29,
    "EffectiveEchoSpacing": 0.000308083,
    "FlipAngle": 71,
    "ImageOrientationPatientDICOM": [
      1,
      0,
      0,
      0,
      0.998719,
      -0.0505929
    ],
    "ImageType": [
      "ORIGINAL",
      "PRIMARY",
      "M",
      "ND",
      "NORM",
      "MOSAIC"
    ],
    "InPlanePhaseEncodingDirectionDICOM": "COL",
    "InstitutionName": "Princeton_University_-_Neuroscience_Institute",
    "InstitutionalDepartmentName": "Department",
    "MRAcquisitionType": "2D",
    "MagneticFieldStrength": 3,
    "Manufacturer": "Siemens",
    "ManufacturersModelName": "Skyra",
    "Modality": "MR",
    "ParallelReductionFactorInPlane": 2,
    "PartialFourier": 1,
    "PatientPosition": "HFS",
    "PercentPhaseFOV": 100,
    "PhaseEncodingDirection": "j-",
    "PhaseEncodingSteps": 59,
    "PhaseResolution": 0.9,
    "PixelBandwidth": 1895,
    "PulseSequenceDetails": "%SiemensSeq%_ep2d_pace",
    "ReceiveCoilActiveElements": "HE1-4",
    "ReceiveCoilName": "HeadNeck_20",
    "ReconMatrixPE": 66,
    "RepetitionTime": 2.4,
    "SAR": 0.131919,
    "ScanOptions": "FS",
    "ScanningSequence": "EP",
    "SequenceName": "_epfid2d1_59",
    "SequenceVariant": "SK_OSP",
    "ShimSetting": [
      3387,
      8549,
      9479,
      596,
      80,
      -258,
      731,
      234
    ],
    "SliceThickness": 2.5,
    "SliceTiming": [
      1.19,
      0,
      1.24,
      0.05,
      1.2925,
      0.1025,
      1.345,
      0.155,
      1.395,
      0.2075,
      1.4475,
      0.2575,
      1.5,
      0.31,
      1.5525,
      0.3625,
      1.6025,
      0.4125,
      1.655,
      0.465,
      1.7075,
      0.5175,
      1.7575,
      0.5675,
      1.81,
      0.62,
      1.8625,
      0.6725,
      1.9125,
      0.7225,
      1.965,
      0.775,
      2.0175,
      0.8275,
      2.0675,
      0.88,
      2.12,
      0.93,
      2.1725,
      0.9825,
      2.2225,
      1.035,
      2.275,
      1.085,
      2.3275,
      1.1375
    ],
    "SoftwareVersions": "syngo_MR_D13",
    "SpacingBetweenSlices": 3,
    "TaskName": "Decision-making task",
    "TotalReadoutTime": 0.0200254,
    "TxRefAmp": 367.586,
    "dataset": "ds001715",
    "modality": "bold",
    "run_id": 4,
    "subject_id": "30",
    "task_id": "dts"
  },
  "dummy_trs": 0,
  "dvars_nstd": 27.75375723685534,
  "dvars_std": 1.1714559938993714,
  "dvars_vstd": 0.9997220107547178,
  "efc": 0.5626046986652073,
  "fber": 1446.953857421875,
  "fd_mean": 0.04534464418763296,
  "fd_num": 1,
  "fd_perc": 0.625,
  "fwhm_avg": 1.8796481736925523,
  "fwhm_x": 1.771487125618145,
  "fwhm_y": 2.0044940621261786,
  "fwhm_z": 1.8629633333333333,
  "gcor": 0.0207808,
  "gsr_x": -0.009998273104429245,
  "gsr_y": 0.0333452932536602,
  "provenance": {
    "md5sum": "34ac70f5f39f56d05b9893cf336a1f4f",
    "settings": {
      "fd_thres": 0.2,
      "testing": false
    },
    "software": "mriqc",
    "version": "22.0.6",
    "webapi_port": null,
    "webapi_url": "https://mriqc.nimh.nih.gov/api/v1"
  },
  "size_t": 160,
  "size_x": 66,
  "size_y": 66,
  "size_z": 46,
  "snr": 4.290766689697356,
  "spacing_tr": 2.4000000953674316,
  "spacing_x": 2.9696969985961914,
  "spacing_y": 2.9696969985961914,
  "spacing_z": 3.0,
  "summary_bg_k": 36.64845562419592,
  "summary_bg_mad": 13.130295614856307,
  "summary_bg_mean": 43.17694854736328,
  "summary_bg_median": 21.381250381469727,
  "summary_bg_n": 109620.0,
  "summary_bg_p05": 10.137499809265137,
  "summary_bg_p95": 139.10156860351526,
  "summary_bg_stdv": 67.8839111328125,
  "summary_fg_k": 2.5109758664413873,
  "summary_fg_mad": 159.11098064090484,
  "summary_fg_mean": 877.4811401367188,
  "summary_fg_median": 841.1687622070312,
  "summary_fg_n": 47860.0,
  "summary_fg_p05": 651.0918762207032,
  "summary_fg_p95": 1290.6631286621089,
  "summary_fg_stdv": 196.03955078125,
  "tsnr": 62.43719841283746
}