{
  "aor": 0.004390625,
  "aqi": 0.0078176056875,
  "bids_meta": {
    "AcquisitionMatrixPE": 59,
    "BandwidthPerPixelPhaseEncode": 49.18,
    "BaseResolution": 66,
    "BodyPartExamined": "HEAD",
    "ConsistencyInfo": "N4_VD13A_LATEST_20120616",
    "ConversionSoftware": "dcm2niix",
    "ConversionSoftwareVersion": "v1.0.20180518 GCC4.8.5",
    "DerivedVendorReportedEchoSpacing": 0.000616166,
    "DwellTime": 4e-06,
    "EchoTime": 0.027,
    "EchoTrainLength": 29,
    "EffectiveEchoSpacing": 0.000308083,
    "FlipAngle": 71,
    "ImageOrientationPatientDICOM": [
      1,
      0,
      0,
      0,
      0.998719,
      -0.0505929
    ],
    "ImageType": [
      "ORIGINAL",
      "PRIMARY",
      "M",
      "ND",
      "NORM",
      "MOSAIC"
    ],
    "InPlanePhaseEncodingDirectionDICOM": "COL",
    "InstitutionName": "Princeton_University_-_Neuroscience_Institute",
    "InstitutionalDepartmentName": "Department",
    "MRAcquisitionType": "2D",
    "MagneticFieldStrength": 3,
    "Manufacturer": "Siemens",
    "ManufacturersModelName": "Skyra",
    "Modality": "MR",
    "ParallelReductionFactorInPlane": 2,
    "PartialFourier": 1,
    "PatientPosition": "HFS",
    "PercentPhaseFOV": 100,
    "PhaseEncodingDirection": "j-",
    "PhaseEncodingSteps": 59,
    "PhaseResolution": 0.9,
    "PixelBandwidth": 1895,
    "PulseSequenceDetails": "%SiemensSeq%_ep2d_pace",
    "ReceiveCoilActiveElements": "HE1-4",
    "ReceiveCoilName": "HeadNeck_20",
    "ReconMatrixPE": 66,
    "RepetitionTime": 2.4,
    "SAR": 0.131919,
    "ScanOptions": "FS",
    "ScanningSequence": "EP",
    "SequenceName": "_epfid2d1_59",
    "SequenceVariant": "SK_OSP",
    "ShimSetting": [
      3387,
      8549,
      9479,
      596,
      80,
      -258,
      731,
      234
    ],
    "SliceThickness": 2.5,
    "SliceTiming": [
      1.19,
      0,
      1.24,
      0.05,
      1.2925,
      0.1025,
      1.345,
      0.155,
      1.395,
      0.2075,
      1.4475,
      0.2575,
      1.5,
      0.31,
      1.5525,
      0.3625,
      1.6025,
      0.4125,
      1.655,
      0.465,
      1.7075,
      0.5175,
      1.7575,
      0.5675,
      1.81,
      0.62,
      1.8625,
      0.6725,
      1.9125,
      0.7225,
      1.965,
      0.775,
      2.0175,
      0.8275,
      2.0675,
      0.88,
      2.12,
      0.93,
      2.1725,
      0.9825,
      2.2225,
      1.035,
      2.275,
      1.085,
      2.3275,
      1.1375
    ],
    "SoftwareVersions": "syngo_MR_D13",
    "SpacingBetweenSlices": 3,
    "TaskName": "Decision-making task",
    "TotalReadoutTime": 0.0200254,
    "TxRefAmp": 367.586,
    "dataset": "ds001715",
    "modality": "bold",
    "run_id": 3,
    "subject_id": "01",
    "task_id": "dts"
  },
  "dummy_trs": 0,
  "dvars_nstd": 32.26125922283019,
  "dvars_std": 1.2138681881132074,
  "dvars_vstd": 1.0499206036477984,
  "efc": 0.5335293247655963,
  "fber": 1553.6204833984375,
  "fd_mean": 0.18372130576180692,
  "fd_num": 35,
  "fd_perc": 21.875,
  "fwhm_avg": 1.7096543695728423,
  "fwhm_x": 1.5988095762781263,
  "fwhm_y": 1.857906865773734,
  "fwhm_z": 1.6722466666666669,
  "gcor": 0.0263676,
  "gsr_x": -0.0032555379439145327,
  "gsr_y": 0.022188102826476097,
  "provenance": {
    "md5sum": "a5b66aae59d25d68e9b3a7b7abb3d013",
    "settings": {
      "fd_thres": 0.2,
      "testing": false
    },
    "software": "mriqc",
    "version": "22.0.6",
    "webapi_port": null,
    "webapi_url": "https://mriqc.nimh.nih.gov/api/v1"
  },
  "size_t": 160,
  "size_x": 66,
  "size_y": 66,
  "size_z": 46,
  "snr": 5.390233988036877,
  "spacing_tr": 2.4000000953674316,
  "spacing_x": 2.9696969985961914,
  "spacing_y": 2.9696967601776123,
  "spacing_z": 3.0,
  "summary_bg_k": 36.28423155218034,
  "summary_bg_mad": 9.599848516471978,
  "summary_bg_mean": 37.671722412109375,
  "summary_bg_median": 17.712499618530273,
  "summary_bg_n": 120124.0,
  "summary_bg_p05": 9.425000190734863,
  "summary_bg_p95": 123.86656227111767,
  "summary_bg_stdv": 65.95158386230469,
  "summary_fg_k": 1.1985529185910053,
  "summary_fg_mad": 138.0952027826176,
  "summary_fg_mean": 721.5400390625,
  "summary_fg_median": 709.6437377929688,
  "summary_fg_n": 40441.0,
  "summary_fg_p05": 540.7374877929688,
  "summary_fg_p95": 940.4187622070312,
  "summary_fg_stdv": 131.6519775390625,
  "tsnr": 52.864100796869025
}