{
  "aor": 0.0007494339622641508,
  "aqi": 0.005614223333333333,
  "bids_meta": {
    "AcquisitionMatrixPE": 59,
    "BandwidthPerPixelPhaseEncode": 49.18,
    "BaseResolution": 66,
    "BodyPartExamined": "HEAD",
    "ConsistencyInfo": "N4_VD13A_LATEST_20120616",
    "ConversionSoftware": "dcm2niix",
    "ConversionSoftwareVersion": "v1.0.20180518 GCC4.8.5",
    "DerivedVendorReportedEchoSpacing": 0.000616166,
    "DwellTime": 4e-06,
    "EchoTime": 0.027,
    "EchoTrainLength": 29,
    "EffectiveEchoSpacing": 0.000308083,
    "FlipAngle": 71,
    "ImageOrientationPatientDICOM": [
      1,
      0,
      0,
      0,
      0.998719,
      -0.0505929
    ],
    "ImageType": [
      "ORIGINAL",
      "PRIMARY",
      "M",
      "ND",
      "NORM",
      "MOSAIC"
    ],
    "InPlanePhaseEncodingDirectionDICOM": "COL",
    "InstitutionName": "Princeton_University_-_Neuroscience_Institute",
    "InstitutionalDepartmentName": "Department",
    "MRAcquisitionType": "2D",
    "MagneticFieldStrength": 3,
    "Manufacturer": "Siemens",
    "ManufacturersModelName": "Skyra",
    "Modality": "MR",
    "ParallelReductionFactorInPlane": 2,
    "PartialFourier": 1,
    "PatientPosition": "HFS",
    "PercentPhaseFOV": 100,
    "PhaseEncodingDirection": "j-",
    "PhaseEncodingSteps": 59,
    "PhaseResolution": 0.9,
    "PixelBandwidth": 1895,
    "PulseSequenceDetails": "%SiemensSeq%_ep2d_pace",
    "ReceiveCoilActiveElements": "HE1-4",
    "ReceiveCoilName": "HeadNeck_20",
    "ReconMatrixPE": 66,
    "RepetitionTime": 2.4,
    "SAR": 0.131919,
    "ScanOptions": "FS",
    "ScanningSequence": "EP",
    "SequenceName": "_epfid2d1_59",
    "SequenceVariant": "SK_OSP",
    "ShimSetting": [
      3387,
      8549,
      9479,
      596,
      80,
      -258,
      731,
      234
    ],
    "SliceThickness": 2.5,
    "SliceTiming": [
      1.19,
      0,
      1.24,
      0.05,
      1.2925,
      0.1025,
      1.345,
      0.155,
      1.395,
      0.2075,
      1.4475,
      0.2575,
      1.5,
      0.31,
      1.5525,
      0.3625,
      1.6025,
      0.4125,
      1.655,
      0.465,
      1.7075,
      0.5175,
      1.7575,
      0.5675,
      1.81,
      0.62,
      1.8625,
      0.6725,
      1.9125,
      0.7225,
      1.965,
      0.775,
      2.0175,
      0.8275,
      2.0675,
      0.88,
      2.12,
      0.93,
      2.1725,
      0.9825,
      2.2225,
      1.035,
      2.275,
      1.085,
      2.3275,
      1.1375
    ],
    "SoftwareVersions": "syngo_MR_D13",
    "SpacingBetweenSlices": 3,
    "TaskName": "Decision-making task",
    "TotalReadoutTime": 0.0200254,
    "TxRefAmp": 367.586,
    "dataset": "ds001715",
    "modality": "bold",
    "run_id": 1,
    "subject_id": "08",
    "task_id": "dts"
  },
  "dummy_trs": 1,
  "dvars_nstd": 26.38394977481013,
  "dvars_std": 1.184214204810126,
  "dvars_vstd": 1.0073221201898732,
  "efc": 0.5592534167569069,
  "fber": 1920.176513671875,
  "fd_mean": 0.08177853639605397,
  "fd_num": 6,
  "fd_perc": 3.7735849056603774,
  "fwhm_avg": 1.6599082658019852,
  "fwhm_x": 1.5095344751060789,
  "fwhm_y": 1.8328536556332096,
  "fwhm_z": 1.6373366666666669,
  "gcor": 0.075453,
  "gsr_x": -0.008296185173094273,
  "gsr_y": 0.04489549621939659,
  "provenance": {
    "md5sum": "8b0be2d65e509289496a2dd36e8f94b8",
    "settings": {
      "fd_thres": 0.2,
      "testing": false
    },
    "software": "mriqc",
    "version": "22.0.6",
    "webapi_port": null,
    "webapi_url": "https://mriqc.nimh.nih.gov/api/v1"
  },
  "size_t": 159,
  "size_x": 66,
  "size_y": 66,
  "size_z": 46,
  "snr": 5.25865804952729,
  "spacing_tr": 2.4000000953674316,
  "spacing_x": 2.9696969985961914,
  "spacing_y": 2.9696969985961914,
  "spacing_z": 3.0,
  "summary_bg_k": 44.40199776573865,
  "summary_bg_mad": 11.217423505457303,
  "summary_bg_mean": 37.91132736206055,
  "summary_bg_median": 19.949684143066406,
  "summary_bg_n": 109610.0,
  "summary_bg_p05": 9.666666030883789,
  "summary_bg_p95": 119.73018608093247,
  "summary_bg_stdv": 59.34410095214844,
  "summary_fg_k": 4.1442793114850085,
  "summary_fg_mad": 148.55390993040393,
  "summary_fg_mean": 913.3867797851562,
  "summary_fg_median": 892.9150390625,
  "summary_fg_n": 48692.0,
  "summary_fg_p05": 705.0440063476562,
  "summary_fg_p95": 1186.2565551757812,
  "summary_fg_stdv": 169.7972869873047,
  "tsnr": 63.59381233807653
}