{
  "aor": 0.0015089374999999999,
  "aqi": 0.009767897375000001,
  "bids_meta": {
    "AcquisitionMatrixPE": 59,
    "BandwidthPerPixelPhaseEncode": 49.18,
    "BaseResolution": 66,
    "BodyPartExamined": "HEAD",
    "ConsistencyInfo": "N4_VD13A_LATEST_20120616",
    "ConversionSoftware": "dcm2niix",
    "ConversionSoftwareVersion": "v1.0.20180518 GCC4.8.5",
    "DerivedVendorReportedEchoSpacing": 0.000616166,
    "DwellTime": 4e-06,
    "EchoTime": 0.027,
    "EchoTrainLength": 29,
    "EffectiveEchoSpacing": 0.000308083,
    "FlipAngle": 71,
    "ImageOrientationPatientDICOM": [
      1,
      0,
      0,
      0,
      0.998719,
      -0.0505929
    ],
    "ImageType": [
      "ORIGINAL",
      "PRIMARY",
      "M",
      "ND",
      "NORM",
      "MOSAIC"
    ],
    "InPlanePhaseEncodingDirectionDICOM": "COL",
    "InstitutionName": "Princeton_University_-_Neuroscience_Institute",
    "InstitutionalDepartmentName": "Department",
    "MRAcquisitionType": "2D",
    "MagneticFieldStrength": 3,
    "Manufacturer": "Siemens",
    "ManufacturersModelName": "Skyra",
    "Modality": "MR",
    "ParallelReductionFactorInPlane": 2,
    "PartialFourier": 1,
    "PatientPosition": "HFS",
    "PercentPhaseFOV": 100,
    "PhaseEncodingDirection": "j-",
    "PhaseEncodingSteps": 59,
    "PhaseResolution": 0.9,
    "PixelBandwidth": 1895,
    "PulseSequenceDetails": "%SiemensSeq%_ep2d_pace",
    "ReceiveCoilActiveElements": "HE1-4",
    "ReceiveCoilName": "HeadNeck_20",
    "ReconMatrixPE": 66,
    "RepetitionTime": 2.4,
    "SAR": 0.131919,
    "ScanOptions": "FS",
    "ScanningSequence": "EP",
    "SequenceName": "_epfid2d1_59",
    "SequenceVariant": "SK_OSP",
    "ShimSetting": [
      3387,
      8549,
      9479,
      596,
      80,
      -258,
      731,
      234
    ],
    "SliceThickness": 2.5,
    "SliceTiming": [
      1.19,
      0,
      1.24,
      0.05,
      1.2925,
      0.1025,
      1.345,
      0.155,
      1.395,
      0.2075,
      1.4475,
      0.2575,
      1.5,
      0.31,
      1.5525,
      0.3625,
      1.6025,
      0.4125,
      1.655,
      0.465,
      1.7075,
      0.5175,
      1.7575,
      0.5675,
      1.81,
      0.62,
      1.8625,
      0.6725,
      1.9125,
      0.7225,
      1.965,
      0.775,
      2.0175,
      0.8275,
      2.0675,
      0.88,
      2.12,
      0.93,
      2.1725,
      0.9825,
      2.2225,
      1.035,
      2.275,
      1.085,
      2.3275,
      1.1375
    ],
    "SoftwareVersions": "syngo_MR_D13",
    "SpacingBetweenSlices": 3,
    "TaskName": "Decision-making task",
    "TotalReadoutTime": 0.0200254,
    "TxRefAmp": 367.586,
    "dataset": "ds001715",
    "modality": "bold",
    "run_id": 10,
    "subject_id": "10",
    "task_id": "dts"
  },
  "dummy_trs": 0,
  "dvars_nstd": 35.64132433716982,
  "dvars_std": 1.2667959745283017,
  "dvars_vstd": 1.01595499264151,
  "efc": 0.5086903093061582,
  "fber": 1765.020263671875,
  "fd_mean": 0.20517256435738346,
  "fd_num": 55,
  "fd_perc": 34.375,
  "fwhm_avg": 1.786731711666097,
  "fwhm_x": 1.6784304938706525,
  "fwhm_y": 1.9253513077943052,
  "fwhm_z": 1.7564133333333334,
  "gcor": 0.0195007,
  "gsr_x": -0.0060453698970377445,
  "gsr_y": 0.03600286319851875,
  "provenance": {
    "md5sum": "ec21698a37e0e3e66fafa8ae1f614233",
    "settings": {
      "fd_thres": 0.2,
      "testing": false
    },
    "software": "mriqc",
    "version": "22.0.6",
    "webapi_port": null,
    "webapi_url": "https://mriqc.nimh.nih.gov/api/v1"
  },
  "size_t": 160,
  "size_x": 66,
  "size_y": 66,
  "size_z": 46,
  "snr": 5.555322840745283,
  "spacing_tr": 2.4000000953674316,
  "spacing_x": 2.9696969985961914,
  "spacing_y": 2.9696969985961914,
  "spacing_z": 3.0,
  "summary_bg_k": 53.3145161362714,
  "summary_bg_mad": 12.18513556942326,
  "summary_bg_mean": 40.45878219604492,
  "summary_bg_median": 19.087499618530273,
  "summary_bg_n": 126048.0,
  "summary_bg_p05": 8.893750190734863,
  "summary_bg_p95": 125.89968910217274,
  "summary_bg_stdv": 72.81463623046875,
  "summary_fg_k": 3.600356746211271,
  "summary_fg_mad": 130.68671623299275,
  "summary_fg_mean": 827.8563842773438,
  "summary_fg_median": 809.5906372070312,
  "summary_fg_n": 35952.0,
  "summary_fg_p05": 646.0415557861328,
  "summary_fg_p95": 1072.3315979003905,
  "summary_fg_stdv": 145.7303924560547,
  "tsnr": 54.40567598794587
}