{
  "aor": 0.0010191249999999998,
  "aqi": 0.008386247562500001,
  "bids_meta": {
    "AcquisitionMatrixPE": 59,
    "BandwidthPerPixelPhaseEncode": 49.18,
    "BaseResolution": 66,
    "BodyPartExamined": "HEAD",
    "ConsistencyInfo": "N4_VD13A_LATEST_20120616",
    "ConversionSoftware": "dcm2niix",
    "ConversionSoftwareVersion": "v1.0.20180518 GCC4.8.5",
    "DerivedVendorReportedEchoSpacing": 0.000616166,
    "DwellTime": 4e-06,
    "EchoTime": 0.027,
    "EchoTrainLength": 29,
    "EffectiveEchoSpacing": 0.000308083,
    "FlipAngle": 71,
    "ImageOrientationPatientDICOM": [
      1,
      0,
      0,
      0,
      0.998719,
      -0.0505929
    ],
    "ImageType": [
      "ORIGINAL",
      "PRIMARY",
      "M",
      "ND",
      "NORM",
      "MOSAIC"
    ],
    "InPlanePhaseEncodingDirectionDICOM": "COL",
    "InstitutionName": "Princeton_University_-_Neuroscience_Institute",
    "InstitutionalDepartmentName": "Department",
    "MRAcquisitionType": "2D",
    "MagneticFieldStrength": 3,
    "Manufacturer": "Siemens",
    "ManufacturersModelName": "Skyra",
    "Modality": "MR",
    "ParallelReductionFactorInPlane": 2,
    "PartialFourier": 1,
    "PatientPosition": "HFS",
    "PercentPhaseFOV": 100,
    "PhaseEncodingDirection": "j-",
    "PhaseEncodingSteps": 59,
    "PhaseResolution": 0.9,
    "PixelBandwidth": 1895,
    "PulseSequenceDetails": "%SiemensSeq%_ep2d_pace",
    "ReceiveCoilActiveElements": "HE1-4",
    "ReceiveCoilName": "HeadNeck_20",
    "ReconMatrixPE": 66,
    "RepetitionTime": 2.4,
    "SAR": 0.131919,
    "ScanOptions": "FS",
    "ScanningSequence": "EP",
    "SequenceName": "_epfid2d1_59",
    "SequenceVariant": "SK_OSP",
    "ShimSetting": [
      3387,
      8549,
      9479,
      596,
      80,
      -258,
      731,
      234
    ],
    "SliceThickness": 2.5,
    "SliceTiming": [
      1.19,
      0,
      1.24,
      0.05,
      1.2925,
      0.1025,
      1.345,
      0.155,
      1.395,
      0.2075,
      1.4475,
      0.2575,
      1.5,
      0.31,
      1.5525,
      0.3625,
      1.6025,
      0.4125,
      1.655,
      0.465,
      1.7075,
      0.5175,
      1.7575,
      0.5675,
      1.81,
      0.62,
      1.8625,
      0.6725,
      1.9125,
      0.7225,
      1.965,
      0.775,
      2.0175,
      0.8275,
      2.0675,
      0.88,
      2.12,
      0.93,
      2.1725,
      0.9825,
      2.2225,
      1.035,
      2.275,
      1.085,
      2.3275,
      1.1375
    ],
    "SoftwareVersions": "syngo_MR_D13",
    "SpacingBetweenSlices": 3,
    "TaskName": "Decision-making task",
    "TotalReadoutTime": 0.0200254,
    "TxRefAmp": 367.586,
    "dataset": "ds001715",
    "modality": "bold",
    "run_id": 11,
    "subject_id": "12",
    "task_id": "dts"
  },
  "dummy_trs": 0,
  "dvars_nstd": 34.353331667798734,
  "dvars_std": 1.1673984896226421,
  "dvars_vstd": 1.0090691103144656,
  "efc": 0.554008452603567,
  "fber": 1018.1600341796875,
  "fd_mean": 0.10072493426750462,
  "fd_num": 11,
  "fd_perc": 6.875,
  "fwhm_avg": 1.806620487019054,
  "fwhm_x": 1.7037394732161981,
  "fwhm_y": 1.9485186545076305,
  "fwhm_z": 1.7676033333333334,
  "gcor": 0.0115511,
  "gsr_x": 0.003017650218680501,
  "gsr_y": 0.05392245575785637,
  "provenance": {
    "md5sum": "f1cba29d7ca3ed3d270b3daa6692ce85",
    "settings": {
      "fd_thres": 0.2,
      "testing": false
    },
    "software": "mriqc",
    "version": "22.0.6",
    "webapi_port": null,
    "webapi_url": "https://mriqc.nimh.nih.gov/api/v1"
  },
  "size_t": 160,
  "size_x": 66,
  "size_y": 66,
  "size_z": 46,
  "snr": 5.546964614892342,
  "spacing_tr": 2.4000000953674316,
  "spacing_x": 2.9696969985961914,
  "spacing_y": 2.9696969985961914,
  "spacing_z": 3.0,
  "summary_bg_k": 31.022210080244953,
  "summary_bg_mad": 22.044441170837306,
  "summary_bg_mean": 56.28780746459961,
  "summary_bg_median": 27.806249618530273,
  "summary_bg_n": 117897.0,
  "summary_bg_p05": 10.36875057220459,
  "summary_bg_p95": 181.3937530517578,
  "summary_bg_stdv": 85.68065643310547,
  "summary_fg_k": 2.320615445995582,
  "summary_fg_mad": 154.0053054472694,
  "summary_fg_mean": 935.0859985351562,
  "summary_fg_median": 917.1062622070312,
  "summary_fg_n": 41939.0,
  "summary_fg_p05": 710.2794067382813,
  "summary_fg_p95": 1220.1387329101562,
  "summary_fg_stdv": 165.33282470703125,
  "tsnr": 51.36353052512277
}