{
  "aor": 0.0006193710691823899,
  "aqi": 0.006901694465408806,
  "bids_meta": {
    "AcquisitionMatrixPE": 59,
    "BandwidthPerPixelPhaseEncode": 49.18,
    "BaseResolution": 66,
    "BodyPartExamined": "HEAD",
    "ConsistencyInfo": "N4_VD13A_LATEST_20120616",
    "ConversionSoftware": "dcm2niix",
    "ConversionSoftwareVersion": "v1.0.20180518 GCC4.8.5",
    "DerivedVendorReportedEchoSpacing": 0.000616166,
    "DwellTime": 4e-06,
    "EchoTime": 0.027,
    "EchoTrainLength": 29,
    "EffectiveEchoSpacing": 0.000308083,
    "FlipAngle": 71,
    "ImageOrientationPatientDICOM": [
      1,
      0,
      0,
      0,
      0.998719,
      -0.0505929
    ],
    "ImageType": [
      "ORIGINAL",
      "PRIMARY",
      "M",
      "ND",
      "NORM",
      "MOSAIC"
    ],
    "InPlanePhaseEncodingDirectionDICOM": "COL",
    "InstitutionName": "Princeton_University_-_Neuroscience_Institute",
    "InstitutionalDepartmentName": "Department",
    "MRAcquisitionType": "2D",
    "MagneticFieldStrength": 3,
    "Manufacturer": "Siemens",
    "ManufacturersModelName": "Skyra",
    "Modality": "MR",
    "ParallelReductionFactorInPlane": 2,
    "PartialFourier": 1,
    "PatientPosition": "HFS",
    "PercentPhaseFOV": 100,
    "PhaseEncodingDirection": "j-",
    "PhaseEncodingSteps": 59,
    "PhaseResolution": 0.9,
    "PixelBandwidth": 1895,
    "PulseSequenceDetails": "%SiemensSeq%_ep2d_pace",
    "ReceiveCoilActiveElements": "HE1-4",
    "ReceiveCoilName": "HeadNeck_20",
    "ReconMatrixPE": 66,
    "RepetitionTime": 2.4,
    "SAR": 0.131919,
    "ScanOptions": "FS",
    "ScanningSequence": "EP",
    "SequenceName": "_epfid2d1_59",
    "SequenceVariant": "SK_OSP",
    "ShimSetting": [
      3387,
      8549,
      9479,
      596,
      80,
      -258,
      731,
      234
    ],
    "SliceThickness": 2.5,
    "SliceTiming": [
      1.19,
      0,
      1.24,
      0.05,
      1.2925,
      0.1025,
      1.345,
      0.155,
      1.395,
      0.2075,
      1.4475,
      0.2575,
      1.5,
      0.31,
      1.5525,
      0.3625,
      1.6025,
      0.4125,
      1.655,
      0.465,
      1.7075,
      0.5175,
      1.7575,
      0.5675,
      1.81,
      0.62,
      1.8625,
      0.6725,
      1.9125,
      0.7225,
      1.965,
      0.775,
      2.0175,
      0.8275,
      2.0675,
      0.88,
      2.12,
      0.93,
      2.1725,
      0.9825,
      2.2225,
      1.035,
      2.275,
      1.085,
      2.3275,
      1.1375
    ],
    "SoftwareVersions": "syngo_MR_D13",
    "SpacingBetweenSlices": 3,
    "TaskName": "Decision-making task",
    "TotalReadoutTime": 0.0200254,
    "TxRefAmp": 367.586,
    "dataset": "ds001715",
    "modality": "bold",
    "run_id": 3,
    "subject_id": "33",
    "task_id": "dts"
  },
  "dummy_trs": 1,
  "dvars_nstd": 33.785476877721536,
  "dvars_std": 1.1790552851265814,
  "dvars_vstd": 1.0049055789240504,
  "efc": 0.5995760667683714,
  "fber": 864.524169921875,
  "fd_mean": 0.12937233851796495,
  "fd_num": 23,
  "fd_perc": 14.465408805031446,
  "fwhm_avg": 1.7061985362745429,
  "fwhm_x": 1.580895290738171,
  "fwhm_y": 1.8737601858473778,
  "fwhm_z": 1.6639401322380807,
  "gcor": 0.0446435,
  "gsr_x": 0.00613214448094368,
  "gsr_y": 0.040510162711143494,
  "provenance": {
    "md5sum": "959f8a3c4eff9443baa0b25ce8f6ead2",
    "settings": {
      "fd_thres": 0.2,
      "testing": false
    },
    "software": "mriqc",
    "version": "22.0.6",
    "webapi_port": null,
    "webapi_url": "https://mriqc.nimh.nih.gov/api/v1"
  },
  "size_t": 159,
  "size_x": 66,
  "size_y": 66,
  "size_z": 46,
  "snr": 5.288172349894092,
  "spacing_tr": 2.4000000953674316,
  "spacing_x": 2.9696969985961914,
  "spacing_y": 2.9696969985961914,
  "spacing_z": 2.999999761581421,
  "summary_bg_k": 10.956478536967358,
  "summary_bg_mad": 17.0639120060638,
  "summary_bg_mean": 61.3755989074707,
  "summary_bg_median": 24.100627899169922,
  "summary_bg_n": 108998.0,
  "summary_bg_p05": 10.389936447143555,
  "summary_bg_p95": 267.7735900878906,
  "summary_bg_stdv": 90.00469970703125,
  "summary_fg_k": 2.9363058085834313,
  "summary_fg_mad": 132.54838465592462,
  "summary_fg_mean": 753.9236450195312,
  "summary_fg_median": 737.2200927734375,
  "summary_fg_n": 48082.0,
  "summary_fg_p05": 574.1641418457032,
  "summary_fg_p95": 982.149365234375,
  "summary_fg_stdv": 139.4077911376953,
  "tsnr": 50.2930486635305
}