{
  "aor": 0.0009267500000000002,
  "aqi": 0.008346524687499999,
  "bids_meta": {
    "AcquisitionMatrixPE": 59,
    "BandwidthPerPixelPhaseEncode": 49.18,
    "BaseResolution": 66,
    "BodyPartExamined": "HEAD",
    "ConsistencyInfo": "N4_VD13A_LATEST_20120616",
    "ConversionSoftware": "dcm2niix",
    "ConversionSoftwareVersion": "v1.0.20180518 GCC4.8.5",
    "DerivedVendorReportedEchoSpacing": 0.000616166,
    "DwellTime": 4e-06,
    "EchoTime": 0.027,
    "EchoTrainLength": 29,
    "EffectiveEchoSpacing": 0.000308083,
    "FlipAngle": 71,
    "ImageOrientationPatientDICOM": [
      1,
      0,
      0,
      0,
      0.998719,
      -0.0505929
    ],
    "ImageType": [
      "ORIGINAL",
      "PRIMARY",
      "M",
      "ND",
      "NORM",
      "MOSAIC"
    ],
    "InPlanePhaseEncodingDirectionDICOM": "COL",
    "InstitutionName": "Princeton_University_-_Neuroscience_Institute",
    "InstitutionalDepartmentName": "Department",
    "MRAcquisitionType": "2D",
    "MagneticFieldStrength": 3,
    "Manufacturer": "Siemens",
    "ManufacturersModelName": "Skyra",
    "Modality": "MR",
    "ParallelReductionFactorInPlane": 2,
    "PartialFourier": 1,
    "PatientPosition": "HFS",
    "PercentPhaseFOV": 100,
    "PhaseEncodingDirection": "j-",
    "PhaseEncodingSteps": 59,
    "PhaseResolution": 0.9,
    "PixelBandwidth": 1895,
    "PulseSequenceDetails": "%SiemensSeq%_ep2d_pace",
    "ReceiveCoilActiveElements": "HE1-4",
    "ReceiveCoilName": "HeadNeck_20",
    "ReconMatrixPE": 66,
    "RepetitionTime": 2.4,
    "SAR": 0.131919,
    "ScanOptions": "FS",
    "ScanningSequence": "EP",
    "SequenceName": "_epfid2d1_59",
    "SequenceVariant": "SK_OSP",
    "ShimSetting": [
      3387,
      8549,
      9479,
      596,
      80,
      -258,
      731,
      234
    ],
    "SliceThickness": 2.5,
    "SliceTiming": [
      1.19,
      0,
      1.24,
      0.05,
      1.2925,
      0.1025,
      1.345,
      0.155,
      1.395,
      0.2075,
      1.4475,
      0.2575,
      1.5,
      0.31,
      1.5525,
      0.3625,
      1.6025,
      0.4125,
      1.655,
      0.465,
      1.7075,
      0.5175,
      1.7575,
      0.5675,
      1.81,
      0.62,
      1.8625,
      0.6725,
      1.9125,
      0.7225,
      1.965,
      0.775,
      2.0175,
      0.8275,
      2.0675,
      0.88,
      2.12,
      0.93,
      2.1725,
      0.9825,
      2.2225,
      1.035,
      2.275,
      1.085,
      2.3275,
      1.1375
    ],
    "SoftwareVersions": "syngo_MR_D13",
    "SpacingBetweenSlices": 3,
    "TaskName": "Decision-making task",
    "TotalReadoutTime": 0.0200254,
    "TxRefAmp": 367.586,
    "dataset": "ds001715",
    "modality": "bold",
    "run_id": 3,
    "subject_id": "25",
    "task_id": "dts"
  },
  "dummy_trs": 0,
  "dvars_nstd": 27.561789146666673,
  "dvars_std": 1.134113339119497,
  "dvars_vstd": 1.0022597795597483,
  "efc": 0.546235630173189,
  "fber": 1601.5504150390625,
  "fd_mean": 0.08986611751361966,
  "fd_num": 9,
  "fd_perc": 5.625,
  "fwhm_avg": 1.7536147164284968,
  "fwhm_x": 1.6161042699873762,
  "fwhm_y": 1.917619879298114,
  "fwhm_z": 1.72712,
  "gcor": 0.0238931,
  "gsr_x": 0.008830728009343147,
  "gsr_y": 0.01981816440820694,
  "provenance": {
    "md5sum": "394a52744255e85076336411bb14821d",
    "settings": {
      "fd_thres": 0.2,
      "testing": false
    },
    "software": "mriqc",
    "version": "22.0.6",
    "webapi_port": null,
    "webapi_url": "https://mriqc.nimh.nih.gov/api/v1"
  },
  "size_t": 160,
  "size_x": 66,
  "size_y": 66,
  "size_z": 46,
  "snr": 6.730828521296134,
  "spacing_tr": 2.4000000953674316,
  "spacing_x": 2.9696969985961914,
  "spacing_y": 2.9696969985961914,
  "spacing_z": 3.0,
  "summary_bg_k": 18.69478802284962,
  "summary_bg_mad": 13.732602766124206,
  "summary_bg_mean": 54.3741569519043,
  "summary_bg_median": 21.662500381469727,
  "summary_bg_n": 119233.0,
  "summary_bg_p05": 9.887499809265137,
  "summary_bg_p95": 230.33250122070282,
  "summary_bg_stdv": 97.5125732421875,
  "summary_fg_k": 2.8483609676598665,
  "summary_fg_mad": 123.62119003542699,
  "summary_fg_mean": 895.6755981445312,
  "summary_fg_median": 883.34375,
  "summary_fg_n": 40391.0,
  "summary_fg_p05": 719.5000305175781,
  "summary_fg_p95": 1116.7281494140625,
  "summary_fg_stdv": 131.2368621826172,
  "tsnr": 60.591525971889496
}