{
  "aor": 0.0005647169811320755,
  "aqi": 0.006988373081761007,
  "bids_meta": {
    "AcquisitionMatrixPE": 59,
    "BandwidthPerPixelPhaseEncode": 49.18,
    "BaseResolution": 66,
    "BodyPartExamined": "HEAD",
    "ConsistencyInfo": "N4_VD13A_LATEST_20120616",
    "ConversionSoftware": "dcm2niix",
    "ConversionSoftwareVersion": "v1.0.20180518 GCC4.8.5",
    "DerivedVendorReportedEchoSpacing": 0.000616166,
    "DwellTime": 4e-06,
    "EchoTime": 0.027,
    "EchoTrainLength": 29,
    "EffectiveEchoSpacing": 0.000308083,
    "FlipAngle": 71,
    "ImageOrientationPatientDICOM": [
      1,
      0,
      0,
      0,
      0.998719,
      -0.0505929
    ],
    "ImageType": [
      "ORIGINAL",
      "PRIMARY",
      "M",
      "ND",
      "NORM",
      "MOSAIC"
    ],
    "InPlanePhaseEncodingDirectionDICOM": "COL",
    "InstitutionName": "Princeton_University_-_Neuroscience_Institute",
    "InstitutionalDepartmentName": "Department",
    "MRAcquisitionType": "2D",
    "MagneticFieldStrength": 3,
    "Manufacturer": "Siemens",
    "ManufacturersModelName": "Skyra",
    "Modality": "MR",
    "ParallelReductionFactorInPlane": 2,
    "PartialFourier": 1,
    "PatientPosition": "HFS",
    "PercentPhaseFOV": 100,
    "PhaseEncodingDirection": "j-",
    "PhaseEncodingSteps": 59,
    "PhaseResolution": 0.9,
    "PixelBandwidth": 1895,
    "PulseSequenceDetails": "%SiemensSeq%_ep2d_pace",
    "ReceiveCoilActiveElements": "HE1-4",
    "ReceiveCoilName": "HeadNeck_20",
    "ReconMatrixPE": 66,
    "RepetitionTime": 2.4,
    "SAR": 0.131919,
    "ScanOptions": "FS",
    "ScanningSequence": "EP",
    "SequenceName": "_epfid2d1_59",
    "SequenceVariant": "SK_OSP",
    "ShimSetting": [
      3387,
      8549,
      9479,
      596,
      80,
      -258,
      731,
      234
    ],
    "SliceThickness": 2.5,
    "SliceTiming": [
      1.19,
      0,
      1.24,
      0.05,
      1.2925,
      0.1025,
      1.345,
      0.155,
      1.395,
      0.2075,
      1.4475,
      0.2575,
      1.5,
      0.31,
      1.5525,
      0.3625,
      1.6025,
      0.4125,
      1.655,
      0.465,
      1.7075,
      0.5175,
      1.7575,
      0.5675,
      1.81,
      0.62,
      1.8625,
      0.6725,
      1.9125,
      0.7225,
      1.965,
      0.775,
      2.0175,
      0.8275,
      2.0675,
      0.88,
      2.12,
      0.93,
      2.1725,
      0.9825,
      2.2225,
      1.035,
      2.275,
      1.085,
      2.3275,
      1.1375
    ],
    "SoftwareVersions": "syngo_MR_D13",
    "SpacingBetweenSlices": 3,
    "TaskName": "Decision-making task",
    "TotalReadoutTime": 0.0200254,
    "TxRefAmp": 367.586,
    "dataset": "ds001715",
    "modality": "bold",
    "run_id": 9,
    "subject_id": "23",
    "task_id": "dts"
  },
  "dummy_trs": 1,
  "dvars_nstd": 35.18782946443038,
  "dvars_std": 1.217447748417721,
  "dvars_vstd": 1.0102938796835441,
  "efc": 0.5558083598932583,
  "fber": 851.4782104492188,
  "fd_mean": 0.0517665454222219,
  "fd_num": 1,
  "fd_perc": 0.6289308176100629,
  "fwhm_avg": 1.7309727550369436,
  "fwhm_x": 1.6193436577109546,
  "fwhm_y": 1.8959779407332096,
  "fwhm_z": 1.6775966666666668,
  "gcor": 0.00568435,
  "gsr_x": -0.0018477827543392777,
  "gsr_y": 0.06008187681436539,
  "provenance": {
    "md5sum": "352c12de00994213e9f40232c35be9f2",
    "settings": {
      "fd_thres": 0.2,
      "testing": false
    },
    "software": "mriqc",
    "version": "22.0.6",
    "webapi_port": null,
    "webapi_url": "https://mriqc.nimh.nih.gov/api/v1"
  },
  "size_t": 159,
  "size_x": 66,
  "size_y": 66,
  "size_z": 46,
  "snr": 5.264395375090118,
  "spacing_tr": 2.4000000953674316,
  "spacing_x": 2.9696969985961914,
  "spacing_y": 2.9696969985961914,
  "spacing_z": 3.0,
  "summary_bg_k": 32.17181257992755,
  "summary_bg_mad": 23.70298730973035,
  "summary_bg_mean": 65.69169616699219,
  "summary_bg_median": 29.893081665039062,
  "summary_bg_n": 119828.0,
  "summary_bg_p05": 10.937106132507324,
  "summary_bg_p95": 253.19904785156245,
  "summary_bg_stdv": 110.81193542480469,
  "summary_fg_k": 1.7100037996513375,
  "summary_fg_mad": 159.897255706615,
  "summary_fg_mean": 917.7056884765625,
  "summary_fg_median": 898.3773193359375,
  "summary_fg_n": 39918.0,
  "summary_fg_p05": 687.0131927490235,
  "summary_fg_p95": 1224.574151611328,
  "summary_fg_stdv": 170.64942932128906,
  "tsnr": 52.65529250027612
}