{
  "aor": 0.0019006875,
  "aqi": 0.0080717125,
  "bids_meta": {
    "AcquisitionMatrixPE": 59,
    "BandwidthPerPixelPhaseEncode": 49.18,
    "BaseResolution": 66,
    "BodyPartExamined": "HEAD",
    "ConsistencyInfo": "N4_VD13A_LATEST_20120616",
    "ConversionSoftware": "dcm2niix",
    "ConversionSoftwareVersion": "v1.0.20180518 GCC4.8.5",
    "DerivedVendorReportedEchoSpacing": 0.000616166,
    "DwellTime": 4e-06,
    "EchoTime": 0.027,
    "EchoTrainLength": 29,
    "EffectiveEchoSpacing": 0.000308083,
    "FlipAngle": 71,
    "ImageOrientationPatientDICOM": [
      1,
      0,
      0,
      0,
      0.998719,
      -0.0505929
    ],
    "ImageType": [
      "ORIGINAL",
      "PRIMARY",
      "M",
      "ND",
      "NORM",
      "MOSAIC"
    ],
    "InPlanePhaseEncodingDirectionDICOM": "COL",
    "InstitutionName": "Princeton_University_-_Neuroscience_Institute",
    "InstitutionalDepartmentName": "Department",
    "MRAcquisitionType": "2D",
    "MagneticFieldStrength": 3,
    "Manufacturer": "Siemens",
    "ManufacturersModelName": "Skyra",
    "Modality": "MR",
    "ParallelReductionFactorInPlane": 2,
    "PartialFourier": 1,
    "PatientPosition": "HFS",
    "PercentPhaseFOV": 100,
    "PhaseEncodingDirection": "j-",
    "PhaseEncodingSteps": 59,
    "PhaseResolution": 0.9,
    "PixelBandwidth": 1895,
    "PulseSequenceDetails": "%SiemensSeq%_ep2d_pace",
    "ReceiveCoilActiveElements": "HE1-4",
    "ReceiveCoilName": "HeadNeck_20",
    "ReconMatrixPE": 66,
    "RepetitionTime": 2.4,
    "SAR": 0.131919,
    "ScanOptions": "FS",
    "ScanningSequence": "EP",
    "SequenceName": "_epfid2d1_59",
    "SequenceVariant": "SK_OSP",
    "ShimSetting": [
      3387,
      8549,
      9479,
      596,
      80,
      -258,
      731,
      234
    ],
    "SliceThickness": 2.5,
    "SliceTiming": [
      1.19,
      0,
      1.24,
      0.05,
      1.2925,
      0.1025,
      1.345,
      0.155,
      1.395,
      0.2075,
      1.4475,
      0.2575,
      1.5,
      0.31,
      1.5525,
      0.3625,
      1.6025,
      0.4125,
      1.655,
      0.465,
      1.7075,
      0.5175,
      1.7575,
      0.5675,
      1.81,
      0.62,
      1.8625,
      0.6725,
      1.9125,
      0.7225,
      1.965,
      0.775,
      2.0175,
      0.8275,
      2.0675,
      0.88,
      2.12,
      0.93,
      2.1725,
      0.9825,
      2.2225,
      1.035,
      2.275,
      1.085,
      2.3275,
      1.1375
    ],
    "SoftwareVersions": "syngo_MR_D13",
    "SpacingBetweenSlices": 3,
    "TaskName": "Decision-making task",
    "TotalReadoutTime": 0.0200254,
    "TxRefAmp": 367.586,
    "dataset": "ds001715",
    "modality": "bold",
    "run_id": 6,
    "subject_id": "10",
    "task_id": "dts"
  },
  "dummy_trs": 0,
  "dvars_nstd": 33.11997255295597,
  "dvars_std": 1.2747122383647795,
  "dvars_vstd": 1.0158268492452822,
  "efc": 0.5019719748562852,
  "fber": 2169.19287109375,
  "fd_mean": 0.18535968536789998,
  "fd_num": 39,
  "fd_perc": 24.375,
  "fwhm_avg": 1.768382936303506,
  "fwhm_x": 1.6540340655366346,
  "fwhm_y": 1.9042414100405498,
  "fwhm_z": 1.7468733333333333,
  "gcor": 0.0388601,
  "gsr_x": -0.0033136545680463314,
  "gsr_y": 0.027439875528216362,
  "provenance": {
    "md5sum": "35ae83fea1764199ab191815ddd9e0a8",
    "settings": {
      "fd_thres": 0.2,
      "testing": false
    },
    "software": "mriqc",
    "version": "22.0.6",
    "webapi_port": null,
    "webapi_url": "https://mriqc.nimh.nih.gov/api/v1"
  },
  "size_t": 160,
  "size_x": 66,
  "size_y": 66,
  "size_z": 46,
  "snr": 5.626977194940742,
  "spacing_tr": 2.4000000953674316,
  "spacing_x": 2.9696969985961914,
  "spacing_y": 2.9696969985961914,
  "spacing_z": 3.0,
  "summary_bg_k": 56.56737114655447,
  "summary_bg_mad": 9.423791482511959,
  "summary_bg_mean": 36.725006103515625,
  "summary_bg_median": 17.131250381469727,
  "summary_bg_n": 126085.0,
  "summary_bg_p05": 8.725000381469727,
  "summary_bg_p95": 114.35625305175745,
  "summary_bg_stdv": 69.296142578125,
  "summary_fg_k": 3.9316342290482256,
  "summary_fg_mad": 129.22737016500938,
  "summary_fg_mean": 820.8927001953125,
  "summary_fg_median": 803.6312866210938,
  "summary_fg_n": 35953.0,
  "summary_fg_p05": 643.7950073242188,
  "summary_fg_p95": 1053.87255859375,
  "summary_fg_stdv": 142.8155975341797,
  "tsnr": 59.617516107391566
}