{
  "aor": 0.001617625,
  "aqi": 0.0097243391875,
  "bids_meta": {
    "AcquisitionMatrixPE": 59,
    "BandwidthPerPixelPhaseEncode": 49.18,
    "BaseResolution": 66,
    "BodyPartExamined": "HEAD",
    "ConsistencyInfo": "N4_VD13A_LATEST_20120616",
    "ConversionSoftware": "dcm2niix",
    "ConversionSoftwareVersion": "v1.0.20180518 GCC4.8.5",
    "DerivedVendorReportedEchoSpacing": 0.000616166,
    "DwellTime": 4e-06,
    "EchoTime": 0.027,
    "EchoTrainLength": 29,
    "EffectiveEchoSpacing": 0.000308083,
    "FlipAngle": 71,
    "ImageOrientationPatientDICOM": [
      1,
      0,
      0,
      0,
      0.998719,
      -0.0505929
    ],
    "ImageType": [
      "ORIGINAL",
      "PRIMARY",
      "M",
      "ND",
      "NORM",
      "MOSAIC"
    ],
    "InPlanePhaseEncodingDirectionDICOM": "COL",
    "InstitutionName": "Princeton_University_-_Neuroscience_Institute",
    "InstitutionalDepartmentName": "Department",
    "MRAcquisitionType": "2D",
    "MagneticFieldStrength": 3,
    "Manufacturer": "Siemens",
    "ManufacturersModelName": "Skyra",
    "Modality": "MR",
    "ParallelReductionFactorInPlane": 2,
    "PartialFourier": 1,
    "PatientPosition": "HFS",
    "PercentPhaseFOV": 100,
    "PhaseEncodingDirection": "j-",
    "PhaseEncodingSteps": 59,
    "PhaseResolution": 0.9,
    "PixelBandwidth": 1895,
    "PulseSequenceDetails": "%SiemensSeq%_ep2d_pace",
    "ReceiveCoilActiveElements": "HE1-4",
    "ReceiveCoilName": "HeadNeck_20",
    "ReconMatrixPE": 66,
    "RepetitionTime": 2.4,
    "SAR": 0.131919,
    "ScanOptions": "FS",
    "ScanningSequence": "EP",
    "SequenceName": "_epfid2d1_59",
    "SequenceVariant": "SK_OSP",
    "ShimSetting": [
      3387,
      8549,
      9479,
      596,
      80,
      -258,
      731,
      234
    ],
    "SliceThickness": 2.5,
    "SliceTiming": [
      1.19,
      0,
      1.24,
      0.05,
      1.2925,
      0.1025,
      1.345,
      0.155,
      1.395,
      0.2075,
      1.4475,
      0.2575,
      1.5,
      0.31,
      1.5525,
      0.3625,
      1.6025,
      0.4125,
      1.655,
      0.465,
      1.7075,
      0.5175,
      1.7575,
      0.5675,
      1.81,
      0.62,
      1.8625,
      0.6725,
      1.9125,
      0.7225,
      1.965,
      0.775,
      2.0175,
      0.8275,
      2.0675,
      0.88,
      2.12,
      0.93,
      2.1725,
      0.9825,
      2.2225,
      1.035,
      2.275,
      1.085,
      2.3275,
      1.1375
    ],
    "SoftwareVersions": "syngo_MR_D13",
    "SpacingBetweenSlices": 3,
    "TaskName": "Decision-making task",
    "TotalReadoutTime": 0.0200254,
    "TxRefAmp": 367.586,
    "dataset": "ds001715",
    "modality": "bold",
    "run_id": 9,
    "subject_id": "10",
    "task_id": "dts"
  },
  "dummy_trs": 0,
  "dvars_nstd": 36.562143193207525,
  "dvars_std": 1.3086619355345916,
  "dvars_vstd": 1.0129223419496844,
  "efc": 0.5082717397222345,
  "fber": 1804.2117919921875,
  "fd_mean": 0.20726178146614518,
  "fd_num": 46,
  "fd_perc": 28.75,
  "fwhm_avg": 1.7897381175641807,
  "fwhm_x": 1.6780062081604958,
  "fwhm_y": 1.9250381445320466,
  "fwhm_z": 1.76617,
  "gcor": 0.0203364,
  "gsr_x": -0.006198874209076166,
  "gsr_y": 0.03438378497958183,
  "provenance": {
    "md5sum": "5765ae35df160f7d0ab112770df36de1",
    "settings": {
      "fd_thres": 0.2,
      "testing": false
    },
    "software": "mriqc",
    "version": "22.0.6",
    "webapi_port": null,
    "webapi_url": "https://mriqc.nimh.nih.gov/api/v1"
  },
  "size_t": 160,
  "size_x": 66,
  "size_y": 66,
  "size_z": 46,
  "snr": 5.572111395804094,
  "spacing_tr": 2.4000000953674316,
  "spacing_x": 2.9696969985961914,
  "spacing_y": 2.9696969985961914,
  "spacing_z": 3.0,
  "summary_bg_k": 52.45186416760349,
  "summary_bg_mad": 11.74035744892696,
  "summary_bg_mean": 40.10757064819336,
  "summary_bg_median": 18.83125114440918,
  "summary_bg_n": 126024.0,
  "summary_bg_p05": 8.86875057220459,
  "summary_bg_p95": 126.19250411987261,
  "summary_bg_stdv": 72.5625,
  "summary_fg_k": 3.4819962414864607,
  "summary_fg_mad": 131.28445359592848,
  "summary_fg_mean": 824.2567749023438,
  "summary_fg_median": 806.015625,
  "summary_fg_n": 36012.0,
  "summary_fg_p05": 642.5568695068359,
  "summary_fg_p95": 1064.2656005859362,
  "summary_fg_stdv": 144.6497344970703,
  "tsnr": 54.60299548401963
}