{
  "aor": 0.0010025625,
  "aqi": 0.0077719360625,
  "bids_meta": {
    "AcquisitionMatrixPE": 59,
    "BandwidthPerPixelPhaseEncode": 49.18,
    "BaseResolution": 66,
    "BodyPartExamined": "HEAD",
    "ConsistencyInfo": "N4_VD13A_LATEST_20120616",
    "ConversionSoftware": "dcm2niix",
    "ConversionSoftwareVersion": "v1.0.20180518 GCC4.8.5",
    "DerivedVendorReportedEchoSpacing": 0.000616166,
    "DwellTime": 4e-06,
    "EchoTime": 0.027,
    "EchoTrainLength": 29,
    "EffectiveEchoSpacing": 0.000308083,
    "FlipAngle": 71,
    "ImageOrientationPatientDICOM": [
      1,
      0,
      0,
      0,
      0.998719,
      -0.0505929
    ],
    "ImageType": [
      "ORIGINAL",
      "PRIMARY",
      "M",
      "ND",
      "NORM",
      "MOSAIC"
    ],
    "InPlanePhaseEncodingDirectionDICOM": "COL",
    "InstitutionName": "Princeton_University_-_Neuroscience_Institute",
    "InstitutionalDepartmentName": "Department",
    "MRAcquisitionType": "2D",
    "MagneticFieldStrength": 3,
    "Manufacturer": "Siemens",
    "ManufacturersModelName": "Skyra",
    "Modality": "MR",
    "ParallelReductionFactorInPlane": 2,
    "PartialFourier": 1,
    "PatientPosition": "HFS",
    "PercentPhaseFOV": 100,
    "PhaseEncodingDirection": "j-",
    "PhaseEncodingSteps": 59,
    "PhaseResolution": 0.9,
    "PixelBandwidth": 1895,
    "PulseSequenceDetails": "%SiemensSeq%_ep2d_pace",
    "ReceiveCoilActiveElements": "HE1-4",
    "ReceiveCoilName": "HeadNeck_20",
    "ReconMatrixPE": 66,
    "RepetitionTime": 2.4,
    "SAR": 0.131919,
    "ScanOptions": "FS",
    "ScanningSequence": "EP",
    "SequenceName": "_epfid2d1_59",
    "SequenceVariant": "SK_OSP",
    "ShimSetting": [
      3387,
      8549,
      9479,
      596,
      80,
      -258,
      731,
      234
    ],
    "SliceThickness": 2.5,
    "SliceTiming": [
      1.19,
      0,
      1.24,
      0.05,
      1.2925,
      0.1025,
      1.345,
      0.155,
      1.395,
      0.2075,
      1.4475,
      0.2575,
      1.5,
      0.31,
      1.5525,
      0.3625,
      1.6025,
      0.4125,
      1.655,
      0.465,
      1.7075,
      0.5175,
      1.7575,
      0.5675,
      1.81,
      0.62,
      1.8625,
      0.6725,
      1.9125,
      0.7225,
      1.965,
      0.775,
      2.0175,
      0.8275,
      2.0675,
      0.88,
      2.12,
      0.93,
      2.1725,
      0.9825,
      2.2225,
      1.035,
      2.275,
      1.085,
      2.3275,
      1.1375
    ],
    "SoftwareVersions": "syngo_MR_D13",
    "SpacingBetweenSlices": 3,
    "TaskName": "Decision-making task",
    "TotalReadoutTime": 0.0200254,
    "TxRefAmp": 367.586,
    "dataset": "ds001715",
    "modality": "bold",
    "run_id": 5,
    "subject_id": "10",
    "task_id": "dts"
  },
  "dummy_trs": 0,
  "dvars_nstd": 32.9026786998742,
  "dvars_std": 1.3105890981760997,
  "dvars_vstd": 1.0042061006289305,
  "efc": 0.5012165927957685,
  "fber": 2228.737060546875,
  "fd_mean": 0.15845421501544615,
  "fd_num": 34,
  "fd_perc": 21.25,
  "fwhm_avg": 1.7714463263132816,
  "fwhm_x": 1.6482085553892432,
  "fwhm_y": 1.9140437568839348,
  "fwhm_z": 1.7520866666666668,
  "gcor": 0.0389642,
  "gsr_x": -0.0023917281068861485,
  "gsr_y": 0.02666022814810276,
  "provenance": {
    "md5sum": "41b4e6e626b6c5d414448385a6a9422a",
    "settings": {
      "fd_thres": 0.2,
      "testing": false
    },
    "software": "mriqc",
    "version": "22.0.6",
    "webapi_port": null,
    "webapi_url": "https://mriqc.nimh.nih.gov/api/v1"
  },
  "size_t": 160,
  "size_x": 66,
  "size_y": 66,
  "size_z": 46,
  "snr": 5.62011191190425,
  "spacing_tr": 2.4000000953674316,
  "spacing_x": 2.9696969985961914,
  "spacing_y": 2.9696969985961914,
  "spacing_z": 3.0,
  "summary_bg_k": 54.488045391506546,
  "summary_bg_mad": 9.025340439584989,
  "summary_bg_mean": 35.94208526611328,
  "summary_bg_median": 16.806249618530273,
  "summary_bg_n": 126081.0,
  "summary_bg_p05": 8.71875,
  "summary_bg_p95": 112.23750305175781,
  "summary_bg_stdv": 67.07796478271484,
  "summary_fg_k": 3.8487653715168184,
  "summary_fg_mad": 128.49991415704022,
  "summary_fg_mean": 815.1452026367188,
  "summary_fg_median": 798.8093872070312,
  "summary_fg_n": 35966.0,
  "summary_fg_p05": 638.8140716552734,
  "summary_fg_p95": 1045.8999938964844,
  "summary_fg_stdv": 142.13209533691406,
  "tsnr": 60.64807964954525
}