{
  "aor": 0.0172361875,
  "aqi": 0.0173297565625,
  "bids_meta": {
    "AcquisitionMatrixPE": 59,
    "BandwidthPerPixelPhaseEncode": 49.18,
    "BaseResolution": 66,
    "BodyPartExamined": "HEAD",
    "ConsistencyInfo": "N4_VD13A_LATEST_20120616",
    "ConversionSoftware": "dcm2niix",
    "ConversionSoftwareVersion": "v1.0.20180518 GCC4.8.5",
    "DerivedVendorReportedEchoSpacing": 0.000616166,
    "DwellTime": 4e-06,
    "EchoTime": 0.027,
    "EchoTrainLength": 29,
    "EffectiveEchoSpacing": 0.000308083,
    "FlipAngle": 71,
    "ImageOrientationPatientDICOM": [
      1,
      0,
      0,
      0,
      0.998719,
      -0.0505929
    ],
    "ImageType": [
      "ORIGINAL",
      "PRIMARY",
      "M",
      "ND",
      "NORM",
      "MOSAIC"
    ],
    "InPlanePhaseEncodingDirectionDICOM": "COL",
    "InstitutionName": "Princeton_University_-_Neuroscience_Institute",
    "InstitutionalDepartmentName": "Department",
    "MRAcquisitionType": "2D",
    "MagneticFieldStrength": 3,
    "Manufacturer": "Siemens",
    "ManufacturersModelName": "Skyra",
    "Modality": "MR",
    "ParallelReductionFactorInPlane": 2,
    "PartialFourier": 1,
    "PatientPosition": "HFS",
    "PercentPhaseFOV": 100,
    "PhaseEncodingDirection": "j-",
    "PhaseEncodingSteps": 59,
    "PhaseResolution": 0.9,
    "PixelBandwidth": 1895,
    "PulseSequenceDetails": "%SiemensSeq%_ep2d_pace",
    "ReceiveCoilActiveElements": "HE1-4",
    "ReceiveCoilName": "HeadNeck_20",
    "ReconMatrixPE": 66,
    "RepetitionTime": 2.4,
    "SAR": 0.131919,
    "ScanOptions": "FS",
    "ScanningSequence": "EP",
    "SequenceName": "_epfid2d1_59",
    "SequenceVariant": "SK_OSP",
    "ShimSetting": [
      3387,
      8549,
      9479,
      596,
      80,
      -258,
      731,
      234
    ],
    "SliceThickness": 2.5,
    "SliceTiming": [
      1.19,
      0,
      1.24,
      0.05,
      1.2925,
      0.1025,
      1.345,
      0.155,
      1.395,
      0.2075,
      1.4475,
      0.2575,
      1.5,
      0.31,
      1.5525,
      0.3625,
      1.6025,
      0.4125,
      1.655,
      0.465,
      1.7075,
      0.5175,
      1.7575,
      0.5675,
      1.81,
      0.62,
      1.8625,
      0.6725,
      1.9125,
      0.7225,
      1.965,
      0.775,
      2.0175,
      0.8275,
      2.0675,
      0.88,
      2.12,
      0.93,
      2.1725,
      0.9825,
      2.2225,
      1.035,
      2.275,
      1.085,
      2.3275,
      1.1375
    ],
    "SoftwareVersions": "syngo_MR_D13",
    "SpacingBetweenSlices": 3,
    "TaskName": "Decision-making task",
    "TotalReadoutTime": 0.0200254,
    "TxRefAmp": 367.586,
    "dataset": "ds001715",
    "modality": "bold",
    "run_id": 5,
    "subject_id": "26",
    "task_id": "dts"
  },
  "dummy_trs": 0,
  "dvars_nstd": 40.544541220754745,
  "dvars_std": 1.3448227699999997,
  "dvars_vstd": 1.131488517295597,
  "efc": 0.5825105438795353,
  "fber": 988.2212524414062,
  "fd_mean": 0.31674123640137813,
  "fd_num": 39,
  "fd_perc": 24.375,
  "fwhm_avg": 1.6595334132471207,
  "fwhm_x": 1.5766052907799186,
  "fwhm_y": 1.74949161562811,
  "fwhm_z": 1.6525033333333334,
  "gcor": 0.0509063,
  "gsr_x": -0.003432285040616989,
  "gsr_y": 0.043245334178209305,
  "provenance": {
    "md5sum": "8b9925d7d7ed6f5d8183b863d65f7336",
    "settings": {
      "fd_thres": 0.2,
      "testing": false
    },
    "software": "mriqc",
    "version": "22.0.6",
    "webapi_port": null,
    "webapi_url": "https://mriqc.nimh.nih.gov/api/v1"
  },
  "size_t": 160,
  "size_x": 66,
  "size_y": 66,
  "size_z": 46,
  "snr": 6.225060966683208,
  "spacing_tr": 2.4000000953674316,
  "spacing_x": 2.9696969985961914,
  "spacing_y": 2.9696969985961914,
  "spacing_z": 3.0,
  "summary_bg_k": 20.329300906825065,
  "summary_bg_mad": 16.531015584689257,
  "summary_bg_mean": 57.660911560058594,
  "summary_bg_median": 24.64375114440918,
  "summary_bg_n": 112799.0,
  "summary_bg_p05": 10.793749809265137,
  "summary_bg_p95": 246.63313140869124,
  "summary_bg_stdv": 86.3851089477539,
  "summary_fg_k": 3.8172171429443287,
  "summary_fg_mad": 116.89391866530106,
  "summary_fg_mean": 806.4256591796875,
  "summary_fg_median": 792.9500122070312,
  "summary_fg_n": 46089.0,
  "summary_fg_p05": 644.7462646484375,
  "summary_fg_p95": 1013.2075317382812,
  "summary_fg_stdv": 127.37889862060547,
  "tsnr": 41.991139694466256
}