{
  "aor": 0.0036489375000000003,
  "aqi": 0.010335134562499999,
  "bids_meta": {
    "AcquisitionMatrixPE": 59,
    "BandwidthPerPixelPhaseEncode": 49.18,
    "BaseResolution": 66,
    "BodyPartExamined": "HEAD",
    "ConsistencyInfo": "N4_VD13A_LATEST_20120616",
    "ConversionSoftware": "dcm2niix",
    "ConversionSoftwareVersion": "v1.0.20180518 GCC4.8.5",
    "DerivedVendorReportedEchoSpacing": 0.000616166,
    "DwellTime": 4e-06,
    "EchoTime": 0.027,
    "EchoTrainLength": 29,
    "EffectiveEchoSpacing": 0.000308083,
    "FlipAngle": 71,
    "ImageOrientationPatientDICOM": [
      1,
      0,
      0,
      0,
      0.998719,
      -0.0505929
    ],
    "ImageType": [
      "ORIGINAL",
      "PRIMARY",
      "M",
      "ND",
      "NORM",
      "MOSAIC"
    ],
    "InPlanePhaseEncodingDirectionDICOM": "COL",
    "InstitutionName": "Princeton_University_-_Neuroscience_Institute",
    "InstitutionalDepartmentName": "Department",
    "MRAcquisitionType": "2D",
    "MagneticFieldStrength": 3,
    "Manufacturer": "Siemens",
    "ManufacturersModelName": "Skyra",
    "Modality": "MR",
    "ParallelReductionFactorInPlane": 2,
    "PartialFourier": 1,
    "PatientPosition": "HFS",
    "PercentPhaseFOV": 100,
    "PhaseEncodingDirection": "j-",
    "PhaseEncodingSteps": 59,
    "PhaseResolution": 0.9,
    "PixelBandwidth": 1895,
    "PulseSequenceDetails": "%SiemensSeq%_ep2d_pace",
    "ReceiveCoilActiveElements": "HE1-4",
    "ReceiveCoilName": "HeadNeck_20",
    "ReconMatrixPE": 66,
    "RepetitionTime": 2.4,
    "SAR": 0.131919,
    "ScanOptions": "FS",
    "ScanningSequence": "EP",
    "SequenceName": "_epfid2d1_59",
    "SequenceVariant": "SK_OSP",
    "ShimSetting": [
      3387,
      8549,
      9479,
      596,
      80,
      -258,
      731,
      234
    ],
    "SliceThickness": 2.5,
    "SliceTiming": [
      1.19,
      0,
      1.24,
      0.05,
      1.2925,
      0.1025,
      1.345,
      0.155,
      1.395,
      0.2075,
      1.4475,
      0.2575,
      1.5,
      0.31,
      1.5525,
      0.3625,
      1.6025,
      0.4125,
      1.655,
      0.465,
      1.7075,
      0.5175,
      1.7575,
      0.5675,
      1.81,
      0.62,
      1.8625,
      0.6725,
      1.9125,
      0.7225,
      1.965,
      0.775,
      2.0175,
      0.8275,
      2.0675,
      0.88,
      2.12,
      0.93,
      2.1725,
      0.9825,
      2.2225,
      1.035,
      2.275,
      1.085,
      2.3275,
      1.1375
    ],
    "SoftwareVersions": "syngo_MR_D13",
    "SpacingBetweenSlices": 3,
    "TaskName": "Decision-making task",
    "TotalReadoutTime": 0.0200254,
    "TxRefAmp": 367.586,
    "dataset": "ds001715",
    "modality": "bold",
    "run_id": 2,
    "subject_id": "26",
    "task_id": "dts"
  },
  "dummy_trs": 0,
  "dvars_nstd": 33.427541900754726,
  "dvars_std": 1.2758530028301887,
  "dvars_vstd": 1.029893931698113,
  "efc": 0.5699010067202912,
  "fber": 1528.826904296875,
  "fd_mean": 0.1265350486952247,
  "fd_num": 17,
  "fd_perc": 10.625,
  "fwhm_avg": 1.6535344450392584,
  "fwhm_x": 1.5600345766554602,
  "fwhm_y": 1.7518487584623148,
  "fwhm_z": 1.64872,
  "gcor": 0.0393171,
  "gsr_x": 0.002596873790025711,
  "gsr_y": 0.03712906688451767,
  "provenance": {
    "md5sum": "8d1bddd45287791dae556d05dd04d379",
    "settings": {
      "fd_thres": 0.2,
      "testing": false
    },
    "software": "mriqc",
    "version": "22.0.6",
    "webapi_port": null,
    "webapi_url": "https://mriqc.nimh.nih.gov/api/v1"
  },
  "size_t": 160,
  "size_x": 66,
  "size_y": 66,
  "size_z": 46,
  "snr": 6.245125366884456,
  "spacing_tr": 2.4000000953674316,
  "spacing_x": 2.9696969985961914,
  "spacing_y": 2.9696969985961914,
  "spacing_z": 3.0,
  "summary_bg_k": 24.11028306768855,
  "summary_bg_mad": 10.878593212716991,
  "summary_bg_mean": 49.925514221191406,
  "summary_bg_median": 19.868749618530273,
  "summary_bg_n": 112957.0,
  "summary_bg_p05": 10.012499809265137,
  "summary_bg_p95": 221.507501220703,
  "summary_bg_stdv": 79.34642791748047,
  "summary_fg_k": 4.358908015998316,
  "summary_fg_mad": 116.07850554329458,
  "summary_fg_mean": 803.736572265625,
  "summary_fg_median": 791.2625122070312,
  "summary_fg_n": 45868.0,
  "summary_fg_p05": 643.6209533691406,
  "summary_fg_p95": 1003.9806365966797,
  "summary_fg_stdv": 126.6994400024414,
  "tsnr": 56.147595257498324
}