{
  "aor": 0.0005573125,
  "aqi": 0.0065419281875,
  "bids_meta": {
    "AcquisitionMatrixPE": 59,
    "BandwidthPerPixelPhaseEncode": 49.18,
    "BaseResolution": 66,
    "BodyPartExamined": "HEAD",
    "ConsistencyInfo": "N4_VD13A_LATEST_20120616",
    "ConversionSoftware": "dcm2niix",
    "ConversionSoftwareVersion": "v1.0.20180518 GCC4.8.5",
    "DerivedVendorReportedEchoSpacing": 0.000616166,
    "DwellTime": 4e-06,
    "EchoTime": 0.027,
    "EchoTrainLength": 29,
    "EffectiveEchoSpacing": 0.000308083,
    "FlipAngle": 71,
    "ImageOrientationPatientDICOM": [
      1,
      0,
      0,
      0,
      0.998719,
      -0.0505929
    ],
    "ImageType": [
      "ORIGINAL",
      "PRIMARY",
      "M",
      "ND",
      "NORM",
      "MOSAIC"
    ],
    "InPlanePhaseEncodingDirectionDICOM": "COL",
    "InstitutionName": "Princeton_University_-_Neuroscience_Institute",
    "InstitutionalDepartmentName": "Department",
    "MRAcquisitionType": "2D",
    "MagneticFieldStrength": 3,
    "Manufacturer": "Siemens",
    "ManufacturersModelName": "Skyra",
    "Modality": "MR",
    "ParallelReductionFactorInPlane": 2,
    "PartialFourier": 1,
    "PatientPosition": "HFS",
    "PercentPhaseFOV": 100,
    "PhaseEncodingDirection": "j-",
    "PhaseEncodingSteps": 59,
    "PhaseResolution": 0.9,
    "PixelBandwidth": 1895,
    "PulseSequenceDetails": "%SiemensSeq%_ep2d_pace",
    "ReceiveCoilActiveElements": "HE1-4",
    "ReceiveCoilName": "HeadNeck_20",
    "ReconMatrixPE": 66,
    "RepetitionTime": 2.4,
    "SAR": 0.131919,
    "ScanOptions": "FS",
    "ScanningSequence": "EP",
    "SequenceName": "_epfid2d1_59",
    "SequenceVariant": "SK_OSP",
    "ShimSetting": [
      3387,
      8549,
      9479,
      596,
      80,
      -258,
      731,
      234
    ],
    "SliceThickness": 2.5,
    "SliceTiming": [
      1.19,
      0,
      1.24,
      0.05,
      1.2925,
      0.1025,
      1.345,
      0.155,
      1.395,
      0.2075,
      1.4475,
      0.2575,
      1.5,
      0.31,
      1.5525,
      0.3625,
      1.6025,
      0.4125,
      1.655,
      0.465,
      1.7075,
      0.5175,
      1.7575,
      0.5675,
      1.81,
      0.62,
      1.8625,
      0.6725,
      1.9125,
      0.7225,
      1.965,
      0.775,
      2.0175,
      0.8275,
      2.0675,
      0.88,
      2.12,
      0.93,
      2.1725,
      0.9825,
      2.2225,
      1.035,
      2.275,
      1.085,
      2.3275,
      1.1375
    ],
    "SoftwareVersions": "syngo_MR_D13",
    "SpacingBetweenSlices": 3,
    "TaskName": "Decision-making task",
    "TotalReadoutTime": 0.0200254,
    "TxRefAmp": 367.586,
    "dataset": "ds001715",
    "modality": "bold",
    "run_id": 2,
    "subject_id": "27",
    "task_id": "dts"
  },
  "dummy_trs": 0,
  "dvars_nstd": 36.69337619358492,
  "dvars_std": 1.3633114750943387,
  "dvars_vstd": 0.9998115524528294,
  "efc": 0.5668317198182589,
  "fber": 1296.427978515625,
  "fd_mean": 0.07522522580593734,
  "fd_num": 3,
  "fd_perc": 1.875,
  "fwhm_avg": 1.7499858276209623,
  "fwhm_x": 1.6617015144416118,
  "fwhm_y": 1.8469426350879414,
  "fwhm_z": 1.7413133333333333,
  "gcor": 0.028887,
  "gsr_x": 0.0008718228782527149,
  "gsr_y": 0.028592152521014214,
  "provenance": {
    "md5sum": "4ff08638b9168f81b8f7f65d29bfc4b8",
    "settings": {
      "fd_thres": 0.2,
      "testing": false
    },
    "software": "mriqc",
    "version": "22.0.6",
    "webapi_port": null,
    "webapi_url": "https://mriqc.nimh.nih.gov/api/v1"
  },
  "size_t": 160,
  "size_x": 66,
  "size_y": 66,
  "size_z": 46,
  "snr": 5.171811269150952,
  "spacing_tr": 2.4000000953674316,
  "spacing_x": 2.9696969985961914,
  "spacing_y": 2.9696969985961914,
  "spacing_z": 3.0,
  "summary_bg_k": 29.930838737229458,
  "summary_bg_mad": 15.307869037206066,
  "summary_bg_mean": 58.55914306640625,
  "summary_bg_median": 23.11250114440918,
  "summary_bg_n": 115071.0,
  "summary_bg_p05": 10.543749809265137,
  "summary_bg_p95": 236.91875457763672,
  "summary_bg_stdv": 95.90899658203125,
  "summary_fg_k": 3.124434979803823,
  "summary_fg_mad": 153.8523758971428,
  "summary_fg_mean": 857.3246459960938,
  "summary_fg_median": 841.5906372070312,
  "summary_fg_n": 44244.0,
  "summary_fg_p05": 647.2218994140625,
  "summary_fg_p95": 1121.7428405761718,
  "summary_fg_stdv": 162.72463989257812,
  "tsnr": 59.57897494873032
}