{
  "aor": 0.0005868749999999999,
  "aqi": 0.0054964950625000005,
  "bids_meta": {
    "AcquisitionMatrixPE": 59,
    "BandwidthPerPixelPhaseEncode": 49.18,
    "BaseResolution": 66,
    "BodyPartExamined": "HEAD",
    "ConsistencyInfo": "N4_VD13A_LATEST_20120616",
    "ConversionSoftware": "dcm2niix",
    "ConversionSoftwareVersion": "v1.0.20180518 GCC4.8.5",
    "DerivedVendorReportedEchoSpacing": 0.000616166,
    "DwellTime": 4e-06,
    "EchoTime": 0.027,
    "EchoTrainLength": 29,
    "EffectiveEchoSpacing": 0.000308083,
    "FlipAngle": 71,
    "ImageOrientationPatientDICOM": [
      1,
      0,
      0,
      0,
      0.998719,
      -0.0505929
    ],
    "ImageType": [
      "ORIGINAL",
      "PRIMARY",
      "M",
      "ND",
      "NORM",
      "MOSAIC"
    ],
    "InPlanePhaseEncodingDirectionDICOM": "COL",
    "InstitutionName": "Princeton_University_-_Neuroscience_Institute",
    "InstitutionalDepartmentName": "Department",
    "MRAcquisitionType": "2D",
    "MagneticFieldStrength": 3,
    "Manufacturer": "Siemens",
    "ManufacturersModelName": "Skyra",
    "Modality": "MR",
    "ParallelReductionFactorInPlane": 2,
    "PartialFourier": 1,
    "PatientPosition": "HFS",
    "PercentPhaseFOV": 100,
    "PhaseEncodingDirection": "j-",
    "PhaseEncodingSteps": 59,
    "PhaseResolution": 0.9,
    "PixelBandwidth": 1895,
    "PulseSequenceDetails": "%SiemensSeq%_ep2d_pace",
    "ReceiveCoilActiveElements": "HE1-4",
    "ReceiveCoilName": "HeadNeck_20",
    "ReconMatrixPE": 66,
    "RepetitionTime": 2.4,
    "SAR": 0.131919,
    "ScanOptions": "FS",
    "ScanningSequence": "EP",
    "SequenceName": "_epfid2d1_59",
    "SequenceVariant": "SK_OSP",
    "ShimSetting": [
      3387,
      8549,
      9479,
      596,
      80,
      -258,
      731,
      234
    ],
    "SliceThickness": 2.5,
    "SliceTiming": [
      1.19,
      0,
      1.24,
      0.05,
      1.2925,
      0.1025,
      1.345,
      0.155,
      1.395,
      0.2075,
      1.4475,
      0.2575,
      1.5,
      0.31,
      1.5525,
      0.3625,
      1.6025,
      0.4125,
      1.655,
      0.465,
      1.7075,
      0.5175,
      1.7575,
      0.5675,
      1.81,
      0.62,
      1.8625,
      0.6725,
      1.9125,
      0.7225,
      1.965,
      0.775,
      2.0175,
      0.8275,
      2.0675,
      0.88,
      2.12,
      0.93,
      2.1725,
      0.9825,
      2.2225,
      1.035,
      2.275,
      1.085,
      2.3275,
      1.1375
    ],
    "SoftwareVersions": "syngo_MR_D13",
    "SpacingBetweenSlices": 3,
    "TaskName": "Decision-making task",
    "TotalReadoutTime": 0.0200254,
    "TxRefAmp": 367.586,
    "dataset": "ds001715",
    "modality": "bold",
    "run_id": 1,
    "subject_id": "11",
    "task_id": "dts"
  },
  "dummy_trs": 0,
  "dvars_nstd": 30.17304939849056,
  "dvars_std": 1.2946414650943403,
  "dvars_vstd": 1.0004121925157232,
  "efc": 0.5107557261526067,
  "fber": 2083.29248046875,
  "fd_mean": 0.06159054030458676,
  "fd_num": 2,
  "fd_perc": 1.25,
  "fwhm_avg": 1.7514845690363485,
  "fwhm_x": 1.6402919228132218,
  "fwhm_y": 1.8933884509624905,
  "fwhm_z": 1.7207733333333335,
  "gcor": 0.0372857,
  "gsr_x": 0.004646016284823418,
  "gsr_y": 0.026168905198574066,
  "provenance": {
    "md5sum": "0caef0ec7d6eccf1ee821963f3f66654",
    "settings": {
      "fd_thres": 0.2,
      "testing": false
    },
    "software": "mriqc",
    "version": "22.0.6",
    "webapi_port": null,
    "webapi_url": "https://mriqc.nimh.nih.gov/api/v1"
  },
  "size_t": 160,
  "size_x": 66,
  "size_y": 66,
  "size_z": 46,
  "snr": 5.591378928704104,
  "spacing_tr": 2.4000000953674316,
  "spacing_x": 2.9696969985961914,
  "spacing_y": 2.9696969985961914,
  "spacing_z": 3.0,
  "summary_bg_k": 33.29901936852436,
  "summary_bg_mad": 10.489410413143203,
  "summary_bg_mean": 40.042930603027344,
  "summary_bg_median": 18.475000381469727,
  "summary_bg_n": 124655.0,
  "summary_bg_p05": 9.11875057220459,
  "summary_bg_p95": 139.4375,
  "summary_bg_stdv": 69.3055191040039,
  "summary_fg_k": 3.8664443046056407,
  "summary_fg_mad": 138.24342680812495,
  "summary_fg_mean": 866.1420288085938,
  "summary_fg_median": 849.5125122070312,
  "summary_fg_n": 36817.0,
  "summary_fg_p05": 676.6762573242188,
  "summary_fg_p95": 1110.4262939453124,
  "summary_fg_stdv": 151.9304962158203,
  "tsnr": 67.96176339313388
}