{
  "aor": 0.0009354716981132074,
  "aqi": 0.010440417924528303,
  "bids_meta": {
    "AcquisitionMatrixPE": 59,
    "BandwidthPerPixelPhaseEncode": 49.18,
    "BaseResolution": 66,
    "BodyPartExamined": "HEAD",
    "ConsistencyInfo": "N4_VD13A_LATEST_20120616",
    "ConversionSoftware": "dcm2niix",
    "ConversionSoftwareVersion": "v1.0.20180518 GCC4.8.5",
    "DerivedVendorReportedEchoSpacing": 0.000616166,
    "DwellTime": 4e-06,
    "EchoTime": 0.027,
    "EchoTrainLength": 29,
    "EffectiveEchoSpacing": 0.000308083,
    "FlipAngle": 71,
    "ImageOrientationPatientDICOM": [
      1,
      0,
      0,
      0,
      0.998719,
      -0.0505929
    ],
    "ImageType": [
      "ORIGINAL",
      "PRIMARY",
      "M",
      "ND",
      "NORM",
      "MOSAIC"
    ],
    "InPlanePhaseEncodingDirectionDICOM": "COL",
    "InstitutionName": "Princeton_University_-_Neuroscience_Institute",
    "InstitutionalDepartmentName": "Department",
    "MRAcquisitionType": "2D",
    "MagneticFieldStrength": 3,
    "Manufacturer": "Siemens",
    "ManufacturersModelName": "Skyra",
    "Modality": "MR",
    "ParallelReductionFactorInPlane": 2,
    "PartialFourier": 1,
    "PatientPosition": "HFS",
    "PercentPhaseFOV": 100,
    "PhaseEncodingDirection": "j-",
    "PhaseEncodingSteps": 59,
    "PhaseResolution": 0.9,
    "PixelBandwidth": 1895,
    "PulseSequenceDetails": "%SiemensSeq%_ep2d_pace",
    "ReceiveCoilActiveElements": "HE1-4",
    "ReceiveCoilName": "HeadNeck_20",
    "ReconMatrixPE": 66,
    "RepetitionTime": 2.4,
    "SAR": 0.131919,
    "ScanOptions": "FS",
    "ScanningSequence": "EP",
    "SequenceName": "_epfid2d1_59",
    "SequenceVariant": "SK_OSP",
    "ShimSetting": [
      3387,
      8549,
      9479,
      596,
      80,
      -258,
      731,
      234
    ],
    "SliceThickness": 2.5,
    "SliceTiming": [
      1.19,
      0,
      1.24,
      0.05,
      1.2925,
      0.1025,
      1.345,
      0.155,
      1.395,
      0.2075,
      1.4475,
      0.2575,
      1.5,
      0.31,
      1.5525,
      0.3625,
      1.6025,
      0.4125,
      1.655,
      0.465,
      1.7075,
      0.5175,
      1.7575,
      0.5675,
      1.81,
      0.62,
      1.8625,
      0.6725,
      1.9125,
      0.7225,
      1.965,
      0.775,
      2.0175,
      0.8275,
      2.0675,
      0.88,
      2.12,
      0.93,
      2.1725,
      0.9825,
      2.2225,
      1.035,
      2.275,
      1.085,
      2.3275,
      1.1375
    ],
    "SoftwareVersions": "syngo_MR_D13",
    "SpacingBetweenSlices": 3,
    "TaskName": "Decision-making task",
    "TotalReadoutTime": 0.0200254,
    "TxRefAmp": 367.586,
    "dataset": "ds001715",
    "modality": "bold",
    "run_id": 6,
    "subject_id": "11",
    "task_id": "dts"
  },
  "dummy_trs": 1,
  "dvars_nstd": 36.471528427658235,
  "dvars_std": 1.2279093148101268,
  "dvars_vstd": 1.0136327770886073,
  "efc": 0.5232482568287367,
  "fber": 1424.5509033203125,
  "fd_mean": 0.22304488160118832,
  "fd_num": 73,
  "fd_perc": 45.911949685534594,
  "fwhm_avg": 1.7600693535094747,
  "fwhm_x": 1.6621156981110505,
  "fwhm_y": 1.9046656957507064,
  "fwhm_z": 1.7134266666666667,
  "gcor": 0.0207452,
  "gsr_x": -0.00014230204396881163,
  "gsr_y": 0.04856900870800018,
  "provenance": {
    "md5sum": "54eaa9fdf20fdc797f01803136496783",
    "settings": {
      "fd_thres": 0.2,
      "testing": false
    },
    "software": "mriqc",
    "version": "22.0.6",
    "webapi_port": null,
    "webapi_url": "https://mriqc.nimh.nih.gov/api/v1"
  },
  "size_t": 159,
  "size_x": 66,
  "size_y": 66,
  "size_z": 46,
  "snr": 5.545028869192086,
  "spacing_tr": 2.4000000953674316,
  "spacing_x": 2.9696969985961914,
  "spacing_y": 2.9696969985961914,
  "spacing_z": 3.0,
  "summary_bg_k": 37.07795268702731,
  "summary_bg_mad": 16.429842563615754,
  "summary_bg_mean": 48.25822067260742,
  "summary_bg_median": 22.660377502441406,
  "summary_bg_n": 124573.0,
  "summary_bg_p05": 9.477987289428711,
  "summary_bg_p95": 159.89307250976543,
  "summary_bg_stdv": 79.14037322998047,
  "summary_fg_k": 3.9565296733568287,
  "summary_fg_mad": 142.0314646175038,
  "summary_fg_mean": 888.3632202148438,
  "summary_fg_median": 869.5659790039062,
  "summary_fg_n": 36935.0,
  "summary_fg_p05": 691.4402465820312,
  "summary_fg_p95": 1140.9779541015623,
  "summary_fg_stdv": 156.81689453125,
  "tsnr": 51.88756977848243
}