{
  "aor": 0.0011685625,
  "aqi": 0.011032851375,
  "bids_meta": {
    "AcquisitionMatrixPE": 59,
    "BandwidthPerPixelPhaseEncode": 49.18,
    "BaseResolution": 66,
    "BodyPartExamined": "HEAD",
    "ConsistencyInfo": "N4_VD13A_LATEST_20120616",
    "ConversionSoftware": "dcm2niix",
    "ConversionSoftwareVersion": "v1.0.20180518 GCC4.8.5",
    "DerivedVendorReportedEchoSpacing": 0.000616166,
    "DwellTime": 4e-06,
    "EchoTime": 0.027,
    "EchoTrainLength": 29,
    "EffectiveEchoSpacing": 0.000308083,
    "FlipAngle": 71,
    "ImageOrientationPatientDICOM": [
      1,
      0,
      0,
      0,
      0.998719,
      -0.0505929
    ],
    "ImageType": [
      "ORIGINAL",
      "PRIMARY",
      "M",
      "ND",
      "NORM",
      "MOSAIC"
    ],
    "InPlanePhaseEncodingDirectionDICOM": "COL",
    "InstitutionName": "Princeton_University_-_Neuroscience_Institute",
    "InstitutionalDepartmentName": "Department",
    "MRAcquisitionType": "2D",
    "MagneticFieldStrength": 3,
    "Manufacturer": "Siemens",
    "ManufacturersModelName": "Skyra",
    "Modality": "MR",
    "ParallelReductionFactorInPlane": 2,
    "PartialFourier": 1,
    "PatientPosition": "HFS",
    "PercentPhaseFOV": 100,
    "PhaseEncodingDirection": "j-",
    "PhaseEncodingSteps": 59,
    "PhaseResolution": 0.9,
    "PixelBandwidth": 1895,
    "PulseSequenceDetails": "%SiemensSeq%_ep2d_pace",
    "ReceiveCoilActiveElements": "HE1-4",
    "ReceiveCoilName": "HeadNeck_20",
    "ReconMatrixPE": 66,
    "RepetitionTime": 2.4,
    "SAR": 0.131919,
    "ScanOptions": "FS",
    "ScanningSequence": "EP",
    "SequenceName": "_epfid2d1_59",
    "SequenceVariant": "SK_OSP",
    "ShimSetting": [
      3387,
      8549,
      9479,
      596,
      80,
      -258,
      731,
      234
    ],
    "SliceThickness": 2.5,
    "SliceTiming": [
      1.19,
      0,
      1.24,
      0.05,
      1.2925,
      0.1025,
      1.345,
      0.155,
      1.395,
      0.2075,
      1.4475,
      0.2575,
      1.5,
      0.31,
      1.5525,
      0.3625,
      1.6025,
      0.4125,
      1.655,
      0.465,
      1.7075,
      0.5175,
      1.7575,
      0.5675,
      1.81,
      0.62,
      1.8625,
      0.6725,
      1.9125,
      0.7225,
      1.965,
      0.775,
      2.0175,
      0.8275,
      2.0675,
      0.88,
      2.12,
      0.93,
      2.1725,
      0.9825,
      2.2225,
      1.035,
      2.275,
      1.085,
      2.3275,
      1.1375
    ],
    "SoftwareVersions": "syngo_MR_D13",
    "SpacingBetweenSlices": 3,
    "TaskName": "Decision-making task",
    "TotalReadoutTime": 0.0200254,
    "TxRefAmp": 367.586,
    "dataset": "ds001715",
    "modality": "bold",
    "run_id": 10,
    "subject_id": "11",
    "task_id": "dts"
  },
  "dummy_trs": 0,
  "dvars_nstd": 38.38336793427672,
  "dvars_std": 1.1854342652201262,
  "dvars_vstd": 1.0110763898742137,
  "efc": 0.5338280286014501,
  "fber": 1103.761962890625,
  "fd_mean": 0.16514476053021507,
  "fd_num": 42,
  "fd_perc": 26.25,
  "fwhm_avg": 1.827621178320075,
  "fwhm_x": 1.7573745747350715,
  "fwhm_y": 1.9901289602251542,
  "fwhm_z": 1.73536,
  "gcor": 0.012095,
  "gsr_x": -0.004076311830431223,
  "gsr_y": 0.06778866797685623,
  "provenance": {
    "md5sum": "70aa0fe3ce1953c323d99a68e177d932",
    "settings": {
      "fd_thres": 0.2,
      "testing": false
    },
    "software": "mriqc",
    "version": "22.0.6",
    "webapi_port": null,
    "webapi_url": "https://mriqc.nimh.nih.gov/api/v1"
  },
  "size_t": 160,
  "size_x": 66,
  "size_y": 66,
  "size_z": 46,
  "snr": 5.242671134249683,
  "spacing_tr": 2.4000000953674316,
  "spacing_x": 2.9696969985961914,
  "spacing_y": 2.9696969985961914,
  "spacing_z": 3.0,
  "summary_bg_k": 34.97111548869962,
  "summary_bg_mad": 20.571105781765226,
  "summary_bg_mean": 55.586002349853516,
  "summary_bg_median": 25.975000381469727,
  "summary_bg_n": 124579.0,
  "summary_bg_p05": 9.925000190734863,
  "summary_bg_p95": 176.16438140869124,
  "summary_bg_stdv": 84.13558197021484,
  "summary_fg_k": 3.636580937204272,
  "summary_fg_mad": 148.297232611508,
  "summary_fg_mean": 900.4940795898438,
  "summary_fg_median": 879.9874877929688,
  "summary_fg_n": 36957.0,
  "summary_fg_p05": 687.7349975585937,
  "summary_fg_p95": 1186.4525390624997,
  "summary_fg_stdv": 167.8487091064453,
  "tsnr": 47.10876386531163
}