{
  "aor": 0.0007346249999999999,
  "aqi": 0.008273450625000001,
  "bids_meta": {
    "AcquisitionMatrixPE": 59,
    "BandwidthPerPixelPhaseEncode": 49.18,
    "BaseResolution": 66,
    "BodyPartExamined": "HEAD",
    "ConsistencyInfo": "N4_VD13A_LATEST_20120616",
    "ConversionSoftware": "dcm2niix",
    "ConversionSoftwareVersion": "v1.0.20180518 GCC4.8.5",
    "DerivedVendorReportedEchoSpacing": 0.000616166,
    "DwellTime": 4e-06,
    "EchoTime": 0.027,
    "EchoTrainLength": 29,
    "EffectiveEchoSpacing": 0.000308083,
    "FlipAngle": 71,
    "ImageOrientationPatientDICOM": [
      1,
      0,
      0,
      0,
      0.998719,
      -0.0505929
    ],
    "ImageType": [
      "ORIGINAL",
      "PRIMARY",
      "M",
      "ND",
      "NORM",
      "MOSAIC"
    ],
    "InPlanePhaseEncodingDirectionDICOM": "COL",
    "InstitutionName": "Princeton_University_-_Neuroscience_Institute",
    "InstitutionalDepartmentName": "Department",
    "MRAcquisitionType": "2D",
    "MagneticFieldStrength": 3,
    "Manufacturer": "Siemens",
    "ManufacturersModelName": "Skyra",
    "Modality": "MR",
    "ParallelReductionFactorInPlane": 2,
    "PartialFourier": 1,
    "PatientPosition": "HFS",
    "PercentPhaseFOV": 100,
    "PhaseEncodingDirection": "j-",
    "PhaseEncodingSteps": 59,
    "PhaseResolution": 0.9,
    "PixelBandwidth": 1895,
    "PulseSequenceDetails": "%SiemensSeq%_ep2d_pace",
    "ReceiveCoilActiveElements": "HE1-4",
    "ReceiveCoilName": "HeadNeck_20",
    "ReconMatrixPE": 66,
    "RepetitionTime": 2.4,
    "SAR": 0.131919,
    "ScanOptions": "FS",
    "ScanningSequence": "EP",
    "SequenceName": "_epfid2d1_59",
    "SequenceVariant": "SK_OSP",
    "ShimSetting": [
      3387,
      8549,
      9479,
      596,
      80,
      -258,
      731,
      234
    ],
    "SliceThickness": 2.5,
    "SliceTiming": [
      1.19,
      0,
      1.24,
      0.05,
      1.2925,
      0.1025,
      1.345,
      0.155,
      1.395,
      0.2075,
      1.4475,
      0.2575,
      1.5,
      0.31,
      1.5525,
      0.3625,
      1.6025,
      0.4125,
      1.655,
      0.465,
      1.7075,
      0.5175,
      1.7575,
      0.5675,
      1.81,
      0.62,
      1.8625,
      0.6725,
      1.9125,
      0.7225,
      1.965,
      0.775,
      2.0175,
      0.8275,
      2.0675,
      0.88,
      2.12,
      0.93,
      2.1725,
      0.9825,
      2.2225,
      1.035,
      2.275,
      1.085,
      2.3275,
      1.1375
    ],
    "SoftwareVersions": "syngo_MR_D13",
    "SpacingBetweenSlices": 3,
    "TaskName": "Decision-making task",
    "TotalReadoutTime": 0.0200254,
    "TxRefAmp": 367.586,
    "dataset": "ds001715",
    "modality": "bold",
    "run_id": 12,
    "subject_id": "07",
    "task_id": "dts"
  },
  "dummy_trs": 0,
  "dvars_nstd": 38.27350273402515,
  "dvars_std": 1.1520416906918234,
  "dvars_vstd": 1.0067127355974839,
  "efc": 0.5675619046063525,
  "fber": 591.4386596679688,
  "fd_mean": 0.11648796049550472,
  "fd_num": 19,
  "fd_perc": 11.875,
  "fwhm_avg": 2.0041080820102297,
  "fwhm_x": 1.961499776830286,
  "fwhm_y": 2.1164044692004023,
  "fwhm_z": 1.93442,
  "gcor": 0.0069595,
  "gsr_x": -0.0027134425472468138,
  "gsr_y": 0.06506776809692383,
  "provenance": {
    "md5sum": "53cc64a3c8dbfea26a04c255ff7fffe1",
    "settings": {
      "fd_thres": 0.2,
      "testing": false
    },
    "software": "mriqc",
    "version": "22.0.6",
    "webapi_port": null,
    "webapi_url": "https://mriqc.nimh.nih.gov/api/v1"
  },
  "size_t": 160,
  "size_x": 66,
  "size_y": 66,
  "size_z": 46,
  "snr": 4.602840475568084,
  "spacing_tr": 2.4000000953674316,
  "spacing_x": 2.9696969985961914,
  "spacing_y": 2.9696969985961914,
  "spacing_z": 3.0,
  "summary_bg_k": 58.07446594304826,
  "summary_bg_mad": 34.62803061102685,
  "summary_bg_mean": 64.81372833251953,
  "summary_bg_median": 37.81875228881836,
  "summary_bg_n": 115797.0,
  "summary_bg_p05": 10.604999923706055,
  "summary_bg_p95": 183.0637512207031,
  "summary_bg_stdv": 87.08675384521484,
  "summary_fg_k": 3.0335668070828774,
  "summary_fg_mad": 187.34078019483937,
  "summary_fg_mean": 978.1365356445312,
  "summary_fg_median": 953.1843872070312,
  "summary_fg_n": 43742.0,
  "summary_fg_p05": 703.4196990966797,
  "summary_fg_p95": 1337.9434143066405,
  "summary_fg_stdv": 207.08375549316406,
  "tsnr": 46.81943223811686
}