{
  "aor": 0.000642875,
  "aqi": 0.008365575187499998,
  "bids_meta": {
    "AcquisitionMatrixPE": 59,
    "BandwidthPerPixelPhaseEncode": 49.18,
    "BaseResolution": 66,
    "BodyPartExamined": "HEAD",
    "ConsistencyInfo": "N4_VD13A_LATEST_20120616",
    "ConversionSoftware": "dcm2niix",
    "ConversionSoftwareVersion": "v1.0.20180518 GCC4.8.5",
    "DerivedVendorReportedEchoSpacing": 0.000616166,
    "DwellTime": 4e-06,
    "EchoTime": 0.027,
    "EchoTrainLength": 29,
    "EffectiveEchoSpacing": 0.000308083,
    "FlipAngle": 71,
    "ImageOrientationPatientDICOM": [
      1,
      0,
      0,
      0,
      0.998719,
      -0.0505929
    ],
    "ImageType": [
      "ORIGINAL",
      "PRIMARY",
      "M",
      "ND",
      "NORM",
      "MOSAIC"
    ],
    "InPlanePhaseEncodingDirectionDICOM": "COL",
    "InstitutionName": "Princeton_University_-_Neuroscience_Institute",
    "InstitutionalDepartmentName": "Department",
    "MRAcquisitionType": "2D",
    "MagneticFieldStrength": 3,
    "Manufacturer": "Siemens",
    "ManufacturersModelName": "Skyra",
    "Modality": "MR",
    "ParallelReductionFactorInPlane": 2,
    "PartialFourier": 1,
    "PatientPosition": "HFS",
    "PercentPhaseFOV": 100,
    "PhaseEncodingDirection": "j-",
    "PhaseEncodingSteps": 59,
    "PhaseResolution": 0.9,
    "PixelBandwidth": 1895,
    "PulseSequenceDetails": "%SiemensSeq%_ep2d_pace",
    "ReceiveCoilActiveElements": "HE1-4",
    "ReceiveCoilName": "HeadNeck_20",
    "ReconMatrixPE": 66,
    "RepetitionTime": 2.4,
    "SAR": 0.131919,
    "ScanOptions": "FS",
    "ScanningSequence": "EP",
    "SequenceName": "_epfid2d1_59",
    "SequenceVariant": "SK_OSP",
    "ShimSetting": [
      3387,
      8549,
      9479,
      596,
      80,
      -258,
      731,
      234
    ],
    "SliceThickness": 2.5,
    "SliceTiming": [
      1.19,
      0,
      1.24,
      0.05,
      1.2925,
      0.1025,
      1.345,
      0.155,
      1.395,
      0.2075,
      1.4475,
      0.2575,
      1.5,
      0.31,
      1.5525,
      0.3625,
      1.6025,
      0.4125,
      1.655,
      0.465,
      1.7075,
      0.5175,
      1.7575,
      0.5675,
      1.81,
      0.62,
      1.8625,
      0.6725,
      1.9125,
      0.7225,
      1.965,
      0.775,
      2.0175,
      0.8275,
      2.0675,
      0.88,
      2.12,
      0.93,
      2.1725,
      0.9825,
      2.2225,
      1.035,
      2.275,
      1.085,
      2.3275,
      1.1375
    ],
    "SoftwareVersions": "syngo_MR_D13",
    "SpacingBetweenSlices": 3,
    "TaskName": "Decision-making task",
    "TotalReadoutTime": 0.0200254,
    "TxRefAmp": 367.586,
    "dataset": "ds001715",
    "modality": "bold",
    "run_id": 10,
    "subject_id": "12",
    "task_id": "dts"
  },
  "dummy_trs": 0,
  "dvars_nstd": 33.630554727295625,
  "dvars_std": 1.1758946053459123,
  "dvars_vstd": 1.0044910723270437,
  "efc": 0.5536830771867972,
  "fber": 1036.398193359375,
  "fd_mean": 0.08481784467668109,
  "fd_num": 6,
  "fd_perc": 3.75,
  "fwhm_avg": 1.7883748522098226,
  "fwhm_x": 1.6973953916452817,
  "fwhm_y": 1.9205191649841857,
  "fwhm_z": 1.74721,
  "gcor": 0.00862814,
  "gsr_x": 0.0031714164651930332,
  "gsr_y": 0.050104204565286636,
  "provenance": {
    "md5sum": "d31a14c8df88f248e8df050cf607c3cd",
    "settings": {
      "fd_thres": 0.2,
      "testing": false
    },
    "software": "mriqc",
    "version": "22.0.6",
    "webapi_port": null,
    "webapi_url": "https://mriqc.nimh.nih.gov/api/v1"
  },
  "size_t": 160,
  "size_x": 66,
  "size_y": 66,
  "size_z": 46,
  "snr": 5.623663487464089,
  "spacing_tr": 2.4000000953674316,
  "spacing_x": 2.9696969985961914,
  "spacing_y": 2.9696969985961914,
  "spacing_z": 3.0,
  "summary_bg_k": 30.43476210339523,
  "summary_bg_mad": 21.405069529674627,
  "summary_bg_mean": 55.68416213989258,
  "summary_bg_median": 27.537500381469727,
  "summary_bg_n": 117749.0,
  "summary_bg_p05": 10.456250190734863,
  "summary_bg_p95": 183.42625427246082,
  "summary_bg_stdv": 85.49711608886719,
  "summary_fg_k": 2.2024318517720127,
  "summary_fg_mad": 151.4107515648846,
  "summary_fg_mean": 931.8558349609375,
  "summary_fg_median": 913.7999877929688,
  "summary_fg_n": 42007.0,
  "summary_fg_p05": 713.8869079589844,
  "summary_fg_p95": 1214.4106079101562,
  "summary_fg_stdv": 162.49000549316406,
  "tsnr": 52.99075402226299
}