{
  "aor": 0.0006964375,
  "aqi": 0.007935440375,
  "bids_meta": {
    "AcquisitionMatrixPE": 59,
    "BandwidthPerPixelPhaseEncode": 49.18,
    "BaseResolution": 66,
    "BodyPartExamined": "HEAD",
    "ConsistencyInfo": "N4_VD13A_LATEST_20120616",
    "ConversionSoftware": "dcm2niix",
    "ConversionSoftwareVersion": "v1.0.20180518 GCC4.8.5",
    "DerivedVendorReportedEchoSpacing": 0.000616166,
    "DwellTime": 4e-06,
    "EchoTime": 0.027,
    "EchoTrainLength": 29,
    "EffectiveEchoSpacing": 0.000308083,
    "FlipAngle": 71,
    "ImageOrientationPatientDICOM": [
      1,
      0,
      0,
      0,
      0.998719,
      -0.0505929
    ],
    "ImageType": [
      "ORIGINAL",
      "PRIMARY",
      "M",
      "ND",
      "NORM",
      "MOSAIC"
    ],
    "InPlanePhaseEncodingDirectionDICOM": "COL",
    "InstitutionName": "Princeton_University_-_Neuroscience_Institute",
    "InstitutionalDepartmentName": "Department",
    "MRAcquisitionType": "2D",
    "MagneticFieldStrength": 3,
    "Manufacturer": "Siemens",
    "ManufacturersModelName": "Skyra",
    "Modality": "MR",
    "ParallelReductionFactorInPlane": 2,
    "PartialFourier": 1,
    "PatientPosition": "HFS",
    "PercentPhaseFOV": 100,
    "PhaseEncodingDirection": "j-",
    "PhaseEncodingSteps": 59,
    "PhaseResolution": 0.9,
    "PixelBandwidth": 1895,
    "PulseSequenceDetails": "%SiemensSeq%_ep2d_pace",
    "ReceiveCoilActiveElements": "HE1-4",
    "ReceiveCoilName": "HeadNeck_20",
    "ReconMatrixPE": 66,
    "RepetitionTime": 2.4,
    "SAR": 0.131919,
    "ScanOptions": "FS",
    "ScanningSequence": "EP",
    "SequenceName": "_epfid2d1_59",
    "SequenceVariant": "SK_OSP",
    "ShimSetting": [
      3387,
      8549,
      9479,
      596,
      80,
      -258,
      731,
      234
    ],
    "SliceThickness": 2.5,
    "SliceTiming": [
      1.19,
      0,
      1.24,
      0.05,
      1.2925,
      0.1025,
      1.345,
      0.155,
      1.395,
      0.2075,
      1.4475,
      0.2575,
      1.5,
      0.31,
      1.5525,
      0.3625,
      1.6025,
      0.4125,
      1.655,
      0.465,
      1.7075,
      0.5175,
      1.7575,
      0.5675,
      1.81,
      0.62,
      1.8625,
      0.6725,
      1.9125,
      0.7225,
      1.965,
      0.775,
      2.0175,
      0.8275,
      2.0675,
      0.88,
      2.12,
      0.93,
      2.1725,
      0.9825,
      2.2225,
      1.035,
      2.275,
      1.085,
      2.3275,
      1.1375
    ],
    "SoftwareVersions": "syngo_MR_D13",
    "SpacingBetweenSlices": 3,
    "TaskName": "Decision-making task",
    "TotalReadoutTime": 0.0200254,
    "TxRefAmp": 367.586,
    "dataset": "ds001715",
    "modality": "bold",
    "run_id": 8,
    "subject_id": "12",
    "task_id": "dts"
  },
  "dummy_trs": 0,
  "dvars_nstd": 32.84357619125787,
  "dvars_std": 1.1707549335849055,
  "dvars_vstd": 1.0040511370440248,
  "efc": 0.5508092478501043,
  "fber": 1150.4080810546875,
  "fd_mean": 0.10470894025621635,
  "fd_num": 10,
  "fd_perc": 6.25,
  "fwhm_avg": 1.7525904420315772,
  "fwhm_x": 1.6503299839400272,
  "fwhm_y": 1.8897146754880374,
  "fwhm_z": 1.7177266666666666,
  "gcor": 0.0103254,
  "gsr_x": 0.0034602899104356766,
  "gsr_y": 0.043881677091121674,
  "provenance": {
    "md5sum": "4a8aa5149fdd6f28347cd7eb6547e608",
    "settings": {
      "fd_thres": 0.2,
      "testing": false
    },
    "software": "mriqc",
    "version": "22.0.6",
    "webapi_port": null,
    "webapi_url": "https://mriqc.nimh.nih.gov/api/v1"
  },
  "size_t": 160,
  "size_x": 66,
  "size_y": 66,
  "size_z": 46,
  "snr": 5.740298408196546,
  "spacing_tr": 2.4000000953674316,
  "spacing_x": 2.9696969985961914,
  "spacing_y": 2.9696969985961914,
  "spacing_z": 3.0,
  "summary_bg_k": 30.427417487711544,
  "summary_bg_mad": 19.57961441700388,
  "summary_bg_mean": 53.58621597290039,
  "summary_bg_median": 26.168750762939453,
  "summary_bg_n": 117787.0,
  "summary_bg_p05": 10.331250190734863,
  "summary_bg_p95": 179.37750701904292,
  "summary_bg_stdv": 84.72647857666016,
  "summary_fg_k": 2.562895869490358,
  "summary_fg_mad": 150.01153667208413,
  "summary_fg_mean": 928.1348876953125,
  "summary_fg_median": 911.1875,
  "summary_fg_n": 41938.0,
  "summary_fg_p05": 716.5978210449218,
  "summary_fg_p95": 1199.112878417969,
  "summary_fg_stdv": 158.7333221435547,
  "tsnr": 54.80494749848731
}