{
  "aor": 0.000887875,
  "aqi": 0.0076050475625,
  "bids_meta": {
    "AcquisitionMatrixPE": 59,
    "BandwidthPerPixelPhaseEncode": 49.18,
    "BaseResolution": 66,
    "BodyPartExamined": "HEAD",
    "ConsistencyInfo": "N4_VD13A_LATEST_20120616",
    "ConversionSoftware": "dcm2niix",
    "ConversionSoftwareVersion": "v1.0.20180518 GCC4.8.5",
    "DerivedVendorReportedEchoSpacing": 0.000616166,
    "DwellTime": 4e-06,
    "EchoTime": 0.027,
    "EchoTrainLength": 29,
    "EffectiveEchoSpacing": 0.000308083,
    "FlipAngle": 71,
    "ImageOrientationPatientDICOM": [
      1,
      0,
      0,
      0,
      0.998719,
      -0.0505929
    ],
    "ImageType": [
      "ORIGINAL",
      "PRIMARY",
      "M",
      "ND",
      "NORM",
      "MOSAIC"
    ],
    "InPlanePhaseEncodingDirectionDICOM": "COL",
    "InstitutionName": "Princeton_University_-_Neuroscience_Institute",
    "InstitutionalDepartmentName": "Department",
    "MRAcquisitionType": "2D",
    "MagneticFieldStrength": 3,
    "Manufacturer": "Siemens",
    "ManufacturersModelName": "Skyra",
    "Modality": "MR",
    "ParallelReductionFactorInPlane": 2,
    "PartialFourier": 1,
    "PatientPosition": "HFS",
    "PercentPhaseFOV": 100,
    "PhaseEncodingDirection": "j-",
    "PhaseEncodingSteps": 59,
    "PhaseResolution": 0.9,
    "PixelBandwidth": 1895,
    "PulseSequenceDetails": "%SiemensSeq%_ep2d_pace",
    "ReceiveCoilActiveElements": "HE1-4",
    "ReceiveCoilName": "HeadNeck_20",
    "ReconMatrixPE": 66,
    "RepetitionTime": 2.4,
    "SAR": 0.131919,
    "ScanOptions": "FS",
    "ScanningSequence": "EP",
    "SequenceName": "_epfid2d1_59",
    "SequenceVariant": "SK_OSP",
    "ShimSetting": [
      3387,
      8549,
      9479,
      596,
      80,
      -258,
      731,
      234
    ],
    "SliceThickness": 2.5,
    "SliceTiming": [
      1.19,
      0,
      1.24,
      0.05,
      1.2925,
      0.1025,
      1.345,
      0.155,
      1.395,
      0.2075,
      1.4475,
      0.2575,
      1.5,
      0.31,
      1.5525,
      0.3625,
      1.6025,
      0.4125,
      1.655,
      0.465,
      1.7075,
      0.5175,
      1.7575,
      0.5675,
      1.81,
      0.62,
      1.8625,
      0.6725,
      1.9125,
      0.7225,
      1.965,
      0.775,
      2.0175,
      0.8275,
      2.0675,
      0.88,
      2.12,
      0.93,
      2.1725,
      0.9825,
      2.2225,
      1.035,
      2.275,
      1.085,
      2.3275,
      1.1375
    ],
    "SoftwareVersions": "syngo_MR_D13",
    "SpacingBetweenSlices": 3,
    "TaskName": "Decision-making task",
    "TotalReadoutTime": 0.0200254,
    "TxRefAmp": 367.586,
    "dataset": "ds001715",
    "modality": "bold",
    "run_id": 4,
    "subject_id": "12",
    "task_id": "dts"
  },
  "dummy_trs": 0,
  "dvars_nstd": 30.84557781572327,
  "dvars_std": 1.2060987147798743,
  "dvars_vstd": 1.003638338553459,
  "efc": 0.5453488559527492,
  "fber": 1544.3836669921875,
  "fd_mean": 0.13209444586545627,
  "fd_num": 21,
  "fd_perc": 13.125,
  "fwhm_avg": 1.6953057939242429,
  "fwhm_x": 1.5888489641301586,
  "fwhm_y": 1.8221050843092366,
  "fwhm_z": 1.6749633333333334,
  "gcor": 0.0347243,
  "gsr_x": 0.0038124262355268,
  "gsr_y": 0.03329332917928696,
  "provenance": {
    "md5sum": "7bc5e4b9119a71c0d606079859a95218",
    "settings": {
      "fd_thres": 0.2,
      "testing": false
    },
    "software": "mriqc",
    "version": "22.0.6",
    "webapi_port": null,
    "webapi_url": "https://mriqc.nimh.nih.gov/api/v1"
  },
  "size_t": 160,
  "size_x": 66,
  "size_y": 66,
  "size_z": 46,
  "snr": 6.017342129170733,
  "spacing_tr": 2.4000000953674316,
  "spacing_x": 2.9696969985961914,
  "spacing_y": 2.9696969985961914,
  "spacing_z": 3.0,
  "summary_bg_k": 30.371374594565438,
  "summary_bg_mad": 14.622163248875774,
  "summary_bg_mean": 48.81455612182617,
  "summary_bg_median": 22.524999618530273,
  "summary_bg_n": 117614.0,
  "summary_bg_p05": 10.08750057220459,
  "summary_bg_p95": 171.97938003540028,
  "summary_bg_stdv": 80.92919158935547,
  "summary_fg_k": 2.9671512525067767,
  "summary_fg_mad": 143.58075859840187,
  "summary_fg_mean": 914.2922973632812,
  "summary_fg_median": 899.015625,
  "summary_fg_n": 42012.0,
  "summary_fg_p05": 719.5012512207031,
  "summary_fg_p95": 1158.2772338867182,
  "summary_fg_stdv": 149.40232849121094,
  "tsnr": 59.26987993111834
}