{
  "aor": 0.006516729559748428,
  "aqi": 0.010392154591194967,
  "bids_meta": {
    "AcquisitionMatrixPE": 59,
    "BandwidthPerPixelPhaseEncode": 49.18,
    "BaseResolution": 66,
    "BodyPartExamined": "HEAD",
    "ConsistencyInfo": "N4_VD13A_LATEST_20120616",
    "ConversionSoftware": "dcm2niix",
    "ConversionSoftwareVersion": "v1.0.20180518 GCC4.8.5",
    "DerivedVendorReportedEchoSpacing": 0.000616166,
    "DwellTime": 4e-06,
    "EchoTime": 0.027,
    "EchoTrainLength": 29,
    "EffectiveEchoSpacing": 0.000308083,
    "FlipAngle": 71,
    "ImageOrientationPatientDICOM": [
      1,
      0,
      0,
      0,
      0.998719,
      -0.0505929
    ],
    "ImageType": [
      "ORIGINAL",
      "PRIMARY",
      "M",
      "ND",
      "NORM",
      "MOSAIC"
    ],
    "InPlanePhaseEncodingDirectionDICOM": "COL",
    "InstitutionName": "Princeton_University_-_Neuroscience_Institute",
    "InstitutionalDepartmentName": "Department",
    "MRAcquisitionType": "2D",
    "MagneticFieldStrength": 3,
    "Manufacturer": "Siemens",
    "ManufacturersModelName": "Skyra",
    "Modality": "MR",
    "ParallelReductionFactorInPlane": 2,
    "PartialFourier": 1,
    "PatientPosition": "HFS",
    "PercentPhaseFOV": 100,
    "PhaseEncodingDirection": "j-",
    "PhaseEncodingSteps": 59,
    "PhaseResolution": 0.9,
    "PixelBandwidth": 1895,
    "PulseSequenceDetails": "%SiemensSeq%_ep2d_pace",
    "ReceiveCoilActiveElements": "HE1-4",
    "ReceiveCoilName": "HeadNeck_20",
    "ReconMatrixPE": 66,
    "RepetitionTime": 2.4,
    "SAR": 0.131919,
    "ScanOptions": "FS",
    "ScanningSequence": "EP",
    "SequenceName": "_epfid2d1_59",
    "SequenceVariant": "SK_OSP",
    "ShimSetting": [
      3387,
      8549,
      9479,
      596,
      80,
      -258,
      731,
      234
    ],
    "SliceThickness": 2.5,
    "SliceTiming": [
      1.19,
      0,
      1.24,
      0.05,
      1.2925,
      0.1025,
      1.345,
      0.155,
      1.395,
      0.2075,
      1.4475,
      0.2575,
      1.5,
      0.31,
      1.5525,
      0.3625,
      1.6025,
      0.4125,
      1.655,
      0.465,
      1.7075,
      0.5175,
      1.7575,
      0.5675,
      1.81,
      0.62,
      1.8625,
      0.6725,
      1.9125,
      0.7225,
      1.965,
      0.775,
      2.0175,
      0.8275,
      2.0675,
      0.88,
      2.12,
      0.93,
      2.1725,
      0.9825,
      2.2225,
      1.035,
      2.275,
      1.085,
      2.3275,
      1.1375
    ],
    "SoftwareVersions": "syngo_MR_D13",
    "SpacingBetweenSlices": 3,
    "TaskName": "Decision-making task",
    "TotalReadoutTime": 0.0200254,
    "TxRefAmp": 367.586,
    "dataset": "ds001715",
    "modality": "bold",
    "run_id": 12,
    "subject_id": "12",
    "task_id": "dts"
  },
  "dummy_trs": 1,
  "dvars_nstd": 37.092084075886056,
  "dvars_std": 1.2042467852531646,
  "dvars_vstd": 1.0577372547468353,
  "efc": 0.5554539003907659,
  "fber": 967.043212890625,
  "fd_mean": 0.16491548294422897,
  "fd_num": 14,
  "fd_perc": 8.80503144654088,
  "fwhm_avg": 1.8159793644790971,
  "fwhm_x": 1.7210240648847301,
  "fwhm_y": 1.9592806952192277,
  "fwhm_z": 1.7676333333333334,
  "gcor": 0.0471078,
  "gsr_x": 0.003074346575886011,
  "gsr_y": 0.05474621057510376,
  "provenance": {
    "md5sum": "dd100c331350f94a409361c134eb8c38",
    "settings": {
      "fd_thres": 0.2,
      "testing": false
    },
    "software": "mriqc",
    "version": "22.0.6",
    "webapi_port": null,
    "webapi_url": "https://mriqc.nimh.nih.gov/api/v1"
  },
  "size_t": 159,
  "size_x": 66,
  "size_y": 66,
  "size_z": 46,
  "snr": 5.470140642806279,
  "spacing_tr": 2.4000000953674316,
  "spacing_x": 2.9696969985961914,
  "spacing_y": 2.9696969985961914,
  "spacing_z": 3.0,
  "summary_bg_k": 29.830646085377957,
  "summary_bg_mad": 22.77052850457825,
  "summary_bg_mean": 57.401695251464844,
  "summary_bg_median": 28.54088020324707,
  "summary_bg_n": 117899.0,
  "summary_bg_p05": 10.50943374633789,
  "summary_bg_p95": 185.49118347167962,
  "summary_bg_stdv": 86.26944732666016,
  "summary_fg_k": 2.116810143007653,
  "summary_fg_mad": 156.16740351897073,
  "summary_fg_mean": 934.804443359375,
  "summary_fg_median": 915.6603393554688,
  "summary_fg_n": 41953.0,
  "summary_fg_p05": 707.8716918945313,
  "summary_fg_p95": 1227.572265625,
  "summary_fg_stdv": 167.39047241210938,
  "tsnr": 43.81047648168169
}