{
  "aor": 0.0006414999999999999,
  "aqi": 0.0076382356875,
  "bids_meta": {
    "AcquisitionMatrixPE": 59,
    "BandwidthPerPixelPhaseEncode": 49.18,
    "BaseResolution": 66,
    "BodyPartExamined": "HEAD",
    "ConsistencyInfo": "N4_VD13A_LATEST_20120616",
    "ConversionSoftware": "dcm2niix",
    "ConversionSoftwareVersion": "v1.0.20180518 GCC4.8.5",
    "DerivedVendorReportedEchoSpacing": 0.000616166,
    "DwellTime": 4e-06,
    "EchoTime": 0.027,
    "EchoTrainLength": 29,
    "EffectiveEchoSpacing": 0.000308083,
    "FlipAngle": 71,
    "ImageOrientationPatientDICOM": [
      1,
      0,
      0,
      0,
      0.998719,
      -0.0505929
    ],
    "ImageType": [
      "ORIGINAL",
      "PRIMARY",
      "M",
      "ND",
      "NORM",
      "MOSAIC"
    ],
    "InPlanePhaseEncodingDirectionDICOM": "COL",
    "InstitutionName": "Princeton_University_-_Neuroscience_Institute",
    "InstitutionalDepartmentName": "Department",
    "MRAcquisitionType": "2D",
    "MagneticFieldStrength": 3,
    "Manufacturer": "Siemens",
    "ManufacturersModelName": "Skyra",
    "Modality": "MR",
    "ParallelReductionFactorInPlane": 2,
    "PartialFourier": 1,
    "PatientPosition": "HFS",
    "PercentPhaseFOV": 100,
    "PhaseEncodingDirection": "j-",
    "PhaseEncodingSteps": 59,
    "PhaseResolution": 0.9,
    "PixelBandwidth": 1895,
    "PulseSequenceDetails": "%SiemensSeq%_ep2d_pace",
    "ReceiveCoilActiveElements": "HE1-4",
    "ReceiveCoilName": "HeadNeck_20",
    "ReconMatrixPE": 66,
    "RepetitionTime": 2.4,
    "SAR": 0.131919,
    "ScanOptions": "FS",
    "ScanningSequence": "EP",
    "SequenceName": "_epfid2d1_59",
    "SequenceVariant": "SK_OSP",
    "ShimSetting": [
      3387,
      8549,
      9479,
      596,
      80,
      -258,
      731,
      234
    ],
    "SliceThickness": 2.5,
    "SliceTiming": [
      1.19,
      0,
      1.24,
      0.05,
      1.2925,
      0.1025,
      1.345,
      0.155,
      1.395,
      0.2075,
      1.4475,
      0.2575,
      1.5,
      0.31,
      1.5525,
      0.3625,
      1.6025,
      0.4125,
      1.655,
      0.465,
      1.7075,
      0.5175,
      1.7575,
      0.5675,
      1.81,
      0.62,
      1.8625,
      0.6725,
      1.9125,
      0.7225,
      1.965,
      0.775,
      2.0175,
      0.8275,
      2.0675,
      0.88,
      2.12,
      0.93,
      2.1725,
      0.9825,
      2.2225,
      1.035,
      2.275,
      1.085,
      2.3275,
      1.1375
    ],
    "SoftwareVersions": "syngo_MR_D13",
    "SpacingBetweenSlices": 3,
    "TaskName": "Decision-making task",
    "TotalReadoutTime": 0.0200254,
    "TxRefAmp": 367.586,
    "dataset": "ds001715",
    "modality": "bold",
    "run_id": 2,
    "subject_id": "29",
    "task_id": "dts"
  },
  "dummy_trs": 0,
  "dvars_nstd": 28.95895845157233,
  "dvars_std": 1.1821645109433965,
  "dvars_vstd": 1.0005670032704401,
  "efc": 0.5298973881314757,
  "fber": 1531.930419921875,
  "fd_mean": 0.09356153008491652,
  "fd_num": 11,
  "fd_perc": 6.875,
  "fwhm_avg": 1.756971416970648,
  "fwhm_x": 1.6482523308990211,
  "fwhm_y": 1.9280519200129227,
  "fwhm_z": 1.69461,
  "gcor": 0.0650031,
  "gsr_x": 0.008504597470164299,
  "gsr_y": 0.030135788023471832,
  "provenance": {
    "md5sum": "a85eec7a0cae17b4300cecfade5c0d3f",
    "settings": {
      "fd_thres": 0.2,
      "testing": false
    },
    "software": "mriqc",
    "version": "22.0.6",
    "webapi_port": null,
    "webapi_url": "https://mriqc.nimh.nih.gov/api/v1"
  },
  "size_t": 160,
  "size_x": 66,
  "size_y": 66,
  "size_z": 46,
  "snr": 5.6356226011746795,
  "spacing_tr": 2.4000000953674316,
  "spacing_x": 2.9696969985961914,
  "spacing_y": 2.9696969985961914,
  "spacing_z": 3.0,
  "summary_bg_k": 23.799059883593735,
  "summary_bg_mad": 11.128784882145196,
  "summary_bg_mean": 47.2785530090332,
  "summary_bg_median": 19.20625114440918,
  "summary_bg_n": 123766.0,
  "summary_bg_p05": 10.037500381469727,
  "summary_bg_p95": 201.80156707763672,
  "summary_bg_stdv": 83.23831176757812,
  "summary_fg_k": 4.662476852189211,
  "summary_fg_mad": 120.5819640765202,
  "summary_fg_mean": 781.5909423828125,
  "summary_fg_median": 764.9562377929688,
  "summary_fg_n": 36713.0,
  "summary_fg_p05": 614.3062744140625,
  "summary_fg_p95": 997.3875366210939,
  "summary_fg_stdv": 135.73403930664062,
  "tsnr": 57.70076587703079
}