{
  "aor": 0.0009101250000000001,
  "aqi": 0.012118513312499999,
  "bids_meta": {
    "AcquisitionMatrixPE": 59,
    "BandwidthPerPixelPhaseEncode": 49.18,
    "BaseResolution": 66,
    "BodyPartExamined": "HEAD",
    "ConsistencyInfo": "N4_VD13A_LATEST_20120616",
    "ConversionSoftware": "dcm2niix",
    "ConversionSoftwareVersion": "v1.0.20180518 GCC4.8.5",
    "DerivedVendorReportedEchoSpacing": 0.000616166,
    "DwellTime": 4e-06,
    "EchoTime": 0.027,
    "EchoTrainLength": 29,
    "EffectiveEchoSpacing": 0.000308083,
    "FlipAngle": 71,
    "ImageOrientationPatientDICOM": [
      1,
      0,
      0,
      0,
      0.998719,
      -0.0505929
    ],
    "ImageType": [
      "ORIGINAL",
      "PRIMARY",
      "M",
      "ND",
      "NORM",
      "MOSAIC"
    ],
    "InPlanePhaseEncodingDirectionDICOM": "COL",
    "InstitutionName": "Princeton_University_-_Neuroscience_Institute",
    "InstitutionalDepartmentName": "Department",
    "MRAcquisitionType": "2D",
    "MagneticFieldStrength": 3,
    "Manufacturer": "Siemens",
    "ManufacturersModelName": "Skyra",
    "Modality": "MR",
    "ParallelReductionFactorInPlane": 2,
    "PartialFourier": 1,
    "PatientPosition": "HFS",
    "PercentPhaseFOV": 100,
    "PhaseEncodingDirection": "j-",
    "PhaseEncodingSteps": 59,
    "PhaseResolution": 0.9,
    "PixelBandwidth": 1895,
    "PulseSequenceDetails": "%SiemensSeq%_ep2d_pace",
    "ReceiveCoilActiveElements": "HE1-4",
    "ReceiveCoilName": "HeadNeck_20",
    "ReconMatrixPE": 66,
    "RepetitionTime": 2.4,
    "SAR": 0.131919,
    "ScanOptions": "FS",
    "ScanningSequence": "EP",
    "SequenceName": "_epfid2d1_59",
    "SequenceVariant": "SK_OSP",
    "ShimSetting": [
      3387,
      8549,
      9479,
      596,
      80,
      -258,
      731,
      234
    ],
    "SliceThickness": 2.5,
    "SliceTiming": [
      1.19,
      0,
      1.24,
      0.05,
      1.2925,
      0.1025,
      1.345,
      0.155,
      1.395,
      0.2075,
      1.4475,
      0.2575,
      1.5,
      0.31,
      1.5525,
      0.3625,
      1.6025,
      0.4125,
      1.655,
      0.465,
      1.7075,
      0.5175,
      1.7575,
      0.5675,
      1.81,
      0.62,
      1.8625,
      0.6725,
      1.9125,
      0.7225,
      1.965,
      0.775,
      2.0175,
      0.8275,
      2.0675,
      0.88,
      2.12,
      0.93,
      2.1725,
      0.9825,
      2.2225,
      1.035,
      2.275,
      1.085,
      2.3275,
      1.1375
    ],
    "SoftwareVersions": "syngo_MR_D13",
    "SpacingBetweenSlices": 3,
    "TaskName": "Decision-making task",
    "TotalReadoutTime": 0.0200254,
    "TxRefAmp": 367.586,
    "dataset": "ds001715",
    "modality": "bold",
    "run_id": 10,
    "subject_id": "34",
    "task_id": "dts"
  },
  "dummy_trs": 0,
  "dvars_nstd": 42.419631621949684,
  "dvars_std": 1.2261308801886788,
  "dvars_vstd": 1.008030325786164,
  "efc": 0.5937784603102887,
  "fber": 401.42633056640625,
  "fd_mean": 0.11332749539374896,
  "fd_num": 16,
  "fd_perc": 10.0,
  "fwhm_avg": 1.799515203569939,
  "fwhm_x": 1.7457437585217246,
  "fwhm_y": 1.9072551855214257,
  "fwhm_z": 1.7455466666666668,
  "gcor": 0.0134635,
  "gsr_x": 0.006972326897084713,
  "gsr_y": 0.039556100964546204,
  "provenance": {
    "md5sum": "f947f8ef0f4b1cef55de33d141eb1ac4",
    "settings": {
      "fd_thres": 0.2,
      "testing": false
    },
    "software": "mriqc",
    "version": "22.0.6",
    "webapi_port": null,
    "webapi_url": "https://mriqc.nimh.nih.gov/api/v1"
  },
  "size_t": 160,
  "size_x": 66,
  "size_y": 66,
  "size_z": 46,
  "snr": 5.771112857635205,
  "spacing_tr": 2.4000000953674316,
  "spacing_x": 2.9696969985961914,
  "spacing_y": 2.9696969985961914,
  "spacing_z": 3.0,
  "summary_bg_k": 20.706765355293484,
  "summary_bg_mad": 35.44345928614955,
  "summary_bg_mean": 72.56608581542969,
  "summary_bg_median": 40.09375,
  "summary_bg_n": 115226.0,
  "summary_bg_p05": 11.65000057220459,
  "summary_bg_p95": 264.9968795776367,
  "summary_bg_stdv": 97.57559204101562,
  "summary_fg_k": 2.1779611453211922,
  "summary_fg_mad": 130.72381748479862,
  "summary_fg_mean": 840.9794921875,
  "summary_fg_median": 826.4812622070312,
  "summary_fg_n": 43974.0,
  "summary_fg_p05": 641.8018951416016,
  "summary_fg_p95": 1090.8169006347657,
  "summary_fg_stdv": 143.20840454101562,
  "tsnr": 45.337501133210026
}