{
  "aor": 0.0016862499999999998,
  "aqi": 0.0121156476875,
  "bids_meta": {
    "AcquisitionMatrixPE": 59,
    "BandwidthPerPixelPhaseEncode": 49.18,
    "BaseResolution": 66,
    "BodyPartExamined": "HEAD",
    "ConsistencyInfo": "N4_VD13A_LATEST_20120616",
    "ConversionSoftware": "dcm2niix",
    "ConversionSoftwareVersion": "v1.0.20180518 GCC4.8.5",
    "DerivedVendorReportedEchoSpacing": 0.000616166,
    "DwellTime": 4e-06,
    "EchoTime": 0.027,
    "EchoTrainLength": 29,
    "EffectiveEchoSpacing": 0.000308083,
    "FlipAngle": 71,
    "ImageOrientationPatientDICOM": [
      1,
      0,
      0,
      0,
      0.998719,
      -0.0505929
    ],
    "ImageType": [
      "ORIGINAL",
      "PRIMARY",
      "M",
      "ND",
      "NORM",
      "MOSAIC"
    ],
    "InPlanePhaseEncodingDirectionDICOM": "COL",
    "InstitutionName": "Princeton_University_-_Neuroscience_Institute",
    "InstitutionalDepartmentName": "Department",
    "MRAcquisitionType": "2D",
    "MagneticFieldStrength": 3,
    "Manufacturer": "Siemens",
    "ManufacturersModelName": "Skyra",
    "Modality": "MR",
    "ParallelReductionFactorInPlane": 2,
    "PartialFourier": 1,
    "PatientPosition": "HFS",
    "PercentPhaseFOV": 100,
    "PhaseEncodingDirection": "j-",
    "PhaseEncodingSteps": 59,
    "PhaseResolution": 0.9,
    "PixelBandwidth": 1895,
    "PulseSequenceDetails": "%SiemensSeq%_ep2d_pace",
    "ReceiveCoilActiveElements": "HE1-4",
    "ReceiveCoilName": "HeadNeck_20",
    "ReconMatrixPE": 66,
    "RepetitionTime": 2.4,
    "SAR": 0.131919,
    "ScanOptions": "FS",
    "ScanningSequence": "EP",
    "SequenceName": "_epfid2d1_59",
    "SequenceVariant": "SK_OSP",
    "ShimSetting": [
      3387,
      8549,
      9479,
      596,
      80,
      -258,
      731,
      234
    ],
    "SliceThickness": 2.5,
    "SliceTiming": [
      1.19,
      0,
      1.24,
      0.05,
      1.2925,
      0.1025,
      1.345,
      0.155,
      1.395,
      0.2075,
      1.4475,
      0.2575,
      1.5,
      0.31,
      1.5525,
      0.3625,
      1.6025,
      0.4125,
      1.655,
      0.465,
      1.7075,
      0.5175,
      1.7575,
      0.5675,
      1.81,
      0.62,
      1.8625,
      0.6725,
      1.9125,
      0.7225,
      1.965,
      0.775,
      2.0175,
      0.8275,
      2.0675,
      0.88,
      2.12,
      0.93,
      2.1725,
      0.9825,
      2.2225,
      1.035,
      2.275,
      1.085,
      2.3275,
      1.1375
    ],
    "SoftwareVersions": "syngo_MR_D13",
    "SpacingBetweenSlices": 3,
    "TaskName": "Decision-making task",
    "TotalReadoutTime": 0.0200254,
    "TxRefAmp": 367.586,
    "dataset": "ds001715",
    "modality": "bold",
    "run_id": 10,
    "subject_id": "05",
    "task_id": "dts"
  },
  "dummy_trs": 0,
  "dvars_nstd": 32.33095618893081,
  "dvars_std": 1.1479899973584908,
  "dvars_vstd": 1.0148907310691822,
  "efc": 0.5397924999753141,
  "fber": 1385.845703125,
  "fd_mean": 0.1300565286693589,
  "fd_num": 25,
  "fd_perc": 15.625,
  "fwhm_avg": 1.8225214278653388,
  "fwhm_x": 1.7286881464428012,
  "fwhm_y": 1.984239470486549,
  "fwhm_z": 1.7546366666666666,
  "gcor": 0.00513843,
  "gsr_x": -0.003481609281152487,
  "gsr_y": 0.0767112672328949,
  "provenance": {
    "md5sum": "c7f627446d949a18aaa970752763b266",
    "settings": {
      "fd_thres": 0.2,
      "testing": false
    },
    "software": "mriqc",
    "version": "22.0.6",
    "webapi_port": null,
    "webapi_url": "https://mriqc.nimh.nih.gov/api/v1"
  },
  "size_t": 160,
  "size_x": 66,
  "size_y": 66,
  "size_z": 46,
  "snr": 5.51609968349787,
  "spacing_tr": 2.4000000953674316,
  "spacing_x": 2.9696969985961914,
  "spacing_y": 2.9696969985961914,
  "spacing_z": 3.0,
  "summary_bg_k": 67.66300339669341,
  "summary_bg_mad": 18.958775020788593,
  "summary_bg_mean": 51.98348617553711,
  "summary_bg_median": 24.384376525878906,
  "summary_bg_n": 121026.0,
  "summary_bg_p05": 9.668749809265137,
  "summary_bg_p95": 155.12813186645508,
  "summary_bg_stdv": 84.24575805664062,
  "summary_fg_k": 3.5097696673362044,
  "summary_fg_mad": 147.16216053339366,
  "summary_fg_mean": 943.6903686523438,
  "summary_fg_median": 923.2062377929688,
  "summary_fg_n": 40412.0,
  "summary_fg_p05": 723.0040802001953,
  "summary_fg_p95": 1228.830352783203,
  "summary_fg_stdv": 167.3636932373047,
  "tsnr": 51.24528755550273
}