{
  "aor": 0.0006678125,
  "aqi": 0.009075138,
  "bids_meta": {
    "AcquisitionMatrixPE": 59,
    "BandwidthPerPixelPhaseEncode": 49.18,
    "BaseResolution": 66,
    "BodyPartExamined": "HEAD",
    "ConsistencyInfo": "N4_VD13A_LATEST_20120616",
    "ConversionSoftware": "dcm2niix",
    "ConversionSoftwareVersion": "v1.0.20180518 GCC4.8.5",
    "DerivedVendorReportedEchoSpacing": 0.000616166,
    "DwellTime": 4e-06,
    "EchoTime": 0.027,
    "EchoTrainLength": 29,
    "EffectiveEchoSpacing": 0.000308083,
    "FlipAngle": 71,
    "ImageOrientationPatientDICOM": [
      1,
      0,
      0,
      0,
      0.998719,
      -0.0505929
    ],
    "ImageType": [
      "ORIGINAL",
      "PRIMARY",
      "M",
      "ND",
      "NORM",
      "MOSAIC"
    ],
    "InPlanePhaseEncodingDirectionDICOM": "COL",
    "InstitutionName": "Princeton_University_-_Neuroscience_Institute",
    "InstitutionalDepartmentName": "Department",
    "MRAcquisitionType": "2D",
    "MagneticFieldStrength": 3,
    "Manufacturer": "Siemens",
    "ManufacturersModelName": "Skyra",
    "Modality": "MR",
    "ParallelReductionFactorInPlane": 2,
    "PartialFourier": 1,
    "PatientPosition": "HFS",
    "PercentPhaseFOV": 100,
    "PhaseEncodingDirection": "j-",
    "PhaseEncodingSteps": 59,
    "PhaseResolution": 0.9,
    "PixelBandwidth": 1895,
    "PulseSequenceDetails": "%SiemensSeq%_ep2d_pace",
    "ReceiveCoilActiveElements": "HE1-4",
    "ReceiveCoilName": "HeadNeck_20",
    "ReconMatrixPE": 66,
    "RepetitionTime": 2.4,
    "SAR": 0.131919,
    "ScanOptions": "FS",
    "ScanningSequence": "EP",
    "SequenceName": "_epfid2d1_59",
    "SequenceVariant": "SK_OSP",
    "ShimSetting": [
      3387,
      8549,
      9479,
      596,
      80,
      -258,
      731,
      234
    ],
    "SliceThickness": 2.5,
    "SliceTiming": [
      1.19,
      0,
      1.24,
      0.05,
      1.2925,
      0.1025,
      1.345,
      0.155,
      1.395,
      0.2075,
      1.4475,
      0.2575,
      1.5,
      0.31,
      1.5525,
      0.3625,
      1.6025,
      0.4125,
      1.655,
      0.465,
      1.7075,
      0.5175,
      1.7575,
      0.5675,
      1.81,
      0.62,
      1.8625,
      0.6725,
      1.9125,
      0.7225,
      1.965,
      0.775,
      2.0175,
      0.8275,
      2.0675,
      0.88,
      2.12,
      0.93,
      2.1725,
      0.9825,
      2.2225,
      1.035,
      2.275,
      1.085,
      2.3275,
      1.1375
    ],
    "SoftwareVersions": "syngo_MR_D13",
    "SpacingBetweenSlices": 3,
    "TaskName": "Decision-making task",
    "TotalReadoutTime": 0.0200254,
    "TxRefAmp": 367.586,
    "dataset": "ds001715",
    "modality": "bold",
    "run_id": 6,
    "subject_id": "05",
    "task_id": "dts"
  },
  "dummy_trs": 0,
  "dvars_nstd": 27.94579893396226,
  "dvars_std": 1.1607242538364784,
  "dvars_vstd": 1.00438014591195,
  "efc": 0.5362396845636429,
  "fber": 1450.7078857421875,
  "fd_mean": 0.08768787483423413,
  "fd_num": 6,
  "fd_perc": 3.75,
  "fwhm_avg": 1.752991632498057,
  "fwhm_x": 1.6503097798585913,
  "fwhm_y": 1.892728450968913,
  "fwhm_z": 1.7159366666666667,
  "gcor": 0.0108016,
  "gsr_x": -0.004402384627610445,
  "gsr_y": 0.05401642248034477,
  "provenance": {
    "md5sum": "78775f6aea1ca7bcb994f7144c8cf936",
    "settings": {
      "fd_thres": 0.2,
      "testing": false
    },
    "software": "mriqc",
    "version": "22.0.6",
    "webapi_port": null,
    "webapi_url": "https://mriqc.nimh.nih.gov/api/v1"
  },
  "size_t": 160,
  "size_x": 66,
  "size_y": 66,
  "size_z": 46,
  "snr": 5.750407192861739,
  "spacing_tr": 2.4000000953674316,
  "spacing_x": 2.9696969985961914,
  "spacing_y": 2.9696969985961914,
  "spacing_z": 3.0,
  "summary_bg_k": 67.8035582123684,
  "summary_bg_mad": 16.827535745606443,
  "summary_bg_mean": 47.99387741088867,
  "summary_bg_median": 23.725000381469727,
  "summary_bg_n": 119876.0,
  "summary_bg_p05": 10.006250381469727,
  "summary_bg_p95": 144.16250610351562,
  "summary_bg_stdv": 83.01399993896484,
  "summary_fg_k": 3.5933992033619697,
  "summary_fg_mad": 143.1637767244472,
  "summary_fg_mean": 941.208740234375,
  "summary_fg_median": 922.5812377929688,
  "summary_fg_n": 40680.0,
  "summary_fg_p05": 730.8553253173828,
  "summary_fg_p95": 1205.2890380859374,
  "summary_fg_stdv": 160.43557739257812,
  "tsnr": 63.37768791988492
}