{
  "aor": 0.0009565000000000001,
  "aqi": 0.010585814374999999,
  "bids_meta": {
    "AcquisitionMatrixPE": 59,
    "BandwidthPerPixelPhaseEncode": 49.18,
    "BaseResolution": 66,
    "BodyPartExamined": "HEAD",
    "ConsistencyInfo": "N4_VD13A_LATEST_20120616",
    "ConversionSoftware": "dcm2niix",
    "ConversionSoftwareVersion": "v1.0.20180518 GCC4.8.5",
    "DerivedVendorReportedEchoSpacing": 0.000616166,
    "DwellTime": 4e-06,
    "EchoTime": 0.027,
    "EchoTrainLength": 29,
    "EffectiveEchoSpacing": 0.000308083,
    "FlipAngle": 71,
    "ImageOrientationPatientDICOM": [
      1,
      0,
      0,
      0,
      0.998719,
      -0.0505929
    ],
    "ImageType": [
      "ORIGINAL",
      "PRIMARY",
      "M",
      "ND",
      "NORM",
      "MOSAIC"
    ],
    "InPlanePhaseEncodingDirectionDICOM": "COL",
    "InstitutionName": "Princeton_University_-_Neuroscience_Institute",
    "InstitutionalDepartmentName": "Department",
    "MRAcquisitionType": "2D",
    "MagneticFieldStrength": 3,
    "Manufacturer": "Siemens",
    "ManufacturersModelName": "Skyra",
    "Modality": "MR",
    "ParallelReductionFactorInPlane": 2,
    "PartialFourier": 1,
    "PatientPosition": "HFS",
    "PercentPhaseFOV": 100,
    "PhaseEncodingDirection": "j-",
    "PhaseEncodingSteps": 59,
    "PhaseResolution": 0.9,
    "PixelBandwidth": 1895,
    "PulseSequenceDetails": "%SiemensSeq%_ep2d_pace",
    "ReceiveCoilActiveElements": "HE1-4",
    "ReceiveCoilName": "HeadNeck_20",
    "ReconMatrixPE": 66,
    "RepetitionTime": 2.4,
    "SAR": 0.131919,
    "ScanOptions": "FS",
    "ScanningSequence": "EP",
    "SequenceName": "_epfid2d1_59",
    "SequenceVariant": "SK_OSP",
    "ShimSetting": [
      3387,
      8549,
      9479,
      596,
      80,
      -258,
      731,
      234
    ],
    "SliceThickness": 2.5,
    "SliceTiming": [
      1.19,
      0,
      1.24,
      0.05,
      1.2925,
      0.1025,
      1.345,
      0.155,
      1.395,
      0.2075,
      1.4475,
      0.2575,
      1.5,
      0.31,
      1.5525,
      0.3625,
      1.6025,
      0.4125,
      1.655,
      0.465,
      1.7075,
      0.5175,
      1.7575,
      0.5675,
      1.81,
      0.62,
      1.8625,
      0.6725,
      1.9125,
      0.7225,
      1.965,
      0.775,
      2.0175,
      0.8275,
      2.0675,
      0.88,
      2.12,
      0.93,
      2.1725,
      0.9825,
      2.2225,
      1.035,
      2.275,
      1.085,
      2.3275,
      1.1375
    ],
    "SoftwareVersions": "syngo_MR_D13",
    "SpacingBetweenSlices": 3,
    "TaskName": "Decision-making task",
    "TotalReadoutTime": 0.0200254,
    "TxRefAmp": 367.586,
    "dataset": "ds001715",
    "modality": "bold",
    "run_id": 6,
    "subject_id": "03",
    "task_id": "dts"
  },
  "dummy_trs": 0,
  "dvars_nstd": 36.93205246880503,
  "dvars_std": 1.1841609709433965,
  "dvars_vstd": 1.0032537413836478,
  "efc": 0.5858735755797636,
  "fber": 801.31982421875,
  "fd_mean": 0.26853558145307765,
  "fd_num": 87,
  "fd_perc": 54.375,
  "fwhm_avg": 1.7438575056185286,
  "fwhm_x": 1.6086927394472557,
  "fwhm_y": 1.9020997774083295,
  "fwhm_z": 1.7207800000000002,
  "gcor": 0.03061,
  "gsr_x": 0.0007577486103400588,
  "gsr_y": 0.04708777368068695,
  "provenance": {
    "md5sum": "f203508da96402cc6ceb1d7e8b57096c",
    "settings": {
      "fd_thres": 0.2,
      "testing": false
    },
    "software": "mriqc",
    "version": "22.0.6",
    "webapi_port": null,
    "webapi_url": "https://mriqc.nimh.nih.gov/api/v1"
  },
  "size_t": 160,
  "size_x": 66,
  "size_y": 66,
  "size_z": 46,
  "snr": 5.246324427641755,
  "spacing_tr": 2.4000000953674316,
  "spacing_x": 2.9696969985961914,
  "spacing_y": 2.9696969985961914,
  "spacing_z": 3.0,
  "summary_bg_k": 37.79214566331808,
  "summary_bg_mad": 21.979577606561616,
  "summary_bg_mean": 57.18231964111328,
  "summary_bg_median": 28.65625,
  "summary_bg_n": 109448.0,
  "summary_bg_p05": 10.850000381469727,
  "summary_bg_p95": 194.05187988281241,
  "summary_bg_stdv": 85.55985260009766,
  "summary_fg_k": 4.230631232207452,
  "summary_fg_mad": 139.4572711781832,
  "summary_fg_mean": 857.2057495117188,
  "summary_fg_median": 834.8656005859375,
  "summary_fg_n": 48524.0,
  "summary_fg_p05": 663.1206512451172,
  "summary_fg_p95": 1122.8838195800781,
  "summary_fg_stdv": 159.1317901611328,
  "tsnr": 49.370320519432425
}