{
  "aor": 0.0009045625,
  "aqi": 0.010372809437500002,
  "bids_meta": {
    "AcquisitionMatrixPE": 59,
    "BandwidthPerPixelPhaseEncode": 49.18,
    "BaseResolution": 66,
    "BodyPartExamined": "HEAD",
    "ConsistencyInfo": "N4_VD13A_LATEST_20120616",
    "ConversionSoftware": "dcm2niix",
    "ConversionSoftwareVersion": "v1.0.20180518 GCC4.8.5",
    "DerivedVendorReportedEchoSpacing": 0.000616166,
    "DwellTime": 4e-06,
    "EchoTime": 0.027,
    "EchoTrainLength": 29,
    "EffectiveEchoSpacing": 0.000308083,
    "FlipAngle": 71,
    "ImageOrientationPatientDICOM": [
      1,
      0,
      0,
      0,
      0.998719,
      -0.0505929
    ],
    "ImageType": [
      "ORIGINAL",
      "PRIMARY",
      "M",
      "ND",
      "NORM",
      "MOSAIC"
    ],
    "InPlanePhaseEncodingDirectionDICOM": "COL",
    "InstitutionName": "Princeton_University_-_Neuroscience_Institute",
    "InstitutionalDepartmentName": "Department",
    "MRAcquisitionType": "2D",
    "MagneticFieldStrength": 3,
    "Manufacturer": "Siemens",
    "ManufacturersModelName": "Skyra",
    "Modality": "MR",
    "ParallelReductionFactorInPlane": 2,
    "PartialFourier": 1,
    "PatientPosition": "HFS",
    "PercentPhaseFOV": 100,
    "PhaseEncodingDirection": "j-",
    "PhaseEncodingSteps": 59,
    "PhaseResolution": 0.9,
    "PixelBandwidth": 1895,
    "PulseSequenceDetails": "%SiemensSeq%_ep2d_pace",
    "ReceiveCoilActiveElements": "HE1-4",
    "ReceiveCoilName": "HeadNeck_20",
    "ReconMatrixPE": 66,
    "RepetitionTime": 2.4,
    "SAR": 0.131919,
    "ScanOptions": "FS",
    "ScanningSequence": "EP",
    "SequenceName": "_epfid2d1_59",
    "SequenceVariant": "SK_OSP",
    "ShimSetting": [
      3387,
      8549,
      9479,
      596,
      80,
      -258,
      731,
      234
    ],
    "SliceThickness": 2.5,
    "SliceTiming": [
      1.19,
      0,
      1.24,
      0.05,
      1.2925,
      0.1025,
      1.345,
      0.155,
      1.395,
      0.2075,
      1.4475,
      0.2575,
      1.5,
      0.31,
      1.5525,
      0.3625,
      1.6025,
      0.4125,
      1.655,
      0.465,
      1.7075,
      0.5175,
      1.7575,
      0.5675,
      1.81,
      0.62,
      1.8625,
      0.6725,
      1.9125,
      0.7225,
      1.965,
      0.775,
      2.0175,
      0.8275,
      2.0675,
      0.88,
      2.12,
      0.93,
      2.1725,
      0.9825,
      2.2225,
      1.035,
      2.275,
      1.085,
      2.3275,
      1.1375
    ],
    "SoftwareVersions": "syngo_MR_D13",
    "SpacingBetweenSlices": 3,
    "TaskName": "Decision-making task",
    "TotalReadoutTime": 0.0200254,
    "TxRefAmp": 367.586,
    "dataset": "ds001715",
    "modality": "bold",
    "run_id": 11,
    "subject_id": "24",
    "task_id": "dts"
  },
  "dummy_trs": 0,
  "dvars_nstd": 37.84234921383648,
  "dvars_std": 1.1377860303144658,
  "dvars_vstd": 1.006118319748428,
  "efc": 0.5826610573738504,
  "fber": 829.5496215820312,
  "fd_mean": 0.07883774994275171,
  "fd_num": 5,
  "fd_perc": 3.125,
  "fwhm_avg": 1.8403286264645622,
  "fwhm_x": 1.7135148812843353,
  "fwhm_y": 2.1038208627154025,
  "fwhm_z": 1.7036501353939482,
  "gcor": 0.00564997,
  "gsr_x": -0.009235826320946217,
  "gsr_y": 0.10103625059127808,
  "provenance": {
    "md5sum": "34379c9ed4d9195f948a4dffa3ab7023",
    "settings": {
      "fd_thres": 0.2,
      "testing": false
    },
    "software": "mriqc",
    "version": "22.0.6",
    "webapi_port": null,
    "webapi_url": "https://mriqc.nimh.nih.gov/api/v1"
  },
  "size_t": 160,
  "size_x": 66,
  "size_y": 66,
  "size_z": 46,
  "snr": 5.133743314912375,
  "spacing_tr": 2.4000000953674316,
  "spacing_x": 2.9696969985961914,
  "spacing_y": 2.9696967601776123,
  "spacing_z": 2.999999761581421,
  "summary_bg_k": 25.155289460112247,
  "summary_bg_mad": 21.673790616210905,
  "summary_bg_mean": 59.45285415649414,
  "summary_bg_median": 27.493749618530273,
  "summary_bg_n": 114217.0,
  "summary_bg_p05": 10.506250381469727,
  "summary_bg_p95": 200.04500427246083,
  "summary_bg_stdv": 79.81562042236328,
  "summary_fg_k": 3.033553290561115,
  "summary_fg_mad": 138.6557484028894,
  "summary_fg_mean": 843.033935546875,
  "summary_fg_median": 824.581298828125,
  "summary_fg_n": 45268.0,
  "summary_fg_p05": 626.3522155761718,
  "summary_fg_p95": 1124.537194824219,
  "summary_fg_stdv": 160.6181182861328,
  "tsnr": 45.22414416633546
}