{
  "aor": 0.00073525,
  "aqi": 0.006353033750000001,
  "bids_meta": {
    "AcquisitionMatrixPE": 59,
    "BandwidthPerPixelPhaseEncode": 49.18,
    "BaseResolution": 66,
    "BodyPartExamined": "HEAD",
    "ConsistencyInfo": "N4_VD13A_LATEST_20120616",
    "ConversionSoftware": "dcm2niix",
    "ConversionSoftwareVersion": "v1.0.20180518 GCC4.8.5",
    "DerivedVendorReportedEchoSpacing": 0.000616166,
    "DwellTime": 4e-06,
    "EchoTime": 0.027,
    "EchoTrainLength": 29,
    "EffectiveEchoSpacing": 0.000308083,
    "FlipAngle": 71,
    "ImageOrientationPatientDICOM": [
      1,
      0,
      0,
      0,
      0.998719,
      -0.0505929
    ],
    "ImageType": [
      "ORIGINAL",
      "PRIMARY",
      "M",
      "ND",
      "NORM",
      "MOSAIC"
    ],
    "InPlanePhaseEncodingDirectionDICOM": "COL",
    "InstitutionName": "Princeton_University_-_Neuroscience_Institute",
    "InstitutionalDepartmentName": "Department",
    "MRAcquisitionType": "2D",
    "MagneticFieldStrength": 3,
    "Manufacturer": "Siemens",
    "ManufacturersModelName": "Skyra",
    "Modality": "MR",
    "ParallelReductionFactorInPlane": 2,
    "PartialFourier": 1,
    "PatientPosition": "HFS",
    "PercentPhaseFOV": 100,
    "PhaseEncodingDirection": "j-",
    "PhaseEncodingSteps": 59,
    "PhaseResolution": 0.9,
    "PixelBandwidth": 1895,
    "PulseSequenceDetails": "%SiemensSeq%_ep2d_pace",
    "ReceiveCoilActiveElements": "HE1-4",
    "ReceiveCoilName": "HeadNeck_20",
    "ReconMatrixPE": 66,
    "RepetitionTime": 2.4,
    "SAR": 0.131919,
    "ScanOptions": "FS",
    "ScanningSequence": "EP",
    "SequenceName": "_epfid2d1_59",
    "SequenceVariant": "SK_OSP",
    "ShimSetting": [
      3387,
      8549,
      9479,
      596,
      80,
      -258,
      731,
      234
    ],
    "SliceThickness": 2.5,
    "SliceTiming": [
      1.19,
      0,
      1.24,
      0.05,
      1.2925,
      0.1025,
      1.345,
      0.155,
      1.395,
      0.2075,
      1.4475,
      0.2575,
      1.5,
      0.31,
      1.5525,
      0.3625,
      1.6025,
      0.4125,
      1.655,
      0.465,
      1.7075,
      0.5175,
      1.7575,
      0.5675,
      1.81,
      0.62,
      1.8625,
      0.6725,
      1.9125,
      0.7225,
      1.965,
      0.775,
      2.0175,
      0.8275,
      2.0675,
      0.88,
      2.12,
      0.93,
      2.1725,
      0.9825,
      2.2225,
      1.035,
      2.275,
      1.085,
      2.3275,
      1.1375
    ],
    "SoftwareVersions": "syngo_MR_D13",
    "SpacingBetweenSlices": 3,
    "TaskName": "Decision-making task",
    "TotalReadoutTime": 0.0200254,
    "TxRefAmp": 367.586,
    "dataset": "ds001715",
    "modality": "bold",
    "run_id": 2,
    "subject_id": "24",
    "task_id": "dts"
  },
  "dummy_trs": 0,
  "dvars_nstd": 28.186030813459116,
  "dvars_std": 1.2153880021383654,
  "dvars_vstd": 1.0040732230817608,
  "efc": 0.5601553808224246,
  "fber": 1688.9927978515625,
  "fd_mean": 0.07569884570113497,
  "fd_num": 4,
  "fd_perc": 2.5,
  "fwhm_avg": 1.7270978626588172,
  "fwhm_x": 1.5659004949657236,
  "fwhm_y": 1.9555296277632988,
  "fwhm_z": 1.6598634652474296,
  "gcor": 0.0645568,
  "gsr_x": 0.0017242152243852615,
  "gsr_y": 0.046323250979185104,
  "provenance": {
    "md5sum": "db20c3ff0d8f6b8d90049cfff76ffcb3",
    "settings": {
      "fd_thres": 0.2,
      "testing": false
    },
    "software": "mriqc",
    "version": "22.0.6",
    "webapi_port": null,
    "webapi_url": "https://mriqc.nimh.nih.gov/api/v1"
  },
  "size_t": 160,
  "size_x": 66,
  "size_y": 66,
  "size_z": 46,
  "snr": 5.751315883752876,
  "spacing_tr": 2.4000000953674316,
  "spacing_x": 2.9696969985961914,
  "spacing_y": 2.9696967601776123,
  "spacing_z": 2.999999761581421,
  "summary_bg_k": 32.57363349748405,
  "summary_bg_mad": 10.79519881741357,
  "summary_bg_mean": 42.70728302001953,
  "summary_bg_median": 19.231250762939453,
  "summary_bg_n": 113364.0,
  "summary_bg_p05": 9.768750190734863,
  "summary_bg_p95": 157.28125,
  "summary_bg_stdv": 68.65983581542969,
  "summary_fg_k": 5.056852564728418,
  "summary_fg_mad": 118.32091425152689,
  "summary_fg_mean": 823.6735229492188,
  "summary_fg_median": 807.3312377929688,
  "summary_fg_n": 45482.0,
  "summary_fg_p05": 651.5147216796876,
  "summary_fg_p95": 1043.735986328125,
  "summary_fg_stdv": 140.37176513671875,
  "tsnr": 62.66140150395222
}